{
  "aor": 0.0016427391304347826,
  "aqi": 0.015845095391304347,
  "bids_meta": {
    "ConversionSoftware": "dicm2nii.m 20200120",
    "DeviceSerialNumber": "45348",
    "EchoTime": 0.03,
    "EffectiveEchoSpacing": 0.00028515375,
    "FlipAngle": 90,
    "ImageType": [
      "ORIGINAL",
      "PRIMARY",
      "M",
      "ND",
      "NORM",
      "MOSAIC"
    ],
    "InstitutionAddress": "Franklin Blvd 1440,Eugene,District,US,97403",
    "InstitutionName": "Lewis Building",
    "MRAcquisitionType": "2D",
    "Manufacturer": "SIEMENS",
    "Modality": "MR",
    "PhaseEncodingDirection": "j-",
    "RepetitionTime": 2,
    "ScanOptions": "FS",
    "ScanningSequence": "EP",
    "SequenceName": "*epfid2d1_64",
    "SequenceVariant": "SK\\OSP",
    "SeriesDescription": "ep2d_affect_2",
    "SeriesNumber": 11,
    "SliceThickness": 4,
    "SliceTiming": [
      0.99,
      0,
      1.0525,
      0.0625,
      1.115,
      0.125,
      1.1775,
      0.1875,
      1.2375,
      0.2475,
      1.3,
      0.31,
      1.3625,
      0.3725,
      1.425,
      0.435,
      1.485,
      0.495,
      1.5475,
      0.5575,
      1.61,
      0.62,
      1.6725,
      0.6825,
      1.7325,
      0.7425,
      1.795,
      0.805,
      1.8575,
      0.8675,
      1.92,
      0.93
    ],
    "SoftwareVersion": "syngo MR D13C",
    "TotalReadoutTime": 0.017964687,
    "dataset": "ds003136",
    "modality": "bold",
    "run_id": 2,
    "session_id": "01",
    "subject_id": "0194",
    "task_id": "affect"
  },
  "dummy_trs": 0,
  "dvars_nstd": 25.47708484694322,
  "dvars_std": 1.2088847149344988,
  "dvars_vstd": 0.9789422436244548,
  "efc": 0.5176902985215476,
  "fber": 3085.60595703125,
  "fd_mean": 0.17469570588317299,
  "fd_num": 73,
  "fd_perc": 31.73913043478261,
  "fwhm_avg": 1.531231433333333,
  "fwhm_x": 1.4391999999999998,
  "fwhm_y": 1.7407968,
  "fwhm_z": 1.4136975,
  "gcor": 0.0392545,
  "gsr_x": -0.011931052431464195,
  "gsr_y": 0.03525782749056816,
  "provenance": {
    "md5sum": "813308481efd57611a58d66de9a32744",
    "settings": {
      "fd_thres": 0.2,
      "testing": false
    },
    "software": "mriqc",
    "version": "23.0.1",
    "webapi_port": null,
    "webapi_url": "https://mriqc.nimh.nih.gov/api/v1"
  },
  "size_t": 230,
  "size_x": 64,
  "size_y": 64,
  "size_z": 32,
  "snr": 8.534287836961745,
  "spacing_tr": 2.0,
  "spacing_x": 3.125,
  "spacing_y": 3.125,
  "spacing_z": 4.0,
  "summary_bg_k": 32.93422943051972,
  "summary_bg_mad": 5.201999884204282,
  "summary_bg_mean": 15.728096008300781,
  "summary_bg_median": 6.9043474197387695,
  "summary_bg_n": 75956.0,
  "summary_bg_p05": 2.6565215587615967,
  "summary_bg_p95": 54.79891109466553,
  "summary_bg_stdv": 26.761615753173828,
  "summary_fg_k": 3.8989705659807514,
  "summary_fg_mad": 42.00596942645713,
  "summary_fg_mean": 391.6048889160156,
  "summary_fg_median": 391.223876953125,
  "summary_fg_n": 24694.0,
  "summary_fg_p05": 322.7604293823242,
  "summary_fg_p95": 461.0204086303711,
  "summary_fg_stdv": 45.840492248535156,
  "tsnr": 55.712967682629824
}