{
  "aor": 0.001714761904761905,
  "aqi": 0.011941646536796536,
  "bids_meta": {
    "ConversionSoftware": "dicm2nii.m 20200120",
    "DeviceSerialNumber": "45348",
    "EchoTime": 0.03,
    "EffectiveEchoSpacing": 0.00028515375,
    "FlipAngle": 90,
    "ImageType": [
      "ORIGINAL",
      "PRIMARY",
      "M",
      "ND",
      "NORM",
      "MOSAIC"
    ],
    "InstitutionAddress": "Franklin Blvd 1440,Eugene,District,US,97403",
    "InstitutionName": "Lewis Building",
    "MRAcquisitionType": "2D",
    "Manufacturer": "SIEMENS",
    "Modality": "MR",
    "PhaseEncodingDirection": "j-",
    "RepetitionTime": 2,
    "ScanOptions": "FS",
    "ScanningSequence": "EP",
    "SequenceName": "*epfid2d1_64",
    "SequenceVariant": "SK\\OSP",
    "SeriesDescription": "ep2d_infant_1",
    "SeriesNumber": 7,
    "SliceThickness": 4,
    "SliceTiming": [
      0.99,
      0,
      1.05,
      0.06,
      1.1125,
      0.1225,
      1.175,
      0.185,
      1.2375,
      0.2475,
      1.2975,
      0.3075,
      1.36,
      0.37,
      1.4225,
      0.4325,
      1.485,
      0.495,
      1.545,
      0.555,
      1.6075,
      0.6175,
      1.67,
      0.68,
      1.7325,
      0.7425,
      1.7925,
      0.8025,
      1.855,
      0.865,
      1.9175,
      0.9275
    ],
    "SoftwareVersion": "syngo MR D13C",
    "TotalReadoutTime": 0.017964687,
    "dataset": "ds003136",
    "modality": "bold",
    "run_id": 1,
    "session_id": "01",
    "subject_id": "0194",
    "task_id": "infant"
  },
  "dummy_trs": 0,
  "dvars_nstd": 21.010697754913053,
  "dvars_std": 1.181578124434783,
  "dvars_vstd": 1.0128236820000005,
  "efc": 0.5152009827229527,
  "fber": 3261.45361328125,
  "fd_mean": 0.1531214625399544,
  "fd_num": 48,
  "fd_perc": 20.77922077922078,
  "fwhm_avg": 1.5324698666666665,
  "fwhm_x": 1.434688,
  "fwhm_y": 1.7519616,
  "fwhm_z": 1.41076,
  "gcor": 0.0421103,
  "gsr_x": -0.011067332699894905,
  "gsr_y": 0.033632051199674606,
  "provenance": {
    "md5sum": "de4b530c9998eece6346f0b7cd236723",
    "settings": {
      "fd_thres": 0.2,
      "testing": false
    },
    "software": "mriqc",
    "version": "23.0.1",
    "webapi_port": null,
    "webapi_url": "https://mriqc.nimh.nih.gov/api/v1"
  },
  "size_t": 231,
  "size_x": 64,
  "size_y": 64,
  "size_z": 32,
  "snr": 8.385281068971299,
  "spacing_tr": 2.0,
  "spacing_x": 3.125,
  "spacing_y": 3.125,
  "spacing_z": 4.0,
  "summary_bg_k": 33.43673951338864,
  "summary_bg_mad": 5.108880549498394,
  "summary_bg_mean": 15.1605224609375,
  "summary_bg_median": 6.744588851928711,
  "summary_bg_n": 75974.0,
  "summary_bg_p05": 2.502164602279663,
  "summary_bg_p95": 52.10108280181881,
  "summary_bg_stdv": 25.98199462890625,
  "summary_fg_k": 3.5235838555633707,
  "summary_fg_mad": 42.841448896239086,
  "summary_fg_mean": 393.21282958984375,
  "summary_fg_median": 393.047607421875,
  "summary_fg_n": 24673.0,
  "summary_fg_p05": 322.7177429199219,
  "summary_fg_p95": 463.4458923339844,
  "summary_fg_stdv": 46.87256622314453,
  "tsnr": 61.194470281130634
}