{
  "aor": 0.0007874891774891773,
  "aqi": 0.014433452294372295,
  "bids_meta": {
    "ConversionSoftware": "dicm2nii.m 20200120",
    "DeviceSerialNumber": "45348",
    "EchoTime": 0.03,
    "EffectiveEchoSpacing": 0.00028515375,
    "FlipAngle": 90,
    "ImageType": [
      "ORIGINAL",
      "PRIMARY",
      "M",
      "ND",
      "NORM",
      "MOSAIC"
    ],
    "InstitutionAddress": "Franklin Blvd 1440,Eugene,District,US,97403",
    "InstitutionName": "Lewis Building",
    "MRAcquisitionType": "2D",
    "Manufacturer": "SIEMENS",
    "Modality": "MR",
    "PhaseEncodingDirection": "j-",
    "RepetitionTime": 2,
    "ScanOptions": "FS",
    "ScanningSequence": "EP",
    "SequenceName": "*epfid2d1_64",
    "SequenceVariant": "SK\\OSP",
    "SeriesDescription": "ep2d_infant_2",
    "SeriesNumber": 8,
    "SliceThickness": 4,
    "SliceTiming": [
      0.99,
      0,
      1.0525,
      0.0625,
      1.115,
      0.125,
      1.1775,
      0.1875,
      1.2375,
      0.2475,
      1.3,
      0.31,
      1.3625,
      0.3725,
      1.425,
      0.435,
      1.485,
      0.495,
      1.5475,
      0.5575,
      1.61,
      0.62,
      1.6725,
      0.6825,
      1.7325,
      0.7425,
      1.795,
      0.805,
      1.8575,
      0.8675,
      1.92,
      0.93
    ],
    "SoftwareVersion": "syngo MR D13C",
    "TotalReadoutTime": 0.017964687,
    "dataset": "ds003136",
    "modality": "bold",
    "run_id": 2,
    "session_id": "01",
    "subject_id": "0194",
    "task_id": "infant"
  },
  "dummy_trs": 0,
  "dvars_nstd": 22.439936123782587,
  "dvars_std": 1.173360532217392,
  "dvars_vstd": 0.9800338322608697,
  "efc": 0.516100039028896,
  "fber": 3159.130126953125,
  "fd_mean": 0.14513475446576235,
  "fd_num": 40,
  "fd_perc": 17.316017316017316,
  "fwhm_avg": 1.5356413333333332,
  "fwhm_x": 1.4475136,
  "fwhm_y": 1.7515104,
  "fwhm_z": 1.4079,
  "gcor": 0.0194061,
  "gsr_x": -0.011381588876247406,
  "gsr_y": 0.03574526682496071,
  "provenance": {
    "md5sum": "8ad16c50e019e26a76dcdef04a36b909",
    "settings": {
      "fd_thres": 0.2,
      "testing": false
    },
    "software": "mriqc",
    "version": "23.0.1",
    "webapi_port": null,
    "webapi_url": "https://mriqc.nimh.nih.gov/api/v1"
  },
  "size_t": 231,
  "size_x": 64,
  "size_y": 64,
  "size_z": 32,
  "snr": 8.393180163779332,
  "spacing_tr": 2.0,
  "spacing_x": 3.125,
  "spacing_y": 3.125,
  "spacing_z": 4.0,
  "summary_bg_k": 36.81546466850235,
  "summary_bg_mad": 4.986934927780615,
  "summary_bg_mean": 15.408712387084961,
  "summary_bg_median": 6.805194854736328,
  "summary_bg_n": 76044.0,
  "summary_bg_p05": 2.6623375415802,
  "summary_bg_p95": 52.80822563171379,
  "summary_bg_stdv": 26.499826431274414,
  "summary_fg_k": 3.540289499204577,
  "summary_fg_mad": 42.15145610350805,
  "summary_fg_mean": 391.6140441894531,
  "summary_fg_median": 391.3376770019531,
  "summary_fg_n": 24690.0,
  "summary_fg_p05": 320.61688537597655,
  "summary_fg_p95": 461.83356018066405,
  "summary_fg_stdv": 46.62472915649414,
  "tsnr": 59.68504188582301
}