{
  "aor": 0.0008037280701754386,
  "aqi": 0.008751792631578947,
  "bids_meta": {
    "ConversionSoftware": "dicm2nii.m 20200120",
    "DeviceSerialNumber": "45348",
    "EchoTime": 0.03,
    "EffectiveEchoSpacing": 0.00028515375,
    "FlipAngle": 90,
    "ImageType": [
      "ORIGINAL",
      "PRIMARY",
      "M",
      "ND",
      "NORM",
      "MOSAIC"
    ],
    "InstitutionAddress": "Franklin Blvd 1440,Eugene,District,US,97403",
    "InstitutionName": "Lewis Building",
    "MRAcquisitionType": "2D",
    "Manufacturer": "SIEMENS",
    "Modality": "MR",
    "PhaseEncodingDirection": "j-",
    "RepetitionTime": 2,
    "ScanOptions": "FS",
    "ScanningSequence": "EP",
    "SequenceName": "*epfid2d1_64",
    "SequenceVariant": "SK\\OSP",
    "SeriesDescription": "ep2d_affect_1",
    "SeriesNumber": 15,
    "SliceThickness": 4,
    "SliceTiming": [
      0.99,
      0,
      1.05,
      0.0625,
      1.1125,
      0.1225,
      1.175,
      0.185,
      1.2375,
      0.2475,
      1.2975,
      0.31,
      1.36,
      0.37,
      1.4225,
      0.4325,
      1.485,
      0.495,
      1.545,
      0.5575,
      1.6075,
      0.6175,
      1.67,
      0.68,
      1.7325,
      0.7425,
      1.7925,
      0.8025,
      1.855,
      0.865,
      1.9175,
      0.9275
    ],
    "SoftwareVersion": "syngo MR D13C",
    "TotalReadoutTime": 0.017964687,
    "dataset": "ds003136",
    "modality": "bold",
    "run_id": 1,
    "session_id": "01",
    "subject_id": "3081",
    "task_id": "affect"
  },
  "dummy_trs": 0,
  "dvars_nstd": 26.7213462626432,
  "dvars_std": 1.3669361910572695,
  "dvars_vstd": 0.983958442026431,
  "efc": 0.5013822984472728,
  "fber": 2949.991455078125,
  "fd_mean": 0.16338679593343236,
  "fd_num": 67,
  "fd_perc": 29.385964912280702,
  "fwhm_avg": 1.5937511333333336,
  "fwhm_x": 1.5617696,
  "fwhm_y": 1.7858688,
  "fwhm_z": 1.433615,
  "gcor": 0.0137997,
  "gsr_x": -0.0034966375678777695,
  "gsr_y": 0.02494606003165245,
  "provenance": {
    "md5sum": "13502df0826db7afb6537cca75d5a348",
    "settings": {
      "fd_thres": 0.2,
      "testing": false
    },
    "software": "mriqc",
    "version": "23.0.1",
    "webapi_port": null,
    "webapi_url": "https://mriqc.nimh.nih.gov/api/v1"
  },
  "size_t": 228,
  "size_x": 64,
  "size_y": 64,
  "size_z": 32,
  "snr": 7.674372701248166,
  "spacing_tr": 2.0,
  "spacing_x": 3.125,
  "spacing_y": 3.125,
  "spacing_z": 4.0,
  "summary_bg_k": 25.693684308586423,
  "summary_bg_mad": 4.8834837286593915,
  "summary_bg_mean": 16.312524795532227,
  "summary_bg_median": 6.206140518188477,
  "summary_bg_n": 80135.0,
  "summary_bg_p05": 2.100877285003662,
  "summary_bg_p95": 65.83596572875979,
  "summary_bg_stdv": 29.345537185668945,
  "summary_fg_k": 2.838019857712416,
  "summary_fg_mad": 37.94295252213908,
  "summary_fg_mean": 343.78179931640625,
  "summary_fg_median": 340.78948974609375,
  "summary_fg_n": 21741.0,
  "summary_fg_p05": 280.4561462402344,
  "summary_fg_p95": 415.7017517089844,
  "summary_fg_stdv": 44.405147552490234,
  "tsnr": 73.93312642164528
}