{
  "aor": 0.0013862389380530971,
  "aqi": 0.01379184761061947,
  "bids_meta": {
    "ConversionSoftware": "dicm2nii.m 20200120",
    "DeviceSerialNumber": "45348",
    "EchoTime": 0.03,
    "EffectiveEchoSpacing": 0.00028515375,
    "FlipAngle": 90,
    "ImageType": [
      "ORIGINAL",
      "PRIMARY",
      "M",
      "ND",
      "NORM",
      "MOSAIC"
    ],
    "InstitutionAddress": "Franklin Blvd 1440,Eugene,District,US,97403",
    "InstitutionName": "Lewis Building",
    "MRAcquisitionType": "2D",
    "Manufacturer": "SIEMENS",
    "Modality": "MR",
    "PhaseEncodingDirection": "j-",
    "RepetitionTime": 2,
    "ScanOptions": "FS",
    "ScanningSequence": "EP",
    "SequenceName": "*epfid2d1_64",
    "SequenceVariant": "SK\\OSP",
    "SeriesDescription": "ep2d_infant_1",
    "SeriesNumber": 10,
    "SliceThickness": 4,
    "SliceTiming": [
      0.99,
      0,
      1.0525,
      0.0625,
      1.1125,
      0.1225,
      1.175,
      0.185,
      1.2375,
      0.2475,
      1.3,
      0.31,
      1.36,
      0.37,
      1.4225,
      0.4325,
      1.485,
      0.495,
      1.5475,
      0.5575,
      1.6075,
      0.6175,
      1.67,
      0.68,
      1.7325,
      0.7425,
      1.795,
      0.805,
      1.855,
      0.865,
      1.9175,
      0.9275
    ],
    "SoftwareVersion": "syngo MR D13C",
    "TotalReadoutTime": 0.017964687,
    "dataset": "ds003136",
    "modality": "bold",
    "run_id": 1,
    "session_id": "01",
    "subject_id": "3081",
    "task_id": "infant"
  },
  "dummy_trs": 0,
  "dvars_nstd": 29.704588394177776,
  "dvars_std": 1.4621070748444442,
  "dvars_vstd": 0.9854844279555559,
  "efc": 0.5033436261186471,
  "fber": 2826.970947265625,
  "fd_mean": 0.13358154634522518,
  "fd_num": 35,
  "fd_perc": 15.486725663716815,
  "fwhm_avg": 1.5911983666666665,
  "fwhm_x": 1.5414112,
  "fwhm_y": 1.7869664,
  "fwhm_z": 1.4452175,
  "gcor": 0.0114814,
  "gsr_x": -0.0048637608997523785,
  "gsr_y": 0.025472404435276985,
  "provenance": {
    "md5sum": "498793f567222f8b4004f597119a5ad6",
    "settings": {
      "fd_thres": 0.2,
      "testing": false
    },
    "software": "mriqc",
    "version": "23.0.1",
    "webapi_port": null,
    "webapi_url": "https://mriqc.nimh.nih.gov/api/v1"
  },
  "size_t": 226,
  "size_x": 64,
  "size_y": 64,
  "size_z": 32,
  "snr": 7.735958602927468,
  "spacing_tr": 2.0,
  "spacing_x": 3.125,
  "spacing_y": 3.125,
  "spacing_z": 4.0,
  "summary_bg_k": 24.970840034513838,
  "summary_bg_mad": 4.966061585360758,
  "summary_bg_mean": 16.642831802368164,
  "summary_bg_median": 6.2522125244140625,
  "summary_bg_n": 80227.0,
  "summary_bg_p05": 2.1061947345733643,
  "summary_bg_p95": 68.96813964843744,
  "summary_bg_stdv": 30.099578857421875,
  "summary_fg_k": 2.797705093061129,
  "summary_fg_mad": 37.51771335738612,
  "summary_fg_mean": 337.5252685546875,
  "summary_fg_median": 335.03759765625,
  "summary_fg_n": 21564.0,
  "summary_fg_p05": 275.4011001586914,
  "summary_fg_p95": 408.00044250488276,
  "summary_fg_stdv": 43.30812072753906,
  "tsnr": 60.098328141262755
}