{
  "aor": 0.0007376315789473687,
  "aqi": 0.007159598640350878,
  "bids_meta": {
    "ConversionSoftware": "dicm2nii.m 20200120",
    "DeviceSerialNumber": "45348",
    "EchoTime": 0.03,
    "EffectiveEchoSpacing": 0.00028515375,
    "FlipAngle": 90,
    "ImageType": [
      "ORIGINAL",
      "PRIMARY",
      "M",
      "ND",
      "NORM",
      "MOSAIC"
    ],
    "InstitutionAddress": "Franklin Blvd 1440,Eugene,District,US,97403",
    "InstitutionName": "Lewis Building",
    "MRAcquisitionType": "2D",
    "Manufacturer": "SIEMENS",
    "Modality": "MR",
    "PhaseEncodingDirection": "j-",
    "RepetitionTime": 2,
    "ScanOptions": "FS",
    "ScanningSequence": "EP",
    "SequenceName": "*epfid2d1_64",
    "SequenceVariant": "SK\\OSP",
    "SeriesDescription": "ep2d_affect_2",
    "SeriesNumber": 16,
    "SliceThickness": 4,
    "SliceTiming": [
      0.99,
      0,
      1.05,
      0.0625,
      1.1125,
      0.1225,
      1.175,
      0.185,
      1.2375,
      0.2475,
      1.2975,
      0.31,
      1.36,
      0.37,
      1.4225,
      0.4325,
      1.485,
      0.495,
      1.545,
      0.5575,
      1.6075,
      0.6175,
      1.67,
      0.68,
      1.7325,
      0.7425,
      1.7925,
      0.8025,
      1.855,
      0.865,
      1.9175,
      0.9275
    ],
    "SoftwareVersion": "syngo MR D13C",
    "TotalReadoutTime": 0.017964687,
    "dataset": "ds003136",
    "modality": "bold",
    "run_id": 2,
    "session_id": "01",
    "subject_id": "3081",
    "task_id": "affect"
  },
  "dummy_trs": 0,
  "dvars_nstd": 26.991109873524227,
  "dvars_std": 1.375066941365638,
  "dvars_vstd": 0.998413502951542,
  "efc": 0.5008521928736284,
  "fber": 2938.219482421875,
  "fd_mean": 0.19367140766955812,
  "fd_num": 109,
  "fd_perc": 47.80701754385965,
  "fwhm_avg": 1.5770168666666666,
  "fwhm_x": 1.5325631999999998,
  "fwhm_y": 1.7625824,
  "fwhm_z": 1.435905,
  "gcor": 0.00945488,
  "gsr_x": -0.0033090875949710608,
  "gsr_y": 0.025214439257979393,
  "provenance": {
    "md5sum": "f7ef7e9f4d2fea0b5f0fc4ee0c65ea08",
    "settings": {
      "fd_thres": 0.2,
      "testing": false
    },
    "software": "mriqc",
    "version": "23.0.1",
    "webapi_port": null,
    "webapi_url": "https://mriqc.nimh.nih.gov/api/v1"
  },
  "size_t": 228,
  "size_x": 64,
  "size_y": 64,
  "size_z": 32,
  "snr": 7.751181574814455,
  "spacing_tr": 2.0,
  "spacing_x": 3.125,
  "spacing_y": 3.125,
  "spacing_z": 4.0,
  "summary_bg_k": 25.75245373442767,
  "summary_bg_mad": 4.759933661610563,
  "summary_bg_mean": 16.171655654907227,
  "summary_bg_median": 6.188596725463867,
  "summary_bg_n": 80186.0,
  "summary_bg_p05": 2.175438642501831,
  "summary_bg_p95": 65.24561500549316,
  "summary_bg_stdv": 29.044836044311523,
  "summary_fg_k": 2.974703803505795,
  "summary_fg_mad": 37.630804307250465,
  "summary_fg_mean": 343.8332824707031,
  "summary_fg_median": 341.0219421386719,
  "summary_fg_n": 21695.0,
  "summary_fg_p05": 280.877197265625,
  "summary_fg_p95": 414.7127288818359,
  "summary_fg_stdv": 43.99510955810547,
  "tsnr": 77.6387534327805
}