{
  "aor": 0.0007558333333333333,
  "aqi": 0.010722283859649124,
  "bids_meta": {
    "ConversionSoftware": "dicm2nii.m 20200120",
    "DeviceSerialNumber": "45348",
    "EchoTime": 0.03,
    "EffectiveEchoSpacing": 0.00028515375,
    "FlipAngle": 90,
    "ImageType": [
      "ORIGINAL",
      "PRIMARY",
      "M",
      "ND",
      "NORM",
      "MOSAIC"
    ],
    "InstitutionAddress": "Franklin Blvd 1440,Eugene,District,US,97403",
    "InstitutionName": "University of Oregon",
    "MRAcquisitionType": "2D",
    "Manufacturer": "SIEMENS",
    "Modality": "MR",
    "PhaseEncodingDirection": "j-",
    "RepetitionTime": 2,
    "ScanOptions": "FS",
    "ScanningSequence": "EP",
    "SequenceName": "*epfid2d1_64",
    "SequenceVariant": "SK\\OSP",
    "SeriesDescription": "ep2d_affect_1",
    "SeriesNumber": 10,
    "SliceThickness": 4,
    "SliceTiming": [
      0.99,
      0,
      1.05,
      0.06,
      1.1125,
      0.1225,
      1.175,
      0.185,
      1.2375,
      0.2475,
      1.2975,
      0.3075,
      1.36,
      0.37,
      1.4225,
      0.4325,
      1.485,
      0.495,
      1.545,
      0.555,
      1.6075,
      0.6175,
      1.67,
      0.68,
      1.7325,
      0.7425,
      1.7925,
      0.8025,
      1.855,
      0.865,
      1.9175,
      0.9275
    ],
    "SoftwareVersion": "syngo MR D13C",
    "TotalReadoutTime": 0.017964687,
    "dataset": "ds003136",
    "modality": "bold",
    "run_id": 1,
    "session_id": "01",
    "subject_id": "0193",
    "task_id": "affect"
  },
  "dummy_trs": 0,
  "dvars_nstd": 32.23388126563876,
  "dvars_std": 1.3186466275330397,
  "dvars_vstd": 0.993709210044053,
  "efc": 0.5339580671137678,
  "fber": 1845.854248046875,
  "fd_mean": 0.15993643498787344,
  "fd_num": 53,
  "fd_perc": 23.24561403508772,
  "fwhm_avg": 1.6113419333333334,
  "fwhm_x": 1.5898112,
  "fwhm_y": 1.8148096,
  "fwhm_z": 1.429405,
  "gcor": 0.00923749,
  "gsr_x": 0.004723313730210066,
  "gsr_y": 0.011157372035086155,
  "provenance": {
    "md5sum": "46875709a8a894a2106b3bf4f965076f",
    "settings": {
      "fd_thres": 0.2,
      "testing": false
    },
    "software": "mriqc",
    "version": "23.0.1",
    "webapi_port": null,
    "webapi_url": "https://mriqc.nimh.nih.gov/api/v1"
  },
  "size_t": 228,
  "size_x": 64,
  "size_y": 64,
  "size_z": 32,
  "snr": 7.722566964300134,
  "spacing_tr": 2.0,
  "spacing_x": 3.125,
  "spacing_y": 3.125,
  "spacing_z": 4.0,
  "summary_bg_k": 21.618902851249395,
  "summary_bg_mad": 5.657298273910242,
  "summary_bg_mean": 16.27344512939453,
  "summary_bg_median": 6.8289475440979,
  "summary_bg_n": 76004.0,
  "summary_bg_p05": 2.2807018756866455,
  "summary_bg_p95": 62.94846591949444,
  "summary_bg_stdv": 28.757797241210938,
  "summary_fg_k": 3.0644954197233183,
  "summary_fg_mad": 32.14581405932908,
  "summary_fg_mean": 303.20196533203125,
  "summary_fg_median": 301.1973876953125,
  "summary_fg_n": 24644.0,
  "summary_fg_p05": 246.48004608154298,
  "summary_fg_p95": 366.14453430175774,
  "summary_fg_stdv": 39.00144577026367,
  "tsnr": 61.75006401864812
}