{
  "aor": 0.0008113733905579399,
  "aqi": 0.008735256652360515,
  "bids_meta": {
    "ConversionSoftware": "dicm2nii.m 20200120",
    "DeviceSerialNumber": "45348",
    "EchoTime": 0.03,
    "EffectiveEchoSpacing": 0.00028515375,
    "FlipAngle": 90,
    "ImageType": [
      "ORIGINAL",
      "PRIMARY",
      "M",
      "ND",
      "NORM",
      "MOSAIC"
    ],
    "InstitutionAddress": "Franklin Blvd 1440,Eugene,District,US,97403",
    "InstitutionName": "University of Oregon",
    "MRAcquisitionType": "2D",
    "Manufacturer": "SIEMENS",
    "Modality": "MR",
    "PhaseEncodingDirection": "j-",
    "RepetitionTime": 2,
    "ScanOptions": "FS",
    "ScanningSequence": "EP",
    "SequenceName": "*epfid2d1_64",
    "SequenceVariant": "SK\\OSP",
    "SeriesDescription": "ep2d_affect_2",
    "SeriesNumber": 11,
    "SliceThickness": 4,
    "SliceTiming": [
      0.99,
      0,
      1.0525,
      0.0625,
      1.1125,
      0.1225,
      1.175,
      0.185,
      1.2375,
      0.2475,
      1.3,
      0.31,
      1.36,
      0.37,
      1.4225,
      0.4325,
      1.485,
      0.495,
      1.5475,
      0.5575,
      1.6075,
      0.6175,
      1.67,
      0.68,
      1.7325,
      0.7425,
      1.795,
      0.805,
      1.855,
      0.865,
      1.9175,
      0.9275
    ],
    "SoftwareVersion": "syngo MR D13C",
    "TotalReadoutTime": 0.017964687,
    "dataset": "ds003136",
    "modality": "bold",
    "run_id": 2,
    "session_id": "01",
    "subject_id": "0193",
    "task_id": "affect"
  },
  "dummy_trs": 0,
  "dvars_nstd": 30.80812468189654,
  "dvars_std": 1.3299828139224148,
  "dvars_vstd": 1.0134416050431032,
  "efc": 0.5345093471516514,
  "fber": 1756.4134521484375,
  "fd_mean": 0.13798887383280217,
  "fd_num": 34,
  "fd_perc": 14.592274678111588,
  "fwhm_avg": 1.6151868666666667,
  "fwhm_x": 1.5974431999999998,
  "fwhm_y": 1.7953024,
  "fwhm_z": 1.452815,
  "gcor": 0.0106485,
  "gsr_x": 0.004853641148656607,
  "gsr_y": 0.010758785530924797,
  "provenance": {
    "md5sum": "faca83bdc9df2dceda8c780975051315",
    "settings": {
      "fd_thres": 0.2,
      "testing": false
    },
    "software": "mriqc",
    "version": "23.0.1",
    "webapi_port": null,
    "webapi_url": "https://mriqc.nimh.nih.gov/api/v1"
  },
  "size_t": 233,
  "size_x": 64,
  "size_y": 64,
  "size_z": 32,
  "snr": 7.696863196971701,
  "spacing_tr": 2.0,
  "spacing_x": 3.125,
  "spacing_y": 3.125,
  "spacing_z": 4.0,
  "summary_bg_k": 21.37938668317892,
  "summary_bg_mad": 5.752242271933792,
  "summary_bg_mean": 16.403390884399414,
  "summary_bg_median": 6.952789783477783,
  "summary_bg_n": 76026.0,
  "summary_bg_p05": 2.317596673965454,
  "summary_bg_p95": 63.872318267822266,
  "summary_bg_stdv": 28.874448776245117,
  "summary_fg_k": 3.3049111680599665,
  "summary_fg_mad": 32.03181820088411,
  "summary_fg_mean": 302.64190673828125,
  "summary_fg_median": 300.9141540527344,
  "summary_fg_n": 24665.0,
  "summary_fg_p05": 245.31587829589844,
  "summary_fg_p95": 365.2506469726562,
  "summary_fg_stdv": 39.09489440917969,
  "tsnr": 66.59941214683931
}