{
  "aor": 0.0007006060606060606,
  "aqi": 0.008428273939393941,
  "bids_meta": {
    "ConversionSoftware": "dicm2nii.m 20200120",
    "DeviceSerialNumber": "45348",
    "EchoTime": 0.03,
    "EffectiveEchoSpacing": 0.00028515375,
    "FlipAngle": 90,
    "ImageType": [
      "ORIGINAL",
      "PRIMARY",
      "M",
      "ND",
      "NORM",
      "MOSAIC"
    ],
    "InstitutionAddress": "Franklin Blvd 1440,Eugene,District,US,97403",
    "InstitutionName": "University of Oregon",
    "MRAcquisitionType": "2D",
    "Manufacturer": "SIEMENS",
    "Modality": "MR",
    "PhaseEncodingDirection": "j-",
    "RepetitionTime": 2,
    "ScanOptions": "FS",
    "ScanningSequence": "EP",
    "SequenceName": "*epfid2d1_64",
    "SequenceVariant": "SK\\OSP",
    "SeriesDescription": "ep2d_infant_2",
    "SeriesNumber": 8,
    "SliceThickness": 4,
    "SliceTiming": [
      0.99,
      0,
      1.0525,
      0.0625,
      1.115,
      0.125,
      1.175,
      0.185,
      1.2375,
      0.2475,
      1.3,
      0.31,
      1.3625,
      0.3725,
      1.4225,
      0.4325,
      1.485,
      0.495,
      1.5475,
      0.5575,
      1.61,
      0.62,
      1.67,
      0.68,
      1.7325,
      0.7425,
      1.795,
      0.805,
      1.8575,
      0.8675,
      1.9175,
      0.9275
    ],
    "SoftwareVersion": "syngo MR D13C",
    "TotalReadoutTime": 0.017964687,
    "dataset": "ds003136",
    "modality": "bold",
    "run_id": 2,
    "session_id": "01",
    "subject_id": "0193",
    "task_id": "infant"
  },
  "dummy_trs": 0,
  "dvars_nstd": 32.36177839230435,
  "dvars_std": 1.3464182307391312,
  "dvars_vstd": 1.0141023017826083,
  "efc": 0.5328375945858196,
  "fber": 1816.4207763671875,
  "fd_mean": 0.15021472285054444,
  "fd_num": 36,
  "fd_perc": 15.584415584415584,
  "fwhm_avg": 1.6157961,
  "fwhm_x": 1.6009504,
  "fwhm_y": 1.7955904,
  "fwhm_z": 1.4508475,
  "gcor": 0.0211905,
  "gsr_x": 0.0040812320075929165,
  "gsr_y": 0.010801024734973907,
  "provenance": {
    "md5sum": "6647f889202ae46942ee6f78357f8fb9",
    "settings": {
      "fd_thres": 0.2,
      "testing": false
    },
    "software": "mriqc",
    "version": "23.0.1",
    "webapi_port": null,
    "webapi_url": "https://mriqc.nimh.nih.gov/api/v1"
  },
  "size_t": 231,
  "size_x": 64,
  "size_y": 64,
  "size_z": 32,
  "snr": 7.709506231893597,
  "spacing_tr": 2.0,
  "spacing_x": 3.125,
  "spacing_y": 3.125,
  "spacing_z": 4.0,
  "summary_bg_k": 21.737204712102184,
  "summary_bg_mad": 5.558153520585044,
  "summary_bg_mean": 15.980595588684082,
  "summary_bg_median": 6.792207717895508,
  "summary_bg_n": 76064.0,
  "summary_bg_p05": 2.2857143878936768,
  "summary_bg_p95": 61.697401618957294,
  "summary_bg_stdv": 28.143770217895508,
  "summary_fg_k": 3.0359659827068386,
  "summary_fg_mad": 32.00752140549417,
  "summary_fg_mean": 301.7630310058594,
  "summary_fg_median": 299.9047546386719,
  "summary_fg_n": 24593.0,
  "summary_fg_p05": 245.23462829589843,
  "summary_fg_p95": 364.52553710937497,
  "summary_fg_stdv": 38.89985275268555,
  "tsnr": 69.19528516824357
}