{
  "aor": 0.0007518614718614718,
  "aqi": 0.013246483073593076,
  "bids_meta": {
    "ConversionSoftware": "dicm2nii.m 20200120",
    "DeviceSerialNumber": "45348",
    "EchoTime": 0.03,
    "EffectiveEchoSpacing": 0.00028515375,
    "FlipAngle": 90,
    "ImageType": [
      "ORIGINAL",
      "PRIMARY",
      "M",
      "ND",
      "NORM",
      "MOSAIC"
    ],
    "InstitutionAddress": "Franklin Blvd 1440,Eugene,District,US,97403",
    "InstitutionName": "University of Oregon",
    "MRAcquisitionType": "2D",
    "Manufacturer": "SIEMENS",
    "Modality": "MR",
    "PhaseEncodingDirection": "j-",
    "RepetitionTime": 2,
    "ScanOptions": "FS",
    "ScanningSequence": "EP",
    "SequenceName": "*epfid2d1_64",
    "SequenceVariant": "SK\\OSP",
    "SeriesDescription": "ep2d_infant_1",
    "SeriesNumber": 7,
    "SliceThickness": 4,
    "SliceTiming": [
      0.99,
      0,
      1.0525,
      0.0625,
      1.1125,
      0.1225,
      1.175,
      0.185,
      1.2375,
      0.2475,
      1.3,
      0.31,
      1.36,
      0.37,
      1.4225,
      0.4325,
      1.485,
      0.495,
      1.5475,
      0.5575,
      1.6075,
      0.6175,
      1.67,
      0.68,
      1.7325,
      0.7425,
      1.795,
      0.805,
      1.855,
      0.865,
      1.9175,
      0.9275
    ],
    "SoftwareVersion": "syngo MR D13C",
    "TotalReadoutTime": 0.017964687,
    "dataset": "ds003136",
    "modality": "bold",
    "run_id": 1,
    "session_id": "01",
    "subject_id": "0193",
    "task_id": "infant"
  },
  "dummy_trs": 0,
  "dvars_nstd": 30.887338763130423,
  "dvars_std": 1.2791820191304344,
  "dvars_vstd": 0.9839741768695652,
  "efc": 0.5323281484218789,
  "fber": 1890.787109375,
  "fd_mean": 0.18848675458437122,
  "fd_num": 94,
  "fd_perc": 40.692640692640694,
  "fwhm_avg": 1.6184447666666666,
  "fwhm_x": 1.603744,
  "fwhm_y": 1.8146528000000002,
  "fwhm_z": 1.4369375,
  "gcor": 0.0322521,
  "gsr_x": 0.003556123236194253,
  "gsr_y": 0.009779813699424267,
  "provenance": {
    "md5sum": "42144bee517da39cdd91c691deb752e0",
    "settings": {
      "fd_thres": 0.2,
      "testing": false
    },
    "software": "mriqc",
    "version": "23.0.1",
    "webapi_port": null,
    "webapi_url": "https://mriqc.nimh.nih.gov/api/v1"
  },
  "size_t": 231,
  "size_x": 64,
  "size_y": 64,
  "size_z": 32,
  "snr": 7.684447914217491,
  "spacing_tr": 2.0,
  "spacing_x": 3.125,
  "spacing_y": 3.125,
  "spacing_z": 4.0,
  "summary_bg_k": 21.851110540786383,
  "summary_bg_mad": 5.506807735192358,
  "summary_bg_mean": 15.827187538146973,
  "summary_bg_median": 6.692640781402588,
  "summary_bg_n": 76071.0,
  "summary_bg_p05": 2.2640693187713623,
  "summary_bg_p95": 61.27056312561035,
  "summary_bg_stdv": 27.925880432128906,
  "summary_fg_k": 3.2690409139339742,
  "summary_fg_mad": 32.0716794238609,
  "summary_fg_mean": 301.099853515625,
  "summary_fg_median": 299.4285583496094,
  "summary_fg_n": 24559.0,
  "summary_fg_p05": 244.50216674804688,
  "summary_fg_p95": 363.9887329101562,
  "summary_fg_stdv": 38.9647331237793,
  "tsnr": 55.62476529891137
}