{
  "aor": 0.000953421052631579,
  "aqi": 0.010141957938596492,
  "bids_meta": {
    "ConversionSoftware": "dicm2nii.m 20200120",
    "DeviceSerialNumber": "45348",
    "EchoTime": 0.03,
    "EffectiveEchoSpacing": 0.00028515375,
    "FlipAngle": 90,
    "ImageType": [
      "ORIGINAL",
      "PRIMARY",
      "M",
      "ND",
      "NORM",
      "MOSAIC"
    ],
    "InstitutionAddress": "Franklin Blvd 1440,Eugene,District,US,97403",
    "InstitutionName": "Lewis Building",
    "MRAcquisitionType": "2D",
    "Manufacturer": "SIEMENS",
    "Modality": "MR",
    "PhaseEncodingDirection": "j-",
    "RepetitionTime": 2,
    "ScanOptions": "FS",
    "ScanningSequence": "EP",
    "SequenceName": "*epfid2d1_64",
    "SequenceVariant": "SK\\OSP",
    "SeriesDescription": "ep2d_affect_2",
    "SeriesNumber": 11,
    "SliceThickness": 4,
    "SliceTiming": [
      0.9875,
      0,
      1.05,
      0.06,
      1.1125,
      0.1225,
      1.175,
      0.185,
      1.235,
      0.245,
      1.2975,
      0.3075,
      1.36,
      0.37,
      1.4225,
      0.4325,
      1.4825,
      0.4925,
      1.545,
      0.555,
      1.6075,
      0.6175,
      1.67,
      0.68,
      1.73,
      0.74,
      1.7925,
      0.8025,
      1.855,
      0.865,
      1.9175,
      0.9275
    ],
    "SoftwareVersion": "syngo MR D13C",
    "TotalReadoutTime": 0.017964687,
    "dataset": "ds003136",
    "modality": "bold",
    "run_id": 2,
    "session_id": "01",
    "subject_id": "3128",
    "task_id": "affect"
  },
  "dummy_trs": 0,
  "dvars_nstd": 24.899632474845838,
  "dvars_std": 1.2689462045814976,
  "dvars_vstd": 0.966016315418502,
  "efc": 0.5049649605682769,
  "fber": 3254.133544921875,
  "fd_mean": 0.12183257235334612,
  "fd_num": 24,
  "fd_perc": 10.526315789473685,
  "fwhm_avg": 1.5426349000000001,
  "fwhm_x": 1.5119456,
  "fwhm_y": 1.7582015999999998,
  "fwhm_z": 1.3577575,
  "gcor": 0.0043764,
  "gsr_x": -0.0046497671864926815,
  "gsr_y": 0.024380406364798546,
  "provenance": {
    "md5sum": "55d3e7ea85449e7dca0a00c2717f8df7",
    "settings": {
      "fd_thres": 0.2,
      "testing": false
    },
    "software": "mriqc",
    "version": "23.0.1",
    "webapi_port": null,
    "webapi_url": "https://mriqc.nimh.nih.gov/api/v1"
  },
  "size_t": 228,
  "size_x": 64,
  "size_y": 64,
  "size_z": 32,
  "snr": 7.53512286044865,
  "spacing_tr": 2.0,
  "spacing_x": 3.125,
  "spacing_y": 3.125,
  "spacing_z": 4.0,
  "summary_bg_k": 38.39469233302239,
  "summary_bg_mad": 5.1110760132461674,
  "summary_bg_mean": 14.250260353088379,
  "summary_bg_median": 6.280701637268066,
  "summary_bg_n": 77721.0,
  "summary_bg_p05": 2.0964913368225098,
  "summary_bg_p95": 48.19736862182617,
  "summary_bg_stdv": 24.088594436645508,
  "summary_fg_k": 2.6387500117968594,
  "summary_fg_mad": 45.81760272707592,
  "summary_fg_mean": 367.04376220703125,
  "summary_fg_median": 364.5570068359375,
  "summary_fg_n": 23247.0,
  "summary_fg_p05": 297.0671142578125,
  "summary_fg_p95": 443.55043334960936,
  "summary_fg_stdv": 48.37998962402344,
  "tsnr": 67.04201863054186
}