{
  "aor": 0.007350259740259741,
  "aqi": 0.014649988484848485,
  "bids_meta": {
    "ConversionSoftware": "dicm2nii.m 20200120",
    "DeviceSerialNumber": "45348",
    "EchoTime": 0.03,
    "EffectiveEchoSpacing": 0.00028515375,
    "FlipAngle": 90,
    "ImageType": [
      "ORIGINAL",
      "PRIMARY",
      "M",
      "ND",
      "NORM",
      "MOSAIC"
    ],
    "InstitutionAddress": "Franklin Blvd 1440,Eugene,District,US,97403",
    "InstitutionName": "Lewis Building",
    "MRAcquisitionType": "2D",
    "Manufacturer": "SIEMENS",
    "Modality": "MR",
    "PhaseEncodingDirection": "j-",
    "RepetitionTime": 2,
    "ScanOptions": "FS",
    "ScanningSequence": "EP",
    "SequenceName": "*epfid2d1_64",
    "SequenceVariant": "SK\\OSP",
    "SeriesDescription": "ep2d_infant_1",
    "SeriesNumber": 7,
    "SliceThickness": 4,
    "SliceTiming": [
      0.99,
      0,
      1.0525,
      0.0625,
      1.115,
      0.125,
      1.175,
      0.185,
      1.2375,
      0.2475,
      1.3,
      0.31,
      1.3625,
      0.3725,
      1.4225,
      0.4325,
      1.485,
      0.495,
      1.5475,
      0.5575,
      1.61,
      0.62,
      1.67,
      0.68,
      1.7325,
      0.7425,
      1.795,
      0.805,
      1.8575,
      0.8675,
      1.9175,
      0.9275
    ],
    "SoftwareVersion": "syngo MR D13C",
    "TotalReadoutTime": 0.017964687,
    "dataset": "ds003136",
    "modality": "bold",
    "run_id": 1,
    "session_id": "01",
    "subject_id": "0184",
    "task_id": "infant"
  },
  "dummy_trs": 0,
  "dvars_nstd": 21.934410028739126,
  "dvars_std": 1.2204379878260871,
  "dvars_vstd": 0.9841377908260871,
  "efc": 0.5385722117846334,
  "fber": 2647.56982421875,
  "fd_mean": 0.10460169671410664,
  "fd_num": 8,
  "fd_perc": 3.463203463203463,
  "fwhm_avg": 1.5598308282500204,
  "fwhm_x": 1.5216672,
  "fwhm_y": 1.7359552,
  "fwhm_z": 1.4218700847500614,
  "gcor": 0.0145239,
  "gsr_x": -0.004808871541172266,
  "gsr_y": 0.024613915011286736,
  "provenance": {
    "md5sum": "e255129511e5a79e0e076fa0c47eee25",
    "settings": {
      "fd_thres": 0.2,
      "testing": false
    },
    "software": "mriqc",
    "version": "23.0.1",
    "webapi_port": null,
    "webapi_url": "https://mriqc.nimh.nih.gov/api/v1"
  },
  "size_t": 231,
  "size_x": 64,
  "size_y": 64,
  "size_z": 32,
  "snr": 7.568475355699892,
  "spacing_tr": 2.0,
  "spacing_x": 3.125,
  "spacing_y": 3.125,
  "spacing_z": 3.999999761581421,
  "summary_bg_k": 24.917663552306283,
  "summary_bg_mad": 6.925228959136802,
  "summary_bg_mean": 20.444561004638672,
  "summary_bg_median": 8.324675559997559,
  "summary_bg_n": 73961.0,
  "summary_bg_p05": 2.6709957122802734,
  "summary_bg_p95": 76.21212005615234,
  "summary_bg_stdv": 35.2984619140625,
  "summary_fg_k": 2.0965391138526455,
  "summary_fg_mad": 51.86537824400615,
  "summary_fg_mean": 440.1892395019531,
  "summary_fg_median": 434.5497741699219,
  "summary_fg_n": 27137.0,
  "summary_fg_p05": 360.67445678710936,
  "summary_fg_p95": 539.23896484375,
  "summary_fg_stdv": 57.414703369140625,
  "tsnr": 57.92375638941303
}