{
  "aor": 0.0008005150214592275,
  "aqi": 0.00694132957081545,
  "bids_meta": {
    "ConversionSoftware": "dicm2nii.m 20200120",
    "DeviceSerialNumber": "45348",
    "EchoTime": 0.03,
    "EffectiveEchoSpacing": 0.00028515375,
    "FlipAngle": 90,
    "ImageType": [
      "ORIGINAL",
      "PRIMARY",
      "M",
      "ND",
      "NORM",
      "MOSAIC"
    ],
    "InstitutionAddress": "Franklin Blvd 1440,Eugene,District,US,97403",
    "InstitutionName": "Lewis Building",
    "MRAcquisitionType": "2D",
    "Manufacturer": "SIEMENS",
    "Modality": "MR",
    "PhaseEncodingDirection": "j-",
    "RepetitionTime": 2,
    "ScanOptions": "FS",
    "ScanningSequence": "EP",
    "SequenceName": "*epfid2d1_64",
    "SequenceVariant": "SK\\OSP",
    "SeriesDescription": "ep2d_affect_1",
    "SeriesNumber": 11,
    "SliceThickness": 4,
    "SliceTiming": [
      0.99,
      0,
      1.05,
      0.0625,
      1.1125,
      0.1225,
      1.175,
      0.185,
      1.2375,
      0.2475,
      1.2975,
      0.3075,
      1.36,
      0.37,
      1.4225,
      0.4325,
      1.485,
      0.495,
      1.545,
      0.555,
      1.6075,
      0.6175,
      1.67,
      0.68,
      1.7325,
      0.7425,
      1.7925,
      0.8025,
      1.855,
      0.865,
      1.9175,
      0.9275
    ],
    "SoftwareVersion": "syngo MR D13C",
    "TotalReadoutTime": 0.017964687,
    "dataset": "ds003136",
    "modality": "bold",
    "run_id": 1,
    "session_id": "01",
    "subject_id": "0184",
    "task_id": "affect"
  },
  "dummy_trs": 0,
  "dvars_nstd": 19.664923931077585,
  "dvars_std": 1.184624824353448,
  "dvars_vstd": 0.9993171431465515,
  "efc": 0.5385259713329974,
  "fber": 2468.72216796875,
  "fd_mean": 0.10177117911916907,
  "fd_num": 5,
  "fd_perc": 2.1459227467811157,
  "fwhm_avg": 1.5417520617127456,
  "fwhm_x": 1.4859360000000001,
  "fwhm_y": 1.7109376,
  "fwhm_z": 1.4283825851382368,
  "gcor": 0.0153186,
  "gsr_x": -0.005882736761122942,
  "gsr_y": 0.022427059710025787,
  "provenance": {
    "md5sum": "b8a5abbc67773beb0d6fdb05dc584cb0",
    "settings": {
      "fd_thres": 0.2,
      "testing": false
    },
    "software": "mriqc",
    "version": "23.0.1",
    "webapi_port": null,
    "webapi_url": "https://mriqc.nimh.nih.gov/api/v1"
  },
  "size_t": 233,
  "size_x": 64,
  "size_y": 64,
  "size_z": 32,
  "snr": 7.627757780910878,
  "spacing_tr": 2.0,
  "spacing_x": 3.125,
  "spacing_y": 3.125,
  "spacing_z": 3.999999761581421,
  "summary_bg_k": 23.444177626704313,
  "summary_bg_mad": 6.853059318512262,
  "summary_bg_mean": 20.32121467590332,
  "summary_bg_median": 8.532188415527344,
  "summary_bg_n": 74060.0,
  "summary_bg_p05": 2.918454885482788,
  "summary_bg_p95": 76.63626594543463,
  "summary_bg_stdv": 34.373435974121094,
  "summary_fg_k": 2.4970771773240843,
  "summary_fg_mad": 50.80934993040994,
  "summary_fg_mean": 440.71368408203125,
  "summary_fg_median": 434.82403564453125,
  "summary_fg_n": 26975.0,
  "summary_fg_p05": 362.8849792480469,
  "summary_fg_p95": 538.6926818847656,
  "summary_fg_stdv": 57.00442886352539,
  "tsnr": 80.95370585657656
}