{
  "aor": 0.0010249785407725322,
  "aqi": 0.006458580944206009,
  "bids_meta": {
    "ConversionSoftware": "dicm2nii.m 20200120",
    "DeviceSerialNumber": "45348",
    "EchoTime": 0.03,
    "EffectiveEchoSpacing": 0.00028515375,
    "FlipAngle": 90,
    "ImageType": [
      "ORIGINAL",
      "PRIMARY",
      "M",
      "ND",
      "NORM",
      "MOSAIC"
    ],
    "InstitutionAddress": "Franklin Blvd 1440,Eugene,District,US,97403",
    "InstitutionName": "Lewis Building",
    "MRAcquisitionType": "2D",
    "Manufacturer": "SIEMENS",
    "Modality": "MR",
    "PhaseEncodingDirection": "j-",
    "RepetitionTime": 2,
    "ScanOptions": "FS",
    "ScanningSequence": "EP",
    "SequenceName": "*epfid2d1_64",
    "SequenceVariant": "SK\\OSP",
    "SeriesDescription": "ep2d_affect_2",
    "SeriesNumber": 12,
    "SliceThickness": 4,
    "SliceTiming": [
      0.9875,
      0,
      1.05,
      0.06,
      1.1125,
      0.1225,
      1.175,
      0.185,
      1.235,
      0.2475,
      1.2975,
      0.3075,
      1.36,
      0.37,
      1.4225,
      0.4325,
      1.4825,
      0.495,
      1.545,
      0.555,
      1.6075,
      0.6175,
      1.67,
      0.68,
      1.73,
      0.74,
      1.7925,
      0.8025,
      1.855,
      0.865,
      1.9175,
      0.9275
    ],
    "SoftwareVersion": "syngo MR D13C",
    "TotalReadoutTime": 0.017964687,
    "dataset": "ds003136",
    "modality": "bold",
    "run_id": 2,
    "session_id": "01",
    "subject_id": "0184",
    "task_id": "affect"
  },
  "dummy_trs": 0,
  "dvars_nstd": 20.787900628793103,
  "dvars_std": 1.230691693706897,
  "dvars_vstd": 1.0078519657758622,
  "efc": 0.5387260986341994,
  "fber": 2465.45556640625,
  "fd_mean": 0.0966410234677573,
  "fd_num": 3,
  "fd_perc": 1.2875536480686696,
  "fwhm_avg": 1.5588823952673116,
  "fwhm_x": 1.5040832,
  "fwhm_y": 1.7330464,
  "fwhm_z": 1.4395175858019345,
  "gcor": 0.0196542,
  "gsr_x": -0.004762683063745499,
  "gsr_y": 0.022592058405280113,
  "provenance": {
    "md5sum": "4c24951e579a2a210573152973a31cb2",
    "settings": {
      "fd_thres": 0.2,
      "testing": false
    },
    "software": "mriqc",
    "version": "23.0.1",
    "webapi_port": null,
    "webapi_url": "https://mriqc.nimh.nih.gov/api/v1"
  },
  "size_t": 233,
  "size_x": 64,
  "size_y": 64,
  "size_z": 32,
  "snr": 7.633297270866663,
  "spacing_tr": 2.0,
  "spacing_x": 3.125,
  "spacing_y": 3.125,
  "spacing_z": 3.999999761581421,
  "summary_bg_k": 24.34900831988953,
  "summary_bg_mad": 6.763975310508125,
  "summary_bg_mean": 20.45847511291504,
  "summary_bg_median": 8.523605346679688,
  "summary_bg_n": 73963.0,
  "summary_bg_p05": 2.9742488861083984,
  "summary_bg_p95": 77.50600967407225,
  "summary_bg_stdv": 35.003662109375,
  "summary_fg_k": 2.4926522760645176,
  "summary_fg_mad": 50.82208651868231,
  "summary_fg_mean": 440.5644226074219,
  "summary_fg_median": 434.75537109375,
  "summary_fg_n": 27020.0,
  "summary_fg_p05": 363.06417694091795,
  "summary_fg_p95": 538.6371246337891,
  "summary_fg_stdv": 56.95406723022461,
  "tsnr": 82.54471177526284
}