{
  "aor": 0.0006110822510822511,
  "aqi": 0.008314865541125541,
  "bids_meta": {
    "ConversionSoftware": "dicm2nii.m 20200120",
    "DeviceSerialNumber": "45348",
    "EchoTime": 0.03,
    "EffectiveEchoSpacing": 0.00028515375,
    "FlipAngle": 90,
    "ImageType": [
      "ORIGINAL",
      "PRIMARY",
      "M",
      "ND",
      "NORM",
      "MOSAIC"
    ],
    "InstitutionAddress": "Franklin Blvd 1440,Eugene,District,US,97403",
    "InstitutionName": "Lewis Building",
    "MRAcquisitionType": "2D",
    "Manufacturer": "SIEMENS",
    "Modality": "MR",
    "PhaseEncodingDirection": "j-",
    "RepetitionTime": 2,
    "ScanOptions": "FS",
    "ScanningSequence": "EP",
    "SequenceName": "*epfid2d1_64",
    "SequenceVariant": "SK\\OSP",
    "SeriesDescription": "ep2d_infant_2",
    "SeriesNumber": 8,
    "SliceThickness": 4,
    "SliceTiming": [
      0.99,
      0,
      1.0525,
      0.0625,
      1.115,
      0.125,
      1.175,
      0.185,
      1.2375,
      0.2475,
      1.3,
      0.31,
      1.3625,
      0.3725,
      1.4225,
      0.4325,
      1.485,
      0.495,
      1.5475,
      0.5575,
      1.61,
      0.62,
      1.67,
      0.68,
      1.7325,
      0.7425,
      1.795,
      0.805,
      1.8575,
      0.8675,
      1.9175,
      0.9275
    ],
    "SoftwareVersion": "syngo MR D13C",
    "TotalReadoutTime": 0.017964687,
    "dataset": "ds003136",
    "modality": "bold",
    "run_id": 2,
    "session_id": "01",
    "subject_id": "0184",
    "task_id": "infant"
  },
  "dummy_trs": 0,
  "dvars_nstd": 19.499747761130433,
  "dvars_std": 1.1686882443478268,
  "dvars_vstd": 0.9875341631739133,
  "efc": 0.538961650241791,
  "fber": 2458.852294921875,
  "fd_mean": 0.0789038767957923,
  "fd_num": 0,
  "fd_perc": 0.0,
  "fwhm_avg": 1.5459264617802975,
  "fwhm_x": 1.4947712000000002,
  "fwhm_y": 1.7112256,
  "fwhm_z": 1.4317825853408923,
  "gcor": 0.0200797,
  "gsr_x": -0.005639000330120325,
  "gsr_y": 0.022651473060250282,
  "provenance": {
    "md5sum": "86c057363aa5e3c1d79ecd720fb71cd1",
    "settings": {
      "fd_thres": 0.2,
      "testing": false
    },
    "software": "mriqc",
    "version": "23.0.1",
    "webapi_port": null,
    "webapi_url": "https://mriqc.nimh.nih.gov/api/v1"
  },
  "size_t": 231,
  "size_x": 64,
  "size_y": 64,
  "size_z": 32,
  "snr": 7.619679638138996,
  "spacing_tr": 2.0,
  "spacing_x": 3.125,
  "spacing_y": 3.125,
  "spacing_z": 3.999999761581421,
  "summary_bg_k": 23.884640463615344,
  "summary_bg_mad": 6.995828441981982,
  "summary_bg_mean": 20.536325454711914,
  "summary_bg_median": 8.554112434387207,
  "summary_bg_n": 73995.0,
  "summary_bg_p05": 2.857142925262451,
  "summary_bg_p95": 78.06190567016603,
  "summary_bg_stdv": 35.17171859741211,
  "summary_fg_k": 2.3665078121380905,
  "summary_fg_mad": 50.69406457723757,
  "summary_fg_mean": 439.9431457519531,
  "summary_fg_median": 434.5714416503906,
  "summary_fg_n": 27022.0,
  "summary_fg_p05": 362.04847412109376,
  "summary_fg_p95": 538.872720336914,
  "summary_fg_stdv": 57.031715393066406,
  "tsnr": 73.24882910540327
}