{
  "bids_meta": {
    "ConversionSoftware": "dicm2nii.m 20200120",
    "DeviceSerialNumber": "45348",
    "EchoTime": 0.00341,
    "FlipAngle": 7,
    "ImageType": [
      "ORIGINAL",
      "PRIMARY",
      "M",
      "ND",
      "NORM"
    ],
    "InstitutionAddress": "Franklin Blvd 1440,Eugene,District,US,97403",
    "InstitutionName": "Lewis Building",
    "InversionTime": 1.1,
    "MRAcquisitionType": "3D",
    "Manufacturer": "SIEMENS",
    "Modality": "MR",
    "PhaseEncodingDirection": "j-",
    "RepetitionTime": 2.5,
    "ScanOptions": "IR",
    "ScanningSequence": "GR\\IR",
    "SequenceName": "*tfl3d1_16ns",
    "SequenceVariant": "SK\\SP\\MP",
    "SeriesDescription": "mprage_MGH_p2",
    "SeriesNumber": 9,
    "SliceThickness": 1,
    "SoftwareVersion": "syngo MR D13C",
    "dataset": "ds003136",
    "modality": "T1w",
    "session_id": "01",
    "subject_id": "0196"
  },
  "cjv": 0.32053257132243507,
  "cnr": 4.059327146936505,
  "efc": 0.5396941187181122,
  "fber": 27425.56804444444,
  "fwhm_avg": 3.593306666666667,
  "fwhm_x": 3.7312,
  "fwhm_y": 3.63263,
  "fwhm_z": 3.41609,
  "icvs_csf": 0.23169546844982944,
  "icvs_gm": 0.445012030122299,
  "icvs_wm": 0.3232925014278716,
  "inu_med": 0.5496184527873993,
  "inu_range": 0.14791614264249803,
  "provenance": {
    "md5sum": "7740caf84d10dc0ff9204ef236d5146f",
    "settings": {
      "testing": false
    },
    "software": "mriqc",
    "version": "23.0.1",
    "warnings": {
      "large_rot_frame": true,
      "small_air_mask": false
    },
    "webapi_port": null,
    "webapi_url": "https://mriqc.nimh.nih.gov/api/v1"
  },
  "qi_1": 0.0,
  "qi_2": 0.008159891830390308,
  "rpve_csf": 28.600316538514264,
  "rpve_gm": 15.037341944694306,
  "rpve_wm": 23.178917454873755,
  "size_x": 176,
  "size_y": 256,
  "size_z": 256,
  "snr_csf": 1.7828781415240444,
  "snr_gm": 9.29256591197206,
  "snr_total": 11.930172155669212,
  "snr_wm": 24.71507241351153,
  "snrd_csf": 21.31352208688297,
  "snrd_gm": 72.39937810438794,
  "snrd_total": 67.51228548021437,
  "snrd_wm": 108.82395624937224,
  "spacing_x": 1.0,
  "spacing_y": 1.0,
  "spacing_z": 1.0,
  "summary_bg_k": 21.54392056349431,
  "summary_bg_mad": 0.0,
  "summary_bg_mean": 3.164475665401819,
  "summary_bg_median": 0.0,
  "summary_bg_n": 2404421.0,
  "summary_bg_p05": 0.0,
  "summary_bg_p95": 13.99735115095973,
  "summary_bg_stdv": 6.020011210111837,
  "summary_csf_k": 0.7442224967768412,
  "summary_csf_mad": 98.31202485703342,
  "summary_csf_mean": 214.22617157551107,
  "summary_csf_median": 195.84874522313476,
  "summary_csf_n": 42266.0,
  "summary_csf_p05": 59.802712339907885,
  "summary_csf_p95": 423.1744049023837,
  "summary_csf_stdv": 109.84846568525275,
  "summary_gm_k": 0.10110525377559343,
  "summary_gm_mad": 69.60383027068207,
  "summary_gm_mean": 667.0097227790652,
  "summary_gm_median": 665.2737777866423,
  "summary_gm_n": 26402.0,
  "summary_gm_p05": 550.6701798109337,
  "summary_gm_p95": 787.4366304092109,
  "summary_gm_stdv": 71.59068711932,
  "summary_wm_k": 0.635956602642135,
  "summary_wm_mad": 37.67950539458616,
  "summary_wm_mean": 998.5289156000002,
  "summary_wm_median": 999.97715979442,
  "summary_wm_n": 138405.0,
  "summary_wm_p05": 929.7163939028978,
  "summary_wm_p95": 1061.812113981694,
  "summary_wm_stdv": 40.460069489316126,
  "tpm_overlap_csf": 0.1504841830384508,
  "tpm_overlap_gm": 0.4812460418127897,
  "tpm_overlap_wm": 0.5092201251265794,
  "wm2max": 0.7875778048478086
}