{
  "aor": 0.001569570815450644,
  "aqi": 0.007804875278969957,
  "bids_meta": {
    "ConversionSoftware": "dicm2nii.m 20200120",
    "DeviceSerialNumber": "45348",
    "EchoTime": 0.03,
    "EffectiveEchoSpacing": 0.00028515375,
    "FlipAngle": 90,
    "ImageType": [
      "ORIGINAL",
      "PRIMARY",
      "M",
      "ND",
      "NORM",
      "MOSAIC"
    ],
    "InstitutionAddress": "Franklin Blvd 1440,Eugene,District,US,97403",
    "InstitutionName": "Lewis Building",
    "MRAcquisitionType": "2D",
    "Manufacturer": "SIEMENS",
    "Modality": "MR",
    "PhaseEncodingDirection": "j-",
    "RepetitionTime": 2,
    "ScanOptions": "FS",
    "ScanningSequence": "EP",
    "SequenceName": "*epfid2d1_64",
    "SequenceVariant": "SK\\OSP",
    "SeriesDescription": "ep2d_affect_2",
    "SeriesNumber": 13,
    "SliceThickness": 4,
    "SliceTiming": [
      0.99,
      0,
      1.0525,
      0.0625,
      1.1125,
      0.1225,
      1.175,
      0.185,
      1.2375,
      0.2475,
      1.3,
      0.31,
      1.36,
      0.37,
      1.4225,
      0.4325,
      1.485,
      0.495,
      1.5475,
      0.5575,
      1.6075,
      0.6175,
      1.67,
      0.68,
      1.7325,
      0.7425,
      1.795,
      0.805,
      1.855,
      0.865,
      1.9175,
      0.9275
    ],
    "SoftwareVersion": "syngo MR D13C",
    "TaskName": "Observing and Labeling Affective Faces",
    "TotalReadoutTime": 0.017964687,
    "dataset": "ds003136",
    "modality": "bold",
    "run_id": 2,
    "session_id": "01",
    "subject_id": "0148",
    "task_id": "affect"
  },
  "dummy_trs": 0,
  "dvars_nstd": 25.689176271724133,
  "dvars_std": 1.3370694814224129,
  "dvars_vstd": 1.0233089034913798,
  "efc": 0.5390611129954338,
  "fber": 2529.893310546875,
  "fd_mean": 0.1868664749672684,
  "fd_num": 98,
  "fd_perc": 42.06008583690987,
  "fwhm_avg": 1.6719604,
  "fwhm_x": 1.6145312,
  "fwhm_y": 1.8845599999999998,
  "fwhm_z": 1.51679,
  "gcor": 0.0139547,
  "gsr_x": -0.005975660402327776,
  "gsr_y": 0.025956977158784866,
  "provenance": {
    "md5sum": "c45c4259899dd9e99995675bbf1a7e8e",
    "settings": {
      "fd_thres": 0.2,
      "testing": false
    },
    "software": "mriqc",
    "version": "23.0.1",
    "webapi_port": null,
    "webapi_url": "https://mriqc.nimh.nih.gov/api/v1"
  },
  "size_t": 233,
  "size_x": 64,
  "size_y": 64,
  "size_z": 32,
  "snr": 7.880314996290543,
  "spacing_tr": 2.0,
  "spacing_x": 3.125,
  "spacing_y": 3.125,
  "spacing_z": 4.0,
  "summary_bg_k": 35.04891108590895,
  "summary_bg_mad": 6.496724346935459,
  "summary_bg_mean": 16.41444206237793,
  "summary_bg_median": 7.746780872344971,
  "summary_bg_n": 72472.0,
  "summary_bg_p05": 2.5278968811035156,
  "summary_bg_p95": 54.39055633544922,
  "summary_bg_stdv": 26.27854347229004,
  "summary_fg_k": 3.131556749099323,
  "summary_fg_mad": 43.67312774998239,
  "summary_fg_mean": 400.2435607910156,
  "summary_fg_median": 400.8970031738281,
  "summary_fg_n": 27268.0,
  "summary_fg_p05": 318.31329345703125,
  "summary_fg_p95": 477.0497833251953,
  "summary_fg_stdv": 50.87228775024414,
  "tsnr": 78.18162836437114
}