{
  "aor": 0.0007672532188841202,
  "aqi": 0.014967608884120173,
  "bids_meta": {
    "ConversionSoftware": "dicm2nii.m 20200120",
    "DeviceSerialNumber": "45348",
    "EchoTime": 0.03,
    "EffectiveEchoSpacing": 0.00028515375,
    "FlipAngle": 90,
    "ImageType": [
      "ORIGINAL",
      "PRIMARY",
      "M",
      "ND",
      "NORM",
      "MOSAIC"
    ],
    "InstitutionAddress": "Franklin Blvd 1440,Eugene,District,US,97403",
    "InstitutionName": "Lewis Building",
    "MRAcquisitionType": "2D",
    "Manufacturer": "SIEMENS",
    "Modality": "MR",
    "PhaseEncodingDirection": "j-",
    "RepetitionTime": 2,
    "ScanOptions": "FS",
    "ScanningSequence": "EP",
    "SequenceName": "*epfid2d1_64",
    "SequenceVariant": "SK\\OSP",
    "SeriesDescription": "ep2d_affect_1",
    "SeriesNumber": 11,
    "SliceThickness": 4,
    "SliceTiming": [
      0.99,
      0,
      1.05,
      0.06,
      1.1125,
      0.1225,
      1.175,
      0.185,
      1.2375,
      0.2475,
      1.2975,
      0.3075,
      1.36,
      0.37,
      1.4225,
      0.4325,
      1.485,
      0.495,
      1.545,
      0.555,
      1.6075,
      0.6175,
      1.67,
      0.68,
      1.7325,
      0.7425,
      1.7925,
      0.8025,
      1.855,
      0.865,
      1.9175,
      0.9275
    ],
    "SoftwareVersion": "syngo MR D13C",
    "TotalReadoutTime": 0.017964687,
    "dataset": "ds003136",
    "modality": "bold",
    "run_id": 1,
    "session_id": "01",
    "subject_id": "3146",
    "task_id": "affect"
  },
  "dummy_trs": 0,
  "dvars_nstd": 26.183660844051733,
  "dvars_std": 1.315612831336206,
  "dvars_vstd": 0.9740308750000001,
  "efc": 0.531837244221218,
  "fber": 2567.149658203125,
  "fd_mean": 0.10807792427872306,
  "fd_num": 20,
  "fd_perc": 8.583690987124463,
  "fwhm_avg": 1.5404989333333334,
  "fwhm_x": 1.4651776,
  "fwhm_y": 1.7570591999999998,
  "fwhm_z": 1.39926,
  "gcor": 0.00781275,
  "gsr_x": -0.007923339493572712,
  "gsr_y": 0.024505848065018654,
  "provenance": {
    "md5sum": "2b1c5c9fb60b83a5975945486b71bc56",
    "settings": {
      "fd_thres": 0.2,
      "testing": false
    },
    "software": "mriqc",
    "version": "23.0.1",
    "webapi_port": null,
    "webapi_url": "https://mriqc.nimh.nih.gov/api/v1"
  },
  "size_t": 233,
  "size_x": 64,
  "size_y": 64,
  "size_z": 32,
  "snr": 8.876607841629978,
  "spacing_tr": 2.0,
  "spacing_x": 3.125,
  "spacing_y": 3.125,
  "spacing_z": 4.0,
  "summary_bg_k": 31.919117962666057,
  "summary_bg_mad": 5.917682890147458,
  "summary_bg_mean": 16.127634048461914,
  "summary_bg_median": 7.270386219024658,
  "summary_bg_n": 74608.0,
  "summary_bg_p05": 2.6051502227783203,
  "summary_bg_p95": 50.82103023529048,
  "summary_bg_stdv": 27.295066833496094,
  "summary_fg_k": 4.489767112288565,
  "summary_fg_mad": 36.161504244880135,
  "summary_fg_mean": 383.5501708984375,
  "summary_fg_median": 382.00860595703125,
  "summary_fg_n": 26496.0,
  "summary_fg_p05": 321.4871139526367,
  "summary_fg_p95": 451.18348693847656,
  "summary_fg_stdv": 43.03461456298828,
  "tsnr": 67.03846571268514
}