{
  "aor": 0.001764310344827586,
  "aqi": 0.012680488836206896,
  "bids_meta": {
    "ConversionSoftware": "dicm2nii.m 20200120",
    "DeviceSerialNumber": "45348",
    "EchoTime": 0.03,
    "EffectiveEchoSpacing": 0.00028515375,
    "FlipAngle": 90,
    "ImageType": [
      "ORIGINAL",
      "PRIMARY",
      "M",
      "ND",
      "NORM",
      "MOSAIC"
    ],
    "InstitutionAddress": "Franklin Blvd 1440,Eugene,District,US,97403",
    "InstitutionName": "Lewis Building",
    "MRAcquisitionType": "2D",
    "Manufacturer": "SIEMENS",
    "Modality": "MR",
    "PhaseEncodingDirection": "j-",
    "RepetitionTime": 2,
    "ScanOptions": "FS",
    "ScanningSequence": "EP",
    "SequenceName": "*epfid2d1_64",
    "SequenceVariant": "SK\\OSP",
    "SeriesDescription": "ep2d_affect_1",
    "SeriesNumber": 10,
    "SliceThickness": 4,
    "SliceTiming": [
      0.99,
      0,
      1.0525,
      0.0625,
      1.115,
      0.125,
      1.1775,
      0.1875,
      1.2375,
      0.2475,
      1.3,
      0.31,
      1.3625,
      0.3725,
      1.425,
      0.435,
      1.485,
      0.495,
      1.5475,
      0.5575,
      1.61,
      0.62,
      1.6725,
      0.6825,
      1.7325,
      0.7425,
      1.795,
      0.805,
      1.8575,
      0.8675,
      1.92,
      0.93
    ],
    "SoftwareVersion": "syngo MR D13C",
    "TotalReadoutTime": 0.017964687,
    "dataset": "ds003136",
    "modality": "bold",
    "run_id": 1,
    "session_id": "01",
    "subject_id": "3329",
    "task_id": "affect"
  },
  "dummy_trs": 0,
  "dvars_nstd": 25.351054567532476,
  "dvars_std": 1.2543370258441562,
  "dvars_vstd": 0.9772705751948058,
  "efc": 0.48872031220187473,
  "fber": 3614.006103515625,
  "fd_mean": 0.15900878054351425,
  "fd_num": 45,
  "fd_perc": 19.396551724137932,
  "fwhm_avg": 1.6179284666666665,
  "fwhm_x": 1.5592224,
  "fwhm_y": 1.824528,
  "fwhm_z": 1.470035,
  "gcor": 0.0191145,
  "gsr_x": -0.011181040666997433,
  "gsr_y": 0.0125012481585145,
  "provenance": {
    "md5sum": "efacbdb7bfd7c5ebfac602a3c327d310",
    "settings": {
      "fd_thres": 0.2,
      "testing": false
    },
    "software": "mriqc",
    "version": "23.0.1",
    "webapi_port": null,
    "webapi_url": "https://mriqc.nimh.nih.gov/api/v1"
  },
  "size_t": 232,
  "size_x": 64,
  "size_y": 64,
  "size_z": 32,
  "snr": 7.538647234225669,
  "spacing_tr": 2.0,
  "spacing_x": 3.125,
  "spacing_y": 3.125,
  "spacing_z": 4.0,
  "summary_bg_k": 28.023136945555503,
  "summary_bg_mad": 5.07407797757528,
  "summary_bg_mean": 14.586573600769043,
  "summary_bg_median": 6.745689392089844,
  "summary_bg_n": 80003.0,
  "summary_bg_p05": 2.4267241954803467,
  "summary_bg_p95": 54.78361930847163,
  "summary_bg_stdv": 22.98985481262207,
  "summary_fg_k": 2.6638526938842473,
  "summary_fg_mad": 48.54246344507157,
  "summary_fg_mean": 414.7979431152344,
  "summary_fg_median": 412.7241516113281,
  "summary_fg_n": 21527.0,
  "summary_fg_p05": 331.11810302734375,
  "summary_fg_p95": 500.1224090576172,
  "summary_fg_stdv": 54.74650192260742,
  "tsnr": 58.55737937334925
}