{
  "aor": 0.010864163090128756,
  "aqi": 0.01965378364806867,
  "bids_meta": {
    "ConversionSoftware": "dicm2nii.m 20200120",
    "DeviceSerialNumber": "45348",
    "EchoTime": 0.03,
    "EffectiveEchoSpacing": 0.00028515375,
    "FlipAngle": 90,
    "ImageType": [
      "ORIGINAL",
      "PRIMARY",
      "M",
      "ND",
      "NORM",
      "MOSAIC"
    ],
    "InstitutionAddress": "Franklin Blvd 1440,Eugene,District,US,97403",
    "InstitutionName": "Lewis Building",
    "MRAcquisitionType": "2D",
    "Manufacturer": "SIEMENS",
    "Modality": "MR",
    "PhaseEncodingDirection": "j-",
    "RepetitionTime": 2,
    "ScanOptions": "FS",
    "ScanningSequence": "EP",
    "SequenceName": "*epfid2d1_64",
    "SequenceVariant": "SK\\OSP",
    "SeriesDescription": "ep2d_affect_2",
    "SeriesNumber": 11,
    "SliceThickness": 4,
    "SliceTiming": [
      0.99,
      0,
      1.0525,
      0.0625,
      1.115,
      0.125,
      1.175,
      0.185,
      1.2375,
      0.2475,
      1.3,
      0.31,
      1.3625,
      0.3725,
      1.4225,
      0.4325,
      1.485,
      0.495,
      1.5475,
      0.5575,
      1.61,
      0.62,
      1.67,
      0.68,
      1.7325,
      0.7425,
      1.795,
      0.805,
      1.8575,
      0.8675,
      1.9175,
      0.9275
    ],
    "SoftwareVersion": "syngo MR D13C",
    "TotalReadoutTime": 0.017964687,
    "dataset": "ds003136",
    "modality": "bold",
    "run_id": 2,
    "session_id": "01",
    "subject_id": "3329",
    "task_id": "affect"
  },
  "dummy_trs": 0,
  "dvars_nstd": 26.619742854267223,
  "dvars_std": 1.2499393709913798,
  "dvars_vstd": 1.0013051130603448,
  "efc": 0.48953959228308963,
  "fber": 3644.01220703125,
  "fd_mean": 0.1999297879720105,
  "fd_num": 61,
  "fd_perc": 26.180257510729614,
  "fwhm_avg": 1.6273452,
  "fwhm_x": 1.5657216,
  "fwhm_y": 1.842704,
  "fwhm_z": 1.47361,
  "gcor": 0.0204006,
  "gsr_x": -0.01138724572956562,
  "gsr_y": 0.012268281541764736,
  "provenance": {
    "md5sum": "a6ea5751571edc85acb5959b46651d22",
    "settings": {
      "fd_thres": 0.2,
      "testing": false
    },
    "software": "mriqc",
    "version": "23.0.1",
    "webapi_port": null,
    "webapi_url": "https://mriqc.nimh.nih.gov/api/v1"
  },
  "size_t": 233,
  "size_x": 64,
  "size_y": 64,
  "size_z": 32,
  "snr": 7.60373007560499,
  "spacing_tr": 2.0,
  "spacing_x": 3.125,
  "spacing_y": 3.125,
  "spacing_z": 4.0,
  "summary_bg_k": 27.462196437366853,
  "summary_bg_mad": 4.85504485563358,
  "summary_bg_mean": 14.61946964263916,
  "summary_bg_median": 6.7253217697143555,
  "summary_bg_n": 79894.0,
  "summary_bg_p05": 2.5793991088867188,
  "summary_bg_p95": 54.37489223480221,
  "summary_bg_stdv": 22.87727165222168,
  "summary_fg_k": 2.8772614564996566,
  "summary_fg_mad": 47.95232731421315,
  "summary_fg_mean": 414.6805419921875,
  "summary_fg_median": 412.9656677246094,
  "summary_fg_n": 21508.0,
  "summary_fg_p05": 331.37702789306644,
  "summary_fg_p95": 499.088623046875,
  "summary_fg_stdv": 54.309669494628906,
  "tsnr": 48.94948537275195
}