{
  "bids_meta": {
    "ConversionSoftware": "dicm2nii.m 20200120",
    "DeviceSerialNumber": "45348",
    "EchoTime": 0.00341,
    "FlipAngle": 7,
    "ImageType": [
      "ORIGINAL",
      "PRIMARY",
      "M",
      "ND",
      "NORM"
    ],
    "InstitutionAddress": "Franklin Blvd 1440,Eugene,District,US,97403",
    "InstitutionName": "Lewis Building",
    "InversionTime": 1.1,
    "MRAcquisitionType": "3D",
    "Manufacturer": "SIEMENS",
    "Modality": "MR",
    "PhaseEncodingDirection": "j-",
    "RepetitionTime": 2.5,
    "ScanOptions": "IR",
    "ScanningSequence": "GR\\IR",
    "SequenceName": "*tfl3d1_16ns",
    "SequenceVariant": "SK\\SP\\MP",
    "SeriesDescription": "mprage_MGH_p2",
    "SeriesNumber": 12,
    "SliceThickness": 1,
    "SoftwareVersion": "syngo MR D13C",
    "dataset": "ds003136",
    "modality": "T1w",
    "session_id": "01",
    "subject_id": "3081"
  },
  "cjv": 0.3602360217514512,
  "cnr": 3.64375488578389,
  "efc": 0.538660150199291,
  "fber": -1.0,
  "fwhm_avg": 3.660956666666667,
  "fwhm_x": 3.72822,
  "fwhm_y": 3.81801,
  "fwhm_z": 3.43664,
  "icvs_csf": 0.20374414580984015,
  "icvs_gm": 0.43284527666756384,
  "icvs_wm": 0.363410577522596,
  "inu_med": 0.47417208552360535,
  "inu_range": 0.13144758343696594,
  "provenance": {
    "md5sum": "c8e601cbc3459d6cbe00c7f32c103875",
    "settings": {
      "testing": false
    },
    "software": "mriqc",
    "version": "23.0.1",
    "warnings": {
      "large_rot_frame": true,
      "small_air_mask": false
    },
    "webapi_port": null,
    "webapi_url": "https://mriqc.nimh.nih.gov/api/v1"
  },
  "qi_1": 0.008568453404950379,
  "qi_2": 0.023435441853804178,
  "rpve_csf": 30.43343865988544,
  "rpve_gm": 15.040829829579154,
  "rpve_wm": 20.72435691347366,
  "size_x": 176,
  "size_y": 256,
  "size_z": 256,
  "snr_csf": 1.8015237278671445,
  "snr_gm": 8.697867480162385,
  "snr_total": 11.73918963863929,
  "snr_wm": 24.718177707888344,
  "snrd_csf": 26.611439062599633,
  "snrd_gm": 94.39931009964589,
  "snrd_total": 86.67094651376789,
  "snrd_wm": 139.00209037905816,
  "spacing_x": 1.0,
  "spacing_y": 1.0,
  "spacing_z": 1.0,
  "summary_bg_k": 19.869017421132366,
  "summary_bg_mad": 0.0,
  "summary_bg_mean": 2.291271465663387,
  "summary_bg_median": 0.0,
  "summary_bg_n": 2907959.0,
  "summary_bg_p05": 0.0,
  "summary_bg_p95": 12.136974111199379,
  "summary_bg_stdv": 4.713140509176937,
  "summary_csf_k": 1.416050411758703,
  "summary_csf_mad": 90.0143672987682,
  "summary_csf_mean": 206.64267762217338,
  "summary_csf_median": 191.4463178254664,
  "summary_csf_n": 26132.0,
  "summary_csf_p05": 57.83990602921695,
  "summary_csf_p95": 417.4382206538691,
  "summary_csf_stdv": 106.2670736811246,
  "summary_gm_k": 0.007040097502087228,
  "summary_gm_mad": 77.76110264029714,
  "summary_gm_mean": 680.3000063206066,
  "summary_gm_median": 679.1214966364205,
  "summary_gm_n": 27638.0,
  "summary_gm_p05": 553.3795550886541,
  "summary_gm_p95": 811.7901826947927,
  "summary_gm_stdv": 78.0776681254362,
  "summary_wm_k": 0.6767182942990781,
  "summary_wm_mad": 37.83088354346136,
  "summary_wm_mean": 1000.7196334887965,
  "summary_wm_median": 999.999974090606,
  "summary_wm_n": 174693.0,
  "summary_wm_p05": 935.7607039734721,
  "summary_wm_p95": 1067.7358486540616,
  "summary_wm_stdv": 40.455939905454414,
  "tpm_overlap_csf": 0.1568669522748985,
  "tpm_overlap_gm": 0.4760557827171831,
  "tpm_overlap_wm": 0.5216082198803645,
  "wm2max": 0.6604385747275607
}