{
  "bids_meta": {
    "ConversionSoftware": "dicm2nii.m 20200120",
    "DeviceSerialNumber": "45348",
    "EchoTime": 0.00341,
    "FlipAngle": 7,
    "ImageType": [
      "ORIGINAL",
      "PRIMARY",
      "M",
      "ND",
      "NORM"
    ],
    "InstitutionAddress": "Franklin Blvd 1440,Eugene,District,US,97403",
    "InstitutionName": "Lewis Building",
    "InversionTime": 1.1,
    "MRAcquisitionType": "3D",
    "Manufacturer": "SIEMENS",
    "Modality": "MR",
    "PhaseEncodingDirection": "j-",
    "RepetitionTime": 2.5,
    "ScanOptions": "IR",
    "ScanningSequence": "GR\\IR",
    "SequenceName": "*tfl3d1_16ns",
    "SequenceVariant": "SK\\SP\\MP",
    "SeriesDescription": "mprage_MGH_p2",
    "SeriesNumber": 9,
    "SliceThickness": 1,
    "SoftwareVersion": "syngo MR D13C",
    "dataset": "ds003136",
    "modality": "T1w",
    "session_id": "01",
    "subject_id": "0190"
  },
  "cjv": 0.33935049751700036,
  "cnr": 3.958676903431673,
  "efc": 0.5134277240907762,
  "fber": -1.0,
  "fwhm_avg": 3.6907533333333333,
  "fwhm_x": 3.68148,
  "fwhm_y": 3.90513,
  "fwhm_z": 3.48565,
  "icvs_csf": 0.1935223668040791,
  "icvs_gm": 0.462499906325856,
  "icvs_wm": 0.3439777268700649,
  "inu_med": 0.5395709574222565,
  "inu_range": 0.1588061898946761,
  "provenance": {
    "md5sum": "aa1f6aa2b93360434aced20d70676d34",
    "settings": {
      "testing": false
    },
    "software": "mriqc",
    "version": "23.0.1",
    "warnings": {
      "large_rot_frame": true,
      "small_air_mask": false
    },
    "webapi_port": null,
    "webapi_url": "https://mriqc.nimh.nih.gov/api/v1"
  },
  "qi_1": 0.013373329551562304,
  "qi_2": 0.016599860677898634,
  "rpve_csf": 29.845766559411867,
  "rpve_gm": 13.636649593020264,
  "rpve_wm": 20.536002636348655,
  "size_x": 176,
  "size_y": 256,
  "size_z": 256,
  "snr_csf": 1.6920946611013603,
  "snr_gm": 9.809917639021371,
  "snr_total": 11.671141156493297,
  "snr_wm": 23.511411169357157,
  "snrd_csf": 22.887122663170857,
  "snrd_gm": 74.17947824717314,
  "snrd_total": 68.83033899477776,
  "snrd_wm": 109.42441607398932,
  "spacing_x": 1.0,
  "spacing_y": 1.0,
  "spacing_z": 1.0,
  "summary_bg_k": 50.740131435717174,
  "summary_bg_mad": 0.0,
  "summary_bg_mean": 2.4827177140907875,
  "summary_bg_median": 0.0,
  "summary_bg_n": 3132154.0,
  "summary_bg_p05": 0.0,
  "summary_bg_p95": 7.676781266927719,
  "summary_bg_stdv": 5.9871136838970225,
  "summary_csf_k": 1.6947660800241513,
  "summary_csf_mad": 118.13329290124531,
  "summary_csf_mean": 223.7517495039866,
  "summary_csf_median": 209.15919994935393,
  "summary_csf_n": 21017.0,
  "summary_csf_p05": 47.979882918298244,
  "summary_csf_p95": 452.1756524518132,
  "summary_csf_stdv": 123.60669219370298,
  "summary_gm_k": -0.0198452728593419,
  "summary_gm_mad": 69.66332056468785,
  "summary_gm_mean": 678.7215743656601,
  "summary_gm_median": 677.9061112739146,
  "summary_gm_n": 36677.0,
  "summary_gm_p05": 566.3280663080513,
  "summary_gm_p95": 793.024740703404,
  "summary_gm_stdv": 69.10321723238697,
  "summary_wm_k": 0.750315200897727,
  "summary_wm_mad": 39.63941057483647,
  "summary_wm_mean": 999.1680036330257,
  "summary_wm_median": 1000.0000287406147,
  "summary_wm_n": 160672.0,
  "summary_wm_p05": 928.1625626608729,
  "summary_wm_p95": 1066.7086107842624,
  "summary_wm_stdv": 42.53240733202364,
  "tpm_overlap_csf": 0.14777069835395196,
  "tpm_overlap_gm": 0.48982413029848915,
  "tpm_overlap_wm": 0.5298449211477793,
  "wm2max": 0.5896090213828625
}