{
  "aor": 0.0012514285714285715,
  "aqi": 0.009908308398268397,
  "bids_meta": {
    "ConversionSoftware": "dicm2nii.m 20200120",
    "DeviceSerialNumber": "45348",
    "EchoTime": 0.03,
    "EffectiveEchoSpacing": 0.00028515375,
    "FlipAngle": 90,
    "ImageType": [
      "ORIGINAL",
      "PRIMARY",
      "M",
      "ND",
      "NORM",
      "MOSAIC"
    ],
    "InstitutionAddress": "Franklin Blvd 1440,Eugene,District,US,97403",
    "InstitutionName": "Lewis Building",
    "MRAcquisitionType": "2D",
    "Manufacturer": "SIEMENS",
    "Modality": "MR",
    "PhaseEncodingDirection": "j-",
    "RepetitionTime": 2,
    "ScanOptions": "FS",
    "ScanningSequence": "EP",
    "SequenceName": "*epfid2d1_64",
    "SequenceVariant": "SK\\OSP",
    "SeriesDescription": "ep2d_infant_1",
    "SeriesNumber": 7,
    "SliceThickness": 4,
    "SliceTiming": [
      0.99,
      0,
      1.0525,
      0.0625,
      1.115,
      0.125,
      1.175,
      0.185,
      1.2375,
      0.2475,
      1.3,
      0.31,
      1.3625,
      0.3725,
      1.4225,
      0.4325,
      1.485,
      0.495,
      1.5475,
      0.5575,
      1.61,
      0.62,
      1.67,
      0.68,
      1.7325,
      0.7425,
      1.795,
      0.805,
      1.8575,
      0.8675,
      1.9175,
      0.9275
    ],
    "SoftwareVersion": "syngo MR D13C",
    "TotalReadoutTime": 0.017964687,
    "dataset": "ds003136",
    "modality": "bold",
    "run_id": 1,
    "session_id": "01",
    "subject_id": "0179",
    "task_id": "infant"
  },
  "dummy_trs": 0,
  "dvars_nstd": 24.860933420130426,
  "dvars_std": 1.291470918086957,
  "dvars_vstd": 1.0075577027826081,
  "efc": 0.5291981047810598,
  "fber": 2714.196533203125,
  "fd_mean": 0.11164105141716076,
  "fd_num": 14,
  "fd_perc": 6.0606060606060606,
  "fwhm_avg": 1.5385495666666664,
  "fwhm_x": 1.4802879999999998,
  "fwhm_y": 1.7352032,
  "fwhm_z": 1.4001575,
  "gcor": 0.0101192,
  "gsr_x": -0.0059483968652784824,
  "gsr_y": 0.031432412564754486,
  "provenance": {
    "md5sum": "2511fc8e40f338db23f32246964ff4d2",
    "settings": {
      "fd_thres": 0.2,
      "testing": false
    },
    "software": "mriqc",
    "version": "23.0.1",
    "webapi_port": null,
    "webapi_url": "https://mriqc.nimh.nih.gov/api/v1"
  },
  "size_t": 231,
  "size_x": 64,
  "size_y": 64,
  "size_z": 32,
  "snr": 8.070397380020838,
  "spacing_tr": 2.0,
  "spacing_x": 3.125,
  "spacing_y": 3.125,
  "spacing_z": 4.0,
  "summary_bg_k": 30.96577402062198,
  "summary_bg_mad": 5.8341357915210565,
  "summary_bg_mean": 18.984392166137695,
  "summary_bg_median": 7.285714149475098,
  "summary_bg_n": 75631.0,
  "summary_bg_p05": 2.6623375415802,
  "summary_bg_p95": 73.90909194946289,
  "summary_bg_stdv": 34.15275573730469,
  "summary_fg_k": 2.9948657615071577,
  "summary_fg_mad": 45.81303293874374,
  "summary_fg_mean": 389.546630859375,
  "summary_fg_median": 388.7229309082031,
  "summary_fg_n": 25115.0,
  "summary_fg_p05": 319.87445068359375,
  "summary_fg_p95": 463.70778503417966,
  "summary_fg_stdv": 48.165557861328125,
  "tsnr": 66.80309171474073
}