{
  "aor": 0.0034300432900432904,
  "aqi": 0.010046800649350648,
  "bids_meta": {
    "ConversionSoftware": "dicm2nii.m 20200120",
    "DeviceSerialNumber": "45348",
    "EchoTime": 0.03,
    "EffectiveEchoSpacing": 0.00028515375,
    "FlipAngle": 90,
    "ImageType": [
      "ORIGINAL",
      "PRIMARY",
      "M",
      "ND",
      "NORM",
      "MOSAIC"
    ],
    "InstitutionAddress": "Franklin Blvd 1440,Eugene,District,US,97403",
    "InstitutionName": "Lewis Building",
    "MRAcquisitionType": "2D",
    "Manufacturer": "SIEMENS",
    "Modality": "MR",
    "PhaseEncodingDirection": "j-",
    "RepetitionTime": 2,
    "ScanOptions": "FS",
    "ScanningSequence": "EP",
    "SequenceName": "*epfid2d1_64",
    "SequenceVariant": "SK\\OSP",
    "SeriesDescription": "ep2d_infant_2",
    "SeriesNumber": 8,
    "SliceThickness": 4,
    "SliceTiming": [
      0.99,
      0,
      1.0525,
      0.0625,
      1.1125,
      0.1225,
      1.175,
      0.185,
      1.2375,
      0.2475,
      1.3,
      0.31,
      1.36,
      0.37,
      1.4225,
      0.4325,
      1.485,
      0.495,
      1.545,
      0.5575,
      1.6075,
      0.6175,
      1.67,
      0.68,
      1.7325,
      0.7425,
      1.7925,
      0.805,
      1.855,
      0.865,
      1.9175,
      0.9275
    ],
    "SoftwareVersion": "syngo MR D13C",
    "TotalReadoutTime": 0.017964687,
    "dataset": "ds003136",
    "modality": "bold",
    "run_id": 2,
    "session_id": "01",
    "subject_id": "3227",
    "task_id": "infant"
  },
  "dummy_trs": 0,
  "dvars_nstd": 26.05864010713043,
  "dvars_std": 1.4813490945652172,
  "dvars_vstd": 1.0547065619565215,
  "efc": 0.5256374755485208,
  "fber": 3993.906982421875,
  "fd_mean": 0.09391988423007976,
  "fd_num": 13,
  "fd_perc": 5.627705627705628,
  "fwhm_avg": 1.5121381000000003,
  "fwhm_x": 1.402256,
  "fwhm_y": 1.7108608,
  "fwhm_z": 1.4232975,
  "gcor": 0.0644676,
  "gsr_x": -0.008030438795685768,
  "gsr_y": 0.03186763823032379,
  "provenance": {
    "md5sum": "d1674383dc760ff8c7e267536c251732",
    "settings": {
      "fd_thres": 0.2,
      "testing": false
    },
    "software": "mriqc",
    "version": "23.0.1",
    "webapi_port": null,
    "webapi_url": "https://mriqc.nimh.nih.gov/api/v1"
  },
  "size_t": 231,
  "size_x": 64,
  "size_y": 64,
  "size_z": 32,
  "snr": 8.334141904654281,
  "spacing_tr": 2.0,
  "spacing_x": 3.125,
  "spacing_y": 3.125,
  "spacing_z": 4.0,
  "summary_bg_k": 31.36219675783385,
  "summary_bg_mad": 4.8842440639550695,
  "summary_bg_mean": 17.023649215698242,
  "summary_bg_median": 6.467532634735107,
  "summary_bg_n": 74498.0,
  "summary_bg_p05": 2.359307289123535,
  "summary_bg_p95": 66.65065193176264,
  "summary_bg_stdv": 30.421302795410156,
  "summary_fg_k": 3.031652285583201,
  "summary_fg_mad": 43.42547689417824,
  "summary_fg_mean": 420.11395263671875,
  "summary_fg_median": 417.9263916015625,
  "summary_fg_n": 26080.0,
  "summary_fg_p05": 345.925309753418,
  "summary_fg_p95": 500.28223876953126,
  "summary_fg_stdv": 50.14533996582031,
  "tsnr": 70.30171288456768
}