{
  "aor": 0.0019080786026200874,
  "aqi": 0.010739483580786026,
  "bids_meta": {
    "ConversionSoftware": "dicm2nii.m 20200120",
    "DeviceSerialNumber": "45348",
    "EchoTime": 0.03,
    "EffectiveEchoSpacing": 0.00028515375,
    "FlipAngle": 90,
    "ImageType": [
      "ORIGINAL",
      "PRIMARY",
      "M",
      "ND",
      "NORM",
      "MOSAIC"
    ],
    "InstitutionAddress": "Franklin Blvd 1440,Eugene,District,US,97403",
    "InstitutionName": "Lewis Building",
    "MRAcquisitionType": "2D",
    "Manufacturer": "SIEMENS",
    "Modality": "MR",
    "PhaseEncodingDirection": "j-",
    "RepetitionTime": 2,
    "ScanOptions": "FS",
    "ScanningSequence": "EP",
    "SequenceName": "*epfid2d1_64",
    "SequenceVariant": "SK\\OSP",
    "SeriesDescription": "ep2d_affect_1",
    "SeriesNumber": 10,
    "SliceThickness": 4,
    "SliceTiming": [
      0.99,
      0,
      1.05,
      0.06,
      1.1125,
      0.1225,
      1.175,
      0.185,
      1.2375,
      0.2475,
      1.2975,
      0.3075,
      1.36,
      0.37,
      1.4225,
      0.4325,
      1.485,
      0.495,
      1.545,
      0.555,
      1.6075,
      0.6175,
      1.67,
      0.68,
      1.7325,
      0.7425,
      1.7925,
      0.8025,
      1.855,
      0.865,
      1.9175,
      0.9275
    ],
    "SoftwareVersion": "syngo MR D13C",
    "TotalReadoutTime": 0.017964687,
    "dataset": "ds003136",
    "modality": "bold",
    "run_id": 1,
    "session_id": "01",
    "subject_id": "3227",
    "task_id": "affect"
  },
  "dummy_trs": 0,
  "dvars_nstd": 25.311745635350903,
  "dvars_std": 1.38817235495614,
  "dvars_vstd": 1.023428842280702,
  "efc": 0.5269380454790663,
  "fber": 3862.50048828125,
  "fd_mean": 0.11052981885585926,
  "fd_num": 20,
  "fd_perc": 8.733624454148472,
  "fwhm_avg": 1.5172868333333334,
  "fwhm_x": 1.4131551999999998,
  "fwhm_y": 1.7179328,
  "fwhm_z": 1.4207725,
  "gcor": 0.0553919,
  "gsr_x": -0.008502979762852192,
  "gsr_y": 0.032418299466371536,
  "provenance": {
    "md5sum": "cda06ec18d120c7a0699fad1f3633410",
    "settings": {
      "fd_thres": 0.2,
      "testing": false
    },
    "software": "mriqc",
    "version": "23.0.1",
    "webapi_port": null,
    "webapi_url": "https://mriqc.nimh.nih.gov/api/v1"
  },
  "size_t": 229,
  "size_x": 64,
  "size_y": 64,
  "size_z": 32,
  "snr": 8.347301351095606,
  "spacing_tr": 2.0,
  "spacing_x": 3.125,
  "spacing_y": 3.125,
  "spacing_z": 4.0,
  "summary_bg_k": 30.31689528127037,
  "summary_bg_mad": 5.0240149707916215,
  "summary_bg_mean": 17.40297508239746,
  "summary_bg_median": 6.585153102874756,
  "summary_bg_n": 74562.0,
  "summary_bg_p05": 2.4017467498779297,
  "summary_bg_p95": 69.10022239685057,
  "summary_bg_stdv": 30.916471481323242,
  "summary_fg_k": 3.2201113208726326,
  "summary_fg_mad": 43.086090931012635,
  "summary_fg_mean": 419.5688781738281,
  "summary_fg_median": 417.3318786621094,
  "summary_fg_n": 26034.0,
  "summary_fg_p05": 346.02905120849607,
  "summary_fg_p95": 499.2161514282226,
  "summary_fg_stdv": 49.99506378173828,
  "tsnr": 68.88089412124828
}