{
  "aor": 0.003527835497835498,
  "aqi": 0.015210876406926406,
  "bids_meta": {
    "ConversionSoftware": "dicm2nii.m 20200120",
    "DeviceSerialNumber": "45348",
    "EchoTime": 0.03,
    "EffectiveEchoSpacing": 0.00028515375,
    "FlipAngle": 90,
    "ImageType": [
      "ORIGINAL",
      "PRIMARY",
      "M",
      "ND",
      "NORM",
      "MOSAIC"
    ],
    "InstitutionAddress": "Franklin Blvd 1440,Eugene,District,US,97403",
    "InstitutionName": "Lewis Building",
    "MRAcquisitionType": "2D",
    "Manufacturer": "SIEMENS",
    "Modality": "MR",
    "PhaseEncodingDirection": "j-",
    "RepetitionTime": 2,
    "ScanOptions": "FS",
    "ScanningSequence": "EP",
    "SequenceName": "*epfid2d1_64",
    "SequenceVariant": "SK\\OSP",
    "SeriesDescription": "ep2d_infant_1",
    "SeriesNumber": 7,
    "SliceThickness": 4,
    "SliceTiming": [
      0.99,
      0,
      1.0525,
      0.0625,
      1.115,
      0.125,
      1.175,
      0.185,
      1.2375,
      0.2475,
      1.3,
      0.31,
      1.3625,
      0.3725,
      1.4225,
      0.4325,
      1.485,
      0.495,
      1.5475,
      0.5575,
      1.61,
      0.62,
      1.67,
      0.68,
      1.7325,
      0.7425,
      1.795,
      0.805,
      1.8575,
      0.8675,
      1.9175,
      0.9275
    ],
    "SoftwareVersion": "syngo MR D13C",
    "TotalReadoutTime": 0.017964687,
    "dataset": "ds003136",
    "modality": "bold",
    "run_id": 1,
    "session_id": "01",
    "subject_id": "3227",
    "task_id": "infant"
  },
  "dummy_trs": 0,
  "dvars_nstd": 25.16792249243479,
  "dvars_std": 1.3658431349130438,
  "dvars_vstd": 1.00118199726087,
  "efc": 0.5241973258388413,
  "fber": 4204.4853515625,
  "fd_mean": 0.12304014111917913,
  "fd_num": 34,
  "fd_perc": 14.718614718614718,
  "fwhm_avg": 1.5187891666666669,
  "fwhm_x": 1.4269984,
  "fwhm_y": 1.7298016,
  "fwhm_z": 1.3995675,
  "gcor": 0.0274363,
  "gsr_x": -0.0073365215212106705,
  "gsr_y": 0.03272806853055954,
  "provenance": {
    "md5sum": "3b82908b9ce5dfce16cd3d0ce71c4a38",
    "settings": {
      "fd_thres": 0.2,
      "testing": false
    },
    "software": "mriqc",
    "version": "23.0.1",
    "webapi_port": null,
    "webapi_url": "https://mriqc.nimh.nih.gov/api/v1"
  },
  "size_t": 231,
  "size_x": 64,
  "size_y": 64,
  "size_z": 32,
  "snr": 8.346660881368043,
  "spacing_tr": 2.0,
  "spacing_x": 3.125,
  "spacing_y": 3.125,
  "spacing_z": 4.0,
  "summary_bg_k": 31.425034261797514,
  "summary_bg_mad": 5.0639528989098155,
  "summary_bg_mean": 16.736848831176758,
  "summary_bg_median": 6.389610290527344,
  "summary_bg_n": 74583.0,
  "summary_bg_p05": 2.0822510719299316,
  "summary_bg_p95": 65.36709976196283,
  "summary_bg_stdv": 29.831199645996094,
  "summary_fg_k": 3.0465417581362537,
  "summary_fg_mad": 43.81377316612694,
  "summary_fg_mean": 419.8205871582031,
  "summary_fg_median": 417.902587890625,
  "summary_fg_n": 26074.0,
  "summary_fg_p05": 346.2331253051758,
  "summary_fg_p95": 499.38831787109376,
  "summary_fg_stdv": 50.06727600097656,
  "tsnr": 59.642831429606304
}