{
  "bids_meta": {
    "ConversionSoftware": "dicm2nii.m 20200120",
    "DeviceSerialNumber": "45348",
    "EchoTime": 0.00341,
    "FlipAngle": 7,
    "ImageType": [
      "ORIGINAL",
      "PRIMARY",
      "M",
      "ND",
      "NORM"
    ],
    "InstitutionAddress": "Franklin Blvd 1440,Eugene,District,US,97403",
    "InstitutionName": "Lewis Building",
    "InversionTime": 1.1,
    "MRAcquisitionType": "3D",
    "Manufacturer": "SIEMENS",
    "Modality": "MR",
    "PhaseEncodingDirection": "j-",
    "RepetitionTime": 2.5,
    "ScanOptions": "IR",
    "ScanningSequence": "GR\\IR",
    "SequenceName": "*tfl3d1_16ns",
    "SequenceVariant": "SK\\SP\\MP",
    "SeriesDescription": "mprage_MGH_p2",
    "SeriesNumber": 10,
    "SliceThickness": 1,
    "SoftwareVersion": "syngo MR D13C",
    "dataset": "ds003136",
    "modality": "T1w",
    "session_id": "01",
    "subject_id": "3146"
  },
  "cjv": 0.35380441421423514,
  "cnr": 3.723846495670449,
  "efc": 0.5595979142447273,
  "fber": -1.0,
  "fwhm_avg": 3.7057800000000003,
  "fwhm_x": 3.73693,
  "fwhm_y": 3.89666,
  "fwhm_z": 3.48375,
  "icvs_csf": 0.2079789966845447,
  "icvs_gm": 0.4252468682840027,
  "icvs_wm": 0.3667741350314526,
  "inu_med": 0.49057191610336304,
  "inu_range": 0.14478663653135293,
  "provenance": {
    "md5sum": "125802d10085dc96bf0268bddf23c0ad",
    "settings": {
      "testing": false
    },
    "software": "mriqc",
    "version": "23.0.1",
    "warnings": {
      "large_rot_frame": true,
      "small_air_mask": false
    },
    "webapi_port": null,
    "webapi_url": "https://mriqc.nimh.nih.gov/api/v1"
  },
  "qi_1": 0.016036017088569214,
  "qi_2": 0.010549960273447793,
  "rpve_csf": 26.091664561815495,
  "rpve_gm": 13.205878877468743,
  "rpve_wm": 17.610622119355625,
  "size_x": 176,
  "size_y": 256,
  "size_z": 256,
  "snr_csf": 1.6575460557683799,
  "snr_gm": 9.873945581406248,
  "snr_total": 11.965448590895427,
  "snr_wm": 24.364854135511653,
  "snrd_csf": 24.814693822552773,
  "snrd_gm": 82.34796991537515,
  "snrd_total": 75.17828479926044,
  "snrd_wm": 118.3721906598534,
  "spacing_x": 1.0,
  "spacing_y": 1.0,
  "spacing_z": 1.0,
  "summary_bg_k": 23.249135796752455,
  "summary_bg_mad": 0.0,
  "summary_bg_mean": 2.6142959084793476,
  "summary_bg_median": 0.0,
  "summary_bg_n": 2623564.0,
  "summary_bg_p05": 0.0,
  "summary_bg_p95": 11.968201372772455,
  "summary_bg_stdv": 5.5345465998034,
  "summary_csf_k": 0.5415474241838667,
  "summary_csf_mad": 110.5011621421894,
  "summary_csf_mean": 236.19258991651157,
  "summary_csf_median": 209.63280214741826,
  "summary_csf_n": 35276.0,
  "summary_csf_p05": 64.38368183746934,
  "summary_csf_p95": 477.4322277549654,
  "summary_csf_stdv": 126.46998861571514,
  "summary_gm_k": 0.08388948501900773,
  "summary_gm_mad": 68.90402609061702,
  "summary_gm_mean": 697.0922389838854,
  "summary_gm_median": 695.6699046120048,
  "summary_gm_n": 38036.0,
  "summary_gm_p05": 582.5398259423673,
  "summary_gm_p95": 816.2837491035461,
  "summary_gm_stdv": 70.45418206214404,
  "summary_wm_k": 0.5194951668879813,
  "summary_wm_mad": 38.76930791314166,
  "summary_wm_mean": 1000.1202220281176,
  "summary_wm_median": 1000.0000081323087,
  "summary_wm_n": 223061.0,
  "summary_wm_p05": 933.1993902511895,
  "summary_wm_p95": 1067.2956611067057,
  "summary_wm_stdv": 41.04263300854228,
  "tpm_overlap_csf": 0.13879330275795593,
  "tpm_overlap_gm": 0.4695722760394674,
  "tpm_overlap_wm": 0.5309317420238175,
  "wm2max": 0.6135279509763636
}