{
  "aor": 0.0018341125541125542,
  "aqi": 0.014429919523809525,
  "bids_meta": {
    "ConversionSoftware": "dicm2nii.m 20200120",
    "DeviceSerialNumber": "45348",
    "EchoTime": 0.03,
    "EffectiveEchoSpacing": 0.00028515375,
    "FlipAngle": 90,
    "ImageType": [
      "ORIGINAL",
      "PRIMARY",
      "M",
      "ND",
      "NORM",
      "MOSAIC"
    ],
    "InstitutionAddress": "Franklin Blvd 1440,Eugene,District,US,97403",
    "InstitutionName": "Lewis Building",
    "MRAcquisitionType": "2D",
    "Manufacturer": "SIEMENS",
    "Modality": "MR",
    "PhaseEncodingDirection": "j-",
    "RepetitionTime": 2,
    "ScanOptions": "FS",
    "ScanningSequence": "EP",
    "SequenceName": "*epfid2d1_64",
    "SequenceVariant": "SK\\OSP",
    "SeriesDescription": "ep2d_infant_2",
    "SeriesNumber": 8,
    "SliceThickness": 4,
    "SliceTiming": [
      0.99,
      0,
      1.0525,
      0.0625,
      1.115,
      0.125,
      1.1775,
      0.1875,
      1.2375,
      0.2475,
      1.3,
      0.31,
      1.3625,
      0.3725,
      1.425,
      0.435,
      1.485,
      0.495,
      1.5475,
      0.5575,
      1.61,
      0.62,
      1.6725,
      0.6825,
      1.7325,
      0.7425,
      1.795,
      0.805,
      1.8575,
      0.8675,
      1.92,
      0.93
    ],
    "SoftwareVersion": "syngo MR D13C",
    "TotalReadoutTime": 0.017964687,
    "dataset": "ds003136",
    "modality": "bold",
    "run_id": 2,
    "session_id": "01",
    "subject_id": "0190",
    "task_id": "infant"
  },
  "dummy_trs": 0,
  "dvars_nstd": 24.572251237000007,
  "dvars_std": 1.2206300938695647,
  "dvars_vstd": 0.9994066047391311,
  "efc": 0.4944210502579057,
  "fber": 2982.08447265625,
  "fd_mean": 0.10065518804420745,
  "fd_num": 8,
  "fd_perc": 3.463203463203463,
  "fwhm_avg": 1.5587053333333334,
  "fwhm_x": 1.4967616000000001,
  "fwhm_y": 1.7764544,
  "fwhm_z": 1.4029,
  "gcor": 0.0117929,
  "gsr_x": -0.014236426912248135,
  "gsr_y": 0.024834444746375084,
  "provenance": {
    "md5sum": "8e3ecd04539e4bc3862755688d3dca3f",
    "settings": {
      "fd_thres": 0.2,
      "testing": false
    },
    "software": "mriqc",
    "version": "23.0.1",
    "webapi_port": null,
    "webapi_url": "https://mriqc.nimh.nih.gov/api/v1"
  },
  "size_t": 231,
  "size_x": 64,
  "size_y": 64,
  "size_z": 32,
  "snr": 7.711176978573541,
  "spacing_tr": 2.0,
  "spacing_x": 3.125,
  "spacing_y": 3.125,
  "spacing_z": 4.0,
  "summary_bg_k": 45.35647526434211,
  "summary_bg_mad": 5.070371033713923,
  "summary_bg_mean": 14.008373260498047,
  "summary_bg_median": 6.554112434387207,
  "summary_bg_n": 79925.0,
  "summary_bg_p05": 2.2121212482452393,
  "summary_bg_p95": 47.80865859985353,
  "summary_bg_stdv": 23.320323944091797,
  "summary_fg_k": 3.8792591996415986,
  "summary_fg_mad": 38.5540372866391,
  "summary_fg_mean": 360.3614196777344,
  "summary_fg_median": 361.2164611816406,
  "summary_fg_n": 21888.0,
  "summary_fg_p05": 287.2978286743164,
  "summary_fg_p95": 429.5231643676757,
  "summary_fg_stdv": 46.8421630859375,
  "tsnr": 57.42378393188119
}