{
  "bids_meta": {
    "ConversionSoftware": "dicm2nii.m 20200120",
    "DeviceSerialNumber": "45348",
    "EchoTime": 0.00341,
    "FlipAngle": 7,
    "ImageType": [
      "ORIGINAL",
      "PRIMARY",
      "M",
      "ND",
      "NORM"
    ],
    "InstitutionAddress": "Franklin Blvd 1440,Eugene,District,US,97403",
    "InstitutionName": "Lewis Building",
    "InversionTime": 1.1,
    "MRAcquisitionType": "3D",
    "Manufacturer": "SIEMENS",
    "Modality": "MR",
    "PhaseEncodingDirection": "j-",
    "RepetitionTime": 2.5,
    "ScanOptions": "IR",
    "ScanningSequence": "GR\\IR",
    "SequenceName": "*tfl3d1_16ns",
    "SequenceVariant": "SK\\SP\\MP",
    "SeriesDescription": "mprage_MGH_p2",
    "SeriesNumber": 9,
    "SliceThickness": 1,
    "SoftwareVersion": "syngo MR D13C",
    "dataset": "ds003136",
    "modality": "T1w",
    "session_id": "01",
    "subject_id": "3329"
  },
  "cjv": 0.338483450908168,
  "cnr": 3.8656505600245006,
  "efc": 0.5204222668192809,
  "fber": -1.0,
  "fwhm_avg": 3.5411866666666665,
  "fwhm_x": 3.64036,
  "fwhm_y": 3.64157,
  "fwhm_z": 3.34163,
  "icvs_csf": 0.2138975412512741,
  "icvs_gm": 0.4500651168296903,
  "icvs_wm": 0.3360373419190356,
  "inu_med": 0.4587729871273041,
  "inu_range": 0.10714918375015259,
  "provenance": {
    "md5sum": "3d921035071cfe14f4c23cd5c504489d",
    "settings": {
      "testing": false
    },
    "software": "mriqc",
    "version": "23.0.1",
    "warnings": {
      "large_rot_frame": true,
      "small_air_mask": false
    },
    "webapi_port": null,
    "webapi_url": "https://mriqc.nimh.nih.gov/api/v1"
  },
  "qi_1": 0.0053063986309457856,
  "qi_2": 0.018398676640692432,
  "rpve_csf": 28.485749918017312,
  "rpve_gm": 14.292535727354297,
  "rpve_wm": 21.68995929571953,
  "size_x": 176,
  "size_y": 256,
  "size_z": 256,
  "snr_csf": 1.5678500660327852,
  "snr_gm": 9.602854337896867,
  "snr_total": 11.994238432848489,
  "snr_wm": 24.81201089461581,
  "snrd_csf": 28.05116161602002,
  "snrd_gm": 92.53594440703107,
  "snrd_total": 85.33598696782548,
  "snrd_wm": 135.42085488042534,
  "spacing_x": 1.0,
  "spacing_y": 1.0,
  "spacing_z": 1.0,
  "summary_bg_k": 49.70763210092157,
  "summary_bg_mad": 0.0,
  "summary_bg_mean": 1.5959236362266573,
  "summary_bg_median": 0.0,
  "summary_bg_n": 2634475.0,
  "summary_bg_p05": 0.0,
  "summary_bg_p95": 8.572911383584142,
  "summary_bg_stdv": 4.837780783057203,
  "summary_csf_k": 0.491003674382271,
  "summary_csf_mad": 123.31680694302564,
  "summary_csf_mean": 234.09753316600302,
  "summary_csf_median": 207.14063606970012,
  "summary_csf_n": 29448.0,
  "summary_csf_p05": 57.215361482184385,
  "summary_csf_p95": 482.33420513095274,
  "summary_csf_stdv": 132.1153874784555,
  "summary_gm_k": 0.08280071058659111,
  "summary_gm_mad": 69.9523589172691,
  "summary_gm_mean": 683.5343197016682,
  "summary_gm_median": 683.3212344702333,
  "summary_gm_n": 40131.0,
  "summary_gm_p05": 564.8884356832132,
  "summary_gm_p95": 800.6434987317771,
  "summary_gm_stdv": 71.15725145254754,
  "summary_wm_k": 0.8135871298184996,
  "summary_wm_mad": 37.23816730747717,
  "summary_wm_mean": 999.0755182318275,
  "summary_wm_median": 1000.0000142958015,
  "summary_wm_n": 156820.0,
  "summary_wm_p05": 932.0394528675824,
  "summary_wm_p95": 1064.6185933202505,
  "summary_wm_stdv": 40.30293353364766,
  "tpm_overlap_csf": 0.1431992287496547,
  "tpm_overlap_gm": 0.4737774672101973,
  "tpm_overlap_wm": 0.5018863605995046,
  "wm2max": 0.8204375899894467
}