{
  "aor": 0.001677280701754386,
  "aqi": 0.00976819692982456,
  "bids_meta": {
    "ConversionSoftware": "dicm2nii.m 20200120",
    "DeviceSerialNumber": "45348",
    "EchoTime": 0.03,
    "EffectiveEchoSpacing": 0.00028515375,
    "FlipAngle": 90,
    "ImageType": [
      "ORIGINAL",
      "PRIMARY",
      "M",
      "ND",
      "NORM",
      "MOSAIC"
    ],
    "InstitutionAddress": "Franklin Blvd 1440,Eugene,District,US,97403",
    "InstitutionName": "Lewis Building",
    "MRAcquisitionType": "2D",
    "Manufacturer": "SIEMENS",
    "Modality": "MR",
    "PhaseEncodingDirection": "j-",
    "RepetitionTime": 2,
    "ScanOptions": "FS",
    "ScanningSequence": "EP",
    "SequenceName": "*epfid2d1_64",
    "SequenceVariant": "SK\\OSP",
    "SeriesDescription": "ep2d_affect_1",
    "SeriesNumber": 10,
    "SliceThickness": 4,
    "SliceTiming": [
      0.99,
      0,
      1.0525,
      0.0625,
      1.115,
      0.125,
      1.175,
      0.185,
      1.2375,
      0.2475,
      1.3,
      0.31,
      1.3625,
      0.3725,
      1.4225,
      0.4325,
      1.485,
      0.495,
      1.5475,
      0.5575,
      1.61,
      0.62,
      1.67,
      0.68,
      1.7325,
      0.7425,
      1.795,
      0.805,
      1.8575,
      0.8675,
      1.9175,
      0.9275
    ],
    "SoftwareVersion": "syngo MR D13C",
    "TotalReadoutTime": 0.017964687,
    "dataset": "ds003136",
    "modality": "bold",
    "run_id": 1,
    "session_id": "01",
    "subject_id": "3142",
    "task_id": "affect"
  },
  "dummy_trs": 0,
  "dvars_nstd": 18.826825990572683,
  "dvars_std": 1.1782890654625555,
  "dvars_vstd": 0.9907887416740092,
  "efc": 0.5338982063310805,
  "fber": 2747.094482421875,
  "fd_mean": 0.13271155942290722,
  "fd_num": 25,
  "fd_perc": 10.964912280701755,
  "fwhm_avg": 1.5733937000000002,
  "fwhm_x": 1.4991648,
  "fwhm_y": 1.7897888,
  "fwhm_z": 1.4312275,
  "gcor": 0.00770887,
  "gsr_x": -0.0007888880791142583,
  "gsr_y": 0.03595978394150734,
  "provenance": {
    "md5sum": "bac96c0beb401d48509cc8f8751885a5",
    "settings": {
      "fd_thres": 0.2,
      "testing": false
    },
    "software": "mriqc",
    "version": "23.0.1",
    "webapi_port": null,
    "webapi_url": "https://mriqc.nimh.nih.gov/api/v1"
  },
  "size_t": 228,
  "size_x": 64,
  "size_y": 64,
  "size_z": 32,
  "snr": 8.024977162579786,
  "spacing_tr": 2.0,
  "spacing_x": 3.125,
  "spacing_y": 3.125,
  "spacing_z": 4.0,
  "summary_bg_k": 20.249638642480207,
  "summary_bg_mad": 7.029355304894355,
  "summary_bg_mean": 20.762252807617188,
  "summary_bg_median": 7.842105388641357,
  "summary_bg_n": 75224.0,
  "summary_bg_p05": 2.377192974090576,
  "summary_bg_p95": 80.96732521057118,
  "summary_bg_stdv": 36.04805374145508,
  "summary_fg_k": 3.4948614523051846,
  "summary_fg_mad": 46.15574444094315,
  "summary_fg_mean": 422.9748229980469,
  "summary_fg_median": 422.1447448730469,
  "summary_fg_n": 25700.0,
  "summary_fg_p05": 342.7717224121094,
  "summary_fg_p95": 503.7901473999023,
  "summary_fg_stdv": 52.60283279418945,
  "tsnr": 70.74881763453595
}