{
  "aor": 0.0005757456140350878,
  "aqi": 0.007333708728070176,
  "bids_meta": {
    "ConversionSoftware": "dicm2nii.m 20200120",
    "DeviceSerialNumber": "45348",
    "EchoTime": 0.03,
    "EffectiveEchoSpacing": 0.00028515375,
    "FlipAngle": 90,
    "ImageType": [
      "ORIGINAL",
      "PRIMARY",
      "M",
      "ND",
      "NORM",
      "MOSAIC"
    ],
    "InstitutionAddress": "Franklin Blvd 1440,Eugene,District,US,97403",
    "InstitutionName": "Lewis Building",
    "MRAcquisitionType": "2D",
    "Manufacturer": "SIEMENS",
    "Modality": "MR",
    "PhaseEncodingDirection": "j-",
    "RepetitionTime": 2,
    "ScanOptions": "FS",
    "ScanningSequence": "EP",
    "SequenceName": "*epfid2d1_64",
    "SequenceVariant": "SK\\OSP",
    "SeriesDescription": "ep2d_affect_2",
    "SeriesNumber": 11,
    "SliceThickness": 4,
    "SliceTiming": [
      0.99,
      0,
      1.0525,
      0.0625,
      1.1125,
      0.1225,
      1.175,
      0.185,
      1.2375,
      0.2475,
      1.3,
      0.31,
      1.36,
      0.37,
      1.4225,
      0.4325,
      1.485,
      0.495,
      1.5475,
      0.5575,
      1.6075,
      0.6175,
      1.67,
      0.68,
      1.7325,
      0.7425,
      1.7925,
      0.805,
      1.855,
      0.865,
      1.9175,
      0.9275
    ],
    "SoftwareVersion": "syngo MR D13C",
    "TotalReadoutTime": 0.017964687,
    "dataset": "ds003136",
    "modality": "bold",
    "run_id": 2,
    "session_id": "01",
    "subject_id": "3142",
    "task_id": "affect"
  },
  "dummy_trs": 0,
  "dvars_nstd": 18.923670768766527,
  "dvars_std": 1.1750651610132152,
  "dvars_vstd": 0.9723268841409689,
  "efc": 0.5344173813029149,
  "fber": 2654.279052734375,
  "fd_mean": 0.11239234362351026,
  "fd_num": 18,
  "fd_perc": 7.894736842105263,
  "fwhm_avg": 1.5682400666666665,
  "fwhm_x": 1.495856,
  "fwhm_y": 1.7793792,
  "fwhm_z": 1.429485,
  "gcor": 0.0155612,
  "gsr_x": -0.0013434512075036764,
  "gsr_y": 0.0367782860994339,
  "provenance": {
    "md5sum": "59d11529774a8a4a3a00acdb3c30ff1a",
    "settings": {
      "fd_thres": 0.2,
      "testing": false
    },
    "software": "mriqc",
    "version": "23.0.1",
    "webapi_port": null,
    "webapi_url": "https://mriqc.nimh.nih.gov/api/v1"
  },
  "size_t": 228,
  "size_x": 64,
  "size_y": 64,
  "size_z": 32,
  "snr": 8.047781367918406,
  "spacing_tr": 2.0,
  "spacing_x": 3.125,
  "spacing_y": 3.125,
  "spacing_z": 4.0,
  "summary_bg_k": 20.40525303965311,
  "summary_bg_mad": 7.087879206906913,
  "summary_bg_mean": 21.118629455566406,
  "summary_bg_median": 7.991228103637695,
  "summary_bg_n": 75460.0,
  "summary_bg_p05": 2.5219297409057617,
  "summary_bg_p95": 82.4962711334229,
  "summary_bg_stdv": 36.82265090942383,
  "summary_fg_k": 3.3338422604880895,
  "summary_fg_mad": 45.98016955358626,
  "summary_fg_mean": 422.5487365722656,
  "summary_fg_median": 421.5526428222656,
  "summary_fg_n": 25645.0,
  "summary_fg_p05": 342.673681640625,
  "summary_fg_p95": 502.94474487304683,
  "summary_fg_stdv": 52.38020324707031,
  "tsnr": 77.96504602581263
}