{
  "bids_meta": {
    "ConversionSoftware": "dicm2nii.m 20200120",
    "DeviceSerialNumber": "45348",
    "EchoTime": 0.00341,
    "FlipAngle": 7,
    "ImageType": [
      "ORIGINAL",
      "PRIMARY",
      "M",
      "ND",
      "NORM"
    ],
    "InstitutionAddress": "Franklin Blvd 1440,Eugene,District,US,97403",
    "InstitutionName": "Lewis Building",
    "InversionTime": 1.1,
    "MRAcquisitionType": "3D",
    "Manufacturer": "SIEMENS",
    "Modality": "MR",
    "PhaseEncodingDirection": "j-",
    "RepetitionTime": 2.5,
    "ScanOptions": "IR",
    "ScanningSequence": "GR\\IR",
    "SequenceName": "*tfl3d1_16ns",
    "SequenceVariant": "SK\\SP\\MP",
    "SeriesDescription": "mprage_MGH_p2",
    "SeriesNumber": 10,
    "SliceThickness": 1,
    "SoftwareVersion": "syngo MR D13C",
    "dataset": "ds003136",
    "modality": "T1w",
    "session_id": "01",
    "subject_id": "3148"
  },
  "cjv": 0.3417571312327856,
  "cnr": 3.870789967868106,
  "efc": 0.5475076199104394,
  "fber": -1.0,
  "fwhm_avg": 3.6739999999999995,
  "fwhm_x": 3.78566,
  "fwhm_y": 3.80496,
  "fwhm_z": 3.43138,
  "icvs_csf": 0.19306679707548596,
  "icvs_gm": 0.44293906202370625,
  "icvs_wm": 0.3639941409008078,
  "inu_med": 0.4907386600971222,
  "inu_range": 0.1358423054218293,
  "provenance": {
    "md5sum": "27f26275956b455644e3468612a2b4b6",
    "settings": {
      "testing": false
    },
    "software": "mriqc",
    "version": "23.0.1",
    "warnings": {
      "large_rot_frame": true,
      "small_air_mask": false
    },
    "webapi_port": null,
    "webapi_url": "https://mriqc.nimh.nih.gov/api/v1"
  },
  "qi_1": 0.0159553995769077,
  "qi_2": 0.04050010695480235,
  "rpve_csf": 26.741279775238947,
  "rpve_gm": 12.500655261962098,
  "rpve_wm": 17.541252100248816,
  "size_x": 176,
  "size_y": 256,
  "size_z": 256,
  "snr_csf": 1.7515469450495198,
  "snr_gm": 9.101615289891415,
  "snr_total": 12.418656815541224,
  "snr_wm": 26.40280821168274,
  "snrd_csf": 27.368754626807547,
  "snrd_gm": 101.80411755980975,
  "snrd_total": 93.21124467641896,
  "snrd_wm": 150.4608618426396,
  "spacing_x": 1.0,
  "spacing_y": 1.0,
  "spacing_z": 1.0,
  "summary_bg_k": 27.612960593486324,
  "summary_bg_mad": 0.0,
  "summary_bg_mean": 1.9121559809764668,
  "summary_bg_median": 0.0,
  "summary_bg_n": 2132571.0,
  "summary_bg_p05": 0.0,
  "summary_bg_p95": 9.53255164436996,
  "summary_bg_stdv": 4.3540955062537945,
  "summary_csf_k": 6.271496615680864,
  "summary_csf_mad": 80.33117299048102,
  "summary_csf_mean": 199.4876764015013,
  "summary_csf_median": 181.89520767331123,
  "summary_csf_n": 31837.0,
  "summary_csf_p05": 67.46692847758533,
  "summary_csf_p95": 407.3435846373437,
  "summary_csf_stdv": 103.84668906603905,
  "summary_gm_k": -0.11641013834367975,
  "summary_gm_mad": 75.23632014225764,
  "summary_gm_mean": 678.505905008058,
  "summary_gm_median": 676.5993322692811,
  "summary_gm_n": 35451.0,
  "summary_gm_p05": 559.2194926384836,
  "summary_gm_p95": 804.3943672152236,
  "summary_gm_stdv": 74.3373311123907,
  "summary_wm_k": 0.6383462540682543,
  "summary_wm_mad": 35.28011116132768,
  "summary_wm_mean": 999.5540683666763,
  "summary_wm_median": 999.9764360766858,
  "summary_wm_n": 207181.0,
  "summary_wm_p05": 936.732074920088,
  "summary_wm_p95": 1060.6081719677895,
  "summary_wm_stdv": 37.87377519711929,
  "tpm_overlap_csf": 0.14830781394827816,
  "tpm_overlap_gm": 0.46804515487713433,
  "tpm_overlap_wm": 0.5095641776224288,
  "wm2max": 0.7255571684740842
}