{
  "aor": 0.0008379220779220779,
  "aqi": 0.005370012164502164,
  "bids_meta": {
    "ConversionSoftware": "dicm2nii.m 20200120",
    "DeviceSerialNumber": "45348",
    "EchoTime": 0.03,
    "EffectiveEchoSpacing": 0.00028515375,
    "FlipAngle": 90,
    "ImageType": [
      "ORIGINAL",
      "PRIMARY",
      "M",
      "ND",
      "NORM",
      "MOSAIC"
    ],
    "InstitutionAddress": "Franklin Blvd 1440,Eugene,District,US,97403",
    "InstitutionName": "University of Oregon",
    "MRAcquisitionType": "2D",
    "Manufacturer": "SIEMENS",
    "Modality": "MR",
    "PhaseEncodingDirection": "j-",
    "RepetitionTime": 2,
    "ScanOptions": "FS",
    "ScanningSequence": "EP",
    "SequenceName": "*epfid2d1_64",
    "SequenceVariant": "SK\\OSP",
    "SeriesDescription": "ep2d_infant_1",
    "SeriesNumber": 8,
    "SliceThickness": 4,
    "SliceTiming": [
      0.99,
      0,
      1.0525,
      0.0625,
      1.115,
      0.125,
      1.175,
      0.185,
      1.2375,
      0.2475,
      1.3,
      0.31,
      1.3625,
      0.3725,
      1.4225,
      0.4325,
      1.485,
      0.495,
      1.5475,
      0.5575,
      1.61,
      0.62,
      1.67,
      0.68,
      1.7325,
      0.7425,
      1.795,
      0.805,
      1.8575,
      0.8675,
      1.9175,
      0.9275
    ],
    "SoftwareVersion": "syngo MR D13C",
    "TotalReadoutTime": 0.017964687,
    "dataset": "ds003136",
    "modality": "bold",
    "run_id": 1,
    "session_id": "01",
    "subject_id": "0187",
    "task_id": "infant"
  },
  "dummy_trs": 0,
  "dvars_nstd": 19.62040437613043,
  "dvars_std": 1.2487163004347828,
  "dvars_vstd": 1.0104033238260868,
  "efc": 0.5112636197117997,
  "fber": 3639.545166015625,
  "fd_mean": 0.06965974944195621,
  "fd_num": 0,
  "fd_perc": 0.0,
  "fwhm_avg": 1.5708519293905059,
  "fwhm_x": 1.454592,
  "fwhm_y": 1.7786912000000001,
  "fwhm_z": 1.4792725881715172,
  "gcor": 0.0158472,
  "gsr_x": -0.015736928209662437,
  "gsr_y": 0.02693289704620838,
  "provenance": {
    "md5sum": "db296554fb052a62e37b7e72dd40a8b8",
    "settings": {
      "fd_thres": 0.2,
      "testing": false
    },
    "software": "mriqc",
    "version": "23.0.1",
    "webapi_port": null,
    "webapi_url": "https://mriqc.nimh.nih.gov/api/v1"
  },
  "size_t": 231,
  "size_x": 64,
  "size_y": 64,
  "size_z": 32,
  "snr": 7.6825514688234255,
  "spacing_tr": 2.0,
  "spacing_x": 3.125,
  "spacing_y": 3.125,
  "spacing_z": 3.999999761581421,
  "summary_bg_k": 30.183292520791944,
  "summary_bg_mad": 5.121716819106609,
  "summary_bg_mean": 16.661842346191406,
  "summary_bg_median": 6.692640781402588,
  "summary_bg_n": 77378.0,
  "summary_bg_p05": 2.458874464035034,
  "summary_bg_p95": 57.38160037994382,
  "summary_bg_stdv": 30.953006744384766,
  "summary_fg_k": 1.1745650652459467,
  "summary_fg_mad": 54.97821851594728,
  "summary_fg_mean": 412.7356872558594,
  "summary_fg_median": 411.35064697265625,
  "summary_fg_n": 24399.0,
  "summary_fg_p05": 334.46189880371094,
  "summary_fg_p95": 498.4939331054687,
  "summary_fg_stdv": 53.542396545410156,
  "tsnr": 89.2269471110776
}