{
  "aor": 0.0005350884955752212,
  "aqi": 0.01095525092920354,
  "bids_meta": {
    "ConversionSoftware": "dicm2nii.m 20200120",
    "DeviceSerialNumber": "45348",
    "EchoTime": 0.03,
    "EffectiveEchoSpacing": 0.00028515375,
    "FlipAngle": 90,
    "ImageType": [
      "ORIGINAL",
      "PRIMARY",
      "M",
      "ND",
      "NORM",
      "MOSAIC"
    ],
    "InstitutionAddress": "Franklin Blvd 1440,Eugene,District,US,97403",
    "InstitutionName": "Lewis Building",
    "MRAcquisitionType": "2D",
    "Manufacturer": "SIEMENS",
    "Modality": "MR",
    "PhaseEncodingDirection": "j-",
    "RepetitionTime": 2,
    "ScanOptions": "FS",
    "ScanningSequence": "EP",
    "SequenceName": "*epfid2d1_64",
    "SequenceVariant": "SK\\OSP",
    "SeriesDescription": "ep2d_infant_1",
    "SeriesNumber": 6,
    "SliceThickness": 4,
    "SliceTiming": [
      0.99,
      0,
      1.0525,
      0.0625,
      1.115,
      0.125,
      1.175,
      0.1875,
      1.2375,
      0.2475,
      1.3,
      0.31,
      1.3625,
      0.3725,
      1.4225,
      0.435,
      1.485,
      0.495,
      1.5475,
      0.5575,
      1.61,
      0.62,
      1.67,
      0.6825,
      1.7325,
      0.7425,
      1.795,
      0.805,
      1.8575,
      0.8675,
      1.9175,
      0.93
    ],
    "SoftwareVersion": "syngo MR D13C",
    "TotalReadoutTime": 0.017964687,
    "dataset": "ds003136",
    "modality": "bold",
    "run_id": 2,
    "session_id": "01",
    "subject_id": "3080",
    "task_id": "infant"
  },
  "dummy_trs": 0,
  "dvars_nstd": 25.557523151022234,
  "dvars_std": 1.2840515210666659,
  "dvars_vstd": 0.982658508133333,
  "efc": 0.5033498067730738,
  "fber": 2597.655517578125,
  "fd_mean": 0.08715119971059679,
  "fd_num": 5,
  "fd_perc": 2.2123893805309733,
  "fwhm_avg": 1.6315965333333333,
  "fwhm_x": 1.6124704,
  "fwhm_y": 1.8199392,
  "fwhm_z": 1.46238,
  "gcor": 0.00713486,
  "gsr_x": -0.011140318587422371,
  "gsr_y": 0.04089098796248436,
  "provenance": {
    "md5sum": "adfd4dfdcccc92ba3fc9abbb374f7c41",
    "settings": {
      "fd_thres": 0.2,
      "testing": false
    },
    "software": "mriqc",
    "version": "23.0.1",
    "webapi_port": null,
    "webapi_url": "https://mriqc.nimh.nih.gov/api/v1"
  },
  "size_t": 226,
  "size_x": 64,
  "size_y": 64,
  "size_z": 32,
  "snr": 7.320374649144726,
  "spacing_tr": 2.0,
  "spacing_x": 3.125,
  "spacing_y": 3.125,
  "spacing_z": 4.0,
  "summary_bg_k": 75.53935188916697,
  "summary_bg_mad": 5.326870905692883,
  "summary_bg_mean": 13.780360221862793,
  "summary_bg_median": 6.47787618637085,
  "summary_bg_n": 78743.0,
  "summary_bg_p05": 2.039823055267334,
  "summary_bg_p95": 42.86725616455078,
  "summary_bg_stdv": 25.16193199157715,
  "summary_fg_k": 2.2317839653364686,
  "summary_fg_mad": 42.943024884414896,
  "summary_fg_mean": 342.0129699707031,
  "summary_fg_median": 340.7168273925781,
  "summary_fg_n": 22935.0,
  "summary_fg_p05": 271.89866638183594,
  "summary_fg_p95": 415.2840576171875,
  "summary_fg_stdv": 46.54261779785156,
  "tsnr": 62.41379218548536
}