{
  "aor": 0.0008686403508771929,
  "aqi": 0.008501828421052631,
  "bids_meta": {
    "ConversionSoftware": "dicm2nii.m 20200120",
    "DeviceSerialNumber": "45348",
    "EchoTime": 0.03,
    "EffectiveEchoSpacing": 0.00028515375,
    "FlipAngle": 90,
    "ImageType": [
      "ORIGINAL",
      "PRIMARY",
      "M",
      "ND",
      "NORM",
      "MOSAIC"
    ],
    "InstitutionAddress": "Franklin Blvd 1440,Eugene,District,US,97403",
    "InstitutionName": "Lewis Building",
    "MRAcquisitionType": "2D",
    "Manufacturer": "SIEMENS",
    "Modality": "MR",
    "PhaseEncodingDirection": "j-",
    "RepetitionTime": 2,
    "ScanOptions": "FS",
    "ScanningSequence": "EP",
    "SequenceName": "*epfid2d1_64",
    "SequenceVariant": "SK\\OSP",
    "SeriesDescription": "ep2d_affect_1",
    "SeriesNumber": 10,
    "SliceThickness": 4,
    "SliceTiming": [
      0.99,
      0,
      1.0525,
      0.0625,
      1.115,
      0.125,
      1.1775,
      0.1875,
      1.2375,
      0.2475,
      1.3,
      0.31,
      1.3625,
      0.3725,
      1.425,
      0.435,
      1.485,
      0.495,
      1.5475,
      0.5575,
      1.61,
      0.62,
      1.6725,
      0.6825,
      1.7325,
      0.7425,
      1.795,
      0.805,
      1.8575,
      0.8675,
      1.92,
      0.93
    ],
    "SoftwareVersion": "syngo MR D13C",
    "TotalReadoutTime": 0.017964687,
    "dataset": "ds003136",
    "modality": "bold",
    "run_id": 1,
    "session_id": "01",
    "subject_id": "3080",
    "task_id": "affect"
  },
  "dummy_trs": 0,
  "dvars_nstd": 25.891256391718052,
  "dvars_std": 1.3033404959911903,
  "dvars_vstd": 0.9969499489427317,
  "efc": 0.5025022559206854,
  "fber": 2630.894775390625,
  "fd_mean": 0.09792900184405536,
  "fd_num": 14,
  "fd_perc": 6.140350877192983,
  "fwhm_avg": 1.6185833333333335,
  "fwhm_x": 1.5948992000000002,
  "fwhm_y": 1.8027008,
  "fwhm_z": 1.45815,
  "gcor": 0.0173551,
  "gsr_x": -0.009810425341129303,
  "gsr_y": 0.040815044194459915,
  "provenance": {
    "md5sum": "d7b406a52efe6f7fe267cf1635ae6bcf",
    "settings": {
      "fd_thres": 0.2,
      "testing": false
    },
    "software": "mriqc",
    "version": "23.0.1",
    "webapi_port": null,
    "webapi_url": "https://mriqc.nimh.nih.gov/api/v1"
  },
  "size_t": 228,
  "size_x": 64,
  "size_y": 64,
  "size_z": 32,
  "snr": 7.421701523876672,
  "spacing_tr": 2.0,
  "spacing_x": 3.125,
  "spacing_y": 3.125,
  "spacing_z": 4.0,
  "summary_bg_k": 76.33245206353209,
  "summary_bg_mad": 5.364679824287195,
  "summary_bg_mean": 13.812758445739746,
  "summary_bg_median": 6.491228103637695,
  "summary_bg_n": 78933.0,
  "summary_bg_p05": 2.03947377204895,
  "summary_bg_p95": 42.93245544433584,
  "summary_bg_stdv": 25.264339447021484,
  "summary_fg_k": 2.2782741410562286,
  "summary_fg_mad": 42.400464322183154,
  "summary_fg_mean": 344.034423828125,
  "summary_fg_median": 342.9517517089844,
  "summary_fg_n": 22946.0,
  "summary_fg_p05": 274.2050552368164,
  "summary_fg_p95": 416.2017517089844,
  "summary_fg_stdv": 46.208309173583984,
  "tsnr": 68.94955903640948
}