{
  "aor": 0.003137324561403509,
  "aqi": 0.015300702587719296,
  "bids_meta": {
    "ConversionSoftware": "dicm2nii.m 20200120",
    "DeviceSerialNumber": "45348",
    "EchoTime": 0.03,
    "EffectiveEchoSpacing": 0.00028515375,
    "FlipAngle": 90,
    "ImageType": [
      "ORIGINAL",
      "PRIMARY",
      "M",
      "ND",
      "NORM",
      "MOSAIC"
    ],
    "InstitutionAddress": "Franklin Blvd 1440,Eugene,District,US,97403",
    "InstitutionName": "Lewis Building",
    "MRAcquisitionType": "2D",
    "Manufacturer": "SIEMENS",
    "Modality": "MR",
    "PhaseEncodingDirection": "j-",
    "RepetitionTime": 2,
    "ScanOptions": "FS",
    "ScanningSequence": "EP",
    "SequenceName": "*epfid2d1_64",
    "SequenceVariant": "SK\\OSP",
    "SeriesDescription": "ep2d_affect_2",
    "SeriesNumber": 11,
    "SliceThickness": 4,
    "SliceTiming": [
      0.99,
      0,
      1.0525,
      0.0625,
      1.115,
      0.125,
      1.175,
      0.185,
      1.2375,
      0.2475,
      1.3,
      0.31,
      1.3625,
      0.3725,
      1.4225,
      0.4325,
      1.485,
      0.495,
      1.5475,
      0.5575,
      1.61,
      0.62,
      1.67,
      0.68,
      1.7325,
      0.7425,
      1.795,
      0.805,
      1.855,
      0.8675,
      1.9175,
      0.9275
    ],
    "SoftwareVersion": "syngo MR D13C",
    "TotalReadoutTime": 0.017964687,
    "dataset": "ds003136",
    "modality": "bold",
    "run_id": 2,
    "session_id": "01",
    "subject_id": "3080",
    "task_id": "affect"
  },
  "dummy_trs": 0,
  "dvars_nstd": 27.36110830955947,
  "dvars_std": 1.2275687486784148,
  "dvars_vstd": 0.9613402922026427,
  "efc": 0.5017277855840634,
  "fber": 2687.01904296875,
  "fd_mean": 0.14570300370387163,
  "fd_num": 21,
  "fd_perc": 9.210526315789474,
  "fwhm_avg": 1.6218700666666666,
  "fwhm_x": 1.5890752000000001,
  "fwhm_y": 1.8073599999999999,
  "fwhm_z": 1.469175,
  "gcor": 0.0137088,
  "gsr_x": -0.00949152559041977,
  "gsr_y": 0.04142220690846443,
  "provenance": {
    "md5sum": "cc8bad65d0b6bb54ffb5d7ebb7068a3c",
    "settings": {
      "fd_thres": 0.2,
      "testing": false
    },
    "software": "mriqc",
    "version": "23.0.1",
    "webapi_port": null,
    "webapi_url": "https://mriqc.nimh.nih.gov/api/v1"
  },
  "size_t": 228,
  "size_x": 64,
  "size_y": 64,
  "size_z": 32,
  "snr": 7.5092029475384985,
  "spacing_tr": 2.0,
  "spacing_x": 3.125,
  "spacing_y": 3.125,
  "spacing_z": 4.0,
  "summary_bg_k": 80.00646583810747,
  "summary_bg_mad": 5.299652245331267,
  "summary_bg_mean": 13.680313110351562,
  "summary_bg_median": 6.438596725463867,
  "summary_bg_n": 79102.0,
  "summary_bg_p05": 2.03947377204895,
  "summary_bg_p95": 42.214693069457994,
  "summary_bg_stdv": 24.904006958007812,
  "summary_fg_k": 2.063240834440463,
  "summary_fg_mad": 42.546788039671156,
  "summary_fg_mean": 344.07342529296875,
  "summary_fg_median": 342.71490478515625,
  "summary_fg_n": 22876.0,
  "summary_fg_p05": 274.7916717529297,
  "summary_fg_p95": 415.53619384765625,
  "summary_fg_stdv": 45.63832092285156,
  "tsnr": 52.40669393516146
}