{
  "aor": 0.00103995670995671,
  "aqi": 0.007132225411255411,
  "bids_meta": {
    "ConversionSoftware": "dicm2nii.m 20200120",
    "DeviceSerialNumber": "45348",
    "EchoTime": 0.03,
    "EffectiveEchoSpacing": 0.00028515375,
    "FlipAngle": 90,
    "ImageType": [
      "ORIGINAL",
      "PRIMARY",
      "M",
      "ND",
      "NORM",
      "MOSAIC"
    ],
    "InstitutionAddress": "Franklin Blvd 1440,Eugene,District,US,97403",
    "InstitutionName": "Lewis Building",
    "MRAcquisitionType": "2D",
    "Manufacturer": "SIEMENS",
    "Modality": "MR",
    "PhaseEncodingDirection": "j-",
    "RepetitionTime": 2,
    "ScanOptions": "FS",
    "ScanningSequence": "EP",
    "SequenceName": "*epfid2d1_64",
    "SequenceVariant": "SK\\OSP",
    "SeriesDescription": "ep2d_infant_2",
    "SeriesNumber": 9,
    "SliceThickness": 4,
    "SliceTiming": [
      0.99,
      0,
      1.05,
      0.06,
      1.1125,
      0.1225,
      1.175,
      0.185,
      1.2375,
      0.2475,
      1.2975,
      0.3075,
      1.36,
      0.37,
      1.4225,
      0.4325,
      1.4825,
      0.495,
      1.545,
      0.555,
      1.6075,
      0.6175,
      1.67,
      0.68,
      1.73,
      0.7425,
      1.7925,
      0.8025,
      1.855,
      0.865,
      1.9175,
      0.9275
    ],
    "SoftwareVersion": "syngo MR D13C",
    "TotalReadoutTime": 0.017964687,
    "dataset": "ds003136",
    "modality": "bold",
    "run_id": 2,
    "session_id": "01",
    "subject_id": "0186",
    "task_id": "infant"
  },
  "dummy_trs": 0,
  "dvars_nstd": 24.61045484104349,
  "dvars_std": 1.3274843634347808,
  "dvars_vstd": 0.9966880636086953,
  "efc": 0.5013298773412102,
  "fber": 2989.2919921875,
  "fd_mean": 0.17421669862224062,
  "fd_num": 61,
  "fd_perc": 26.406926406926406,
  "fwhm_avg": 1.5750103333333334,
  "fwhm_x": 1.5080224000000002,
  "fwhm_y": 1.8368736,
  "fwhm_z": 1.380135,
  "gcor": 0.0138647,
  "gsr_x": -0.012732664123177528,
  "gsr_y": 0.032047491520643234,
  "provenance": {
    "md5sum": "3e81d14a80e91bbb479774a798057811",
    "settings": {
      "fd_thres": 0.2,
      "testing": false
    },
    "software": "mriqc",
    "version": "23.0.1",
    "webapi_port": null,
    "webapi_url": "https://mriqc.nimh.nih.gov/api/v1"
  },
  "size_t": 231,
  "size_x": 64,
  "size_y": 64,
  "size_z": 32,
  "snr": 7.312672468525333,
  "spacing_tr": 2.0,
  "spacing_x": 3.125,
  "spacing_y": 3.125,
  "spacing_z": 4.0,
  "summary_bg_k": 28.853378792098802,
  "summary_bg_mad": 5.994590929023309,
  "summary_bg_mean": 17.778568267822266,
  "summary_bg_median": 7.385281562805176,
  "summary_bg_n": 79361.0,
  "summary_bg_p05": 2.4675323963165283,
  "summary_bg_p95": 64.30303192138672,
  "summary_bg_stdv": 30.962512969970703,
  "summary_fg_k": 3.579392400275246,
  "summary_fg_mad": 51.45142781379656,
  "summary_fg_mean": 410.7059326171875,
  "summary_fg_median": 410.2402648925781,
  "summary_fg_n": 22234.0,
  "summary_fg_p05": 327.9954498291016,
  "summary_fg_p95": 495.6385284423827,
  "summary_fg_stdv": 56.09864807128906,
  "tsnr": 74.27050166577101
}