{
  "aor": 0.0010656652360515023,
  "aqi": 0.006078787424892705,
  "bids_meta": {
    "ConversionSoftware": "dicm2nii.m 20200120",
    "DeviceSerialNumber": "45348",
    "EchoTime": 0.03,
    "EffectiveEchoSpacing": 0.00028515375,
    "FlipAngle": 90,
    "ImageType": [
      "ORIGINAL",
      "PRIMARY",
      "M",
      "ND",
      "NORM",
      "MOSAIC"
    ],
    "InstitutionAddress": "Franklin Blvd 1440,Eugene,District,US,97403",
    "InstitutionName": "Lewis Building",
    "MRAcquisitionType": "2D",
    "Manufacturer": "SIEMENS",
    "Modality": "MR",
    "PhaseEncodingDirection": "j-",
    "RepetitionTime": 2,
    "ScanOptions": "FS",
    "ScanningSequence": "EP",
    "SequenceName": "*epfid2d1_64",
    "SequenceVariant": "SK\\OSP",
    "SeriesDescription": "ep2d_affect_2",
    "SeriesNumber": 12,
    "SliceThickness": 4,
    "SliceTiming": [
      0.99,
      0,
      1.0525,
      0.0625,
      1.1125,
      0.1225,
      1.175,
      0.185,
      1.2375,
      0.2475,
      1.3,
      0.31,
      1.36,
      0.37,
      1.4225,
      0.4325,
      1.485,
      0.495,
      1.5475,
      0.5575,
      1.6075,
      0.6175,
      1.67,
      0.68,
      1.7325,
      0.7425,
      1.795,
      0.805,
      1.855,
      0.865,
      1.9175,
      0.9275
    ],
    "SoftwareVersion": "syngo MR D13C",
    "TotalReadoutTime": 0.017964687,
    "dataset": "ds003136",
    "modality": "bold",
    "run_id": 2,
    "session_id": "01",
    "subject_id": "0186",
    "task_id": "affect"
  },
  "dummy_trs": 0,
  "dvars_nstd": 25.339718259655186,
  "dvars_std": 1.3210501793534484,
  "dvars_vstd": 1.0087904057758625,
  "efc": 0.5009749475379344,
  "fber": 3016.8359375,
  "fd_mean": 0.23184453428133378,
  "fd_num": 138,
  "fd_perc": 59.227467811158796,
  "fwhm_avg": 1.577943,
  "fwhm_x": 1.4942944,
  "fwhm_y": 1.8478496000000002,
  "fwhm_z": 1.391685,
  "gcor": 0.0138944,
  "gsr_x": -0.010473005473613739,
  "gsr_y": 0.03284859284758568,
  "provenance": {
    "md5sum": "a7f6ce600f67a53c999ffcb93457e002",
    "settings": {
      "fd_thres": 0.2,
      "testing": false
    },
    "software": "mriqc",
    "version": "23.0.1",
    "webapi_port": null,
    "webapi_url": "https://mriqc.nimh.nih.gov/api/v1"
  },
  "size_t": 233,
  "size_x": 64,
  "size_y": 64,
  "size_z": 32,
  "snr": 7.290030257030565,
  "spacing_tr": 2.0,
  "spacing_x": 3.125,
  "spacing_y": 3.125,
  "spacing_z": 4.0,
  "summary_bg_k": 30.199303695430935,
  "summary_bg_mad": 6.006766191191765,
  "summary_bg_mean": 17.853769302368164,
  "summary_bg_median": 7.39484977722168,
  "summary_bg_n": 79268.0,
  "summary_bg_p05": 2.4592275619506836,
  "summary_bg_p95": 62.899785041809054,
  "summary_bg_stdv": 31.776874542236328,
  "summary_fg_k": 3.496019015557266,
  "summary_fg_mad": 51.73199471922116,
  "summary_fg_mean": 413.4070129394531,
  "summary_fg_median": 412.36480712890625,
  "summary_fg_n": 22263.0,
  "summary_fg_p05": 329.5588012695313,
  "summary_fg_p95": 499.91802673339845,
  "summary_fg_stdv": 56.56431198120117,
  "tsnr": 76.78167824097909
}