{
  "bids_meta": {
    "ConversionSoftware": "dicm2nii.m 20200120",
    "DeviceSerialNumber": "45348",
    "EchoTime": 0.00341,
    "FlipAngle": 7,
    "ImageType": [
      "ORIGINAL",
      "PRIMARY",
      "M",
      "ND",
      "NORM"
    ],
    "InstitutionAddress": "Franklin Blvd 1440,Eugene,District,US,97403",
    "InstitutionName": "University of Oregon",
    "InversionTime": 1.1,
    "MRAcquisitionType": "3D",
    "Manufacturer": "SIEMENS",
    "Modality": "MR",
    "PhaseEncodingDirection": "j-",
    "RepetitionTime": 2.5,
    "ScanOptions": "IR",
    "ScanningSequence": "GR\\IR",
    "SequenceName": "*tfl3d1_16ns",
    "SequenceVariant": "SK\\SP\\MP",
    "SeriesDescription": "mprage_MGH_p2",
    "SeriesNumber": 9,
    "SliceThickness": 1,
    "SoftwareVersion": "syngo MR D13C",
    "dataset": "ds003136",
    "modality": "T1w",
    "session_id": "01",
    "subject_id": "0182"
  },
  "cjv": 0.40157528374191,
  "cnr": 3.3455093333977537,
  "efc": 0.5738560397622239,
  "fber": 13967.91396681902,
  "fwhm_avg": 3.589956666666667,
  "fwhm_x": 3.60002,
  "fwhm_y": 3.74926,
  "fwhm_z": 3.42059,
  "icvs_csf": 0.17098062493428298,
  "icvs_gm": 0.43946733748691824,
  "icvs_wm": 0.38955203757879875,
  "inu_med": 0.6286506354808807,
  "inu_range": 0.23536657989025112,
  "provenance": {
    "md5sum": "0ed90d4d34b0d99b811029dee9b143e2",
    "settings": {
      "testing": false
    },
    "software": "mriqc",
    "version": "23.0.1",
    "warnings": {
      "large_rot_frame": true,
      "small_air_mask": false
    },
    "webapi_port": null,
    "webapi_url": "https://mriqc.nimh.nih.gov/api/v1"
  },
  "qi_1": 4.3001705375965705e-06,
  "qi_2": 0.01269603646773348,
  "rpve_csf": 29.07243688480287,
  "rpve_gm": 12.243357554929517,
  "rpve_wm": 15.807713669899693,
  "size_x": 176,
  "size_y": 256,
  "size_z": 256,
  "snr_csf": 1.8818696920641385,
  "snr_gm": 10.304969178934554,
  "snr_total": 9.571509055856927,
  "snr_wm": 16.527688296572084,
  "snrd_csf": 11.750769678105195,
  "snrd_gm": 33.95252492519216,
  "snrd_total": 31.5453118081176,
  "snrd_wm": 48.93264082105545,
  "spacing_x": 1.0,
  "spacing_y": 1.0,
  "spacing_z": 1.0,
  "summary_bg_k": 50.18129350720098,
  "summary_bg_mad": 0.0,
  "summary_bg_mean": 6.685473302233027,
  "summary_bg_median": 0.0,
  "summary_bg_n": 2572779.0,
  "summary_bg_p05": 0.0,
  "summary_bg_p95": 25.287747487425804,
  "summary_bg_stdv": 13.388915157028665,
  "summary_csf_k": 2.4207789580715895,
  "summary_csf_mad": 115.87952425988252,
  "summary_csf_mean": 256.6102120628287,
  "summary_csf_median": 240.14855265244842,
  "summary_csf_n": 20481.0,
  "summary_csf_p05": 76.71372724324465,
  "summary_csf_p95": 489.9642823152244,
  "summary_csf_stdv": 127.60856443889786,
  "summary_gm_k": 0.08823201562730087,
  "summary_gm_mad": 66.49307485641427,
  "summary_gm_mean": 694.8747687747888,
  "summary_gm_median": 693.8821832984686,
  "summary_gm_n": 21509.0,
  "summary_gm_p05": 585.524752304703,
  "summary_gm_p95": 806.786872921139,
  "summary_gm_stdv": 67.33315170767686,
  "summary_wm_k": 0.7798772158076379,
  "summary_wm_mad": 56.44766089264498,
  "summary_wm_mean": 1004.8623108451395,
  "summary_wm_median": 1000.0283549539745,
  "summary_wm_n": 205260.0,
  "summary_wm_p05": 914.8948283791542,
  "summary_wm_p95": 1111.9819190965961,
  "summary_wm_stdv": 60.50609746521143,
  "tpm_overlap_csf": 0.15956916464611942,
  "tpm_overlap_gm": 0.4619031947143887,
  "tpm_overlap_wm": 0.5107831076165326,
  "wm2max": 0.6056643221175972
}