{
  "aor": 0.0009641991341991341,
  "aqi": 0.00819864471861472,
  "bids_meta": {
    "ConversionSoftware": "dicm2nii.m 20200120",
    "DeviceSerialNumber": "45348",
    "EchoTime": 0.03,
    "EffectiveEchoSpacing": 0.00028515375,
    "FlipAngle": 90,
    "ImageType": [
      "ORIGINAL",
      "PRIMARY",
      "M",
      "ND",
      "NORM",
      "MOSAIC"
    ],
    "InstitutionAddress": "Franklin Blvd 1440,Eugene,District,US,97403",
    "InstitutionName": "Lewis Building",
    "MRAcquisitionType": "2D",
    "Manufacturer": "SIEMENS",
    "Modality": "MR",
    "PhaseEncodingDirection": "j-",
    "RepetitionTime": 2,
    "ScanOptions": "FS",
    "ScanningSequence": "EP",
    "SequenceName": "*epfid2d1_64",
    "SequenceVariant": "SK\\OSP",
    "SeriesDescription": "ep2d_infant_2",
    "SeriesNumber": 8,
    "SliceThickness": 4,
    "SliceTiming": [
      0.99,
      0,
      1.0525,
      0.0625,
      1.1125,
      0.1225,
      1.175,
      0.185,
      1.2375,
      0.2475,
      1.3,
      0.31,
      1.36,
      0.37,
      1.4225,
      0.4325,
      1.485,
      0.495,
      1.5475,
      0.5575,
      1.6075,
      0.6175,
      1.67,
      0.68,
      1.7325,
      0.7425,
      1.795,
      0.805,
      1.855,
      0.865,
      1.9175,
      0.9275
    ],
    "SoftwareVersion": "syngo MR D13C",
    "TotalReadoutTime": 0.017964687,
    "dataset": "ds003136",
    "modality": "bold",
    "run_id": 2,
    "session_id": "01",
    "subject_id": "0185",
    "task_id": "infant"
  },
  "dummy_trs": 0,
  "dvars_nstd": 22.95108318334782,
  "dvars_std": 1.203180561,
  "dvars_vstd": 0.9982269494782611,
  "efc": 0.5215679152065767,
  "fber": 3420.374267578125,
  "fd_mean": 0.13577691958260096,
  "fd_num": 34,
  "fd_perc": 14.718614718614718,
  "fwhm_avg": 1.5348106666666668,
  "fwhm_x": 1.4883456000000002,
  "fwhm_y": 1.7256863999999998,
  "fwhm_z": 1.3904,
  "gcor": 0.00967614,
  "gsr_x": -0.014542286284267902,
  "gsr_y": 0.038032323122024536,
  "provenance": {
    "md5sum": "c567e261abdd61143d7a917be4fd840a",
    "settings": {
      "fd_thres": 0.2,
      "testing": false
    },
    "software": "mriqc",
    "version": "23.0.1",
    "webapi_port": null,
    "webapi_url": "https://mriqc.nimh.nih.gov/api/v1"
  },
  "size_t": 231,
  "size_x": 64,
  "size_y": 64,
  "size_z": 32,
  "snr": 7.756854408805752,
  "spacing_tr": 2.0,
  "spacing_x": 3.125,
  "spacing_y": 3.125,
  "spacing_z": 4.0,
  "summary_bg_k": 36.174913742470004,
  "summary_bg_mad": 5.795626629216499,
  "summary_bg_mean": 18.5980167388916,
  "summary_bg_median": 7.1298699378967285,
  "summary_bg_n": 75659.0,
  "summary_bg_p05": 2.545454502105713,
  "summary_bg_p95": 66.8017341613765,
  "summary_bg_stdv": 36.289398193359375,
  "summary_fg_k": 2.9335166896791636,
  "summary_fg_mad": 49.34946091727817,
  "summary_fg_mean": 432.0174560546875,
  "summary_fg_median": 429.6060485839844,
  "summary_fg_n": 25505.0,
  "summary_fg_p05": 352.4225158691406,
  "summary_fg_p95": 521.6571533203124,
  "summary_fg_stdv": 55.38296890258789,
  "tsnr": 74.200243211817
}