{
  "aor": 0.003291594827586207,
  "aqi": 0.014550850043103448,
  "bids_meta": {
    "ConversionSoftware": "dicm2nii.m 20200120",
    "DeviceSerialNumber": "45348",
    "EchoTime": 0.03,
    "EffectiveEchoSpacing": 0.00028515375,
    "FlipAngle": 90,
    "ImageType": [
      "ORIGINAL",
      "PRIMARY",
      "M",
      "ND",
      "NORM",
      "MOSAIC"
    ],
    "InstitutionAddress": "Franklin Blvd 1440,Eugene,District,US,97403",
    "InstitutionName": "Lewis Building",
    "MRAcquisitionType": "2D",
    "Manufacturer": "SIEMENS",
    "Modality": "MR",
    "PhaseEncodingDirection": "j-",
    "RepetitionTime": 2,
    "ScanOptions": "FS",
    "ScanningSequence": "EP",
    "SequenceName": "*epfid2d1_64",
    "SequenceVariant": "SK\\OSP",
    "SeriesDescription": "ep2d_affect_1",
    "SeriesNumber": 10,
    "SliceThickness": 4,
    "SliceTiming": [
      0.99,
      0,
      1.0525,
      0.0625,
      1.1125,
      0.1225,
      1.175,
      0.185,
      1.2375,
      0.2475,
      1.3,
      0.31,
      1.36,
      0.37,
      1.4225,
      0.4325,
      1.485,
      0.495,
      1.5475,
      0.5575,
      1.6075,
      0.6175,
      1.67,
      0.68,
      1.7325,
      0.7425,
      1.795,
      0.805,
      1.855,
      0.865,
      1.9175,
      0.9275
    ],
    "SoftwareVersion": "syngo MR D13C",
    "TotalReadoutTime": 0.017964687,
    "dataset": "ds003136",
    "modality": "bold",
    "run_id": 1,
    "session_id": "01",
    "subject_id": "0185",
    "task_id": "affect"
  },
  "dummy_trs": 1,
  "dvars_nstd": 24.784480990865802,
  "dvars_std": 1.1341058436363636,
  "dvars_vstd": 0.9643287987012988,
  "efc": 0.523667391950042,
  "fber": 3249.525390625,
  "fd_mean": 0.17613792115834445,
  "fd_num": 76,
  "fd_perc": 32.758620689655174,
  "fwhm_avg": 1.5486458333333333,
  "fwhm_x": 1.4940639999999998,
  "fwhm_y": 1.743296,
  "fwhm_z": 1.4085775,
  "gcor": 0.00835181,
  "gsr_x": -0.014776327647268772,
  "gsr_y": 0.037370532751083374,
  "provenance": {
    "md5sum": "6df6b352044448115f4b68a2248ae35b",
    "settings": {
      "fd_thres": 0.2,
      "testing": false
    },
    "software": "mriqc",
    "version": "23.0.1",
    "webapi_port": null,
    "webapi_url": "https://mriqc.nimh.nih.gov/api/v1"
  },
  "size_t": 232,
  "size_x": 64,
  "size_y": 64,
  "size_z": 32,
  "snr": 7.6767281703005175,
  "spacing_tr": 2.0,
  "spacing_x": 3.125,
  "spacing_y": 3.125,
  "spacing_z": 4.0,
  "summary_bg_k": 32.07825574356013,
  "summary_bg_mad": 5.927213769076969,
  "summary_bg_mean": 19.0548095703125,
  "summary_bg_median": 7.269396781921387,
  "summary_bg_n": 75630.0,
  "summary_bg_p05": 2.650861978530884,
  "summary_bg_p95": 70.17952499389652,
  "summary_bg_stdv": 36.67844772338867,
  "summary_fg_k": 3.0914557850588436,
  "summary_fg_mad": 48.689420598566024,
  "summary_fg_mean": 431.2513732910156,
  "summary_fg_median": 429.4180908203125,
  "summary_fg_n": 25559.0,
  "summary_fg_p05": 350.4909332275391,
  "summary_fg_p95": 521.3978393554687,
  "summary_fg_stdv": 55.93655014038086,
  "tsnr": 59.26227606134489
}