{
  "bids_meta": {
    "ConversionSoftware": "dicm2nii.m 20200120",
    "DeviceSerialNumber": "45348",
    "EchoTime": 0.00341,
    "FlipAngle": 7,
    "ImageType": [
      "ORIGINAL",
      "PRIMARY",
      "M",
      "ND",
      "NORM"
    ],
    "InstitutionAddress": "Franklin Blvd 1440,Eugene,District,US,97403",
    "InstitutionName": "Lewis Building",
    "InversionTime": 1.1,
    "MRAcquisitionType": "3D",
    "Manufacturer": "SIEMENS",
    "Modality": "MR",
    "PhaseEncodingDirection": "j-",
    "RepetitionTime": 2.5,
    "ScanOptions": "IR",
    "ScanningSequence": "GR\\IR",
    "SequenceName": "*tfl3d1_16ns",
    "SequenceVariant": "SK\\SP\\MP",
    "SeriesDescription": "mprage_MGH_p2",
    "SeriesNumber": 9,
    "SliceThickness": 1,
    "SoftwareVersion": "syngo MR D13C",
    "dataset": "ds003136",
    "modality": "T1w",
    "session_id": "01",
    "subject_id": "0192"
  },
  "cjv": 0.345739839469194,
  "cnr": 3.8487738202216657,
  "efc": 0.5601138696597836,
  "fber": 16213.266402961242,
  "fwhm_avg": 4.08774,
  "fwhm_x": 4.08823,
  "fwhm_y": 4.24875,
  "fwhm_z": 3.92624,
  "icvs_csf": 0.23772287247744683,
  "icvs_gm": 0.4343389141618443,
  "icvs_wm": 0.3279382133607089,
  "inu_med": 0.6081462502479553,
  "inu_range": 0.1825762510299681,
  "provenance": {
    "md5sum": "d45b9b6f2e4057be3b0e87dc14588ee1",
    "settings": {
      "testing": false
    },
    "software": "mriqc",
    "version": "23.0.1",
    "warnings": {
      "large_rot_frame": true,
      "small_air_mask": false
    },
    "webapi_port": null,
    "webapi_url": "https://mriqc.nimh.nih.gov/api/v1"
  },
  "qi_1": 1.0193934674635912e-05,
  "qi_2": 0.006012297877097316,
  "rpve_csf": 27.146699700424517,
  "rpve_gm": 14.87378947093948,
  "rpve_wm": 21.888663917391995,
  "size_x": 176,
  "size_y": 256,
  "size_z": 256,
  "snr_csf": 1.5944844214111766,
  "snr_gm": 10.168406151270819,
  "snr_total": 10.785466053605115,
  "snr_wm": 20.593507588133352,
  "snrd_csf": 9.06715788005138,
  "snrd_gm": 37.76281155917629,
  "snrd_total": 34.148177999553916,
  "snrd_wm": 55.61456455943408,
  "spacing_x": 1.0,
  "spacing_y": 1.0,
  "spacing_z": 1.0,
  "summary_bg_k": 18.86258326537832,
  "summary_bg_mad": 0.0,
  "summary_bg_mean": 5.475890223930852,
  "summary_bg_median": 0.0,
  "summary_bg_n": 2800119.0,
  "summary_bg_p05": 0.0,
  "summary_bg_p95": 28.35709661245346,
  "summary_bg_stdv": 11.780256087579101,
  "summary_csf_k": 1.4323318375962382,
  "summary_csf_mad": 82.27038087235505,
  "summary_csf_mean": 185.99025982423862,
  "summary_csf_median": 163.04000481963158,
  "summary_csf_n": 53576.0,
  "summary_csf_p05": 55.14471039175987,
  "summary_csf_p95": 393.44806514680386,
  "summary_csf_stdv": 102.25153726579907,
  "summary_gm_k": 0.11195909301478268,
  "summary_gm_mad": 65.39036025233206,
  "summary_gm_mean": 678.3170865820673,
  "summary_gm_median": 679.0274372696877,
  "summary_gm_n": 34621.0,
  "summary_gm_p05": 567.6207575201988,
  "summary_gm_p95": 787.8803822398186,
  "summary_gm_stdv": 66.77719403751028,
  "summary_wm_k": 0.8619709455717137,
  "summary_wm_mad": 45.59183139426771,
  "summary_wm_mean": 999.7910633000497,
  "summary_wm_median": 1000.0265787541866,
  "summary_wm_n": 157328.0,
  "summary_wm_p05": 920.3819753229618,
  "summary_wm_p95": 1078.0750979483128,
  "summary_wm_stdv": 48.56012975502435,
  "tpm_overlap_csf": 0.14512976259280344,
  "tpm_overlap_gm": 0.4822022729768993,
  "tpm_overlap_wm": 0.5169662327429159,
  "wm2max": 0.6432659904356957
}