{
  "aor": 0.0009231578947368421,
  "aqi": 0.005340804605263158,
  "bids_meta": {
    "ConversionSoftware": "dicm2nii.m 20200120",
    "DeviceSerialNumber": "45348",
    "EchoTime": 0.03,
    "EffectiveEchoSpacing": 0.00028515375,
    "FlipAngle": 90,
    "ImageType": [
      "ORIGINAL",
      "PRIMARY",
      "M",
      "ND",
      "NORM",
      "MOSAIC"
    ],
    "InstitutionAddress": "Franklin Blvd 1440,Eugene,District,US,97403",
    "InstitutionName": "Lewis Building",
    "MRAcquisitionType": "2D",
    "Manufacturer": "SIEMENS",
    "Modality": "MR",
    "PhaseEncodingDirection": "j-",
    "RepetitionTime": 2,
    "ScanOptions": "FS",
    "ScanningSequence": "EP",
    "SequenceName": "*epfid2d1_64",
    "SequenceVariant": "SK\\OSP",
    "SeriesDescription": "ep2d_affect_1",
    "SeriesNumber": 10,
    "SliceThickness": 4,
    "SliceTiming": [
      0.99,
      0,
      1.0525,
      0.0625,
      1.115,
      0.125,
      1.175,
      0.185,
      1.2375,
      0.2475,
      1.3,
      0.31,
      1.3625,
      0.3725,
      1.4225,
      0.4325,
      1.485,
      0.495,
      1.5475,
      0.5575,
      1.61,
      0.62,
      1.67,
      0.68,
      1.7325,
      0.7425,
      1.795,
      0.805,
      1.8575,
      0.8675,
      1.9175,
      0.9275
    ],
    "SoftwareVersion": "syngo MR D13C",
    "TotalReadoutTime": 0.017964687,
    "dataset": "ds003136",
    "modality": "bold",
    "run_id": 1,
    "session_id": "01",
    "subject_id": "3120",
    "task_id": "affect"
  },
  "dummy_trs": 0,
  "dvars_nstd": 28.520691312775313,
  "dvars_std": 1.365805164273128,
  "dvars_vstd": 1.0088783018502203,
  "efc": 0.5162896363262601,
  "fber": 2430.146728515625,
  "fd_mean": 0.19575104986481043,
  "fd_num": 96,
  "fd_perc": 42.10526315789474,
  "fwhm_avg": 1.6323087,
  "fwhm_x": 1.6139168000000002,
  "fwhm_y": 1.7968768,
  "fwhm_z": 1.4861325,
  "gcor": 0.0303004,
  "gsr_x": -0.005186448805034161,
  "gsr_y": 0.02366151474416256,
  "provenance": {
    "md5sum": "9324116c3bc4bafa8a67471e7e4e6c02",
    "settings": {
      "fd_thres": 0.2,
      "testing": false
    },
    "software": "mriqc",
    "version": "23.0.1",
    "webapi_port": null,
    "webapi_url": "https://mriqc.nimh.nih.gov/api/v1"
  },
  "size_t": 228,
  "size_x": 64,
  "size_y": 64,
  "size_z": 32,
  "snr": 6.440179505418849,
  "spacing_tr": 2.0,
  "spacing_x": 3.125,
  "spacing_y": 3.125,
  "spacing_z": 4.0,
  "summary_bg_k": 28.553965590878597,
  "summary_bg_mad": 5.143589449244217,
  "summary_bg_mean": 15.554946899414062,
  "summary_bg_median": 6.460526466369629,
  "summary_bg_n": 77654.0,
  "summary_bg_p05": 2.2719297409057617,
  "summary_bg_p95": 55.9385986328125,
  "summary_bg_stdv": 26.797767639160156,
  "summary_fg_k": 1.5514628549189782,
  "summary_fg_mad": 46.76047222266425,
  "summary_fg_mean": 330.7267150878906,
  "summary_fg_median": 324.8947448730469,
  "summary_fg_n": 23813.0,
  "summary_fg_p05": 260.34999389648436,
  "summary_fg_p95": 415.72105712890624,
  "summary_fg_stdv": 50.44702911376953,
  "tsnr": 74.72620607516728
}