{
  "aor": 0.0008898230088495576,
  "aqi": 0.005275498805309734,
  "bids_meta": {
    "ConversionSoftware": "dicm2nii.m 20200120",
    "DeviceSerialNumber": "45348",
    "EchoTime": 0.03,
    "EffectiveEchoSpacing": 0.00028515375,
    "FlipAngle": 90,
    "ImageType": [
      "ORIGINAL",
      "PRIMARY",
      "M",
      "ND",
      "NORM",
      "MOSAIC"
    ],
    "InstitutionAddress": "Franklin Blvd 1440,Eugene,District,US,97403",
    "InstitutionName": "Lewis Building",
    "MRAcquisitionType": "2D",
    "Manufacturer": "SIEMENS",
    "Modality": "MR",
    "PhaseEncodingDirection": "j-",
    "RepetitionTime": 2,
    "ScanOptions": "FS",
    "ScanningSequence": "EP",
    "SequenceName": "*epfid2d1_64",
    "SequenceVariant": "SK\\OSP",
    "SeriesDescription": "ep2d_infant_2",
    "SeriesNumber": 8,
    "SliceThickness": 4,
    "SliceTiming": [
      0.99,
      0,
      1.0525,
      0.0625,
      1.1125,
      0.1225,
      1.175,
      0.185,
      1.2375,
      0.2475,
      1.3,
      0.31,
      1.36,
      0.37,
      1.4225,
      0.4325,
      1.485,
      0.495,
      1.5475,
      0.5575,
      1.6075,
      0.6175,
      1.67,
      0.68,
      1.7325,
      0.7425,
      1.795,
      0.805,
      1.855,
      0.865,
      1.9175,
      0.9275
    ],
    "SoftwareVersion": "syngo MR D13C",
    "TotalReadoutTime": 0.017964687,
    "dataset": "ds003136",
    "modality": "bold",
    "run_id": 2,
    "session_id": "01",
    "subject_id": "3120",
    "task_id": "infant"
  },
  "dummy_trs": 0,
  "dvars_nstd": 28.71966330591112,
  "dvars_std": 1.3809158120888883,
  "dvars_vstd": 1.0110097151555557,
  "efc": 0.5181375947715319,
  "fber": 2390.933837890625,
  "fd_mean": 0.17428865789520426,
  "fd_num": 67,
  "fd_perc": 29.646017699115045,
  "fwhm_avg": 1.6372839666666668,
  "fwhm_x": 1.6296384000000002,
  "fwhm_y": 1.7999359999999998,
  "fwhm_z": 1.4822775,
  "gcor": 0.0219766,
  "gsr_x": -0.0062749651260674,
  "gsr_y": 0.023748820647597313,
  "provenance": {
    "md5sum": "13c5b4b29939e2f58f93d10096a7ba48",
    "settings": {
      "fd_thres": 0.2,
      "testing": false
    },
    "software": "mriqc",
    "version": "23.0.1",
    "webapi_port": null,
    "webapi_url": "https://mriqc.nimh.nih.gov/api/v1"
  },
  "size_t": 226,
  "size_x": 64,
  "size_y": 64,
  "size_z": 32,
  "snr": 6.383301500729363,
  "spacing_tr": 2.0,
  "spacing_x": 3.125,
  "spacing_y": 3.125,
  "spacing_z": 4.0,
  "summary_bg_k": 28.850026869008104,
  "summary_bg_mad": 5.28751056375467,
  "summary_bg_mean": 16.010738372802734,
  "summary_bg_median": 6.530973434448242,
  "summary_bg_n": 77721.0,
  "summary_bg_p05": 2.234513282775879,
  "summary_bg_p95": 59.0177001953125,
  "summary_bg_stdv": 27.856468200683594,
  "summary_fg_k": 1.470894863517536,
  "summary_fg_mad": 47.16116574216759,
  "summary_fg_mean": 329.5460205078125,
  "summary_fg_median": 323.8185729980469,
  "summary_fg_n": 23841.0,
  "summary_fg_p05": 258.8451232910156,
  "summary_fg_p95": 414.0531005859375,
  "summary_fg_stdv": 50.72794723510742,
  "tsnr": 74.83988896908704
}