{
  "bids_meta": {
    "ConversionSoftware": "dicm2nii.m 20200120",
    "DeviceSerialNumber": "45348",
    "EchoTime": 0.00341,
    "FlipAngle": 7,
    "ImageType": [
      "ORIGINAL",
      "PRIMARY",
      "M",
      "ND",
      "NORM"
    ],
    "InstitutionAddress": "Franklin Blvd 1440,Eugene,District,US,97403",
    "InstitutionName": "Lewis Building",
    "InversionTime": 1.1,
    "MRAcquisitionType": "3D",
    "Manufacturer": "SIEMENS",
    "Modality": "MR",
    "PhaseEncodingDirection": "j-",
    "RepetitionTime": 2.5,
    "ScanOptions": "IR",
    "ScanningSequence": "GR\\IR",
    "SequenceName": "*tfl3d1_16ns",
    "SequenceVariant": "SK\\SP\\MP",
    "SeriesDescription": "mprage_MGH_p2",
    "SeriesNumber": 9,
    "SliceThickness": 1,
    "SoftwareVersion": "syngo MR D13C",
    "dataset": "ds003136",
    "modality": "T1w",
    "session_id": "01",
    "subject_id": "3217"
  },
  "cjv": 0.3156012041832602,
  "cnr": 4.076182236277055,
  "efc": 0.561298410218513,
  "fber": -1.0,
  "fwhm_avg": 3.790836666666667,
  "fwhm_x": 3.93147,
  "fwhm_y": 3.88421,
  "fwhm_z": 3.55683,
  "icvs_csf": 0.22143853828857044,
  "icvs_gm": 0.43588344797230144,
  "icvs_wm": 0.34267801373912815,
  "inu_med": 0.5157751441001892,
  "inu_range": 0.15375497341156008,
  "provenance": {
    "md5sum": "9026bfc4d82d410c85326ed712fe424d",
    "settings": {
      "testing": false
    },
    "software": "mriqc",
    "version": "23.0.1",
    "warnings": {
      "large_rot_frame": true,
      "small_air_mask": false
    },
    "webapi_port": null,
    "webapi_url": "https://mriqc.nimh.nih.gov/api/v1"
  },
  "qi_1": 0.002015724316454586,
  "qi_2": 0.027762913376642703,
  "rpve_csf": 23.508667164473035,
  "rpve_gm": 12.122221240699332,
  "rpve_wm": 17.642246168715047,
  "size_x": 176,
  "size_y": 256,
  "size_z": 256,
  "snr_csf": 1.324226162902614,
  "snr_gm": 9.052040350537078,
  "snr_total": 12.427603664876512,
  "snr_wm": 26.90654448118984,
  "snrd_csf": 32.63468915352689,
  "snrd_gm": 127.16410543194037,
  "snrd_total": 117.06790663633228,
  "snrd_wm": 191.40492532352957,
  "spacing_x": 1.0,
  "spacing_y": 1.0,
  "spacing_z": 1.0,
  "summary_bg_k": 43.0127493408728,
  "summary_bg_mad": 0.0,
  "summary_bg_mean": 1.2527066378624607,
  "summary_bg_median": 0.0,
  "summary_bg_n": 2431195.0,
  "summary_bg_p05": 0.0,
  "summary_bg_p95": 5.57830098643899,
  "summary_bg_stdv": 3.422689581129046,
  "summary_csf_k": 0.4207023826943703,
  "summary_csf_mad": 120.4140096361878,
  "summary_csf_mean": 197.11160613870686,
  "summary_csf_median": 170.49641959927976,
  "summary_csf_n": 53837.0,
  "summary_csf_p05": 36.30501577779651,
  "summary_csf_p95": 455.2712438106537,
  "summary_csf_stdv": 128.75054195273407,
  "summary_gm_k": 0.04898474869588476,
  "summary_gm_mad": 71.47447830957083,
  "summary_gm_mean": 666.2821278669132,
  "summary_gm_median": 664.3551766555756,
  "summary_gm_n": 48206.0,
  "summary_gm_p05": 545.9314291086048,
  "summary_gm_p95": 789.8157717771828,
  "summary_gm_stdv": 73.3921038903662,
  "summary_wm_k": 0.7533988822702749,
  "summary_wm_mad": 34.447360034549,
  "summary_wm_mean": 999.2167400628726,
  "summary_wm_median": 999.9744231607765,
  "summary_wm_n": 210607.0,
  "summary_wm_p05": 936.8986803553998,
  "summary_wm_p95": 1058.1883440054953,
  "summary_wm_stdv": 37.16464036575276,
  "tpm_overlap_csf": 0.14115340850825744,
  "tpm_overlap_gm": 0.47546171665001924,
  "tpm_overlap_wm": 0.5162396731753373,
  "wm2max": 0.6563927707605482
}