{
  "bids_meta": {
    "ConversionSoftware": "dicm2nii.m 20200120",
    "DeviceSerialNumber": "45348",
    "EchoTime": 0.00341,
    "FlipAngle": 7,
    "ImageType": [
      "ORIGINAL",
      "PRIMARY",
      "M",
      "ND",
      "NORM"
    ],
    "InstitutionAddress": "Franklin Blvd 1440,Eugene,District,US,97403",
    "InstitutionName": "Lewis Building",
    "InversionTime": 1.1,
    "MRAcquisitionType": "3D",
    "Manufacturer": "SIEMENS",
    "Modality": "MR",
    "PhaseEncodingDirection": "j-",
    "RepetitionTime": 2.5,
    "ScanOptions": "IR",
    "ScanningSequence": "GR\\IR",
    "SequenceName": "*tfl3d1_16ns",
    "SequenceVariant": "SK\\SP\\MP",
    "SeriesDescription": "mprage_MGH_p2",
    "SeriesNumber": 9,
    "SliceThickness": 1,
    "SoftwareVersion": "syngo MR D13C",
    "dataset": "ds003136",
    "modality": "T1w",
    "session_id": "01",
    "subject_id": "0179"
  },
  "cjv": 0.30952060108506113,
  "cnr": 4.255658207811382,
  "efc": 0.5799853102157859,
  "fber": -1.0,
  "fwhm_avg": 3.7965199999999997,
  "fwhm_x": 3.80476,
  "fwhm_y": 4.01133,
  "fwhm_z": 3.57347,
  "icvs_csf": 0.19072085285274126,
  "icvs_gm": 0.46837335457155027,
  "icvs_wm": 0.34090579257570847,
  "inu_med": 0.5671966075897217,
  "inu_range": 0.20483049750328064,
  "provenance": {
    "md5sum": "aac288a9a21425e537767bfd4ea3dc5a",
    "settings": {
      "testing": false
    },
    "software": "mriqc",
    "version": "23.0.1",
    "warnings": {
      "large_rot_frame": true,
      "small_air_mask": false
    },
    "webapi_port": null,
    "webapi_url": "https://mriqc.nimh.nih.gov/api/v1"
  },
  "qi_1": 0.021886275785114387,
  "qi_2": 0.01188300584621305,
  "rpve_csf": 28.316268638652804,
  "rpve_gm": 12.58664097595252,
  "rpve_wm": 19.075383708970353,
  "size_x": 176,
  "size_y": 256,
  "size_z": 256,
  "snr_csf": 1.745418134641045,
  "snr_gm": 10.322260527541857,
  "snr_total": 11.674942051595302,
  "snr_wm": 22.957147492603003,
  "snrd_csf": 24.53940113383244,
  "snrd_gm": 71.41477990821068,
  "snrd_total": 67.66053924289746,
  "snrd_wm": 107.02743668664924,
  "spacing_x": 1.0,
  "spacing_y": 1.0,
  "spacing_z": 1.0,
  "summary_bg_k": 20.447153536613317,
  "summary_bg_mad": 0.0,
  "summary_bg_mean": 3.0052474092053685,
  "summary_bg_median": 0.0,
  "summary_bg_n": 2337192.0,
  "summary_bg_p05": 0.0,
  "summary_bg_p95": 13.900272279977798,
  "summary_bg_stdv": 6.121401262405272,
  "summary_csf_k": 1.6603929268725768,
  "summary_csf_mad": 126.85938560738558,
  "summary_csf_mean": 249.389830370279,
  "summary_csf_median": 229.2889252975583,
  "summary_csf_n": 25301.0,
  "summary_csf_p05": 61.66606641188264,
  "summary_csf_p95": 481.16579305008054,
  "summary_csf_stdv": 131.36359103851746,
  "summary_gm_k": 0.218578210287816,
  "summary_gm_mad": 61.825723560381014,
  "summary_gm_mean": 668.8504754644216,
  "summary_gm_median": 667.2786367610097,
  "summary_gm_n": 40384.0,
  "summary_gm_p05": 564.5067769570276,
  "summary_gm_p95": 778.3168966956437,
  "summary_gm_stdv": 64.64382227696491,
  "summary_wm_k": 0.5295894315241432,
  "summary_wm_mad": 41.168543911668806,
  "summary_wm_mean": 999.3300165209903,
  "summary_wm_median": 1000.0327962934971,
  "summary_wm_n": 177891.0,
  "summary_wm_p05": 926.5973955690861,
  "summary_wm_p95": 1069.2063210830092,
  "summary_wm_stdv": 43.56072485963927,
  "tpm_overlap_csf": 0.1421574458483182,
  "tpm_overlap_gm": 0.48106600251535864,
  "tpm_overlap_wm": 0.5099774579587186,
  "wm2max": 0.6290262712912937
}