{
  "aor": 0.0012138695652173914,
  "aqi": 0.005824117391304346,
  "bids_meta": {
    "ConversionSoftware": "dicm2nii.m 20200120",
    "DeviceSerialNumber": "45348",
    "EchoTime": 0.03,
    "EffectiveEchoSpacing": 0.00028515375,
    "FlipAngle": 90,
    "ImageType": [
      "ORIGINAL",
      "PRIMARY",
      "M",
      "ND",
      "NORM",
      "MOSAIC"
    ],
    "InstitutionAddress": "Franklin Blvd 1440,Eugene,District,US,97403",
    "InstitutionName": "Lewis Building",
    "MRAcquisitionType": "2D",
    "Manufacturer": "SIEMENS",
    "Modality": "MR",
    "PhaseEncodingDirection": "j-",
    "RepetitionTime": 2,
    "ScanOptions": "FS",
    "ScanningSequence": "EP",
    "SequenceName": "*epfid2d1_64",
    "SequenceVariant": "SK\\OSP",
    "SeriesDescription": "ep2d_infant_2",
    "SeriesNumber": 8,
    "SliceThickness": 4,
    "SliceTiming": [
      0.99,
      0,
      1.0525,
      0.0625,
      1.115,
      0.125,
      1.1775,
      0.1875,
      1.2375,
      0.2475,
      1.3,
      0.31,
      1.3625,
      0.3725,
      1.425,
      0.435,
      1.485,
      0.495,
      1.5475,
      0.5575,
      1.61,
      0.62,
      1.6725,
      0.6825,
      1.7325,
      0.7425,
      1.795,
      0.805,
      1.8575,
      0.8675,
      1.92,
      0.93
    ],
    "SoftwareVersion": "syngo MR D13C",
    "TotalReadoutTime": 0.017964687,
    "dataset": "ds003136",
    "modality": "bold",
    "run_id": 2,
    "session_id": "01",
    "subject_id": "3142",
    "task_id": "infant"
  },
  "dummy_trs": 0,
  "dvars_nstd": 18.569656151222706,
  "dvars_std": 1.2348674996506552,
  "dvars_vstd": 1.021918913886462,
  "efc": 0.5350749914882488,
  "fber": 2596.9541015625,
  "fd_mean": 0.10882165842714443,
  "fd_num": 16,
  "fd_perc": 6.956521739130435,
  "fwhm_avg": 1.5767383284837202,
  "fwhm_x": 1.51136,
  "fwhm_y": 1.7852224,
  "fwhm_z": 1.4336325854511611,
  "gcor": 0.0160018,
  "gsr_x": -0.0039029603358358145,
  "gsr_y": 0.035032108426094055,
  "provenance": {
    "md5sum": "f7142fcca928febb868de4254d30b524",
    "settings": {
      "fd_thres": 0.2,
      "testing": false
    },
    "software": "mriqc",
    "version": "23.0.1",
    "webapi_port": null,
    "webapi_url": "https://mriqc.nimh.nih.gov/api/v1"
  },
  "size_t": 230,
  "size_x": 64,
  "size_y": 64,
  "size_z": 32,
  "snr": 8.026063882102093,
  "spacing_tr": 2.0,
  "spacing_x": 3.125,
  "spacing_y": 3.125,
  "spacing_z": 3.999999761581421,
  "summary_bg_k": 20.19690583048294,
  "summary_bg_mad": 7.226073593325647,
  "summary_bg_mean": 20.979677200317383,
  "summary_bg_median": 8.104347229003906,
  "summary_bg_n": 75437.0,
  "summary_bg_p05": 2.4782607555389404,
  "summary_bg_p95": 82.810432434082,
  "summary_bg_stdv": 35.952816009521484,
  "summary_fg_k": 3.562238160734048,
  "summary_fg_mad": 45.56101589903804,
  "summary_fg_mean": 422.49810791015625,
  "summary_fg_median": 421.3717041015625,
  "summary_fg_n": 25732.0,
  "summary_fg_p05": 342.3449737548828,
  "summary_fg_p95": 502.35127258300776,
  "summary_fg_stdv": 52.49939727783203,
  "tsnr": 84.32782190945
}