{
  "aor": 0.0007046902654867257,
  "aqi": 0.007534886548672567,
  "bids_meta": {
    "ConversionSoftware": "dicm2nii.m 20200120",
    "DeviceSerialNumber": "45348",
    "EchoTime": 0.03,
    "EffectiveEchoSpacing": 0.00028515375,
    "FlipAngle": 90,
    "ImageType": [
      "ORIGINAL",
      "PRIMARY",
      "M",
      "ND",
      "NORM",
      "MOSAIC"
    ],
    "InstitutionAddress": "Franklin Blvd 1440,Eugene,District,US,97403",
    "InstitutionName": "Lewis Building",
    "MRAcquisitionType": "2D",
    "Manufacturer": "SIEMENS",
    "Modality": "MR",
    "PhaseEncodingDirection": "j-",
    "RepetitionTime": 2,
    "ScanOptions": "FS",
    "ScanningSequence": "EP",
    "SequenceName": "*epfid2d1_64",
    "SequenceVariant": "SK\\OSP",
    "SeriesDescription": "ep2d_infant_1",
    "SeriesNumber": 7,
    "SliceThickness": 4,
    "SliceTiming": [
      0.99,
      0,
      1.0525,
      0.0625,
      1.115,
      0.125,
      1.175,
      0.185,
      1.2375,
      0.2475,
      1.3,
      0.31,
      1.3625,
      0.3725,
      1.4225,
      0.4325,
      1.485,
      0.495,
      1.5475,
      0.5575,
      1.61,
      0.62,
      1.67,
      0.68,
      1.7325,
      0.7425,
      1.795,
      0.805,
      1.8575,
      0.8675,
      1.9175,
      0.9275
    ],
    "SoftwareVersion": "syngo MR D13C",
    "TotalReadoutTime": 0.017964687,
    "dataset": "ds003136",
    "modality": "bold",
    "run_id": 1,
    "session_id": "01",
    "subject_id": "3142",
    "task_id": "infant"
  },
  "dummy_trs": 0,
  "dvars_nstd": 18.55495116355554,
  "dvars_std": 1.1820811314222224,
  "dvars_vstd": 0.9834398905333324,
  "efc": 0.532151942542439,
  "fber": 2790.012451171875,
  "fd_mean": 0.11604023199805215,
  "fd_num": 15,
  "fd_perc": 6.6371681415929205,
  "fwhm_avg": 1.5791276000000003,
  "fwhm_x": 1.511024,
  "fwhm_y": 1.7885888,
  "fwhm_z": 1.43777,
  "gcor": 0.0161833,
  "gsr_x": -0.0020886578131467104,
  "gsr_y": 0.03603130951523781,
  "provenance": {
    "md5sum": "4f8a80c75b1c6a2e17867d4fb4b9b242",
    "settings": {
      "fd_thres": 0.2,
      "testing": false
    },
    "software": "mriqc",
    "version": "23.0.1",
    "webapi_port": null,
    "webapi_url": "https://mriqc.nimh.nih.gov/api/v1"
  },
  "size_t": 226,
  "size_x": 64,
  "size_y": 64,
  "size_z": 32,
  "snr": 8.037986929794595,
  "spacing_tr": 2.0,
  "spacing_x": 3.125,
  "spacing_y": 3.125,
  "spacing_z": 4.0,
  "summary_bg_k": 20.55873491088106,
  "summary_bg_mad": 6.9603588534605665,
  "summary_bg_mean": 20.17814826965332,
  "summary_bg_median": 7.77876091003418,
  "summary_bg_n": 75348.0,
  "summary_bg_p05": 2.2964601516723633,
  "summary_bg_p95": 78.60663604736293,
  "summary_bg_stdv": 34.974273681640625,
  "summary_fg_k": 3.3526864004258448,
  "summary_fg_mad": 45.937706718440154,
  "summary_fg_mean": 422.0816345214844,
  "summary_fg_median": 421.1217041015625,
  "summary_fg_n": 25580.0,
  "summary_fg_p05": 341.7767562866211,
  "summary_fg_p95": 502.1416015625,
  "summary_fg_stdv": 52.39041519165039,
  "tsnr": 75.65008618403226
}