{
  "aor": 0.001244199134199134,
  "aqi": 0.006660283376623377,
  "bids_meta": {
    "ConversionSoftware": "dicm2nii.m 20200120",
    "DeviceSerialNumber": "45348",
    "EchoTime": 0.03,
    "EffectiveEchoSpacing": 0.00028515375,
    "FlipAngle": 90,
    "ImageType": [
      "ORIGINAL",
      "PRIMARY",
      "M",
      "ND",
      "NORM",
      "MOSAIC"
    ],
    "InstitutionAddress": "Franklin Blvd 1440,Eugene,District,US,97403",
    "InstitutionName": "Lewis Building",
    "MRAcquisitionType": "2D",
    "Manufacturer": "SIEMENS",
    "Modality": "MR",
    "PhaseEncodingDirection": "j-",
    "RepetitionTime": 2,
    "ScanOptions": "FS",
    "ScanningSequence": "EP",
    "SequenceName": "*epfid2d1_64",
    "SequenceVariant": "SK\\OSP",
    "SeriesDescription": "ep2d_infant_1",
    "SeriesNumber": 7,
    "SliceThickness": 4,
    "SliceTiming": [
      0.99,
      0,
      1.0525,
      0.0625,
      1.115,
      0.125,
      1.175,
      0.185,
      1.2375,
      0.2475,
      1.3,
      0.31,
      1.3625,
      0.3725,
      1.4225,
      0.4325,
      1.485,
      0.495,
      1.5475,
      0.5575,
      1.61,
      0.62,
      1.67,
      0.68,
      1.7325,
      0.7425,
      1.795,
      0.805,
      1.8575,
      0.8675,
      1.9175,
      0.9275
    ],
    "SoftwareVersion": "syngo MR D13C",
    "TotalReadoutTime": 0.017964687,
    "dataset": "ds003136",
    "modality": "bold",
    "run_id": 1,
    "session_id": "01",
    "subject_id": "3217",
    "task_id": "infant"
  },
  "dummy_trs": 0,
  "dvars_nstd": 23.750237183173905,
  "dvars_std": 1.423780189652175,
  "dvars_vstd": 0.9917354193478257,
  "efc": 0.5349544687269301,
  "fber": 2486.747802734375,
  "fd_mean": 0.06304011841098112,
  "fd_num": 0,
  "fd_perc": 0.0,
  "fwhm_avg": 1.6773316302177685,
  "fwhm_x": 1.6203744,
  "fwhm_y": 1.8907104000000001,
  "fwhm_z": 1.5209100906533057,
  "gcor": 0.0108377,
  "gsr_x": -0.005162862595170736,
  "gsr_y": 0.02319207228720188,
  "provenance": {
    "md5sum": "f672013af8f80a635dc933ed055ccb20",
    "settings": {
      "fd_thres": 0.2,
      "testing": false
    },
    "software": "mriqc",
    "version": "23.0.1",
    "webapi_port": null,
    "webapi_url": "https://mriqc.nimh.nih.gov/api/v1"
  },
  "size_t": 231,
  "size_x": 64,
  "size_y": 64,
  "size_z": 32,
  "snr": 7.526623880210157,
  "spacing_tr": 2.0,
  "spacing_x": 3.125,
  "spacing_y": 3.125,
  "spacing_z": 3.999999761581421,
  "summary_bg_k": 22.773033391895822,
  "summary_bg_mad": 8.619630333137772,
  "summary_bg_mean": 21.22024917602539,
  "summary_bg_median": 9.385281562805176,
  "summary_bg_n": 74114.0,
  "summary_bg_p05": 2.7835497856140137,
  "summary_bg_p95": 78.45454406738281,
  "summary_bg_stdv": 33.66221237182617,
  "summary_fg_k": 3.060347229691655,
  "summary_fg_mad": 55.071288363465165,
  "summary_fg_mean": 482.7164001464844,
  "summary_fg_median": 481.19696044921875,
  "summary_fg_n": 26280.0,
  "summary_fg_p05": 384.30303955078125,
  "summary_fg_p95": 582.1536560058594,
  "summary_fg_stdv": 63.931427001953125,
  "tsnr": 82.92136056907475
}