{
  "aor": 0.0005822943722943721,
  "aqi": 0.005228407748917749,
  "bids_meta": {
    "ConversionSoftware": "dicm2nii.m 20200120",
    "DeviceSerialNumber": "45348",
    "EchoTime": 0.03,
    "EffectiveEchoSpacing": 0.00028515375,
    "FlipAngle": 90,
    "ImageType": [
      "ORIGINAL",
      "PRIMARY",
      "M",
      "ND",
      "NORM",
      "MOSAIC"
    ],
    "InstitutionAddress": "Franklin Blvd 1440,Eugene,District,US,97403",
    "InstitutionName": "Lewis Building",
    "MRAcquisitionType": "2D",
    "Manufacturer": "SIEMENS",
    "Modality": "MR",
    "PhaseEncodingDirection": "j-",
    "RepetitionTime": 2,
    "ScanOptions": "FS",
    "ScanningSequence": "EP",
    "SequenceName": "*epfid2d1_64",
    "SequenceVariant": "SK\\OSP",
    "SeriesDescription": "ep2d_infant_2",
    "SeriesNumber": 8,
    "SliceThickness": 4,
    "SliceTiming": [
      0.99,
      0,
      1.0525,
      0.0625,
      1.115,
      0.125,
      1.175,
      0.185,
      1.2375,
      0.2475,
      1.3,
      0.31,
      1.3625,
      0.3725,
      1.4225,
      0.4325,
      1.485,
      0.495,
      1.5475,
      0.5575,
      1.61,
      0.62,
      1.67,
      0.68,
      1.7325,
      0.7425,
      1.795,
      0.805,
      1.8575,
      0.8675,
      1.9175,
      0.9275
    ],
    "SoftwareVersion": "syngo MR D13C",
    "TotalReadoutTime": 0.017964687,
    "dataset": "ds003136",
    "modality": "bold",
    "run_id": 2,
    "session_id": "01",
    "subject_id": "3217",
    "task_id": "infant"
  },
  "dummy_trs": 0,
  "dvars_nstd": 23.61953091030435,
  "dvars_std": 1.4425026456086956,
  "dvars_vstd": 0.9980014724782612,
  "efc": 0.5352114237118879,
  "fber": 2338.5966796875,
  "fd_mean": 0.05667625286979375,
  "fd_num": 0,
  "fd_perc": 0.0,
  "fwhm_avg": 1.6634361968260725,
  "fwhm_x": 1.6055264,
  "fwhm_y": 1.8668096,
  "fwhm_z": 1.517972590478217,
  "gcor": 0.0104256,
  "gsr_x": -0.006244576536118984,
  "gsr_y": 0.024013075977563858,
  "provenance": {
    "md5sum": "aad806e453bab5f060448426537905fa",
    "settings": {
      "fd_thres": 0.2,
      "testing": false
    },
    "software": "mriqc",
    "version": "23.0.1",
    "webapi_port": null,
    "webapi_url": "https://mriqc.nimh.nih.gov/api/v1"
  },
  "size_t": 231,
  "size_x": 64,
  "size_y": 64,
  "size_z": 32,
  "snr": 7.561422776760651,
  "spacing_tr": 2.0,
  "spacing_x": 3.125,
  "spacing_y": 3.125,
  "spacing_z": 3.999999761581421,
  "summary_bg_k": 22.64123827510336,
  "summary_bg_mad": 8.825012944488646,
  "summary_bg_mean": 21.22880744934082,
  "summary_bg_median": 9.636363983154297,
  "summary_bg_n": 74198.0,
  "summary_bg_p05": 2.844155788421631,
  "summary_bg_p95": 77.93333053588857,
  "summary_bg_stdv": 33.31195831298828,
  "summary_fg_k": 3.0277461882272547,
  "summary_fg_mad": 54.70222139885487,
  "summary_fg_mean": 482.40277099609375,
  "summary_fg_median": 480.57574462890625,
  "summary_fg_n": 26282.0,
  "summary_fg_p05": 384.06016998291017,
  "summary_fg_p95": 581.4488983154296,
  "summary_fg_stdv": 63.555049896240234,
  "tsnr": 92.53314696135931
}