{
  "aor": 0.0012684415584415583,
  "aqi": 0.009637190952380952,
  "bids_meta": {
    "ConversionSoftware": "dicm2nii.m 20200120",
    "DeviceSerialNumber": "45348",
    "EchoTime": 0.03,
    "EffectiveEchoSpacing": 0.00028515375,
    "FlipAngle": 90,
    "ImageType": [
      "ORIGINAL",
      "PRIMARY",
      "M",
      "ND",
      "NORM",
      "MOSAIC"
    ],
    "InstitutionAddress": "Franklin Blvd 1440,Eugene,District,US,97403",
    "InstitutionName": "Lewis Building",
    "MRAcquisitionType": "2D",
    "Manufacturer": "SIEMENS",
    "Modality": "MR",
    "PhaseEncodingDirection": "j-",
    "RepetitionTime": 2,
    "ScanOptions": "FS",
    "ScanningSequence": "EP",
    "SequenceName": "*epfid2d1_64",
    "SequenceVariant": "SK\\OSP",
    "SeriesDescription": "ep2d_infant_1",
    "SeriesNumber": 8,
    "SliceThickness": 4,
    "SliceTiming": [
      0.99,
      0,
      1.0525,
      0.0625,
      1.115,
      0.125,
      1.175,
      0.185,
      1.2375,
      0.2475,
      1.3,
      0.31,
      1.3625,
      0.3725,
      1.4225,
      0.4325,
      1.485,
      0.495,
      1.5475,
      0.5575,
      1.61,
      0.62,
      1.67,
      0.68,
      1.7325,
      0.7425,
      1.795,
      0.805,
      1.8575,
      0.8675,
      1.9175,
      0.9275
    ],
    "SoftwareVersion": "syngo MR D13C",
    "TaskName": "Neural Reactivity to Own- and Other-Infant Affect",
    "TotalReadoutTime": 0.017964687,
    "dataset": "ds003136",
    "modality": "bold",
    "run_id": 1,
    "session_id": "01",
    "subject_id": "0148",
    "task_id": "infant"
  },
  "dummy_trs": 0,
  "dvars_nstd": 23.56247580165218,
  "dvars_std": 1.3225289456521734,
  "dvars_vstd": 0.9886788519999998,
  "efc": 0.538788420233001,
  "fber": 2500.37841796875,
  "fd_mean": 0.10008624763208665,
  "fd_num": 3,
  "fd_perc": 1.2987012987012987,
  "fwhm_avg": 1.6789936333333333,
  "fwhm_x": 1.6257536,
  "fwhm_y": 1.8958848000000001,
  "fwhm_z": 1.5153425,
  "gcor": 0.00878844,
  "gsr_x": -0.006696209777146578,
  "gsr_y": 0.025902269408106804,
  "provenance": {
    "md5sum": "3c0c2d6a0a971b9dc5dde2cfe32011df",
    "settings": {
      "fd_thres": 0.2,
      "testing": false
    },
    "software": "mriqc",
    "version": "23.0.1",
    "webapi_port": null,
    "webapi_url": "https://mriqc.nimh.nih.gov/api/v1"
  },
  "size_t": 231,
  "size_x": 64,
  "size_y": 64,
  "size_z": 32,
  "snr": 7.966341017807547,
  "spacing_tr": 2.0,
  "spacing_x": 3.125,
  "spacing_y": 3.125,
  "spacing_z": 4.0,
  "summary_bg_k": 32.04487033279536,
  "summary_bg_mad": 6.668501092613112,
  "summary_bg_mean": 16.781248092651367,
  "summary_bg_median": 7.878787994384766,
  "summary_bg_n": 72727.0,
  "summary_bg_p05": 2.4718613624572754,
  "summary_bg_p95": 57.3480529785156,
  "summary_bg_stdv": 27.299680709838867,
  "summary_fg_k": 3.1131333368259693,
  "summary_fg_mad": 44.25344562274096,
  "summary_fg_mean": 404.16644287109375,
  "summary_fg_median": 404.4610290527344,
  "summary_fg_n": 27106.0,
  "summary_fg_p05": 324.00757598876953,
  "summary_fg_p95": 480.5118942260742,
  "summary_fg_stdv": 50.77030563354492,
  "tsnr": 74.05385532323271
}