{
  "aor": 0.0012085714285714284,
  "aqi": 0.008097619090909093,
  "bids_meta": {
    "ConversionSoftware": "dicm2nii.m 20200120",
    "DeviceSerialNumber": "45348",
    "EchoTime": 0.03,
    "EffectiveEchoSpacing": 0.00028515375,
    "FlipAngle": 90,
    "ImageType": [
      "ORIGINAL",
      "PRIMARY",
      "M",
      "ND",
      "NORM",
      "MOSAIC"
    ],
    "InstitutionAddress": "Franklin Blvd 1440,Eugene,District,US,97403",
    "InstitutionName": "Lewis Building",
    "MRAcquisitionType": "2D",
    "Manufacturer": "SIEMENS",
    "Modality": "MR",
    "PhaseEncodingDirection": "j-",
    "RepetitionTime": 2,
    "ScanOptions": "FS",
    "ScanningSequence": "EP",
    "SequenceName": "*epfid2d1_64",
    "SequenceVariant": "SK\\OSP",
    "SeriesDescription": "ep2d_infant_2",
    "SeriesNumber": 9,
    "SliceThickness": 4,
    "SliceTiming": [
      0.99,
      0,
      1.0525,
      0.0625,
      1.115,
      0.125,
      1.1775,
      0.1875,
      1.2375,
      0.2475,
      1.3,
      0.31,
      1.3625,
      0.3725,
      1.425,
      0.435,
      1.485,
      0.495,
      1.5475,
      0.5575,
      1.61,
      0.62,
      1.6725,
      0.6825,
      1.7325,
      0.7425,
      1.795,
      0.805,
      1.8575,
      0.8675,
      1.92,
      0.93
    ],
    "SoftwareVersion": "syngo MR D13C",
    "TaskName": "Neural Reactivity to Own- and Other-Infant Affect",
    "TotalReadoutTime": 0.017964687,
    "dataset": "ds003136",
    "modality": "bold",
    "run_id": 2,
    "session_id": "01",
    "subject_id": "0148",
    "task_id": "infant"
  },
  "dummy_trs": 0,
  "dvars_nstd": 24.202525545391303,
  "dvars_std": 1.3673579083478271,
  "dvars_vstd": 1.0135253815217395,
  "efc": 0.5393280257014121,
  "fber": 2413.29833984375,
  "fd_mean": 0.1119994055017179,
  "fd_num": 10,
  "fd_perc": 4.329004329004329,
  "fwhm_avg": 1.6813992000000002,
  "fwhm_x": 1.624832,
  "fwhm_y": 1.8905056,
  "fwhm_z": 1.52886,
  "gcor": 0.00776936,
  "gsr_x": -0.006577236112207174,
  "gsr_y": 0.0260296817868948,
  "provenance": {
    "md5sum": "22eca413b48c3d7028eb83ba5c743d72",
    "settings": {
      "fd_thres": 0.2,
      "testing": false
    },
    "software": "mriqc",
    "version": "23.0.1",
    "webapi_port": null,
    "webapi_url": "https://mriqc.nimh.nih.gov/api/v1"
  },
  "size_t": 231,
  "size_x": 64,
  "size_y": 64,
  "size_z": 32,
  "snr": 7.935144731405628,
  "spacing_tr": 2.0,
  "spacing_x": 3.125,
  "spacing_y": 3.125,
  "spacing_z": 4.0,
  "summary_bg_k": 32.40714492372804,
  "summary_bg_mad": 6.668501092613112,
  "summary_bg_mean": 16.84325408935547,
  "summary_bg_median": 7.969696998596191,
  "summary_bg_n": 72666.0,
  "summary_bg_p05": 2.5800864696502686,
  "summary_bg_p95": 57.08657932281494,
  "summary_bg_stdv": 27.273014068603516,
  "summary_fg_k": 3.468553672067433,
  "summary_fg_mad": 43.76563202963738,
  "summary_fg_mean": 403.306640625,
  "summary_fg_median": 403.58441162109375,
  "summary_fg_n": 27175.0,
  "summary_fg_p05": 322.27964782714844,
  "summary_fg_p95": 478.9649291992187,
  "summary_fg_stdv": 50.85943603515625,
  "tsnr": 79.09804111928679
}