{
  "aor": 0.001138412017167382,
  "aqi": 0.009753764163090128,
  "bids_meta": {
    "ConversionSoftware": "dicm2nii.m 20200120",
    "DeviceSerialNumber": "45348",
    "EchoTime": 0.03,
    "EffectiveEchoSpacing": 0.00028515375,
    "FlipAngle": 90,
    "ImageType": [
      "ORIGINAL",
      "PRIMARY",
      "M",
      "ND",
      "NORM",
      "MOSAIC"
    ],
    "InstitutionAddress": "Franklin Blvd 1440,Eugene,District,US,97403",
    "InstitutionName": "Lewis Building",
    "MRAcquisitionType": "2D",
    "Manufacturer": "SIEMENS",
    "Modality": "MR",
    "PhaseEncodingDirection": "j-",
    "RepetitionTime": 2,
    "ScanOptions": "FS",
    "ScanningSequence": "EP",
    "SequenceName": "*epfid2d1_64",
    "SequenceVariant": "SK\\OSP",
    "SeriesDescription": "ep2d_affect_1",
    "SeriesNumber": 12,
    "SliceThickness": 4,
    "SliceTiming": [
      0.99,
      0,
      1.0525,
      0.0625,
      1.115,
      0.125,
      1.1775,
      0.1875,
      1.2375,
      0.2475,
      1.3,
      0.31,
      1.3625,
      0.3725,
      1.425,
      0.435,
      1.485,
      0.495,
      1.5475,
      0.5575,
      1.61,
      0.62,
      1.6725,
      0.6825,
      1.7325,
      0.7425,
      1.795,
      0.805,
      1.8575,
      0.8675,
      1.92,
      0.93
    ],
    "SoftwareVersion": "syngo MR D13C",
    "TaskName": "Observing and Labeling Affective Faces",
    "TotalReadoutTime": 0.017964687,
    "dataset": "ds003136",
    "modality": "bold",
    "run_id": 1,
    "session_id": "01",
    "subject_id": "0148",
    "task_id": "affect"
  },
  "dummy_trs": 0,
  "dvars_nstd": 25.284083152672398,
  "dvars_std": 1.3030314306465522,
  "dvars_vstd": 0.9930872893103453,
  "efc": 0.5388564074316936,
  "fber": 2583.581787109375,
  "fd_mean": 0.1838948249918727,
  "fd_num": 94,
  "fd_perc": 40.34334763948498,
  "fwhm_avg": 1.6797675666666667,
  "fwhm_x": 1.6187072,
  "fwhm_y": 1.8958080000000002,
  "fwhm_z": 1.5247875,
  "gcor": 0.0111829,
  "gsr_x": -0.005599574185907841,
  "gsr_y": 0.026859981939196587,
  "provenance": {
    "md5sum": "7ee8ade16457aa316f4a1bc01f46681c",
    "settings": {
      "fd_thres": 0.2,
      "testing": false
    },
    "software": "mriqc",
    "version": "23.0.1",
    "webapi_port": null,
    "webapi_url": "https://mriqc.nimh.nih.gov/api/v1"
  },
  "size_t": 233,
  "size_x": 64,
  "size_y": 64,
  "size_z": 32,
  "snr": 7.873952681540895,
  "spacing_tr": 2.0,
  "spacing_x": 3.125,
  "spacing_y": 3.125,
  "spacing_z": 4.0,
  "summary_bg_k": 34.07122229096728,
  "summary_bg_mad": 6.528540367062577,
  "summary_bg_mean": 16.497821807861328,
  "summary_bg_median": 7.716738224029541,
  "summary_bg_n": 72546.0,
  "summary_bg_p05": 2.4549355506896973,
  "summary_bg_p95": 54.97532272338867,
  "summary_bg_stdv": 26.52617073059082,
  "summary_fg_k": 3.0861045591663396,
  "summary_fg_mad": 43.85449405225533,
  "summary_fg_mean": 400.581298828125,
  "summary_fg_median": 401.29400634765625,
  "summary_fg_n": 27306.0,
  "summary_fg_p05": 318.366943359375,
  "summary_fg_p95": 477.26073455810547,
  "summary_fg_stdv": 50.96381378173828,
  "tsnr": 71.61781085305847
}