{
  "aor": 0.0006851724137931034,
  "aqi": 0.004723691422413793,
  "bids_meta": {
    "ConversionSoftware": "dicm2nii.m 20200120",
    "DeviceSerialNumber": "45348",
    "EchoTime": 0.03,
    "EffectiveEchoSpacing": 0.00028515375,
    "FlipAngle": 90,
    "ImageType": [
      "ORIGINAL",
      "PRIMARY",
      "M",
      "ND",
      "NORM",
      "MOSAIC"
    ],
    "InstitutionAddress": "Franklin Blvd 1440,Eugene,District,US,97403",
    "InstitutionName": "Lewis Building",
    "MRAcquisitionType": "2D",
    "Manufacturer": "SIEMENS",
    "Modality": "MR",
    "PhaseEncodingDirection": "j-",
    "RepetitionTime": 2,
    "ScanOptions": "FS",
    "ScanningSequence": "EP",
    "SequenceName": "*epfid2d1_64",
    "SequenceVariant": "SK\\OSP",
    "SeriesDescription": "ep2d_affect_2",
    "SeriesNumber": 12,
    "SliceThickness": 4,
    "SliceTiming": [
      0.99,
      0,
      1.0525,
      0.0625,
      1.1125,
      0.1225,
      1.175,
      0.185,
      1.2375,
      0.2475,
      1.3,
      0.31,
      1.36,
      0.37,
      1.4225,
      0.4325,
      1.485,
      0.495,
      1.5475,
      0.5575,
      1.6075,
      0.6175,
      1.67,
      0.68,
      1.7325,
      0.7425,
      1.795,
      0.805,
      1.855,
      0.865,
      1.9175,
      0.9275
    ],
    "SoftwareVersion": "syngo MR D13C",
    "TotalReadoutTime": 0.017964687,
    "dataset": "ds003136",
    "modality": "bold",
    "run_id": 2,
    "session_id": "01",
    "subject_id": "3217",
    "task_id": "affect"
  },
  "dummy_trs": 1,
  "dvars_nstd": 21.572796569999994,
  "dvars_std": 1.3731514085281378,
  "dvars_vstd": 0.9994996783116888,
  "efc": 0.5358338385039592,
  "fber": 2317.0712890625,
  "fd_mean": 0.054043621832817204,
  "fd_num": 0,
  "fd_perc": 0.0,
  "fwhm_avg": 1.664029563512657,
  "fwhm_x": 1.6126624,
  "fwhm_y": 1.8604512,
  "fwhm_z": 1.5189750905379706,
  "gcor": 0.0154079,
  "gsr_x": -0.005944817792624235,
  "gsr_y": 0.024657204747200012,
  "provenance": {
    "md5sum": "a14e506a1e8d4482cafe1a28ab733dfd",
    "settings": {
      "fd_thres": 0.2,
      "testing": false
    },
    "software": "mriqc",
    "version": "23.0.1",
    "webapi_port": null,
    "webapi_url": "https://mriqc.nimh.nih.gov/api/v1"
  },
  "size_t": 232,
  "size_x": 64,
  "size_y": 64,
  "size_z": 32,
  "snr": 7.637347311839213,
  "spacing_tr": 2.0,
  "spacing_x": 3.125,
  "spacing_y": 3.125,
  "spacing_z": 3.999999761581421,
  "summary_bg_k": 23.359905973598387,
  "summary_bg_mad": 8.812535987213327,
  "summary_bg_mean": 21.30182647705078,
  "summary_bg_median": 9.681034088134766,
  "summary_bg_n": 74102.0,
  "summary_bg_p05": 2.8620688915252686,
  "summary_bg_p95": 77.55991020202634,
  "summary_bg_stdv": 33.39398193359375,
  "summary_fg_k": 3.2246927837212747,
  "summary_fg_mad": 53.961644216466574,
  "summary_fg_mean": 483.2435607910156,
  "summary_fg_median": 481.6896667480469,
  "summary_fg_n": 26359.0,
  "summary_fg_p05": 386.0629425048828,
  "summary_fg_p95": 580.4366577148437,
  "summary_fg_stdv": 63.069087982177734,
  "tsnr": 97.66279333317652
}