{
  "aor": 0.0006118181818181819,
  "aqi": 0.00518674012987013,
  "bids_meta": {
    "ConversionSoftware": "dicm2nii.m 20200120",
    "DeviceSerialNumber": "45348",
    "EchoTime": 0.03,
    "EffectiveEchoSpacing": 0.00028515375,
    "FlipAngle": 90,
    "ImageType": [
      "ORIGINAL",
      "PRIMARY",
      "M",
      "ND",
      "NORM",
      "MOSAIC"
    ],
    "InstitutionAddress": "Franklin Blvd 1440,Eugene,District,US,97403",
    "InstitutionName": "Lewis Building",
    "MRAcquisitionType": "2D",
    "Manufacturer": "SIEMENS",
    "Modality": "MR",
    "PhaseEncodingDirection": "j-",
    "RepetitionTime": 2,
    "ScanOptions": "FS",
    "ScanningSequence": "EP",
    "SequenceName": "*epfid2d1_64",
    "SequenceVariant": "SK\\OSP",
    "SeriesDescription": "ep2d_affect_1",
    "SeriesNumber": 11,
    "SliceThickness": 4,
    "SliceTiming": [
      0.99,
      0,
      1.0525,
      0.0625,
      1.1125,
      0.1225,
      1.175,
      0.185,
      1.2375,
      0.2475,
      1.3,
      0.31,
      1.36,
      0.37,
      1.4225,
      0.4325,
      1.485,
      0.495,
      1.5475,
      0.5575,
      1.6075,
      0.6175,
      1.67,
      0.68,
      1.7325,
      0.7425,
      1.795,
      0.805,
      1.855,
      0.865,
      1.9175,
      0.9275
    ],
    "SoftwareVersion": "syngo MR D13C",
    "TotalReadoutTime": 0.017964687,
    "dataset": "ds003136",
    "modality": "bold",
    "run_id": 1,
    "session_id": "01",
    "subject_id": "3217",
    "task_id": "affect"
  },
  "dummy_trs": 0,
  "dvars_nstd": 22.369968024434783,
  "dvars_std": 1.3913024964782592,
  "dvars_vstd": 0.9945971590434788,
  "efc": 0.5355998320599743,
  "fber": 2333.12255859375,
  "fd_mean": 0.05976802385971847,
  "fd_num": 0,
  "fd_perc": 0.0,
  "fwhm_avg": 1.6684732302849232,
  "fwhm_x": 1.6132928000000002,
  "fwhm_y": 1.8678368,
  "fwhm_z": 1.5242900908547694,
  "gcor": 0.0172759,
  "gsr_x": -0.005925637669861317,
  "gsr_y": 0.02464289590716362,
  "provenance": {
    "md5sum": "202475a12754a8e6d48a3326bf9e262e",
    "settings": {
      "fd_thres": 0.2,
      "testing": false
    },
    "software": "mriqc",
    "version": "23.0.1",
    "webapi_port": null,
    "webapi_url": "https://mriqc.nimh.nih.gov/api/v1"
  },
  "size_t": 231,
  "size_x": 64,
  "size_y": 64,
  "size_z": 32,
  "snr": 7.605480674254858,
  "spacing_tr": 2.0,
  "spacing_x": 3.125,
  "spacing_y": 3.125,
  "spacing_z": 3.999999761581421,
  "summary_bg_k": 23.525460837547996,
  "summary_bg_mad": 8.780086531079768,
  "summary_bg_mean": 21.25370979309082,
  "summary_bg_median": 9.636363983154297,
  "summary_bg_n": 74110.0,
  "summary_bg_p05": 2.857142925262451,
  "summary_bg_p95": 77.55216522216799,
  "summary_bg_stdv": 33.31740951538086,
  "summary_fg_k": 3.1030267923422032,
  "summary_fg_mad": 54.04439810616526,
  "summary_fg_mean": 483.5706787109375,
  "summary_fg_median": 482.09307861328125,
  "summary_fg_n": 26378.0,
  "summary_fg_p05": 385.34827270507816,
  "summary_fg_p95": 581.827700805664,
  "summary_fg_stdv": 63.38638687133789,
  "tsnr": 95.07439274014905
}