{
  "aor": 0.024883644444444443,
  "aqi": 0.021260747155555555,
  "bids_meta": {
    "ConversionSoftware": "dicm2nii.m 20200120",
    "DeviceSerialNumber": "45348",
    "EchoTime": 0.03,
    "EffectiveEchoSpacing": 0.00028515375,
    "FlipAngle": 90,
    "ImageType": [
      "ORIGINAL",
      "PRIMARY",
      "M",
      "ND",
      "NORM",
      "MOSAIC"
    ],
    "InstitutionAddress": "Franklin Blvd 1440,Eugene,District,US,97403",
    "InstitutionName": "Lewis Building",
    "MRAcquisitionType": "2D",
    "Manufacturer": "SIEMENS",
    "Modality": "MR",
    "PhaseEncodingDirection": "j-",
    "RepetitionTime": 2,
    "ScanOptions": "FS",
    "ScanningSequence": "EP",
    "SequenceName": "*epfid2d1_64",
    "SequenceVariant": "SK\\OSP",
    "SeriesDescription": "ep2d_affect_2",
    "SeriesNumber": 11,
    "SliceThickness": 4,
    "SliceTiming": [
      0.99,
      0,
      1.0525,
      0.0625,
      1.115,
      0.125,
      1.1775,
      0.1875,
      1.2375,
      0.2475,
      1.3,
      0.31,
      1.3625,
      0.3725,
      1.425,
      0.435,
      1.485,
      0.495,
      1.5475,
      0.5575,
      1.61,
      0.62,
      1.6725,
      0.6825,
      1.7325,
      0.7425,
      1.795,
      0.805,
      1.8575,
      0.8675,
      1.92,
      0.93
    ],
    "SoftwareVersion": "syngo MR D13C",
    "TotalReadoutTime": 0.017964687,
    "dataset": "ds003136",
    "modality": "bold",
    "run_id": 2,
    "session_id": "01",
    "subject_id": "0196",
    "task_id": "affect"
  },
  "dummy_trs": 0,
  "dvars_nstd": 31.430139685937487,
  "dvars_std": 1.4485812858928575,
  "dvars_vstd": 1.0076855596428567,
  "efc": 0.5001459958771075,
  "fber": 2288.10205078125,
  "fd_mean": 0.11819459799604119,
  "fd_num": 20,
  "fd_perc": 8.88888888888889,
  "fwhm_avg": 1.575454494935264,
  "fwhm_x": 1.5471583999999998,
  "fwhm_y": 1.7564,
  "fwhm_z": 1.4228050848057918,
  "gcor": 0.0179491,
  "gsr_x": -0.004015917424112558,
  "gsr_y": 0.0235469751060009,
  "provenance": {
    "md5sum": "20cb28e7399ea2dd458c7bee46c26bdf",
    "settings": {
      "fd_thres": 0.2,
      "testing": false
    },
    "software": "mriqc",
    "version": "23.0.1",
    "webapi_port": null,
    "webapi_url": "https://mriqc.nimh.nih.gov/api/v1"
  },
  "size_t": 225,
  "size_x": 64,
  "size_y": 64,
  "size_z": 32,
  "snr": 7.663185119319159,
  "spacing_tr": 2.0,
  "spacing_x": 3.125,
  "spacing_y": 3.125,
  "spacing_z": 3.999999761581421,
  "summary_bg_k": 46.59585387437778,
  "summary_bg_mad": 6.029249281141385,
  "summary_bg_mean": 17.29391860961914,
  "summary_bg_median": 7.648889064788818,
  "summary_bg_n": 80806.0,
  "summary_bg_p05": 2.573333501815796,
  "summary_bg_p95": 61.793335914611816,
  "summary_bg_stdv": 31.454803466796875,
  "summary_fg_k": 2.0451997370976844,
  "summary_fg_mad": 45.87501917651695,
  "summary_fg_mean": 368.0347900390625,
  "summary_fg_median": 367.3777770996094,
  "summary_fg_n": 21480.0,
  "summary_fg_p05": 296.8709014892578,
  "summary_fg_p95": 443.156689453125,
  "summary_fg_stdv": 47.93949508666992,
  "tsnr": 47.586913843173534
}