{
  "aor": 0.0008313419913419913,
  "aqi": 0.007903116493506493,
  "bids_meta": {
    "ConversionSoftware": "dicm2nii.m 20200120",
    "DeviceSerialNumber": "45348",
    "EchoTime": 0.03,
    "EffectiveEchoSpacing": 0.00028515375,
    "FlipAngle": 90,
    "ImageType": [
      "ORIGINAL",
      "PRIMARY",
      "M",
      "ND",
      "NORM",
      "MOSAIC"
    ],
    "InstitutionAddress": "Franklin Blvd 1440,Eugene,District,US,97403",
    "InstitutionName": "Lewis Building",
    "MRAcquisitionType": "2D",
    "Manufacturer": "SIEMENS",
    "Modality": "MR",
    "PhaseEncodingDirection": "j-",
    "RepetitionTime": 2,
    "ScanOptions": "FS",
    "ScanningSequence": "EP",
    "SequenceName": "*epfid2d1_64",
    "SequenceVariant": "SK\\OSP",
    "SeriesDescription": "ep2d_infant_2",
    "SeriesNumber": 8,
    "SliceThickness": 4,
    "SliceTiming": [
      0.99,
      0,
      1.0525,
      0.0625,
      1.115,
      0.125,
      1.1775,
      0.1875,
      1.2375,
      0.2475,
      1.3,
      0.31,
      1.3625,
      0.3725,
      1.425,
      0.435,
      1.485,
      0.495,
      1.5475,
      0.5575,
      1.61,
      0.62,
      1.6725,
      0.6825,
      1.7325,
      0.7425,
      1.795,
      0.805,
      1.8575,
      0.8675,
      1.92,
      0.93
    ],
    "SoftwareVersion": "syngo MR D13C",
    "TotalReadoutTime": 0.017964687,
    "dataset": "ds003136",
    "modality": "bold",
    "run_id": 2,
    "session_id": "01",
    "subject_id": "0196",
    "task_id": "infant"
  },
  "dummy_trs": 0,
  "dvars_nstd": 28.032234432695656,
  "dvars_std": 1.4575668286521746,
  "dvars_vstd": 1.0099183924782613,
  "efc": 0.4965342617889857,
  "fber": 2483.419677734375,
  "fd_mean": 0.06774878330855186,
  "fd_num": 3,
  "fd_perc": 1.2987012987012987,
  "fwhm_avg": 1.5612132949732123,
  "fwhm_x": 1.5280992,
  "fwhm_y": 1.7308256,
  "fwhm_z": 1.4247150849196364,
  "gcor": 0.0164644,
  "gsr_x": -0.005825027823448181,
  "gsr_y": 0.02491612546145916,
  "provenance": {
    "md5sum": "45bf975960bfb45ae619506065ecb3e6",
    "settings": {
      "fd_thres": 0.2,
      "testing": false
    },
    "software": "mriqc",
    "version": "23.0.1",
    "webapi_port": null,
    "webapi_url": "https://mriqc.nimh.nih.gov/api/v1"
  },
  "size_t": 231,
  "size_x": 64,
  "size_y": 64,
  "size_z": 32,
  "snr": 7.675315110643238,
  "spacing_tr": 2.0,
  "spacing_x": 3.125,
  "spacing_y": 3.125,
  "spacing_z": 3.999999761581421,
  "summary_bg_k": 50.95864437973653,
  "summary_bg_mad": 5.686517630586847,
  "summary_bg_mean": 16.60370445251465,
  "summary_bg_median": 7.354978561401367,
  "summary_bg_n": 80927.0,
  "summary_bg_p05": 2.5367965698242188,
  "summary_bg_p95": 60.212120056152344,
  "summary_bg_stdv": 30.193849563598633,
  "summary_fg_k": 1.9857997458619083,
  "summary_fg_mad": 46.246257921720755,
  "summary_fg_mean": 370.0616455078125,
  "summary_fg_median": 369.35064697265625,
  "summary_fg_n": 21384.0,
  "summary_fg_p05": 299.6945770263672,
  "summary_fg_p95": 445.5497741699219,
  "summary_fg_stdv": 48.12076187133789,
  "tsnr": 74.76393911289051
}