{
  "bids_meta": {
    "ConversionSoftware": "dicm2nii.m 20200120",
    "DeviceSerialNumber": "45348",
    "EchoTime": 0.00341,
    "FlipAngle": 7,
    "ImageType": [
      "ORIGINAL",
      "PRIMARY",
      "M",
      "ND",
      "NORM"
    ],
    "InstitutionAddress": "Franklin Blvd 1440,Eugene,District,US,97403",
    "InstitutionName": "Lewis Building",
    "InversionTime": 1.1,
    "MRAcquisitionType": "3D",
    "Manufacturer": "SIEMENS",
    "Modality": "MR",
    "PhaseEncodingDirection": "j-",
    "RepetitionTime": 2.5,
    "ScanOptions": "IR",
    "ScanningSequence": "GR\\IR",
    "SequenceName": "*tfl3d1_16ns",
    "SequenceVariant": "SK\\SP\\MP",
    "SeriesDescription": "mprage_MGH_p2",
    "SeriesNumber": 9,
    "SliceThickness": 1,
    "SoftwareVersion": "syngo MR D13C",
    "dataset": "ds003136",
    "modality": "T1w",
    "session_id": "01",
    "subject_id": "3142"
  },
  "cjv": 0.34922182239747307,
  "cnr": 3.807099393924748,
  "efc": 0.5252904449530611,
  "fber": -1.0,
  "fwhm_avg": 3.9522633333333332,
  "fwhm_x": 3.95141,
  "fwhm_y": 4.17301,
  "fwhm_z": 3.73237,
  "icvs_csf": 0.2166244540877657,
  "icvs_gm": 0.4322521872629713,
  "icvs_wm": 0.351123358649263,
  "inu_med": 0.5007842779159546,
  "inu_range": 0.14775620698928826,
  "provenance": {
    "md5sum": "1d4f66ad149b2a120d74c0da35df5d94",
    "settings": {
      "testing": false
    },
    "software": "mriqc",
    "version": "23.0.1",
    "warnings": {
      "large_rot_frame": true,
      "small_air_mask": false
    },
    "webapi_port": null,
    "webapi_url": "https://mriqc.nimh.nih.gov/api/v1"
  },
  "qi_1": 0.007282866878926278,
  "qi_2": 0.010756764142708253,
  "rpve_csf": 23.76112931100659,
  "rpve_gm": 12.195157690732788,
  "rpve_wm": 17.403449030055224,
  "size_x": 176,
  "size_y": 256,
  "size_z": 256,
  "snr_csf": 1.4321250483058876,
  "snr_gm": 9.628188647559291,
  "snr_total": 12.0102218735643,
  "snr_wm": 24.970351924827725,
  "snrd_csf": 29.415927254302794,
  "snrd_gm": 110.68698010146713,
  "snrd_total": 100.34208505374032,
  "snrd_wm": 160.92334780545102,
  "spacing_x": 1.0,
  "spacing_y": 1.0,
  "spacing_z": 1.0,
  "summary_bg_k": 50.010813221531606,
  "summary_bg_mad": 0.0,
  "summary_bg_mean": 1.5123749694153406,
  "summary_bg_median": 0.0,
  "summary_bg_n": 3139878.0,
  "summary_bg_p05": 0.0,
  "summary_bg_p95": 9.425919821485877,
  "summary_bg_stdv": 4.0711083394245415,
  "summary_csf_k": 0.41229274354371226,
  "summary_csf_mad": 120.646269465634,
  "summary_csf_mean": 208.67545359456133,
  "summary_csf_median": 182.79464666731656,
  "summary_csf_n": 48139.0,
  "summary_csf_p05": 42.69673758931458,
  "summary_csf_p95": 455.7371342733502,
  "summary_csf_stdv": 127.63742122997716,
  "summary_gm_k": 0.021733292970494755,
  "summary_gm_mad": 71.3549920574956,
  "summary_gm_mean": 687.2206215160511,
  "summary_gm_median": 687.8242267668247,
  "summary_gm_n": 44008.0,
  "summary_gm_p05": 567.901926691737,
  "summary_gm_p95": 802.7863496541977,
  "summary_gm_stdv": 71.43777891527499,
  "summary_wm_k": 0.5791959744527362,
  "summary_wm_mad": 37.66359145544935,
  "summary_wm_mean": 999.7752538121475,
  "summary_wm_median": 999.9999744463712,
  "summary_wm_n": 210523.0,
  "summary_wm_p05": 934.0672484599054,
  "summary_wm_p95": 1064.7635940983891,
  "summary_wm_stdv": 40.04739710584211,
  "tpm_overlap_csf": 0.13287975250518116,
  "tpm_overlap_gm": 0.47309608183520696,
  "tpm_overlap_wm": 0.5159764609635777,
  "wm2max": 0.6882176441993395
}