{
  "bids_meta": {
    "ConversionSoftware": "dicm2nii.m 20200120",
    "DeviceSerialNumber": "45348",
    "EchoTime": 0.00341,
    "FlipAngle": 7,
    "ImageType": [
      "ORIGINAL",
      "PRIMARY",
      "M",
      "ND",
      "NORM"
    ],
    "InstitutionAddress": "Franklin Blvd 1440,Eugene,District,US,97403",
    "InstitutionName": "Lewis Building",
    "InversionTime": 1.1,
    "MRAcquisitionType": "3D",
    "Manufacturer": "SIEMENS",
    "Modality": "MR",
    "PhaseEncodingDirection": "j-",
    "RepetitionTime": 2.5,
    "ScanOptions": "IR",
    "ScanningSequence": "GR\\IR",
    "SequenceName": "*tfl3d1_16ns",
    "SequenceVariant": "SK\\SP\\MP",
    "SeriesDescription": "mprage_MGH_p2",
    "SeriesNumber": 9,
    "SliceThickness": 1,
    "SoftwareVersion": "syngo MR D13C",
    "dataset": "ds003136",
    "modality": "T1w",
    "session_id": "01",
    "subject_id": "3227"
  },
  "cjv": 0.3264435225325249,
  "cnr": 3.9553784876265126,
  "efc": 0.5207586875920762,
  "fber": -1.0,
  "fwhm_avg": 3.4499566666666666,
  "fwhm_x": 3.48781,
  "fwhm_y": 3.61877,
  "fwhm_z": 3.24329,
  "icvs_csf": 0.1842689560294173,
  "icvs_gm": 0.4651389736922517,
  "icvs_wm": 0.35059207027833095,
  "inu_med": 0.5066264569759369,
  "inu_range": 0.1472463756799698,
  "provenance": {
    "md5sum": "bf9bd5b1e9d3abec1b71d8f929ecfc09",
    "settings": {
      "testing": false
    },
    "software": "mriqc",
    "version": "23.0.1",
    "warnings": {
      "large_rot_frame": true,
      "small_air_mask": false
    },
    "webapi_port": null,
    "webapi_url": "https://mriqc.nimh.nih.gov/api/v1"
  },
  "qi_1": 0.004602789025936009,
  "qi_2": 0.03630133783775173,
  "rpve_csf": 28.73726987023012,
  "rpve_gm": 12.425967158060015,
  "rpve_wm": 18.296095894783885,
  "size_x": 176,
  "size_y": 256,
  "size_z": 256,
  "snr_csf": 1.7420706642439217,
  "snr_gm": 9.747800801903344,
  "snr_total": 11.994441608228128,
  "snr_wm": 24.493453358537113,
  "snrd_csf": 18.10406234975861,
  "snrd_gm": 57.79412455512157,
  "snrd_total": 53.66544567054071,
  "snrd_wm": 85.09815010674194,
  "spacing_x": 1.0,
  "spacing_y": 1.0,
  "spacing_z": 1.0,
  "summary_bg_k": 503.84479134635427,
  "summary_bg_mad": 0.0,
  "summary_bg_mean": 1.7042038481708148,
  "summary_bg_median": 0.0,
  "summary_bg_n": 3096047.0,
  "summary_bg_p05": 0.0,
  "summary_bg_p95": 9.200132532045245,
  "summary_bg_stdv": 7.6984154296129805,
  "summary_csf_k": 1.2657101581661774,
  "summary_csf_mad": 111.82107090552847,
  "summary_csf_mean": 232.85819471633081,
  "summary_csf_median": 212.73828309960663,
  "summary_csf_n": 26043.0,
  "summary_csf_p05": 62.93458269350231,
  "summary_csf_p95": 460.9952269617467,
  "summary_csf_stdv": 122.11571152701262,
  "summary_gm_k": 0.07594437111910102,
  "summary_gm_mad": 67.35913364989659,
  "summary_gm_mean": 680.5148504610399,
  "summary_gm_median": 679.1306058038026,
  "summary_gm_n": 43605.0,
  "summary_gm_p05": 568.2843817647547,
  "summary_gm_p95": 799.725659225136,
  "summary_gm_stdv": 69.66933693644715,
  "summary_wm_k": 0.7540322361136833,
  "summary_wm_mad": 37.378884159703155,
  "summary_wm_mean": 998.860009470766,
  "summary_wm_median": 999.9763588365167,
  "summary_wm_n": 187673.0,
  "summary_wm_p05": 929.9702089782804,
  "summary_wm_p95": 1063.265702424571,
  "summary_wm_stdv": 40.82616199723936,
  "tpm_overlap_csf": 0.1389873040521824,
  "tpm_overlap_gm": 0.47100290564146124,
  "tpm_overlap_wm": 0.5092668196268881,
  "wm2max": 0.7084637846461617
}