{
  "aor": 0.0008145021645021645,
  "aqi": 0.009092917835497835,
  "bids_meta": {
    "ConversionSoftware": "dicm2nii.m 20200120",
    "DeviceSerialNumber": "45348",
    "EchoTime": 0.03,
    "EffectiveEchoSpacing": 0.00028515375,
    "FlipAngle": 90,
    "ImageType": [
      "ORIGINAL",
      "PRIMARY",
      "M",
      "ND",
      "NORM",
      "MOSAIC"
    ],
    "InstitutionAddress": "Franklin Blvd 1440,Eugene,District,US,97403",
    "InstitutionName": "Lewis Building",
    "MRAcquisitionType": "2D",
    "Manufacturer": "SIEMENS",
    "Modality": "MR",
    "PhaseEncodingDirection": "j-",
    "RepetitionTime": 2,
    "ScanOptions": "FS",
    "ScanningSequence": "EP",
    "SequenceName": "*epfid2d1_64",
    "SequenceVariant": "SK\\OSP",
    "SeriesDescription": "ep2d_infant_2",
    "SeriesNumber": 8,
    "SliceThickness": 4,
    "SliceTiming": [
      0.99,
      0,
      1.0525,
      0.0625,
      1.115,
      0.125,
      1.1775,
      0.1875,
      1.2375,
      0.2475,
      1.3,
      0.31,
      1.3625,
      0.3725,
      1.425,
      0.435,
      1.485,
      0.495,
      1.5475,
      0.5575,
      1.61,
      0.62,
      1.6725,
      0.6825,
      1.7325,
      0.7425,
      1.795,
      0.805,
      1.8575,
      0.8675,
      1.92,
      0.93
    ],
    "SoftwareVersion": "syngo MR D13C",
    "TaskName": "Neural Reactivity to Own- and Other-Infant Affect",
    "TotalReadoutTime": 0.017964687,
    "dataset": "ds003136",
    "modality": "bold",
    "run_id": 2,
    "session_id": "02",
    "subject_id": "0178",
    "task_id": "infant"
  },
  "dummy_trs": 0,
  "dvars_nstd": 22.977613772434783,
  "dvars_std": 1.263335133347826,
  "dvars_vstd": 1.0054456543478254,
  "efc": 0.5197741519441011,
  "fber": 2217.237548828125,
  "fd_mean": 0.06127992937803648,
  "fd_num": 4,
  "fd_perc": 1.7316017316017316,
  "fwhm_avg": 1.4496032666666665,
  "fwhm_x": 1.4121119999999998,
  "fwhm_y": 1.5810528,
  "fwhm_z": 1.355645,
  "gcor": 0.017206,
  "gsr_x": -0.0013367088977247477,
  "gsr_y": 0.02160634472966194,
  "provenance": {
    "md5sum": "4e62e952533c360eb547cd0f6a0b27f9",
    "settings": {
      "fd_thres": 0.2,
      "testing": false
    },
    "software": "mriqc",
    "version": "23.0.1",
    "webapi_port": null,
    "webapi_url": "https://mriqc.nimh.nih.gov/api/v1"
  },
  "size_t": 231,
  "size_x": 64,
  "size_y": 64,
  "size_z": 32,
  "snr": 7.987457555988685,
  "spacing_tr": 2.0,
  "spacing_x": 3.125,
  "spacing_y": 3.125,
  "spacing_z": 4.0,
  "summary_bg_k": 41.688956557336255,
  "summary_bg_mad": 6.995829502421724,
  "summary_bg_mean": 18.331085205078125,
  "summary_bg_median": 8.515151977539062,
  "summary_bg_n": 77068.0,
  "summary_bg_p05": 2.809523820877075,
  "summary_bg_p95": 65.86861572265623,
  "summary_bg_stdv": 31.40567970275879,
  "summary_fg_k": 3.9438564027948644,
  "summary_fg_mad": 44.40105883495637,
  "summary_fg_mean": 406.9597473144531,
  "summary_fg_median": 404.7662353515625,
  "summary_fg_n": 24415.0,
  "summary_fg_p05": 335.6190490722656,
  "summary_fg_p95": 486.36147155761716,
  "summary_fg_stdv": 50.674190521240234,
  "tsnr": 74.28227387950756
}