{
  "aor": 0.002737854077253219,
  "aqi": 0.0104802169527897,
  "bids_meta": {
    "ConversionSoftware": "dicm2nii.m 20200120",
    "DeviceSerialNumber": "45348",
    "EchoTime": 0.03,
    "EffectiveEchoSpacing": 0.00028515375,
    "FlipAngle": 90,
    "ImageType": [
      "ORIGINAL",
      "PRIMARY",
      "M",
      "ND",
      "NORM",
      "MOSAIC"
    ],
    "InstitutionAddress": "Franklin Blvd 1440,Eugene,District,US,97403",
    "InstitutionName": "Lewis Building",
    "MRAcquisitionType": "2D",
    "Manufacturer": "SIEMENS",
    "Modality": "MR",
    "PhaseEncodingDirection": "j-",
    "RepetitionTime": 2,
    "ScanOptions": "FS",
    "ScanningSequence": "EP",
    "SequenceName": "*epfid2d1_64",
    "SequenceVariant": "SK\\OSP",
    "SeriesDescription": "ep2d_affect_2",
    "SeriesNumber": 10,
    "SliceThickness": 4,
    "SliceTiming": [
      0.99,
      0,
      1.0525,
      0.0625,
      1.1125,
      0.1225,
      1.175,
      0.185,
      1.2375,
      0.2475,
      1.3,
      0.31,
      1.36,
      0.37,
      1.4225,
      0.4325,
      1.485,
      0.495,
      1.5475,
      0.5575,
      1.6075,
      0.6175,
      1.67,
      0.68,
      1.7325,
      0.7425,
      1.795,
      0.805,
      1.855,
      0.865,
      1.9175,
      0.9275
    ],
    "SoftwareVersion": "syngo MR D13C",
    "TaskName": "Observing and Labeling Affective Faces",
    "TotalReadoutTime": 0.017964687,
    "dataset": "ds003136",
    "modality": "bold",
    "run_id": 2,
    "session_id": "02",
    "subject_id": "0178",
    "task_id": "affect"
  },
  "dummy_trs": 0,
  "dvars_nstd": 24.03913209353448,
  "dvars_std": 1.2953154636637922,
  "dvars_vstd": 1.0318140921982761,
  "efc": 0.5207145842977338,
  "fber": 2172.142822265625,
  "fd_mean": 0.0859444186609823,
  "fd_num": 5,
  "fd_perc": 2.1459227467811157,
  "fwhm_avg": 1.4436820666666668,
  "fwhm_x": 1.4032672,
  "fwhm_y": 1.574464,
  "fwhm_z": 1.353315,
  "gcor": 0.020799,
  "gsr_x": -0.0004145275161135942,
  "gsr_y": 0.02048822119832039,
  "provenance": {
    "md5sum": "4a4ca640539ce8677e677bddceafb98d",
    "settings": {
      "fd_thres": 0.2,
      "testing": false
    },
    "software": "mriqc",
    "version": "23.0.1",
    "webapi_port": null,
    "webapi_url": "https://mriqc.nimh.nih.gov/api/v1"
  },
  "size_t": 233,
  "size_x": 64,
  "size_y": 64,
  "size_z": 32,
  "snr": 8.016237678066764,
  "spacing_tr": 2.0,
  "spacing_x": 3.125,
  "spacing_y": 3.125,
  "spacing_z": 4.0,
  "summary_bg_k": 39.30905044141632,
  "summary_bg_mad": 7.075766864163203,
  "summary_bg_mean": 18.628904342651367,
  "summary_bg_median": 8.59227466583252,
  "summary_bg_n": 77127.0,
  "summary_bg_p05": 2.8540773391723633,
  "summary_bg_p95": 67.7974243164062,
  "summary_bg_stdv": 32.00302505493164,
  "summary_fg_k": 3.740942719097773,
  "summary_fg_mad": 44.55439559394427,
  "summary_fg_mean": 406.93084716796875,
  "summary_fg_median": 404.95709228515625,
  "summary_fg_n": 24339.0,
  "summary_fg_p05": 335.7806793212891,
  "summary_fg_p95": 486.0575042724609,
  "summary_fg_stdv": 50.51606369018555,
  "tsnr": 69.87562957894988
}