{
  "bids_meta": {
    "ConversionSoftware": "dicm2nii.m 20200120",
    "DeviceSerialNumber": "45348",
    "EchoTime": 0.00341,
    "FlipAngle": 7,
    "ImageType": [
      "ORIGINAL",
      "PRIMARY",
      "M",
      "ND",
      "NORM"
    ],
    "InstitutionAddress": "Franklin Blvd 1440,Eugene,District,US,97403",
    "InstitutionName": "Lewis Building",
    "InversionTime": 1.1,
    "MRAcquisitionType": "3D",
    "Manufacturer": "SIEMENS",
    "Modality": "MR",
    "PhaseEncodingDirection": "j-",
    "RepetitionTime": 2.5,
    "ScanOptions": "IR",
    "ScanningSequence": "GR\\IR",
    "SequenceName": "*tfl3d1_16ns",
    "SequenceVariant": "SK\\SP\\MP",
    "SeriesDescription": "mprage_MGH_p2",
    "SeriesNumber": 7,
    "SliceThickness": 1,
    "SoftwareVersion": "syngo MR D13C",
    "dataset": "ds003136",
    "modality": "T1w",
    "session_id": "01",
    "subject_id": "3128"
  },
  "cjv": 0.30294858147594006,
  "cnr": 4.378150978720841,
  "efc": 0.5720429544773901,
  "fber": -1.0,
  "fwhm_avg": 4.0123299999999995,
  "fwhm_x": 4.02741,
  "fwhm_y": 4.32925,
  "fwhm_z": 3.68033,
  "icvs_csf": 0.1854188936267458,
  "icvs_gm": 0.45013004294168896,
  "icvs_wm": 0.36445106343156525,
  "inu_med": 0.48073434829711914,
  "inu_range": 0.12578943669795994,
  "provenance": {
    "md5sum": "eeb41a0220497ad2b18523d6160b4908",
    "settings": {
      "testing": false
    },
    "software": "mriqc",
    "version": "23.0.1",
    "warnings": {
      "large_rot_frame": true,
      "small_air_mask": false
    },
    "webapi_port": null,
    "webapi_url": "https://mriqc.nimh.nih.gov/api/v1"
  },
  "qi_1": 0.005635498861919073,
  "qi_2": 0.0216464528353912,
  "rpve_csf": 31.00878513716978,
  "rpve_gm": 13.775782386223625,
  "rpve_wm": 19.14383925262353,
  "size_x": 176,
  "size_y": 256,
  "size_z": 256,
  "snr_csf": 1.4710470003023035,
  "snr_gm": 10.044442402991217,
  "snr_total": 12.159957474580919,
  "snr_wm": 24.964383020449233,
  "snrd_csf": 22.433941330168924,
  "snrd_gm": 82.10062302046018,
  "snrd_total": 76.20522592603814,
  "snrd_wm": 124.08111342748532,
  "spacing_x": 1.0,
  "spacing_y": 1.0,
  "spacing_z": 1.0,
  "summary_bg_k": 21.08086270604352,
  "summary_bg_mad": 0.0,
  "summary_bg_mean": 2.300914723884381,
  "summary_bg_median": 0.0,
  "summary_bg_n": 2380198.0,
  "summary_bg_p05": 0.0,
  "summary_bg_p95": 12.224218677729368,
  "summary_bg_stdv": 5.279904263670151,
  "summary_csf_k": 4.378668746314546,
  "summary_csf_mad": 113.50211095693196,
  "summary_csf_mean": 206.82102638693135,
  "summary_csf_median": 180.8006126359105,
  "summary_csf_n": 34537.0,
  "summary_csf_p05": 50.958791114389896,
  "summary_csf_p95": 437.5857903346417,
  "summary_csf_stdv": 122.90429543599889,
  "summary_gm_k": 0.10394809944855332,
  "summary_gm_mad": 65.0704676128621,
  "summary_gm_mean": 663.1968963915135,
  "summary_gm_median": 661.6689738743007,
  "summary_gm_n": 52832.0,
  "summary_gm_p05": 557.0709003210068,
  "summary_gm_p95": 773.395386993885,
  "summary_gm_stdv": 65.87351346034968,
  "summary_wm_k": 0.793999837430639,
  "summary_wm_mad": 37.42643674108914,
  "summary_wm_mean": 999.682016988305,
  "summary_wm_median": 999.9999997355044,
  "summary_wm_n": 197389.0,
  "summary_wm_p05": 933.5179236978292,
  "summary_wm_p95": 1063.8604963459074,
  "summary_wm_stdv": 40.05696699349404,
  "tpm_overlap_csf": 0.12317351811382402,
  "tpm_overlap_gm": 0.470648638107892,
  "tpm_overlap_wm": 0.5220767484894175,
  "wm2max": 0.6705313055500691
}