{
  "bids_meta": {
    "ConversionSoftware": "dicm2nii.m 20200120",
    "DeviceSerialNumber": "45348",
    "EchoTime": 0.00341,
    "FlipAngle": 7,
    "ImageType": [
      "ORIGINAL",
      "PRIMARY",
      "M",
      "ND",
      "NORM"
    ],
    "InstitutionAddress": "Franklin Blvd 1440,Eugene,District,US,97403",
    "InstitutionName": "Lewis Building",
    "InversionTime": 1.1,
    "MRAcquisitionType": "3D",
    "Manufacturer": "SIEMENS",
    "Modality": "MR",
    "PhaseEncodingDirection": "j-",
    "RepetitionTime": 2.5,
    "ScanOptions": "IR",
    "ScanningSequence": "GR\\IR",
    "SequenceName": "*tfl3d1_16ns",
    "SequenceVariant": "SK\\SP\\MP",
    "SeriesDescription": "mprage_MGH_p2",
    "SeriesNumber": 14,
    "SliceThickness": 1,
    "SoftwareVersion": "syngo MR D13C",
    "dataset": "ds003136",
    "modality": "T1w",
    "session_id": "01",
    "subject_id": "3091"
  },
  "cjv": 0.37310842643199343,
  "cnr": 3.525639791921295,
  "efc": 0.5665189678197715,
  "fber": -1.0,
  "fwhm_avg": 3.6848166666666664,
  "fwhm_x": 3.74578,
  "fwhm_y": 3.83174,
  "fwhm_z": 3.47693,
  "icvs_csf": 0.23578828505530153,
  "icvs_gm": 0.41901838196747115,
  "icvs_wm": 0.3451933329772273,
  "inu_med": 0.5560223460197449,
  "inu_range": 0.16509119272232053,
  "provenance": {
    "md5sum": "41d038f1648436c5da8a1bf5412a98b6",
    "settings": {
      "testing": false
    },
    "software": "mriqc",
    "version": "23.0.1",
    "warnings": {
      "large_rot_frame": true,
      "small_air_mask": false
    },
    "webapi_port": null,
    "webapi_url": "https://mriqc.nimh.nih.gov/api/v1"
  },
  "qi_1": 0.019869307711286095,
  "qi_2": 0.013786553802178053,
  "rpve_csf": 21.555726785210275,
  "rpve_gm": 12.09555983940523,
  "rpve_wm": 16.853091358315194,
  "size_x": 176,
  "size_y": 256,
  "size_z": 256,
  "snr_csf": 1.9374656488683086,
  "snr_gm": 9.474084159458917,
  "snr_total": 11.2240227898885,
  "snr_wm": 22.26051856133827,
  "snrd_csf": 23.177296122156463,
  "snrd_gm": 80.6958128908782,
  "snrd_total": 73.28195386406765,
  "snrd_wm": 115.9727525791683,
  "spacing_x": 1.0,
  "spacing_y": 1.0,
  "spacing_z": 1.0,
  "summary_bg_k": 21.196712241299778,
  "summary_bg_mad": 0.0,
  "summary_bg_mean": 2.8998885587409626,
  "summary_bg_median": 0.0,
  "summary_bg_n": 3033208.0,
  "summary_bg_p05": 0.0,
  "summary_bg_p95": 12.188492573797703,
  "summary_bg_stdv": 5.6490545537623555,
  "summary_csf_k": 1.6433385344375333,
  "summary_csf_mad": 78.13662875995098,
  "summary_csf_mean": 223.621113155304,
  "summary_csf_median": 199.8512221314013,
  "summary_csf_n": 64810.0,
  "summary_csf_p05": 96.39209267869592,
  "summary_csf_p95": 436.69995540641224,
  "summary_csf_stdv": 103.15005090192152,
  "summary_gm_k": 0.06369296337707686,
  "summary_gm_mad": 71.75250138298429,
  "summary_gm_mean": 695.5283809825456,
  "summary_gm_median": 695.8170073907822,
  "summary_gm_n": 25666.0,
  "summary_gm_p05": 573.5815909625962,
  "summary_gm_p95": 818.2884685695171,
  "summary_gm_stdv": 73.44281941333655,
  "summary_wm_k": 0.8940344861411362,
  "summary_wm_mad": 41.74073979358945,
  "summary_wm_mean": 1000.1542629893028,
  "summary_wm_median": 1000.000009264797,
  "summary_wm_n": 203408.0,
  "summary_wm_p05": 927.3368516003713,
  "summary_wm_p95": 1072.844849858433,
  "summary_wm_stdv": 44.92247331941278,
  "tpm_overlap_csf": 0.15730328443612135,
  "tpm_overlap_gm": 0.45157990646691865,
  "tpm_overlap_wm": 0.4945270722526363,
  "wm2max": 0.5773621219821136
}