{
  "bids_meta": {
    "ConversionSoftware": "dicm2nii.m 20200120",
    "DeviceSerialNumber": "45348",
    "EchoTime": 0.00341,
    "FlipAngle": 7,
    "ImageType": [
      "ORIGINAL",
      "PRIMARY",
      "M",
      "ND",
      "NORM"
    ],
    "InstitutionAddress": "Franklin Blvd 1440,Eugene,District,US,97403",
    "InstitutionName": "Lewis Building",
    "InversionTime": 1.1,
    "MRAcquisitionType": "3D",
    "Manufacturer": "SIEMENS",
    "Modality": "MR",
    "PhaseEncodingDirection": "j-",
    "RepetitionTime": 2.5,
    "ScanOptions": "IR",
    "ScanningSequence": "GR\\IR",
    "SequenceName": "*tfl3d1_16ns",
    "SequenceVariant": "SK\\SP\\MP",
    "SeriesDescription": "mprage_MGH_p2",
    "SeriesNumber": 7,
    "SliceThickness": 1,
    "SoftwareVersion": "syngo MR D13C",
    "dataset": "ds003136",
    "modality": "T1w",
    "session_id": "01",
    "subject_id": "3080"
  },
  "cjv": 0.32651575870616756,
  "cnr": 3.9772975714686623,
  "efc": 0.5870236274235445,
  "fber": -1.0,
  "fwhm_avg": 3.715806666666667,
  "fwhm_x": 3.76766,
  "fwhm_y": 3.88936,
  "fwhm_z": 3.4904,
  "icvs_csf": 0.1967087538772729,
  "icvs_gm": 0.4626046051686052,
  "icvs_wm": 0.3406866409541219,
  "inu_med": 0.550027072429657,
  "inu_range": 0.15740203857421875,
  "provenance": {
    "md5sum": "68faeca76ebac0ddc717c94d12336feb",
    "settings": {
      "testing": false
    },
    "software": "mriqc",
    "version": "23.0.1",
    "warnings": {
      "large_rot_frame": true,
      "small_air_mask": false
    },
    "webapi_port": null,
    "webapi_url": "https://mriqc.nimh.nih.gov/api/v1"
  },
  "qi_1": 0.014890532301692641,
  "qi_2": 0.0033954203900624508,
  "rpve_csf": 29.205979415045046,
  "rpve_gm": 13.344706770348786,
  "rpve_wm": 20.063655497838376,
  "size_x": 176,
  "size_y": 256,
  "size_z": 256,
  "snr_csf": 1.5567074726353336,
  "snr_gm": 9.707069613920236,
  "snr_total": 11.26424424817054,
  "snr_wm": 22.528955657956047,
  "snrd_csf": 8.870205154122429,
  "snrd_gm": 29.911599923772563,
  "snrd_total": 27.83431099367691,
  "snrd_wm": 44.72112790313574,
  "spacing_x": 1.0,
  "spacing_y": 1.0,
  "spacing_z": 1.0,
  "summary_bg_k": 315.99138485132886,
  "summary_bg_mad": 0.0,
  "summary_bg_mean": 4.146897477870104,
  "summary_bg_median": 0.0,
  "summary_bg_n": 2587204.0,
  "summary_bg_p05": 0.0,
  "summary_bg_p95": 14.665165577083826,
  "summary_bg_stdv": 14.649371039373374,
  "summary_csf_k": 1.5495790728613512,
  "summary_csf_mad": 123.89226178134359,
  "summary_csf_mean": 217.4884520703232,
  "summary_csf_median": 198.34484314732254,
  "summary_csf_n": 23166.0,
  "summary_csf_p05": 40.717132434714586,
  "summary_csf_p95": 453.29661690909415,
  "summary_csf_stdv": 127.4102974646924,
  "summary_gm_k": 0.09263933793003876,
  "summary_gm_mad": 67.12240507214246,
  "summary_gm_mean": 669.6975360379539,
  "summary_gm_median": 668.8471678029746,
  "summary_gm_n": 43398.0,
  "summary_gm_p05": 556.9066202242859,
  "summary_gm_p95": 784.8297636117786,
  "summary_gm_stdv": 68.9023040312599,
  "summary_wm_k": 0.8377548383665303,
  "summary_wm_mad": 41.004211163022504,
  "summary_wm_mean": 998.9627200688694,
  "summary_wm_median": 999.999993821606,
  "summary_wm_n": 172856.0,
  "summary_wm_p05": 924.7269240338355,
  "summary_wm_p95": 1069.0662300456315,
  "summary_wm_stdv": 44.38719292712469,
  "tpm_overlap_csf": 0.13234768804098493,
  "tpm_overlap_gm": 0.48503529259841327,
  "tpm_overlap_wm": 0.5222768572170129,
  "wm2max": 0.6240668463751924
}