{
  "aor": 0.0020187610619469025,
  "aqi": 0.00614848296460177,
  "bids_meta": {
    "ConversionSoftware": "dicm2nii.m 20200120",
    "DeviceSerialNumber": "45348",
    "EchoTime": 0.03,
    "EffectiveEchoSpacing": 0.00028515375,
    "FlipAngle": 90,
    "ImageType": [
      "ORIGINAL",
      "PRIMARY",
      "M",
      "ND",
      "NORM",
      "MOSAIC"
    ],
    "InstitutionAddress": "Franklin Blvd 1440,Eugene,District,US,97403",
    "InstitutionName": "Lewis Building",
    "MRAcquisitionType": "2D",
    "Manufacturer": "SIEMENS",
    "Modality": "MR",
    "PhaseEncodingDirection": "j-",
    "RepetitionTime": 2,
    "ScanOptions": "FS",
    "ScanningSequence": "EP",
    "SequenceName": "*epfid2d1_64",
    "SequenceVariant": "SK\\OSP",
    "SeriesDescription": "ep2d_infant_1",
    "SeriesNumber": 7,
    "SliceThickness": 4,
    "SliceTiming": [
      0.99,
      0,
      1.0525,
      0.0625,
      1.115,
      0.125,
      1.1775,
      0.1875,
      1.2375,
      0.2475,
      1.3,
      0.31,
      1.3625,
      0.3725,
      1.425,
      0.435,
      1.485,
      0.495,
      1.5475,
      0.5575,
      1.61,
      0.62,
      1.67,
      0.6825,
      1.7325,
      0.7425,
      1.795,
      0.805,
      1.8575,
      0.8675,
      1.9175,
      0.93
    ],
    "SoftwareVersion": "syngo MR D13C",
    "TotalReadoutTime": 0.017964687,
    "dataset": "ds003136",
    "modality": "bold",
    "run_id": 1,
    "session_id": "01",
    "subject_id": "3120",
    "task_id": "infant"
  },
  "dummy_trs": 0,
  "dvars_nstd": 28.315306506400002,
  "dvars_std": 1.36549077888889,
  "dvars_vstd": 1.0404597162222213,
  "efc": 0.5181856665281832,
  "fber": 2349.432373046875,
  "fd_mean": 0.22019288645419555,
  "fd_num": 123,
  "fd_perc": 54.424778761061944,
  "fwhm_avg": 1.6411454666666667,
  "fwhm_x": 1.6251552,
  "fwhm_y": 1.8078112,
  "fwhm_z": 1.49047,
  "gcor": 0.0566013,
  "gsr_x": -0.0063530392944812775,
  "gsr_y": 0.023298610001802444,
  "provenance": {
    "md5sum": "9dc3e189b163908e619dada6fdb337b8",
    "settings": {
      "fd_thres": 0.2,
      "testing": false
    },
    "software": "mriqc",
    "version": "23.0.1",
    "webapi_port": null,
    "webapi_url": "https://mriqc.nimh.nih.gov/api/v1"
  },
  "size_t": 226,
  "size_x": 64,
  "size_y": 64,
  "size_z": 32,
  "snr": 6.383304189157089,
  "spacing_tr": 2.0,
  "spacing_x": 3.125,
  "spacing_y": 3.125,
  "spacing_z": 4.0,
  "summary_bg_k": 29.019098307304425,
  "summary_bg_mad": 5.294070797484329,
  "summary_bg_mean": 16.035432815551758,
  "summary_bg_median": 6.553097248077393,
  "summary_bg_n": 77712.0,
  "summary_bg_p05": 2.238938093185425,
  "summary_bg_p95": 59.49756622314452,
  "summary_bg_stdv": 28.10625457763672,
  "summary_fg_k": 1.4839625380768453,
  "summary_fg_mad": 47.233332201472905,
  "summary_fg_mean": 328.8161315917969,
  "summary_fg_median": 323.0531005859375,
  "summary_fg_n": 23901.0,
  "summary_fg_p05": 258.0663757324219,
  "summary_fg_p95": 413.8893737792969,
  "summary_fg_stdv": 50.60801315307617,
  "tsnr": 69.01683268882334
}