{
  "aor": 0.001240701754385965,
  "aqi": 0.004561052543859649,
  "bids_meta": {
    "ConversionSoftware": "dicm2nii.m 20200120",
    "DeviceSerialNumber": "45348",
    "EchoTime": 0.03,
    "EffectiveEchoSpacing": 0.00028515375,
    "FlipAngle": 90,
    "ImageType": [
      "ORIGINAL",
      "PRIMARY",
      "M",
      "ND",
      "NORM",
      "MOSAIC"
    ],
    "InstitutionAddress": "Franklin Blvd 1440,Eugene,District,US,97403",
    "InstitutionName": "Lewis Building",
    "MRAcquisitionType": "2D",
    "Manufacturer": "SIEMENS",
    "Modality": "MR",
    "PhaseEncodingDirection": "j-",
    "RepetitionTime": 2,
    "ScanOptions": "FS",
    "ScanningSequence": "EP",
    "SequenceName": "*epfid2d1_64",
    "SequenceVariant": "SK\\OSP",
    "SeriesDescription": "ep2d_affect_2",
    "SeriesNumber": 11,
    "SliceThickness": 4,
    "SliceTiming": [
      0.99,
      0,
      1.0525,
      0.0625,
      1.1125,
      0.1225,
      1.175,
      0.185,
      1.2375,
      0.2475,
      1.3,
      0.31,
      1.36,
      0.37,
      1.4225,
      0.4325,
      1.485,
      0.495,
      1.5475,
      0.5575,
      1.6075,
      0.6175,
      1.67,
      0.68,
      1.7325,
      0.7425,
      1.795,
      0.805,
      1.855,
      0.865,
      1.9175,
      0.9275
    ],
    "SoftwareVersion": "syngo MR D13C",
    "TotalReadoutTime": 0.017964687,
    "dataset": "ds003136",
    "modality": "bold",
    "run_id": 2,
    "session_id": "01",
    "subject_id": "3120",
    "task_id": "affect"
  },
  "dummy_trs": 0,
  "dvars_nstd": 28.36170318387666,
  "dvars_std": 1.3824944080616743,
  "dvars_vstd": 1.02199398660793,
  "efc": 0.5160744579869637,
  "fber": 2441.41552734375,
  "fd_mean": 0.19654545302818427,
  "fd_num": 105,
  "fd_perc": 46.05263157894737,
  "fwhm_avg": 1.6291318666666668,
  "fwhm_x": 1.6117504,
  "fwhm_y": 1.7851552000000002,
  "fwhm_z": 1.49049,
  "gcor": 0.0270173,
  "gsr_x": -0.0048826043494045734,
  "gsr_y": 0.023382697254419327,
  "provenance": {
    "md5sum": "49aa2c7bca253ed033b14e456d0121c2",
    "settings": {
      "fd_thres": 0.2,
      "testing": false
    },
    "software": "mriqc",
    "version": "23.0.1",
    "webapi_port": null,
    "webapi_url": "https://mriqc.nimh.nih.gov/api/v1"
  },
  "size_t": 228,
  "size_x": 64,
  "size_y": 64,
  "size_z": 32,
  "snr": 6.457264700829537,
  "spacing_tr": 2.0,
  "spacing_x": 3.125,
  "spacing_y": 3.125,
  "spacing_z": 4.0,
  "summary_bg_k": 27.76425074219197,
  "summary_bg_mad": 5.07206066770432,
  "summary_bg_mean": 15.517704963684082,
  "summary_bg_median": 6.434210777282715,
  "summary_bg_n": 77670.0,
  "summary_bg_p05": 2.28947377204895,
  "summary_bg_p95": 56.193422126770045,
  "summary_bg_stdv": 26.596302032470703,
  "summary_fg_k": 1.6149514433212948,
  "summary_fg_mad": 46.50689421565696,
  "summary_fg_mean": 330.1755065917969,
  "summary_fg_median": 324.59649658203125,
  "summary_fg_n": 23804.0,
  "summary_fg_p05": 259.9907928466797,
  "summary_fg_p95": 414.3712738037109,
  "summary_fg_stdv": 50.267364501953125,
  "tsnr": 80.66155804740265
}