{
  "aor": 0.0006064502164502164,
  "aqi": 0.009514284502164502,
  "bids_meta": {
    "ConversionSoftware": "dicm2nii.m 20200120",
    "DeviceSerialNumber": "45348",
    "EchoTime": 0.03,
    "EffectiveEchoSpacing": 0.00028515375,
    "FlipAngle": 90,
    "ImageType": [
      "ORIGINAL",
      "PRIMARY",
      "M",
      "ND",
      "NORM",
      "MOSAIC"
    ],
    "InstitutionAddress": "Franklin Blvd 1440,Eugene,District,US,97403",
    "InstitutionName": "Lewis Building",
    "MRAcquisitionType": "2D",
    "Manufacturer": "SIEMENS",
    "Modality": "MR",
    "PhaseEncodingDirection": "j-",
    "RepetitionTime": 2,
    "ScanOptions": "FS",
    "ScanningSequence": "EP",
    "SequenceName": "*epfid2d1_64",
    "SequenceVariant": "SK\\OSP",
    "SeriesDescription": "ep2d_infant_1",
    "SeriesNumber": 7,
    "SliceThickness": 4,
    "SliceTiming": [
      0.99,
      0,
      1.0525,
      0.0625,
      1.115,
      0.125,
      1.1775,
      0.1875,
      1.2375,
      0.2475,
      1.3,
      0.31,
      1.3625,
      0.3725,
      1.425,
      0.435,
      1.485,
      0.495,
      1.5475,
      0.5575,
      1.61,
      0.62,
      1.6725,
      0.6825,
      1.7325,
      0.7425,
      1.795,
      0.805,
      1.8575,
      0.8675,
      1.92,
      0.93
    ],
    "SoftwareVersion": "syngo MR D13C",
    "TotalReadoutTime": 0.017964687,
    "dataset": "ds003136",
    "modality": "bold",
    "run_id": 1,
    "session_id": "01",
    "subject_id": "0185",
    "task_id": "infant"
  },
  "dummy_trs": 0,
  "dvars_nstd": 23.1871330757826,
  "dvars_std": 1.183978809521739,
  "dvars_vstd": 0.9778062806521733,
  "efc": 0.5201978129137319,
  "fber": 3572.551025390625,
  "fd_mean": 0.14249159302848965,
  "fd_num": 40,
  "fd_perc": 17.316017316017316,
  "fwhm_avg": 1.5392248000000002,
  "fwhm_x": 1.4938976,
  "fwhm_y": 1.7170367999999998,
  "fwhm_z": 1.40674,
  "gcor": 0.00561418,
  "gsr_x": -0.014021728187799454,
  "gsr_y": 0.038691937923431396,
  "provenance": {
    "md5sum": "d0406afb3c73819b1c4a1b15c83c0a30",
    "settings": {
      "fd_thres": 0.2,
      "testing": false
    },
    "software": "mriqc",
    "version": "23.0.1",
    "webapi_port": null,
    "webapi_url": "https://mriqc.nimh.nih.gov/api/v1"
  },
  "size_t": 231,
  "size_x": 64,
  "size_y": 64,
  "size_z": 32,
  "snr": 7.707042046999413,
  "spacing_tr": 2.0,
  "spacing_x": 3.125,
  "spacing_y": 3.125,
  "spacing_z": 4.0,
  "summary_bg_k": 37.70050854982029,
  "summary_bg_mad": 5.680099142302825,
  "summary_bg_mean": 18.183101654052734,
  "summary_bg_median": 6.965367794036865,
  "summary_bg_n": 75765.0,
  "summary_bg_p05": 2.4632034301757812,
  "summary_bg_p95": 64.26147155761723,
  "summary_bg_stdv": 35.56669616699219,
  "summary_fg_k": 2.9865414256707785,
  "summary_fg_mad": 49.14087948944275,
  "summary_fg_mean": 430.9703674316406,
  "summary_fg_median": 428.5714416503906,
  "summary_fg_n": 25490.0,
  "summary_fg_p05": 351.82552947998045,
  "summary_fg_p95": 520.8986846923827,
  "summary_fg_stdv": 55.60668182373047,
  "tsnr": 70.44074667943642
}