{
  "aor": 0.0038339484978540776,
  "aqi": 0.010236060987124465,
  "bids_meta": {
    "ConversionSoftware": "dicm2nii.m 20200120",
    "DeviceSerialNumber": "45348",
    "EchoTime": 0.03,
    "EffectiveEchoSpacing": 0.00028515375,
    "FlipAngle": 90,
    "ImageType": [
      "ORIGINAL",
      "PRIMARY",
      "M",
      "ND",
      "NORM",
      "MOSAIC"
    ],
    "InstitutionAddress": "Franklin Blvd 1440,Eugene,District,US,97403",
    "InstitutionName": "Lewis Building",
    "MRAcquisitionType": "2D",
    "Manufacturer": "SIEMENS",
    "Modality": "MR",
    "PhaseEncodingDirection": "j-",
    "RepetitionTime": 2,
    "ScanOptions": "FS",
    "ScanningSequence": "EP",
    "SequenceName": "*epfid2d1_64",
    "SequenceVariant": "SK\\OSP",
    "SeriesDescription": "ep2d_affect_2",
    "SeriesNumber": 11,
    "SliceThickness": 4,
    "SliceTiming": [
      0.99,
      0,
      1.05,
      0.06,
      1.1125,
      0.1225,
      1.175,
      0.185,
      1.2375,
      0.2475,
      1.2975,
      0.3075,
      1.36,
      0.37,
      1.4225,
      0.4325,
      1.485,
      0.495,
      1.545,
      0.555,
      1.6075,
      0.6175,
      1.67,
      0.68,
      1.7325,
      0.7425,
      1.7925,
      0.8025,
      1.855,
      0.865,
      1.9175,
      0.9275
    ],
    "SoftwareVersion": "syngo MR D13C",
    "TotalReadoutTime": 0.017964687,
    "dataset": "ds003136",
    "modality": "bold",
    "run_id": 2,
    "session_id": "01",
    "subject_id": "0185",
    "task_id": "affect"
  },
  "dummy_trs": 0,
  "dvars_nstd": 24.613540197327588,
  "dvars_std": 1.2620801307327585,
  "dvars_vstd": 1.0495260282327583,
  "efc": 0.5230654648828292,
  "fber": 3361.174560546875,
  "fd_mean": 0.1855793984684676,
  "fd_num": 71,
  "fd_perc": 30.472103004291846,
  "fwhm_avg": 1.5122590666666669,
  "fwhm_x": 1.4474016,
  "fwhm_y": 1.6933856,
  "fwhm_z": 1.39599,
  "gcor": 0.0137691,
  "gsr_x": -0.015817802399396896,
  "gsr_y": 0.039491552859544754,
  "provenance": {
    "md5sum": "d93ec3381a12719e4390a877cc469987",
    "settings": {
      "fd_thres": 0.2,
      "testing": false
    },
    "software": "mriqc",
    "version": "23.0.1",
    "webapi_port": null,
    "webapi_url": "https://mriqc.nimh.nih.gov/api/v1"
  },
  "size_t": 233,
  "size_x": 64,
  "size_y": 64,
  "size_z": 32,
  "snr": 7.929368989716712,
  "spacing_tr": 2.0,
  "spacing_x": 3.125,
  "spacing_y": 3.125,
  "spacing_z": 4.0,
  "summary_bg_k": 33.47999747534821,
  "summary_bg_mad": 5.860415255750354,
  "summary_bg_mean": 19.17921257019043,
  "summary_bg_median": 7.2403435707092285,
  "summary_bg_n": 75663.0,
  "summary_bg_p05": 2.64806866645813,
  "summary_bg_p95": 71.32875747680654,
  "summary_bg_stdv": 37.033599853515625,
  "summary_fg_k": 2.797556994657718,
  "summary_fg_mad": 48.64906167586988,
  "summary_fg_mean": 434.157958984375,
  "summary_fg_median": 431.8991394042969,
  "summary_fg_n": 25460.0,
  "summary_fg_p05": 356.3882034301758,
  "summary_fg_p95": 522.6802459716797,
  "summary_fg_stdv": 54.46721649169922,
  "tsnr": 66.97439200244844
}