{
  "aor": 0.0014845132743362833,
  "aqi": 0.007077743008849557,
  "bids_meta": {
    "ConversionSoftware": "dicm2nii.m 20200120",
    "DeviceSerialNumber": "45348",
    "EchoTime": 0.03,
    "EffectiveEchoSpacing": 0.00028515375,
    "FlipAngle": 90,
    "ImageType": [
      "ORIGINAL",
      "PRIMARY",
      "M",
      "ND",
      "NORM",
      "MOSAIC"
    ],
    "InstitutionAddress": "Franklin Blvd 1440,Eugene,District,US,97403",
    "InstitutionName": "Lewis Building",
    "MRAcquisitionType": "2D",
    "Manufacturer": "SIEMENS",
    "Modality": "MR",
    "PhaseEncodingDirection": "j-",
    "RepetitionTime": 2,
    "ScanOptions": "FS",
    "ScanningSequence": "EP",
    "SequenceName": "*epfid2d1_64",
    "SequenceVariant": "SK\\OSP",
    "SeriesDescription": "ep2d_infant_1",
    "SeriesNumber": 5,
    "SliceThickness": 4,
    "SliceTiming": [
      0.99,
      0,
      1.0525,
      0.0625,
      1.115,
      0.125,
      1.1775,
      0.1875,
      1.2375,
      0.2475,
      1.3,
      0.31,
      1.3625,
      0.3725,
      1.425,
      0.435,
      1.485,
      0.495,
      1.5475,
      0.5575,
      1.61,
      0.62,
      1.6725,
      0.6825,
      1.7325,
      0.7425,
      1.795,
      0.805,
      1.8575,
      0.8675,
      1.92,
      0.93
    ],
    "SoftwareVersion": "syngo MR D13C",
    "TotalReadoutTime": 0.017964687,
    "dataset": "ds003136",
    "modality": "bold",
    "run_id": 1,
    "session_id": "01",
    "subject_id": "3128",
    "task_id": "infant"
  },
  "dummy_trs": 0,
  "dvars_nstd": 23.875642293377787,
  "dvars_std": 1.3349268015111093,
  "dvars_vstd": 1.020720820177778,
  "efc": 0.5039836672214907,
  "fber": 3360.906982421875,
  "fd_mean": 0.09929181246426375,
  "fd_num": 18,
  "fd_perc": 7.964601769911504,
  "fwhm_avg": 1.5499997666666667,
  "fwhm_x": 1.5135584,
  "fwhm_y": 1.7586784,
  "fwhm_z": 1.3777625,
  "gcor": 0.00757627,
  "gsr_x": -0.004461443517357111,
  "gsr_y": 0.024346208199858665,
  "provenance": {
    "md5sum": "b79726d24489a8f06f8bd877ac7575f0",
    "settings": {
      "fd_thres": 0.2,
      "testing": false
    },
    "software": "mriqc",
    "version": "23.0.1",
    "webapi_port": null,
    "webapi_url": "https://mriqc.nimh.nih.gov/api/v1"
  },
  "size_t": 226,
  "size_x": 64,
  "size_y": 64,
  "size_z": 32,
  "snr": 7.522104291108731,
  "spacing_tr": 2.0,
  "spacing_x": 3.125,
  "spacing_y": 3.125,
  "spacing_z": 4.0,
  "summary_bg_k": 37.39005884264285,
  "summary_bg_mad": 4.992301459839653,
  "summary_bg_mean": 13.906132698059082,
  "summary_bg_median": 6.128318786621094,
  "summary_bg_n": 77699.0,
  "summary_bg_p05": 2.039823055267334,
  "summary_bg_p95": 47.16858291625973,
  "summary_bg_stdv": 23.7232608795166,
  "summary_fg_k": 2.2205716161662874,
  "summary_fg_mad": 46.70853047013603,
  "summary_fg_mean": 366.46258544921875,
  "summary_fg_median": 363.9690246582031,
  "summary_fg_n": 23237.0,
  "summary_fg_p05": 296.26104736328125,
  "summary_fg_p95": 443.8132629394531,
  "summary_fg_stdv": 48.385555267333984,
  "tsnr": 75.91182573861443
}