{
  "aor": 0.001490132743362832,
  "aqi": 0.00803693668141593,
  "bids_meta": {
    "ConversionSoftware": "dicm2nii.m 20200120",
    "DeviceSerialNumber": "45348",
    "EchoTime": 0.03,
    "EffectiveEchoSpacing": 0.00028515375,
    "FlipAngle": 90,
    "ImageType": [
      "ORIGINAL",
      "PRIMARY",
      "M",
      "ND",
      "NORM",
      "MOSAIC"
    ],
    "InstitutionAddress": "Franklin Blvd 1440,Eugene,District,US,97403",
    "InstitutionName": "Lewis Building",
    "MRAcquisitionType": "2D",
    "Manufacturer": "SIEMENS",
    "Modality": "MR",
    "PhaseEncodingDirection": "j-",
    "RepetitionTime": 2,
    "ScanOptions": "FS",
    "ScanningSequence": "EP",
    "SequenceName": "*epfid2d1_64",
    "SequenceVariant": "SK\\OSP",
    "SeriesDescription": "ep2d_infant_2",
    "SeriesNumber": 6,
    "SliceThickness": 4,
    "SliceTiming": [
      0.99,
      0,
      1.05,
      0.06,
      1.1125,
      0.1225,
      1.175,
      0.185,
      1.2375,
      0.2475,
      1.2975,
      0.3075,
      1.36,
      0.37,
      1.4225,
      0.4325,
      1.485,
      0.495,
      1.545,
      0.555,
      1.6075,
      0.6175,
      1.67,
      0.68,
      1.7325,
      0.7425,
      1.7925,
      0.8025,
      1.855,
      0.865,
      1.9175,
      0.9275
    ],
    "SoftwareVersion": "syngo MR D13C",
    "TotalReadoutTime": 0.017964687,
    "dataset": "ds003136",
    "modality": "bold",
    "run_id": 2,
    "session_id": "01",
    "subject_id": "3128",
    "task_id": "infant"
  },
  "dummy_trs": 0,
  "dvars_nstd": 24.111007317822207,
  "dvars_std": 1.324602189066666,
  "dvars_vstd": 1.0176262454222227,
  "efc": 0.5043339043056647,
  "fber": 3329.53564453125,
  "fd_mean": 0.12036493235818768,
  "fd_num": 32,
  "fd_perc": 14.15929203539823,
  "fwhm_avg": 1.5425604999999998,
  "fwhm_x": 1.5030784,
  "fwhm_y": 1.7609856,
  "fwhm_z": 1.3636175,
  "gcor": 0.0121839,
  "gsr_x": -0.004793543368577957,
  "gsr_y": 0.0246454868465662,
  "provenance": {
    "md5sum": "a22a286ea3affea53c86d9f24e7d371b",
    "settings": {
      "fd_thres": 0.2,
      "testing": false
    },
    "software": "mriqc",
    "version": "23.0.1",
    "webapi_port": null,
    "webapi_url": "https://mriqc.nimh.nih.gov/api/v1"
  },
  "size_t": 226,
  "size_x": 64,
  "size_y": 64,
  "size_z": 32,
  "snr": 7.520366999107798,
  "spacing_tr": 2.0,
  "spacing_x": 3.125,
  "spacing_y": 3.125,
  "spacing_z": 4.0,
  "summary_bg_k": 37.77568224975127,
  "summary_bg_mad": 5.057903797136246,
  "summary_bg_mean": 14.059240341186523,
  "summary_bg_median": 6.185840606689453,
  "summary_bg_n": 77682.0,
  "summary_bg_p05": 2.030973434448242,
  "summary_bg_p95": 47.81415939331055,
  "summary_bg_stdv": 23.944169998168945,
  "summary_fg_k": 2.281449703646806,
  "summary_fg_mad": 46.30833465035204,
  "summary_fg_mean": 366.1116943359375,
  "summary_fg_median": 363.4247741699219,
  "summary_fg_n": 23225.0,
  "summary_fg_p05": 295.7256774902344,
  "summary_fg_p95": 443.9194641113281,
  "summary_fg_stdv": 48.324363708496094,
  "tsnr": 72.06982413679361
}