{
  "aor": 0.0021185087719298246,
  "aqi": 0.01119707855263158,
  "bids_meta": {
    "ConversionSoftware": "dicm2nii.m 20200120",
    "DeviceSerialNumber": "45348",
    "EchoTime": 0.03,
    "EffectiveEchoSpacing": 0.00028515375,
    "FlipAngle": 90,
    "ImageType": [
      "ORIGINAL",
      "PRIMARY",
      "M",
      "ND",
      "NORM",
      "MOSAIC"
    ],
    "InstitutionAddress": "Franklin Blvd 1440,Eugene,District,US,97403",
    "InstitutionName": "Lewis Building",
    "MRAcquisitionType": "2D",
    "Manufacturer": "SIEMENS",
    "Modality": "MR",
    "PhaseEncodingDirection": "j-",
    "RepetitionTime": 2,
    "ScanOptions": "FS",
    "ScanningSequence": "EP",
    "SequenceName": "*epfid2d1_64",
    "SequenceVariant": "SK\\OSP",
    "SeriesDescription": "ep2d_affect_1",
    "SeriesNumber": 10,
    "SliceThickness": 4,
    "SliceTiming": [
      0.99,
      0,
      1.0525,
      0.0625,
      1.115,
      0.125,
      1.175,
      0.185,
      1.2375,
      0.2475,
      1.3,
      0.31,
      1.3625,
      0.3725,
      1.4225,
      0.4325,
      1.485,
      0.495,
      1.5475,
      0.5575,
      1.61,
      0.62,
      1.67,
      0.68,
      1.7325,
      0.7425,
      1.795,
      0.805,
      1.855,
      0.8675,
      1.9175,
      0.9275
    ],
    "SoftwareVersion": "syngo MR D13C",
    "TotalReadoutTime": 0.017964687,
    "dataset": "ds003136",
    "modality": "bold",
    "run_id": 1,
    "session_id": "01",
    "subject_id": "3128",
    "task_id": "affect"
  },
  "dummy_trs": 0,
  "dvars_nstd": 24.057606920044048,
  "dvars_std": 1.2738192203083711,
  "dvars_vstd": 0.989557312334802,
  "efc": 0.5056760219687445,
  "fber": 3200.56103515625,
  "fd_mean": 0.1276501671339337,
  "fd_num": 24,
  "fd_perc": 10.526315789473685,
  "fwhm_avg": 1.5525757999999998,
  "fwhm_x": 1.5147776,
  "fwhm_y": 1.7756448,
  "fwhm_z": 1.367305,
  "gcor": 0.00610751,
  "gsr_x": -0.00455956906080246,
  "gsr_y": 0.0245251152664423,
  "provenance": {
    "md5sum": "fffb09975cdf4e695412fd6c2497f45e",
    "settings": {
      "fd_thres": 0.2,
      "testing": false
    },
    "software": "mriqc",
    "version": "23.0.1",
    "webapi_port": null,
    "webapi_url": "https://mriqc.nimh.nih.gov/api/v1"
  },
  "size_t": 228,
  "size_x": 64,
  "size_y": 64,
  "size_z": 32,
  "snr": 7.520258513481558,
  "spacing_tr": 2.0,
  "spacing_x": 3.125,
  "spacing_y": 3.125,
  "spacing_z": 4.0,
  "summary_bg_k": 38.10197889166329,
  "summary_bg_mad": 5.208615614280488,
  "summary_bg_mean": 14.1915922164917,
  "summary_bg_median": 6.285087585449219,
  "summary_bg_n": 77554.0,
  "summary_bg_p05": 2.026315689086914,
  "summary_bg_p95": 47.5570182800293,
  "summary_bg_stdv": 24.162527084350586,
  "summary_fg_k": 2.4069002504492314,
  "summary_fg_mad": 46.11020491662291,
  "summary_fg_mean": 365.4179992675781,
  "summary_fg_median": 362.9780578613281,
  "summary_fg_n": 23373.0,
  "summary_fg_p05": 295.1824584960938,
  "summary_fg_p95": 442.40526123046874,
  "summary_fg_stdv": 48.26566696166992,
  "tsnr": 62.44419727474451
}