{
  "bids_meta": {
    "ConversionSoftware": "dicm2nii.m 20200120",
    "DeviceSerialNumber": "45348",
    "EchoTime": 0.00341,
    "FlipAngle": 7,
    "ImageType": [
      "ORIGINAL",
      "PRIMARY",
      "M",
      "ND",
      "NORM"
    ],
    "InstitutionAddress": "Franklin Blvd 1440,Eugene,District,US,97403",
    "InstitutionName": "Lewis Building",
    "InversionTime": 1.1,
    "MRAcquisitionType": "3D",
    "Manufacturer": "SIEMENS",
    "Modality": "MR",
    "PhaseEncodingDirection": "j-",
    "RepetitionTime": 2.5,
    "ScanOptions": "IR",
    "ScanningSequence": "GR\\IR",
    "SequenceName": "*tfl3d1_16ns",
    "SequenceVariant": "SK\\SP\\MP",
    "SeriesDescription": "mprage_MGH_p2",
    "SeriesNumber": 9,
    "SliceThickness": 1,
    "SoftwareVersion": "syngo MR D13C",
    "dataset": "ds003136",
    "modality": "T1w",
    "session_id": "01",
    "subject_id": "0178"
  },
  "cjv": 0.3414062348868339,
  "cnr": 3.8776532835350634,
  "efc": 0.560885176564558,
  "fber": -1.0,
  "fwhm_avg": 3.657573333333333,
  "fwhm_x": 3.83108,
  "fwhm_y": 3.71216,
  "fwhm_z": 3.42948,
  "icvs_csf": 0.2080838538275658,
  "icvs_gm": 0.4433182570361995,
  "icvs_wm": 0.34859788913623474,
  "inu_med": 0.5218263864517212,
  "inu_range": 0.15880971252918236,
  "provenance": {
    "md5sum": "9b3b9c60341065043cf4acf33faa28bd",
    "settings": {
      "testing": false
    },
    "software": "mriqc",
    "version": "23.0.1",
    "warnings": {
      "large_rot_frame": true,
      "small_air_mask": false
    },
    "webapi_port": null,
    "webapi_url": "https://mriqc.nimh.nih.gov/api/v1"
  },
  "qi_1": 0.023632964849248816,
  "qi_2": 0.00937803692257819,
  "rpve_csf": 27.902527444721272,
  "rpve_gm": 13.65099321337118,
  "rpve_wm": 19.698403483309143,
  "size_x": 176,
  "size_y": 256,
  "size_z": 256,
  "snr_csf": 1.6508890291257823,
  "snr_gm": 9.369275184076695,
  "snr_total": 11.594962655679893,
  "snr_wm": 23.764723753837202,
  "snrd_csf": 23.360280065153162,
  "snrd_gm": 82.44113354896967,
  "snrd_total": 75.94274705113564,
  "snrd_wm": 122.02682753928407,
  "spacing_x": 1.0,
  "spacing_y": 1.0,
  "spacing_z": 1.0,
  "summary_bg_k": 26.445361623012776,
  "summary_bg_mad": 0.0,
  "summary_bg_mean": 2.457774023704461,
  "summary_bg_median": 0.0,
  "summary_bg_n": 2543625.0,
  "summary_bg_p05": 0.0,
  "summary_bg_p95": 10.79988643527031,
  "summary_bg_stdv": 5.368620426225818,
  "summary_csf_k": 1.2285030266544732,
  "summary_csf_mad": 101.40892539408868,
  "summary_csf_mean": 212.22500853587024,
  "summary_csf_median": 191.42956599593163,
  "summary_csf_n": 31498.0,
  "summary_csf_p05": 55.13152553513647,
  "summary_csf_p95": 437.49013647437096,
  "summary_csf_stdv": 115.95360065824939,
  "summary_gm_k": 0.025602024399721035,
  "summary_gm_mad": 71.00029333339589,
  "summary_gm_mean": 678.0892656632197,
  "summary_gm_median": 675.5771065875888,
  "summary_gm_n": 35858.0,
  "summary_gm_p05": 561.5940946340561,
  "summary_gm_p95": 800.9599986672401,
  "summary_gm_stdv": 72.10458366057355,
  "summary_wm_k": 0.547324170267435,
  "summary_wm_mad": 39.74892782067465,
  "summary_wm_mean": 998.832178041875,
  "summary_wm_median": 999.9684323370457,
  "summary_wm_n": 175700.0,
  "summary_wm_p05": 927.748139128089,
  "summary_wm_p95": 1065.3677446395159,
  "summary_wm_stdv": 42.077728191624864,
  "tpm_overlap_csf": 0.14197232779837743,
  "tpm_overlap_gm": 0.4653058381051058,
  "tpm_overlap_wm": 0.511798777613781,
  "wm2max": 0.6086572098566102
}