{
  "bids_meta": {
    "ConversionSoftware": "dicm2nii.m 20200120",
    "DeviceSerialNumber": "45348",
    "EchoTime": 0.00341,
    "FlipAngle": 7,
    "ImageType": [
      "ORIGINAL",
      "PRIMARY",
      "M",
      "ND",
      "NORM"
    ],
    "InstitutionAddress": "Franklin Blvd 1440,Eugene,District,US,97403",
    "InstitutionName": "Lewis Building",
    "InversionTime": 1.1,
    "MRAcquisitionType": "3D",
    "Manufacturer": "SIEMENS",
    "Modality": "MR",
    "PhaseEncodingDirection": "j-",
    "RepetitionTime": 2.5,
    "ScanOptions": "IR",
    "ScanningSequence": "GR\\IR",
    "SequenceName": "*tfl3d1_16ns",
    "SequenceVariant": "SK\\SP\\MP",
    "SeriesDescription": "mprage_MGH_p2",
    "SeriesNumber": 7,
    "SliceThickness": 1,
    "SoftwareVersion": "syngo MR D13C",
    "dataset": "ds003136",
    "modality": "T1w",
    "session_id": "01",
    "subject_id": "3130"
  },
  "cjv": 0.3543378941006469,
  "cnr": 3.6410182691974704,
  "efc": 0.5385337595783674,
  "fber": -1.0,
  "fwhm_avg": 3.5598333333333336,
  "fwhm_x": 3.68489,
  "fwhm_y": 3.70392,
  "fwhm_z": 3.29069,
  "icvs_csf": 0.23185258733757938,
  "icvs_gm": 0.4220019683656805,
  "icvs_wm": 0.34614544429674016,
  "inu_med": 0.5038082599639893,
  "inu_range": 0.14957680106163024,
  "provenance": {
    "md5sum": "260e39235588bc38da92613ae68d99dc",
    "settings": {
      "testing": false
    },
    "software": "mriqc",
    "version": "23.0.1",
    "warnings": {
      "large_rot_frame": true,
      "small_air_mask": false
    },
    "webapi_port": null,
    "webapi_url": "https://mriqc.nimh.nih.gov/api/v1"
  },
  "qi_1": 0.006065857885615251,
  "qi_2": 0.07654651670919886,
  "rpve_csf": 21.119817351598172,
  "rpve_gm": 11.70742034410236,
  "rpve_wm": 16.822165194399464,
  "size_x": 176,
  "size_y": 256,
  "size_z": 256,
  "snr_csf": 1.7537915617287712,
  "snr_gm": 9.376277528418253,
  "snr_total": 12.646235220584535,
  "snr_wm": 26.808636571606577,
  "snrd_csf": 35.34508819900414,
  "snrd_gm": 128.02963514514792,
  "snrd_total": 115.69358887676412,
  "snrd_wm": 183.70604328614027,
  "spacing_x": 1.0,
  "spacing_y": 1.0,
  "spacing_z": 1.0,
  "summary_bg_k": 27.041607747498443,
  "summary_bg_mad": 0.0,
  "summary_bg_mean": 1.4503134893474408,
  "summary_bg_median": 0.0,
  "summary_bg_n": 2685499.0,
  "summary_bg_p05": 0.0,
  "summary_bg_p95": 8.456707935780287,
  "summary_bg_stdv": 3.566139487830645,
  "summary_csf_k": 2.535401548479391,
  "summary_csf_mad": 91.77495823961966,
  "summary_csf_mean": 212.37441001620067,
  "summary_csf_median": 192.39583501592278,
  "summary_csf_n": 49077.0,
  "summary_csf_p05": 69.71627517789602,
  "summary_csf_p95": 426.4289247140286,
  "summary_csf_stdv": 109.70167667684882,
  "summary_gm_k": 0.09483705024390154,
  "summary_gm_mad": 72.39042892614205,
  "summary_gm_mean": 695.1764162288947,
  "summary_gm_median": 696.9106547944248,
  "summary_gm_n": 28300.0,
  "summary_gm_p05": 569.0722739364952,
  "summary_gm_p95": 816.9088194333017,
  "summary_gm_stdv": 74.3256947828549,
  "summary_wm_k": 0.5855897366355003,
  "summary_wm_mad": 34.99748500066948,
  "summary_wm_mean": 998.9700623589414,
  "summary_wm_median": 999.9770660214126,
  "summary_wm_n": 212710.0,
  "summary_wm_p05": 936.2652826569974,
  "summary_wm_p95": 1058.303141079843,
  "summary_wm_stdv": 37.30046892848831,
  "tpm_overlap_csf": 0.16181103946103859,
  "tpm_overlap_gm": 0.4598967380284148,
  "tpm_overlap_wm": 0.5140452304485156,
  "wm2max": 0.7648225785763512
}