{
  "aor": 0.0012098230088495574,
  "aqi": 0.007000405884955752,
  "bids_meta": {
    "ConversionSoftware": "dicm2nii.m 20200120",
    "DeviceSerialNumber": "45348",
    "EchoTime": 0.03,
    "EffectiveEchoSpacing": 0.00028515375,
    "FlipAngle": 90,
    "ImageType": [
      "ORIGINAL",
      "PRIMARY",
      "M",
      "ND",
      "NORM",
      "MOSAIC"
    ],
    "InstitutionAddress": "Franklin Blvd 1440,Eugene,District,US,97403",
    "InstitutionName": "Lewis Building",
    "MRAcquisitionType": "2D",
    "Manufacturer": "SIEMENS",
    "Modality": "MR",
    "PhaseEncodingDirection": "j-",
    "RepetitionTime": 2,
    "ScanOptions": "FS",
    "ScanningSequence": "EP",
    "SequenceName": "*epfid2d1_64",
    "SequenceVariant": "SK\\OSP",
    "SeriesDescription": "ep2d_infant_1",
    "SeriesNumber": 5,
    "SliceThickness": 4,
    "SliceTiming": [
      0.99,
      0,
      1.0525,
      0.0625,
      1.115,
      0.125,
      1.1775,
      0.1875,
      1.2375,
      0.2475,
      1.3,
      0.31,
      1.3625,
      0.3725,
      1.425,
      0.435,
      1.485,
      0.495,
      1.5475,
      0.5575,
      1.61,
      0.62,
      1.6725,
      0.6825,
      1.7325,
      0.7425,
      1.795,
      0.805,
      1.8575,
      0.8675,
      1.92,
      0.93
    ],
    "SoftwareVersion": "syngo MR D13C",
    "TotalReadoutTime": 0.017964687,
    "dataset": "ds003136",
    "modality": "bold",
    "run_id": 1,
    "session_id": "01",
    "subject_id": "3130",
    "task_id": "infant"
  },
  "dummy_trs": 0,
  "dvars_nstd": 20.785283300622204,
  "dvars_std": 1.3809828662666666,
  "dvars_vstd": 1.0038833797333329,
  "efc": 0.5535815304616597,
  "fber": 3126.48876953125,
  "fd_mean": 0.09190975141409512,
  "fd_num": 10,
  "fd_perc": 4.424778761061947,
  "fwhm_avg": 1.6230444333333331,
  "fwhm_x": 1.57432,
  "fwhm_y": 1.8063007999999998,
  "fwhm_z": 1.4885125,
  "gcor": 0.0421758,
  "gsr_x": -0.007503802422434092,
  "gsr_y": 0.034633927047252655,
  "provenance": {
    "md5sum": "e93e2aed4d92f6898f7fa9736293bd5e",
    "settings": {
      "fd_thres": 0.2,
      "testing": false
    },
    "software": "mriqc",
    "version": "23.0.1",
    "webapi_port": null,
    "webapi_url": "https://mriqc.nimh.nih.gov/api/v1"
  },
  "size_t": 226,
  "size_x": 64,
  "size_y": 64,
  "size_z": 32,
  "snr": 7.422267113954691,
  "spacing_tr": 2.0,
  "spacing_x": 3.125,
  "spacing_y": 3.125,
  "spacing_z": 4.0,
  "summary_bg_k": 27.25898223535567,
  "summary_bg_mad": 5.963209689190791,
  "summary_bg_mean": 17.091938018798828,
  "summary_bg_median": 7.1327433586120605,
  "summary_bg_n": 69913.0,
  "summary_bg_p05": 2.2991150379180922,
  "summary_bg_p95": 65.50796508789057,
  "summary_bg_stdv": 27.650592803955078,
  "summary_fg_k": 2.737570443587889,
  "summary_fg_mad": 47.64664919567605,
  "summary_fg_mean": 415.5638732910156,
  "summary_fg_median": 412.3406982421875,
  "summary_fg_n": 29775.0,
  "summary_fg_p05": 333.86016845703125,
  "summary_fg_p95": 506.177001953125,
  "summary_fg_stdv": 55.55361557006836,
  "tsnr": 79.04327680496499
}