{
  "aor": 0.0014337668161434978,
  "aqi": 0.011464970941704037,
  "bids_meta": {
    "ConversionSoftware": "dicm2nii.m 20200120",
    "DeviceSerialNumber": "45348",
    "EchoTime": 0.03,
    "EffectiveEchoSpacing": 0.00028515375,
    "FlipAngle": 90,
    "ImageType": [
      "ORIGINAL",
      "PRIMARY",
      "M",
      "ND",
      "NORM",
      "MOSAIC"
    ],
    "InstitutionAddress": "Franklin Blvd 1440,Eugene,District,US,97403",
    "InstitutionName": "Lewis Building",
    "MRAcquisitionType": "2D",
    "Manufacturer": "SIEMENS",
    "Modality": "MR",
    "PhaseEncodingDirection": "j-",
    "RepetitionTime": 2,
    "ScanOptions": "FS",
    "ScanningSequence": "EP",
    "SequenceName": "*epfid2d1_64",
    "SequenceVariant": "SK\\OSP",
    "SeriesDescription": "ep2d_affect_1",
    "SeriesNumber": 10,
    "SliceThickness": 4,
    "SliceTiming": [
      0.99,
      0,
      1.0525,
      0.0625,
      1.115,
      0.125,
      1.175,
      0.185,
      1.2375,
      0.2475,
      1.3,
      0.31,
      1.3625,
      0.3725,
      1.4225,
      0.4325,
      1.485,
      0.495,
      1.5475,
      0.5575,
      1.61,
      0.62,
      1.67,
      0.68,
      1.7325,
      0.7425,
      1.795,
      0.805,
      1.8575,
      0.8675,
      1.9175,
      0.9275
    ],
    "SoftwareVersion": "syngo MR D13C",
    "TotalReadoutTime": 0.017964687,
    "dataset": "ds003136",
    "modality": "bold",
    "run_id": 1,
    "session_id": "01",
    "subject_id": "3130",
    "task_id": "affect"
  },
  "dummy_trs": 5,
  "dvars_nstd": 19.101173921081084,
  "dvars_std": 1.1810926273873879,
  "dvars_vstd": 0.9559492390090091,
  "efc": 0.5555844630938502,
  "fber": 2968.695068359375,
  "fd_mean": 0.12059233350027766,
  "fd_num": 12,
  "fd_perc": 5.381165919282512,
  "fwhm_avg": 1.6219433666666667,
  "fwhm_x": 1.5604032,
  "fwhm_y": 1.8166144,
  "fwhm_z": 1.4888125,
  "gcor": 0.0133032,
  "gsr_x": -0.007012874819338322,
  "gsr_y": 0.035828765481710434,
  "provenance": {
    "md5sum": "fb0b735ae1b068b539cd15a549d453d3",
    "settings": {
      "fd_thres": 0.2,
      "testing": false
    },
    "software": "mriqc",
    "version": "23.0.1",
    "webapi_port": null,
    "webapi_url": "https://mriqc.nimh.nih.gov/api/v1"
  },
  "size_t": 223,
  "size_x": 64,
  "size_y": 64,
  "size_z": 32,
  "snr": 7.552170044900306,
  "spacing_tr": 2.0,
  "spacing_x": 3.125,
  "spacing_y": 3.125,
  "spacing_z": 4.0,
  "summary_bg_k": 24.859858393298484,
  "summary_bg_mad": 6.202994909941739,
  "summary_bg_mean": 17.7283935546875,
  "summary_bg_median": 7.345291614532471,
  "summary_bg_n": 69952.0,
  "summary_bg_p05": 2.2825112342834473,
  "summary_bg_p95": 68.92085533142085,
  "summary_bg_stdv": 28.543888092041016,
  "summary_fg_k": 2.7663395137763773,
  "summary_fg_mad": 47.26045683617731,
  "summary_fg_mean": 415.6322326660156,
  "summary_fg_median": 412.766845703125,
  "summary_fg_n": 29828.0,
  "summary_fg_p05": 336.17848510742186,
  "summary_fg_p95": 504.5605773925781,
  "summary_fg_stdv": 54.65447998046875,
  "tsnr": 65.39987657219172
}