{
  "aor": 0.0009262882096069868,
  "aqi": 0.00953428772925764,
  "bids_meta": {
    "ConversionSoftware": "dicm2nii.m 20200120",
    "DeviceSerialNumber": "45348",
    "EchoTime": 0.03,
    "EffectiveEchoSpacing": 0.00028515375,
    "FlipAngle": 90,
    "ImageType": [
      "ORIGINAL",
      "PRIMARY",
      "M",
      "ND",
      "NORM",
      "MOSAIC"
    ],
    "InstitutionAddress": "Franklin Blvd 1440,Eugene,District,US,97403",
    "InstitutionName": "Lewis Building",
    "MRAcquisitionType": "2D",
    "Manufacturer": "SIEMENS",
    "Modality": "MR",
    "PhaseEncodingDirection": "j-",
    "RepetitionTime": 2,
    "ScanOptions": "FS",
    "ScanningSequence": "EP",
    "SequenceName": "*epfid2d1_64",
    "SequenceVariant": "SK\\OSP",
    "SeriesDescription": "ep2d_affect_1",
    "SeriesNumber": 10,
    "SliceThickness": 4,
    "SliceTiming": [
      0.99,
      0,
      1.0525,
      0.0625,
      1.115,
      0.125,
      1.175,
      0.185,
      1.2375,
      0.2475,
      1.3,
      0.31,
      1.3625,
      0.3725,
      1.4225,
      0.4325,
      1.485,
      0.495,
      1.5475,
      0.5575,
      1.61,
      0.62,
      1.67,
      0.68,
      1.7325,
      0.7425,
      1.795,
      0.805,
      1.8575,
      0.8675,
      1.9175,
      0.9275
    ],
    "SoftwareVersion": "syngo MR D13C",
    "TotalReadoutTime": 0.017964687,
    "dataset": "ds003136",
    "modality": "bold",
    "run_id": 1,
    "session_id": "01",
    "subject_id": "0194",
    "task_id": "affect"
  },
  "dummy_trs": 0,
  "dvars_nstd": 23.44903251565791,
  "dvars_std": 1.2594223339473691,
  "dvars_vstd": 0.9974787803070176,
  "efc": 0.516446098448504,
  "fber": 3155.770751953125,
  "fd_mean": 0.11266959294132076,
  "fd_num": 11,
  "fd_perc": 4.8034934497816595,
  "fwhm_avg": 1.5140947999999999,
  "fwhm_x": 1.4232543999999998,
  "fwhm_y": 1.7219200000000001,
  "fwhm_z": 1.39711,
  "gcor": 0.0321425,
  "gsr_x": -0.011273105628788471,
  "gsr_y": 0.03498150780797005,
  "provenance": {
    "md5sum": "6ec3fcd4556150ada85e556688b0e4a9",
    "settings": {
      "fd_thres": 0.2,
      "testing": false
    },
    "software": "mriqc",
    "version": "23.0.1",
    "webapi_port": null,
    "webapi_url": "https://mriqc.nimh.nih.gov/api/v1"
  },
  "size_t": 229,
  "size_x": 64,
  "size_y": 64,
  "size_z": 32,
  "snr": 8.396622575606688,
  "spacing_tr": 2.0,
  "spacing_x": 3.125,
  "spacing_y": 3.125,
  "spacing_z": 4.0,
  "summary_bg_k": 35.27424769268014,
  "summary_bg_mad": 5.024014263831792,
  "summary_bg_mean": 15.484450340270996,
  "summary_bg_median": 6.834061145782471,
  "summary_bg_n": 76038.0,
  "summary_bg_p05": 2.659388780593872,
  "summary_bg_p95": 53.987555503845186,
  "summary_bg_stdv": 26.49800682067871,
  "summary_fg_k": 3.5759339799705936,
  "summary_fg_mad": 42.24769313105814,
  "summary_fg_mean": 391.6024169921875,
  "summary_fg_median": 391.26202392578125,
  "summary_fg_n": 24664.0,
  "summary_fg_p05": 320.95458831787107,
  "summary_fg_p95": 461.6500106811523,
  "summary_fg_stdv": 46.59660339355469,
  "tsnr": 71.11939097056165
}