{
  "aor": 0.0011693506493506492,
  "aqi": 0.006218577402597402,
  "bids_meta": {
    "ConversionSoftware": "dicm2nii.m 20200120",
    "DeviceSerialNumber": "45348",
    "EchoTime": 0.03,
    "EffectiveEchoSpacing": 0.00028515375,
    "FlipAngle": 90,
    "ImageType": [
      "ORIGINAL",
      "PRIMARY",
      "M",
      "ND",
      "NORM",
      "MOSAIC"
    ],
    "InstitutionAddress": "Franklin Blvd 1440,Eugene,District,US,97403",
    "InstitutionName": "Lewis Building",
    "MRAcquisitionType": "2D",
    "Manufacturer": "SIEMENS",
    "Modality": "MR",
    "PhaseEncodingDirection": "j-",
    "RepetitionTime": 2,
    "ScanOptions": "FS",
    "ScanningSequence": "EP",
    "SequenceName": "*epfid2d1_64",
    "SequenceVariant": "SK\\OSP",
    "SeriesDescription": "ep2d_infant_1",
    "SeriesNumber": 8,
    "SliceThickness": 4,
    "SliceTiming": [
      0.99,
      0,
      1.05,
      0.06,
      1.1125,
      0.1225,
      1.175,
      0.185,
      1.2375,
      0.2475,
      1.2975,
      0.3075,
      1.36,
      0.37,
      1.4225,
      0.4325,
      1.485,
      0.495,
      1.545,
      0.555,
      1.6075,
      0.6175,
      1.67,
      0.68,
      1.7325,
      0.7425,
      1.7925,
      0.8025,
      1.855,
      0.865,
      1.9175,
      0.9275
    ],
    "SoftwareVersion": "syngo MR D13C",
    "TotalReadoutTime": 0.017964687,
    "dataset": "ds003136",
    "modality": "bold",
    "run_id": 1,
    "session_id": "01",
    "subject_id": "0186",
    "task_id": "infant"
  },
  "dummy_trs": 0,
  "dvars_nstd": 24.562428159304346,
  "dvars_std": 1.3771946463913038,
  "dvars_vstd": 1.007164259304348,
  "efc": 0.5005926626159929,
  "fber": 3072.89111328125,
  "fd_mean": 0.1546738955272689,
  "fd_num": 36,
  "fd_perc": 15.584415584415584,
  "fwhm_avg": 1.5790880666666665,
  "fwhm_x": 1.5081567999999999,
  "fwhm_y": 1.8474624,
  "fwhm_z": 1.381645,
  "gcor": 0.0154884,
  "gsr_x": -0.012003609910607338,
  "gsr_y": 0.030694907531142235,
  "provenance": {
    "md5sum": "0ce3db5de2029d1112355eb51074b041",
    "settings": {
      "fd_thres": 0.2,
      "testing": false
    },
    "software": "mriqc",
    "version": "23.0.1",
    "webapi_port": null,
    "webapi_url": "https://mriqc.nimh.nih.gov/api/v1"
  },
  "size_t": 231,
  "size_x": 64,
  "size_y": 64,
  "size_z": 32,
  "snr": 7.259181694469993,
  "spacing_tr": 2.0,
  "spacing_x": 3.125,
  "spacing_y": 3.125,
  "spacing_z": 4.0,
  "summary_bg_k": 28.913101325806487,
  "summary_bg_mad": 5.8854808699539145,
  "summary_bg_mean": 17.539377212524414,
  "summary_bg_median": 7.2727274894714355,
  "summary_bg_n": 79307.0,
  "summary_bg_p05": 2.4372293949127197,
  "summary_bg_p95": 62.767100906371866,
  "summary_bg_stdv": 30.55866813659668,
  "summary_fg_k": 3.5431082586741773,
  "summary_fg_mad": 51.769141216456056,
  "summary_fg_mean": 410.90435791015625,
  "summary_fg_median": 410.2337646484375,
  "summary_fg_n": 22241.0,
  "summary_fg_p05": 327.9437255859375,
  "summary_fg_p95": 496.93072509765625,
  "summary_fg_stdv": 56.51112747192383,
  "tsnr": 77.85719303414226
}