{
  "aor": 0.000604892703862661,
  "aqi": 0.007217681030042919,
  "bids_meta": {
    "ConversionSoftware": "dicm2nii.m 20200120",
    "DeviceSerialNumber": "45348",
    "EchoTime": 0.03,
    "EffectiveEchoSpacing": 0.00028515375,
    "FlipAngle": 90,
    "ImageType": [
      "ORIGINAL",
      "PRIMARY",
      "M",
      "ND",
      "NORM",
      "MOSAIC"
    ],
    "InstitutionAddress": "Franklin Blvd 1440,Eugene,District,US,97403",
    "InstitutionName": "Lewis Building",
    "MRAcquisitionType": "2D",
    "Manufacturer": "SIEMENS",
    "Modality": "MR",
    "PhaseEncodingDirection": "j-",
    "RepetitionTime": 2,
    "ScanOptions": "FS",
    "ScanningSequence": "EP",
    "SequenceName": "*epfid2d1_64",
    "SequenceVariant": "SK\\OSP",
    "SeriesDescription": "ep2d_affect_1",
    "SeriesNumber": 11,
    "SliceThickness": 4,
    "SliceTiming": [
      0.99,
      0,
      1.0525,
      0.0625,
      1.1125,
      0.125,
      1.175,
      0.185,
      1.2375,
      0.2475,
      1.3,
      0.31,
      1.36,
      0.3725,
      1.4225,
      0.4325,
      1.485,
      0.495,
      1.5475,
      0.5575,
      1.6075,
      0.6175,
      1.67,
      0.68,
      1.7325,
      0.7425,
      1.795,
      0.805,
      1.855,
      0.865,
      1.9175,
      0.9275
    ],
    "SoftwareVersion": "syngo MR D13C",
    "TotalReadoutTime": 0.017964687,
    "dataset": "ds003136",
    "modality": "bold",
    "run_id": 1,
    "session_id": "01",
    "subject_id": "0186",
    "task_id": "affect"
  },
  "dummy_trs": 0,
  "dvars_nstd": 25.502029542241374,
  "dvars_std": 1.2996554344827582,
  "dvars_vstd": 0.9849392831896553,
  "efc": 0.49995685640599724,
  "fber": 3125.6298828125,
  "fd_mean": 0.21364374751649717,
  "fd_num": 123,
  "fd_perc": 52.78969957081545,
  "fwhm_avg": 1.5906760000000002,
  "fwhm_x": 1.5146016,
  "fwhm_y": 1.8598464000000001,
  "fwhm_z": 1.39758,
  "gcor": 0.0116047,
  "gsr_x": -0.01119469664990902,
  "gsr_y": 0.03272561728954315,
  "provenance": {
    "md5sum": "6d5a82e11a76372f08f6f9292c57a9af",
    "settings": {
      "fd_thres": 0.2,
      "testing": false
    },
    "software": "mriqc",
    "version": "23.0.1",
    "webapi_port": null,
    "webapi_url": "https://mriqc.nimh.nih.gov/api/v1"
  },
  "size_t": 233,
  "size_x": 64,
  "size_y": 64,
  "size_z": 32,
  "snr": 7.310301519764688,
  "spacing_tr": 2.0,
  "spacing_x": 3.125,
  "spacing_y": 3.125,
  "spacing_z": 4.0,
  "summary_bg_k": 30.3140948443,
  "summary_bg_mad": 5.822235890205846,
  "summary_bg_mean": 17.498205184936523,
  "summary_bg_median": 7.244635105133057,
  "summary_bg_n": 79322.0,
  "summary_bg_p05": 2.4248926639556885,
  "summary_bg_p95": 61.7809019088745,
  "summary_bg_stdv": 30.744884490966797,
  "summary_fg_k": 3.5008983348871583,
  "summary_fg_mad": 51.502962357463495,
  "summary_fg_mean": 412.8905944824219,
  "summary_fg_median": 412.2746887207031,
  "summary_fg_n": 22273.0,
  "summary_fg_p05": 328.59056396484374,
  "summary_fg_p95": 498.7862670898437,
  "summary_fg_stdv": 56.39513397216797,
  "tsnr": 72.78962880186737
}