{
  "aor": 0.005004675324675326,
  "aqi": 0.026632752683982686,
  "bids_meta": {
    "ConversionSoftware": "dicm2nii.m 20200120",
    "DeviceSerialNumber": "45348",
    "EchoTime": 0.03,
    "EffectiveEchoSpacing": 0.00028515375,
    "FlipAngle": 90,
    "ImageType": [
      "ORIGINAL",
      "PRIMARY",
      "M",
      "ND",
      "NORM",
      "MOSAIC"
    ],
    "InstitutionAddress": "Franklin Blvd 1440,Eugene,District,US,97403",
    "InstitutionName": "University of Oregon",
    "MRAcquisitionType": "2D",
    "Manufacturer": "SIEMENS",
    "Modality": "MR",
    "PhaseEncodingDirection": "j-",
    "RepetitionTime": 2,
    "ScanOptions": "FS",
    "ScanningSequence": "EP",
    "SequenceName": "*epfid2d1_64",
    "SequenceVariant": "SK\\OSP",
    "SeriesDescription": "ep2d_infant_1",
    "SeriesNumber": 7,
    "SliceThickness": 4,
    "SliceTiming": [
      0.99,
      0,
      1.0525,
      0.0625,
      1.115,
      0.125,
      1.1775,
      0.1875,
      1.2375,
      0.2475,
      1.3,
      0.31,
      1.3625,
      0.3725,
      1.425,
      0.435,
      1.485,
      0.495,
      1.5475,
      0.5575,
      1.61,
      0.62,
      1.6725,
      0.6825,
      1.7325,
      0.7425,
      1.795,
      0.805,
      1.8575,
      0.8675,
      1.92,
      0.93
    ],
    "SoftwareVersion": "syngo MR D13C",
    "TotalReadoutTime": 0.017964687,
    "dataset": "ds003136",
    "modality": "bold",
    "run_id": 1,
    "session_id": "01",
    "subject_id": "0182",
    "task_id": "infant"
  },
  "dummy_trs": 0,
  "dvars_nstd": 29.9405771921739,
  "dvars_std": 1.166488022869565,
  "dvars_vstd": 1.0023129881739132,
  "efc": 0.5360866158243508,
  "fber": 2595.256103515625,
  "fd_mean": 0.3979816234005747,
  "fd_num": 195,
  "fd_perc": 84.41558441558442,
  "fwhm_avg": 1.6020908,
  "fwhm_x": 1.5340544,
  "fwhm_y": 1.8433279999999999,
  "fwhm_z": 1.42889,
  "gcor": 0.0223983,
  "gsr_x": -0.014808671548962593,
  "gsr_y": 0.03633171692490578,
  "provenance": {
    "md5sum": "6408d2d386537c6712903bfcade9b76e",
    "settings": {
      "fd_thres": 0.2,
      "testing": false
    },
    "software": "mriqc",
    "version": "23.0.1",
    "webapi_port": null,
    "webapi_url": "https://mriqc.nimh.nih.gov/api/v1"
  },
  "size_t": 231,
  "size_x": 64,
  "size_y": 64,
  "size_z": 32,
  "snr": 7.9876313377705825,
  "spacing_tr": 2.0,
  "spacing_x": 3.125,
  "spacing_y": 3.125,
  "spacing_z": 4.0,
  "summary_bg_k": 36.35264026161202,
  "summary_bg_mad": 6.4438639001099585,
  "summary_bg_mean": 17.484466552734375,
  "summary_bg_median": 7.883116722106934,
  "summary_bg_n": 73775.0,
  "summary_bg_p05": 2.39393949508667,
  "summary_bg_p95": 60.42554206848171,
  "summary_bg_stdv": 30.526277542114258,
  "summary_fg_k": 3.135899948949038,
  "summary_fg_mad": 45.97673090097986,
  "summary_fg_mean": 408.792724609375,
  "summary_fg_median": 406.39825439453125,
  "summary_fg_n": 27016.0,
  "summary_fg_p05": 335.7597351074219,
  "summary_fg_p95": 489.50865936279297,
  "summary_fg_stdv": 50.87750244140625,
  "tsnr": 41.449374853633344
}