{
  "aor": 0.00331987012987013,
  "aqi": 0.019812358225108222,
  "bids_meta": {
    "ConversionSoftware": "dicm2nii.m 20200120",
    "DeviceSerialNumber": "45348",
    "EchoTime": 0.03,
    "EffectiveEchoSpacing": 0.00028515375,
    "FlipAngle": 90,
    "ImageType": [
      "ORIGINAL",
      "PRIMARY",
      "M",
      "ND",
      "NORM",
      "MOSAIC"
    ],
    "InstitutionAddress": "Franklin Blvd 1440,Eugene,District,US,97403",
    "InstitutionName": "University of Oregon",
    "MRAcquisitionType": "2D",
    "Manufacturer": "SIEMENS",
    "Modality": "MR",
    "PhaseEncodingDirection": "j-",
    "RepetitionTime": 2,
    "ScanOptions": "FS",
    "ScanningSequence": "EP",
    "SequenceName": "*epfid2d1_64",
    "SequenceVariant": "SK\\OSP",
    "SeriesDescription": "ep2d_infant_2",
    "SeriesNumber": 8,
    "SliceThickness": 4,
    "SliceTiming": [
      0.99,
      0,
      1.0525,
      0.0625,
      1.1125,
      0.1225,
      1.175,
      0.185,
      1.2375,
      0.2475,
      1.3,
      0.31,
      1.36,
      0.37,
      1.4225,
      0.4325,
      1.485,
      0.495,
      1.5475,
      0.5575,
      1.6075,
      0.6175,
      1.67,
      0.68,
      1.7325,
      0.7425,
      1.795,
      0.805,
      1.855,
      0.865,
      1.9175,
      0.9275
    ],
    "SoftwareVersion": "syngo MR D13C",
    "TotalReadoutTime": 0.017964687,
    "dataset": "ds003136",
    "modality": "bold",
    "run_id": 2,
    "session_id": "01",
    "subject_id": "0182",
    "task_id": "infant"
  },
  "dummy_trs": 0,
  "dvars_nstd": 29.079189897434794,
  "dvars_std": 1.2196947979130435,
  "dvars_vstd": 0.9988520934347831,
  "efc": 0.5339597267339379,
  "fber": 2688.514404296875,
  "fd_mean": 0.30083467760287624,
  "fd_num": 156,
  "fd_perc": 67.53246753246754,
  "fwhm_avg": 1.5803104333333333,
  "fwhm_x": 1.4826304,
  "fwhm_y": 1.8149984000000001,
  "fwhm_z": 1.4433025,
  "gcor": 0.0329451,
  "gsr_x": -0.013407285325229168,
  "gsr_y": 0.03736783191561699,
  "provenance": {
    "md5sum": "e416d5c66c52c555372c454879d9c38b",
    "settings": {
      "fd_thres": 0.2,
      "testing": false
    },
    "software": "mriqc",
    "version": "23.0.1",
    "webapi_port": null,
    "webapi_url": "https://mriqc.nimh.nih.gov/api/v1"
  },
  "size_t": 231,
  "size_x": 64,
  "size_y": 64,
  "size_z": 32,
  "snr": 8.158277002652577,
  "spacing_tr": 2.0,
  "spacing_x": 3.125,
  "spacing_y": 3.125,
  "spacing_z": 4.0,
  "summary_bg_k": 38.064714109955716,
  "summary_bg_mad": 6.2705724929994915,
  "summary_bg_mean": 17.072175979614258,
  "summary_bg_median": 7.744588851928711,
  "summary_bg_n": 73806.0,
  "summary_bg_p05": 2.3766233921051025,
  "summary_bg_p95": 58.50973987579346,
  "summary_bg_stdv": 30.15855598449707,
  "summary_fg_k": 3.0242301232874746,
  "summary_fg_mad": 45.18407622977625,
  "summary_fg_mean": 410.70074462890625,
  "summary_fg_median": 408.0865783691406,
  "summary_fg_n": 26854.0,
  "summary_fg_p05": 339.1110321044922,
  "summary_fg_p95": 490.40562133789064,
  "summary_fg_stdv": 50.020240783691406,
  "tsnr": 46.42447004141286
}