{
  "bids_meta": {
    "ConversionSoftware": "dicm2nii.m 20200120",
    "DeviceSerialNumber": "45348",
    "EchoTime": 0.00348,
    "FlipAngle": 7,
    "ImageType": [
      "ORIGINAL",
      "PRIMARY",
      "M",
      "ND",
      "NORM"
    ],
    "InstitutionAddress": "Franklin Blvd 1440,Eugene,District,US,97403",
    "InstitutionName": "Lewis Building",
    "InversionTime": 1.1,
    "MRAcquisitionType": "3D",
    "Manufacturer": "SIEMENS",
    "Modality": "MR",
    "PhaseEncodingDirection": "j-",
    "RepetitionTime": 2.5,
    "ScanOptions": "IR",
    "ScanningSequence": "GR\\IR",
    "SequenceName": "*tfl3d1_16ns",
    "SequenceVariant": "SK\\SP\\MP",
    "SeriesDescription": "mprage_MGH_p2",
    "SeriesNumber": 10,
    "SliceThickness": 1,
    "SoftwareVersion": "syngo MR D13C",
    "dataset": "ds003136",
    "modality": "T1w",
    "session_id": "01",
    "subject_id": "0186"
  },
  "cjv": 0.30102756359688987,
  "cnr": 4.28197801688313,
  "efc": 0.5370223858316352,
  "fber": -1.0,
  "fwhm_avg": 3.602643333333333,
  "fwhm_x": 3.66823,
  "fwhm_y": 3.81469,
  "fwhm_z": 3.32501,
  "icvs_csf": 0.21081101596419904,
  "icvs_gm": 0.4667809360758783,
  "icvs_wm": 0.3224080479599227,
  "inu_med": 0.5392356812953949,
  "inu_range": 0.1534390538930892,
  "provenance": {
    "md5sum": "516fefa5b73c322dd720a5d69e5cec03",
    "settings": {
      "testing": false
    },
    "software": "mriqc",
    "version": "23.0.1",
    "warnings": {
      "large_rot_frame": true,
      "small_air_mask": false
    },
    "webapi_port": null,
    "webapi_url": "https://mriqc.nimh.nih.gov/api/v1"
  },
  "qi_1": 0.02743742080810925,
  "qi_2": 0.01391291609698113,
  "rpve_csf": 27.733821633402435,
  "rpve_gm": 13.428091393101955,
  "rpve_wm": 21.633131955364988,
  "size_x": 176,
  "size_y": 256,
  "size_z": 256,
  "snr_csf": 1.6251210239210685,
  "snr_gm": 9.40688140197332,
  "snr_total": 11.768939097543194,
  "snr_wm": 24.274814866735195,
  "snrd_csf": 26.424998133151735,
  "snrd_gm": 82.30071898498304,
  "snrd_total": 78.22376417339444,
  "snrd_wm": 125.94557540204855,
  "spacing_x": 1.0,
  "spacing_y": 1.0,
  "spacing_z": 1.0,
  "summary_bg_k": 64.4070447447524,
  "summary_bg_mad": 0.0,
  "summary_bg_mean": 2.1715093397304384,
  "summary_bg_median": 0.0,
  "summary_bg_n": 2219172.0,
  "summary_bg_p05": 0.0,
  "summary_bg_p95": 10.587951891124249,
  "summary_bg_stdv": 5.20160285610494,
  "summary_csf_k": 0.8456165988990461,
  "summary_csf_mad": 123.67901364954432,
  "summary_csf_mean": 232.47679844256047,
  "summary_csf_median": 209.80721840821207,
  "summary_csf_n": 29849.0,
  "summary_csf_p05": 55.731128590554,
  "summary_csf_p95": 475.8214884970336,
  "summary_csf_stdv": 129.1003567205472,
  "summary_gm_k": 0.1863120568396499,
  "summary_gm_mad": 66.25944593436324,
  "summary_gm_mean": 654.451355077514,
  "summary_gm_median": 653.4450763715431,
  "summary_gm_n": 44202.0,
  "summary_gm_p05": 539.5858245261945,
  "summary_gm_p95": 770.7547706197947,
  "summary_gm_stdv": 69.46379536734614,
  "summary_wm_k": 0.7202560959253357,
  "summary_wm_mad": 38.05508112293671,
  "summary_wm_mean": 998.5603813025155,
  "summary_wm_median": 999.9732341617346,
  "summary_wm_n": 165699.0,
  "summary_wm_p05": 928.42167341467,
  "summary_wm_p95": 1063.0998867247254,
  "summary_wm_stdv": 41.19373194843725,
  "tpm_overlap_csf": 0.13655169253377175,
  "tpm_overlap_gm": 0.47959008756024263,
  "tpm_overlap_wm": 0.4954631848687176,
  "wm2max": 0.6787309890103932
}