{
  "aor": 0.0013919469026548671,
  "aqi": 0.012197679070796462,
  "bids_meta": {
    "ConversionSoftware": "dicm2nii.m 20200120",
    "DeviceSerialNumber": "45348",
    "EchoTime": 0.03,
    "EffectiveEchoSpacing": 0.00028515375,
    "FlipAngle": 90,
    "ImageType": [
      "ORIGINAL",
      "PRIMARY",
      "M",
      "ND",
      "NORM",
      "MOSAIC"
    ],
    "InstitutionAddress": "Franklin Blvd 1440,Eugene,District,US,97403",
    "InstitutionName": "Lewis Building",
    "MRAcquisitionType": "2D",
    "Manufacturer": "SIEMENS",
    "Modality": "MR",
    "PhaseEncodingDirection": "j-",
    "RepetitionTime": 2,
    "ScanOptions": "FS",
    "ScanningSequence": "EP",
    "SequenceName": "*epfid2d1_64",
    "SequenceVariant": "SK\\OSP",
    "SeriesDescription": "ep2d_affect_2",
    "SeriesNumber": 11,
    "SliceThickness": 4,
    "SliceTiming": [
      0.99,
      0,
      1.0525,
      0.0625,
      1.115,
      0.125,
      1.175,
      0.185,
      1.2375,
      0.2475,
      1.3,
      0.31,
      1.3625,
      0.3725,
      1.4225,
      0.4325,
      1.485,
      0.495,
      1.5475,
      0.5575,
      1.61,
      0.62,
      1.67,
      0.68,
      1.7325,
      0.7425,
      1.795,
      0.805,
      1.855,
      0.8675,
      1.9175,
      0.9275
    ],
    "SoftwareVersion": "syngo MR D13C",
    "TotalReadoutTime": 0.017964687,
    "dataset": "ds003136",
    "modality": "bold",
    "run_id": 2,
    "session_id": "01",
    "subject_id": "3227",
    "task_id": "affect"
  },
  "dummy_trs": 0,
  "dvars_nstd": 25.86119959524443,
  "dvars_std": 1.3296432518666668,
  "dvars_vstd": 1.0022032802666665,
  "efc": 0.5275901045210726,
  "fber": 3822.77685546875,
  "fd_mean": 0.14864648121644405,
  "fd_num": 44,
  "fd_perc": 19.469026548672566,
  "fwhm_avg": 1.5165717333333335,
  "fwhm_x": 1.4092832000000002,
  "fwhm_y": 1.720112,
  "fwhm_z": 1.42032,
  "gcor": 0.0792123,
  "gsr_x": -0.00802282989025116,
  "gsr_y": 0.032175760716199875,
  "provenance": {
    "md5sum": "3dcd376188613d42269324f63651f0b8",
    "settings": {
      "fd_thres": 0.2,
      "testing": false
    },
    "software": "mriqc",
    "version": "23.0.1",
    "webapi_port": null,
    "webapi_url": "https://mriqc.nimh.nih.gov/api/v1"
  },
  "size_t": 226,
  "size_x": 64,
  "size_y": 64,
  "size_z": 32,
  "snr": 8.334878120647243,
  "spacing_tr": 2.0,
  "spacing_x": 3.125,
  "spacing_y": 3.125,
  "spacing_z": 4.0,
  "summary_bg_k": 29.485410556073965,
  "summary_bg_mad": 5.051343916886502,
  "summary_bg_mean": 17.640941619873047,
  "summary_bg_median": 6.619469165802002,
  "summary_bg_n": 74605.0,
  "summary_bg_p05": 2.429203510284424,
  "summary_bg_p95": 69.64690399169928,
  "summary_bg_stdv": 31.37934112548828,
  "summary_fg_k": 3.3466890428055116,
  "summary_fg_mad": 42.6346320401359,
  "summary_fg_mean": 419.08184814453125,
  "summary_fg_median": 416.8097229003906,
  "summary_fg_n": 26007.0,
  "summary_fg_p05": 345.87742614746094,
  "summary_fg_p95": 498.35264587402344,
  "summary_fg_stdv": 50.006935119628906,
  "tsnr": 64.14818397164345
}