{
  "aor": 0.003214608695652174,
  "aqi": 0.009447685304347824,
  "bids_meta": {
    "ConversionSoftware": "dicm2nii.m 20200120",
    "DeviceSerialNumber": "45348",
    "EchoTime": 0.03,
    "EffectiveEchoSpacing": 0.00028515375,
    "FlipAngle": 90,
    "ImageType": [
      "ORIGINAL",
      "PRIMARY",
      "M",
      "ND",
      "NORM",
      "MOSAIC"
    ],
    "InstitutionAddress": "Franklin Blvd 1440,Eugene,District,US,97403",
    "InstitutionName": "Lewis Building",
    "MRAcquisitionType": "2D",
    "Manufacturer": "SIEMENS",
    "Modality": "MR",
    "PhaseEncodingDirection": "j-",
    "RepetitionTime": 2,
    "ScanOptions": "FS",
    "ScanningSequence": "EP",
    "SequenceName": "*epfid2d1_64",
    "SequenceVariant": "SK\\OSP",
    "SeriesDescription": "ep2d_infant_1",
    "SeriesNumber": 5,
    "SliceThickness": 4,
    "SliceTiming": [
      0.99,
      0,
      1.0525,
      0.0625,
      1.115,
      0.125,
      1.175,
      0.1875,
      1.2375,
      0.2475,
      1.3,
      0.31,
      1.3625,
      0.3725,
      1.4225,
      0.435,
      1.485,
      0.495,
      1.5475,
      0.5575,
      1.61,
      0.62,
      1.67,
      0.6825,
      1.7325,
      0.7425,
      1.795,
      0.805,
      1.8575,
      0.8675,
      1.9175,
      0.9275
    ],
    "SoftwareVersion": "syngo MR D13C",
    "TotalReadoutTime": 0.017964687,
    "dataset": "ds003136",
    "modality": "bold",
    "run_id": 1,
    "session_id": "01",
    "subject_id": "3329",
    "task_id": "infant"
  },
  "dummy_trs": 0,
  "dvars_nstd": 26.004674486812213,
  "dvars_std": 1.363635239213973,
  "dvars_vstd": 1.0324235091703053,
  "efc": 0.48704197838364416,
  "fber": 3911.21875,
  "fd_mean": 0.1527380210746496,
  "fd_num": 44,
  "fd_perc": 19.130434782608695,
  "fwhm_avg": 1.6278535333333333,
  "fwhm_x": 1.5514944,
  "fwhm_y": 1.8462912,
  "fwhm_z": 1.485775,
  "gcor": 0.0411346,
  "gsr_x": -0.009936931543052197,
  "gsr_y": 0.011182500049471855,
  "provenance": {
    "md5sum": "35f4bfa5fd58b61102ae155d5ecac06d",
    "settings": {
      "fd_thres": 0.2,
      "testing": false
    },
    "software": "mriqc",
    "version": "23.0.1",
    "webapi_port": null,
    "webapi_url": "https://mriqc.nimh.nih.gov/api/v1"
  },
  "size_t": 230,
  "size_x": 64,
  "size_y": 64,
  "size_z": 32,
  "snr": 7.544004087048073,
  "spacing_tr": 2.0,
  "spacing_x": 3.125,
  "spacing_y": 3.125,
  "spacing_z": 4.0,
  "summary_bg_k": 29.63263237746267,
  "summary_bg_mad": 4.712096164367392,
  "summary_bg_mean": 14.40304946899414,
  "summary_bg_median": 6.504347324371338,
  "summary_bg_n": 79894.0,
  "summary_bg_p05": 2.495651960372925,
  "summary_bg_p95": 53.153694152831996,
  "summary_bg_stdv": 23.208974838256836,
  "summary_fg_k": 2.871808209579715,
  "summary_fg_mad": 48.75504909337627,
  "summary_fg_mean": 416.73614501953125,
  "summary_fg_median": 414.9521484375,
  "summary_fg_n": 21566.0,
  "summary_fg_p05": 333.21412658691406,
  "summary_fg_p95": 500.9554138183594,
  "summary_fg_stdv": 55.00295639038086,
  "tsnr": 66.91969492705539
}