{
  "aor": 0.0035695670995671003,
  "aqi": 0.016734689264069263,
  "bids_meta": {
    "ConversionSoftware": "dicm2nii.m 20200120",
    "DeviceSerialNumber": "45348",
    "EchoTime": 0.03,
    "EffectiveEchoSpacing": 0.00028515375,
    "FlipAngle": 90,
    "ImageType": [
      "ORIGINAL",
      "PRIMARY",
      "M",
      "ND",
      "NORM",
      "MOSAIC"
    ],
    "InstitutionAddress": "Franklin Blvd 1440,Eugene,District,US,97403",
    "InstitutionName": "Lewis Building",
    "MRAcquisitionType": "2D",
    "Manufacturer": "SIEMENS",
    "Modality": "MR",
    "PhaseEncodingDirection": "j-",
    "RepetitionTime": 2,
    "ScanOptions": "FS",
    "ScanningSequence": "EP",
    "SequenceName": "*epfid2d1_64",
    "SequenceVariant": "SK\\OSP",
    "SeriesDescription": "ep2d_infant_2",
    "SeriesNumber": 6,
    "SliceThickness": 4,
    "SliceTiming": [
      0.99,
      0,
      1.0525,
      0.0625,
      1.115,
      0.125,
      1.175,
      0.185,
      1.2375,
      0.2475,
      1.3,
      0.31,
      1.3625,
      0.3725,
      1.4225,
      0.4325,
      1.485,
      0.495,
      1.5475,
      0.5575,
      1.61,
      0.62,
      1.67,
      0.68,
      1.7325,
      0.7425,
      1.795,
      0.805,
      1.855,
      0.8675,
      1.9175,
      0.9275
    ],
    "SoftwareVersion": "syngo MR D13C",
    "TotalReadoutTime": 0.017964687,
    "dataset": "ds003136",
    "modality": "bold",
    "run_id": 2,
    "session_id": "01",
    "subject_id": "3329",
    "task_id": "infant"
  },
  "dummy_trs": 0,
  "dvars_nstd": 25.036705539347825,
  "dvars_std": 1.1769699246086962,
  "dvars_vstd": 0.9533639560434785,
  "efc": 0.48776780468079756,
  "fber": 3673.397216796875,
  "fd_mean": 0.19447372817666497,
  "fd_num": 48,
  "fd_perc": 20.77922077922078,
  "fwhm_avg": 1.6349851333333332,
  "fwhm_x": 1.5576992,
  "fwhm_y": 1.8685311999999998,
  "fwhm_z": 1.478725,
  "gcor": 0.0225253,
  "gsr_x": -0.009936928749084473,
  "gsr_y": 0.01229768618941307,
  "provenance": {
    "md5sum": "bbecd2a22b42a79507fd2cd88a1efd9d",
    "settings": {
      "fd_thres": 0.2,
      "testing": false
    },
    "software": "mriqc",
    "version": "23.0.1",
    "webapi_port": null,
    "webapi_url": "https://mriqc.nimh.nih.gov/api/v1"
  },
  "size_t": 231,
  "size_x": 64,
  "size_y": 64,
  "size_z": 32,
  "snr": 7.589864782217719,
  "spacing_tr": 2.0,
  "spacing_x": 3.125,
  "spacing_y": 3.125,
  "spacing_z": 4.0,
  "summary_bg_k": 28.034232774735727,
  "summary_bg_mad": 5.173062251019381,
  "summary_bg_mean": 14.391931533813477,
  "summary_bg_median": 6.740259647369385,
  "summary_bg_n": 79834.0,
  "summary_bg_p05": 2.3376622200012207,
  "summary_bg_p95": 53.205195045471044,
  "summary_bg_stdv": 22.61119270324707,
  "summary_fg_k": 2.780017599611159,
  "summary_fg_mad": 48.45735679306324,
  "summary_fg_mean": 416.3660888671875,
  "summary_fg_median": 415.14501953125,
  "summary_fg_n": 21604.0,
  "summary_fg_p05": 332.8447967529297,
  "summary_fg_p95": 500.4932876586914,
  "summary_fg_stdv": 54.696022033691406,
  "tsnr": 50.731827568262815
}