{
  "aor": 0.0033124463519313306,
  "aqi": 0.014108712660944208,
  "bids_meta": {
    "ConversionSoftware": "dicm2nii.m 20200120",
    "DeviceSerialNumber": "45348",
    "EchoTime": 0.03,
    "EffectiveEchoSpacing": 0.00028515375,
    "FlipAngle": 90,
    "ImageType": [
      "ORIGINAL",
      "PRIMARY",
      "M",
      "ND",
      "NORM",
      "MOSAIC"
    ],
    "InstitutionAddress": "Franklin Blvd 1440,Eugene,District,US,97403",
    "InstitutionName": "Lewis Building",
    "MRAcquisitionType": "2D",
    "Manufacturer": "SIEMENS",
    "Modality": "MR",
    "PhaseEncodingDirection": "j-",
    "RepetitionTime": 2,
    "ScanOptions": "FS",
    "ScanningSequence": "EP",
    "SequenceName": "*epfid2d1_64",
    "SequenceVariant": "SK\\OSP",
    "SeriesDescription": "ep2d_affect_1",
    "SeriesNumber": 10,
    "SliceThickness": 4,
    "SliceTiming": [
      0.99,
      0,
      1.0525,
      0.0625,
      1.115,
      0.125,
      1.1775,
      0.1875,
      1.2375,
      0.2475,
      1.3,
      0.31,
      1.3625,
      0.3725,
      1.425,
      0.435,
      1.485,
      0.495,
      1.5475,
      0.5575,
      1.61,
      0.62,
      1.6725,
      0.6825,
      1.7325,
      0.7425,
      1.795,
      0.805,
      1.8575,
      0.8675,
      1.92,
      0.93
    ],
    "SoftwareVersion": "syngo MR D13C",
    "TotalReadoutTime": 0.017964687,
    "dataset": "ds003136",
    "modality": "bold",
    "run_id": 1,
    "session_id": "01",
    "subject_id": "0192",
    "task_id": "affect"
  },
  "dummy_trs": 0,
  "dvars_nstd": 40.68622716530173,
  "dvars_std": 1.2519434246982761,
  "dvars_vstd": 1.0177816167241387,
  "efc": 0.4935218222671171,
  "fber": 2675.538818359375,
  "fd_mean": 0.4307303563758737,
  "fd_num": 190,
  "fd_perc": 81.54506437768241,
  "fwhm_avg": 1.730594,
  "fwhm_x": 1.6876959999999999,
  "fwhm_y": 1.949456,
  "fwhm_z": 1.55463,
  "gcor": 0.0176221,
  "gsr_x": -0.004563719499856234,
  "gsr_y": 0.022693565115332603,
  "provenance": {
    "md5sum": "5dd4203f22cfea984876480cca3c55d2",
    "settings": {
      "fd_thres": 0.2,
      "testing": false
    },
    "software": "mriqc",
    "version": "23.0.1",
    "webapi_port": null,
    "webapi_url": "https://mriqc.nimh.nih.gov/api/v1"
  },
  "size_t": 233,
  "size_x": 64,
  "size_y": 64,
  "size_z": 32,
  "snr": 6.598353261588677,
  "spacing_tr": 2.0,
  "spacing_x": 3.125,
  "spacing_y": 3.125,
  "spacing_z": 4.0,
  "summary_bg_k": 40.67103303063897,
  "summary_bg_mad": 5.593164292177687,
  "summary_bg_mean": 14.380610466003418,
  "summary_bg_median": 6.8755364418029785,
  "summary_bg_n": 80277.0,
  "summary_bg_p05": 2.218884229660034,
  "summary_bg_p95": 47.09098815917967,
  "summary_bg_stdv": 23.118261337280273,
  "summary_fg_k": 1.798508856870935,
  "summary_fg_mad": 48.86861512024545,
  "summary_fg_mean": 358.68048095703125,
  "summary_fg_median": 356.4399108886719,
  "summary_fg_n": 21824.0,
  "summary_fg_p05": 276.58497009277346,
  "summary_fg_p95": 445.0439941406248,
  "summary_fg_stdv": 54.018287658691406,
  "tsnr": 46.41063923062757
}