{
  "aor": 0.004227236842105264,
  "aqi": 0.024947740131578945,
  "bids_meta": {
    "ConversionSoftware": "dicm2nii.m 20200120",
    "DeviceSerialNumber": "45348",
    "EchoTime": 0.03,
    "EffectiveEchoSpacing": 0.00028515375,
    "FlipAngle": 90,
    "ImageType": [
      "ORIGINAL",
      "PRIMARY",
      "M",
      "ND",
      "NORM",
      "MOSAIC"
    ],
    "InstitutionAddress": "Franklin Blvd 1440,Eugene,District,US,97403",
    "InstitutionName": "Lewis Building",
    "MRAcquisitionType": "2D",
    "Manufacturer": "SIEMENS",
    "Modality": "MR",
    "PhaseEncodingDirection": "j-",
    "RepetitionTime": 2,
    "ScanOptions": "FS",
    "ScanningSequence": "EP",
    "SequenceName": "*epfid2d1_64",
    "SequenceVariant": "SK\\OSP",
    "SeriesDescription": "ep2d_affect_2",
    "SeriesNumber": 11,
    "SliceThickness": 4,
    "SliceTiming": [
      0.99,
      0,
      1.0525,
      0.0625,
      1.115,
      0.125,
      1.175,
      0.185,
      1.2375,
      0.2475,
      1.3,
      0.31,
      1.3625,
      0.3725,
      1.4225,
      0.4325,
      1.485,
      0.495,
      1.5475,
      0.5575,
      1.61,
      0.62,
      1.67,
      0.68,
      1.7325,
      0.7425,
      1.795,
      0.805,
      1.8575,
      0.8675,
      1.9175,
      0.9275
    ],
    "SoftwareVersion": "syngo MR D13C",
    "TotalReadoutTime": 0.017964687,
    "dataset": "ds003136",
    "modality": "bold",
    "run_id": 2,
    "session_id": "01",
    "subject_id": "0192",
    "task_id": "affect"
  },
  "dummy_trs": 0,
  "dvars_nstd": 43.675386546519846,
  "dvars_std": 1.1712252051982375,
  "dvars_vstd": 0.9896338519383262,
  "efc": 0.4944997391452814,
  "fber": 2609.20947265625,
  "fd_mean": 0.49640392023272084,
  "fd_num": 204,
  "fd_perc": 89.47368421052632,
  "fwhm_avg": 1.7466168666666668,
  "fwhm_x": 1.7061184,
  "fwhm_y": 1.9817472,
  "fwhm_z": 1.551985,
  "gcor": 0.0208016,
  "gsr_x": -0.004157467745244503,
  "gsr_y": 0.02212650515139103,
  "provenance": {
    "md5sum": "9baa758dc288ddec2839dc06e5976126",
    "settings": {
      "fd_thres": 0.2,
      "testing": false
    },
    "software": "mriqc",
    "version": "23.0.1",
    "webapi_port": null,
    "webapi_url": "https://mriqc.nimh.nih.gov/api/v1"
  },
  "size_t": 228,
  "size_x": 64,
  "size_y": 64,
  "size_z": 32,
  "snr": 6.639163839250445,
  "spacing_tr": 2.0,
  "spacing_x": 3.125,
  "spacing_y": 3.125,
  "spacing_z": 4.0,
  "summary_bg_k": 40.1068837907741,
  "summary_bg_mad": 5.676806123421123,
  "summary_bg_mean": 14.58449649810791,
  "summary_bg_median": 6.973684310913086,
  "summary_bg_n": 80221.0,
  "summary_bg_p05": 2.3070175647735596,
  "summary_bg_p95": 48.24561309814453,
  "summary_bg_stdv": 23.488595962524414,
  "summary_fg_k": 1.8154886164311792,
  "summary_fg_mad": 48.496720316320676,
  "summary_fg_mean": 358.5928039550781,
  "summary_fg_median": 356.1052551269531,
  "summary_fg_n": 21801.0,
  "summary_fg_p05": 277.7938537597656,
  "summary_fg_p95": 444.72808837890625,
  "summary_fg_stdv": 53.635833740234375,
  "tsnr": 35.965353041072376
}