{
  "aor": 0.007349134199134201,
  "aqi": 0.025674174112554113,
  "bids_meta": {
    "ConversionSoftware": "dicm2nii.m 20200120",
    "DeviceSerialNumber": "45348",
    "EchoTime": 0.03,
    "EffectiveEchoSpacing": 0.00028515375,
    "FlipAngle": 90,
    "ImageType": [
      "ORIGINAL",
      "PRIMARY",
      "M",
      "ND",
      "NORM",
      "MOSAIC"
    ],
    "InstitutionAddress": "Franklin Blvd 1440,Eugene,District,US,97403",
    "InstitutionName": "Lewis Building",
    "MRAcquisitionType": "2D",
    "Manufacturer": "SIEMENS",
    "Modality": "MR",
    "PhaseEncodingDirection": "j-",
    "RepetitionTime": 2,
    "ScanOptions": "FS",
    "ScanningSequence": "EP",
    "SequenceName": "*epfid2d1_64",
    "SequenceVariant": "SK\\OSP",
    "SeriesDescription": "ep2d_infant_2",
    "SeriesNumber": 8,
    "SliceThickness": 4,
    "SliceTiming": [
      0.99,
      0,
      1.05,
      0.06,
      1.1125,
      0.1225,
      1.175,
      0.185,
      1.2375,
      0.2475,
      1.2975,
      0.3075,
      1.36,
      0.37,
      1.4225,
      0.4325,
      1.485,
      0.495,
      1.545,
      0.555,
      1.6075,
      0.6175,
      1.67,
      0.68,
      1.7325,
      0.7425,
      1.7925,
      0.8025,
      1.855,
      0.865,
      1.9175,
      0.9275
    ],
    "SoftwareVersion": "syngo MR D13C",
    "TotalReadoutTime": 0.017964687,
    "dataset": "ds003136",
    "modality": "bold",
    "run_id": 2,
    "session_id": "01",
    "subject_id": "0192",
    "task_id": "infant"
  },
  "dummy_trs": 0,
  "dvars_nstd": 50.79089188756522,
  "dvars_std": 1.1816731986956532,
  "dvars_vstd": 1.0091142363478256,
  "efc": 0.4939997928761075,
  "fber": 2645.478759765625,
  "fd_mean": 0.7130639588613361,
  "fd_num": 213,
  "fd_perc": 92.20779220779221,
  "fwhm_avg": 1.7320431,
  "fwhm_x": 1.6960576,
  "fwhm_y": 1.9732192,
  "fwhm_z": 1.5268525,
  "gcor": 0.092939,
  "gsr_x": -0.005139474757015705,
  "gsr_y": 0.021754968911409378,
  "provenance": {
    "md5sum": "3bdbfe5bc3af0d4b87f8e3b33ee0dc34",
    "settings": {
      "fd_thres": 0.2,
      "testing": false
    },
    "software": "mriqc",
    "version": "23.0.1",
    "webapi_port": null,
    "webapi_url": "https://mriqc.nimh.nih.gov/api/v1"
  },
  "size_t": 231,
  "size_x": 64,
  "size_y": 64,
  "size_z": 32,
  "snr": 6.635638560324949,
  "spacing_tr": 2.0,
  "spacing_x": 3.125,
  "spacing_y": 3.125,
  "spacing_z": 4.0,
  "summary_bg_k": 39.87805387859301,
  "summary_bg_mad": 5.718608304607383,
  "summary_bg_mean": 14.53266429901123,
  "summary_bg_median": 6.891774654388428,
  "summary_bg_n": 80290.0,
  "summary_bg_p05": 2.199134111404419,
  "summary_bg_p95": 48.49588871002199,
  "summary_bg_stdv": 23.246366500854492,
  "summary_fg_k": 1.7110789602567653,
  "summary_fg_mad": 48.4894358022466,
  "summary_fg_mean": 359.0025329589844,
  "summary_fg_median": 355.9696960449219,
  "summary_fg_n": 21832.0,
  "summary_fg_p05": 278.836360168457,
  "summary_fg_p95": 445.47771301269535,
  "summary_fg_stdv": 53.64390182495117,
  "tsnr": 31.93238298140932
}