{
  "aor": 0.0034988260869565214,
  "aqi": 0.02232136904347826,
  "bids_meta": {
    "ConversionSoftware": "dicm2nii.m 20200120",
    "DeviceSerialNumber": "45348",
    "EchoTime": 0.03,
    "EffectiveEchoSpacing": 0.00028515375,
    "FlipAngle": 90,
    "ImageType": [
      "ORIGINAL",
      "PRIMARY",
      "M",
      "ND",
      "NORM",
      "MOSAIC"
    ],
    "InstitutionAddress": "Franklin Blvd 1440,Eugene,District,US,97403",
    "InstitutionName": "Lewis Building",
    "MRAcquisitionType": "2D",
    "Manufacturer": "SIEMENS",
    "Modality": "MR",
    "PhaseEncodingDirection": "j-",
    "RepetitionTime": 2,
    "ScanOptions": "FS",
    "ScanningSequence": "EP",
    "SequenceName": "*epfid2d1_64",
    "SequenceVariant": "SK\\OSP",
    "SeriesDescription": "ep2d_infant_1",
    "SeriesNumber": 7,
    "SliceThickness": 4,
    "SliceTiming": [
      0.99,
      0,
      1.0525,
      0.0625,
      1.1125,
      0.1225,
      1.175,
      0.185,
      1.2375,
      0.2475,
      1.3,
      0.31,
      1.36,
      0.37,
      1.4225,
      0.4325,
      1.485,
      0.495,
      1.5475,
      0.5575,
      1.6075,
      0.6175,
      1.67,
      0.68,
      1.7325,
      0.7425,
      1.795,
      0.805,
      1.855,
      0.865,
      1.9175,
      0.9275
    ],
    "SoftwareVersion": "syngo MR D13C",
    "TotalReadoutTime": 0.017964687,
    "VolumeTiming": [
      0,
      1.9999992,
      3.9999984,
      5.9999976,
      7.9999968,
      9.9999961,
      11.999995,
      13.999994,
      15.999994,
      17.999993,
      19.999992,
      21.999991,
      23.999991,
      26,
      27.999999,
      29.999998,
      31.999997,
      33.999997,
      35.999996,
      37.999995,
      39.999994,
      41.999993,
      43.999993,
      45.999992,
      47.999991,
      49.99999,
      52,
      53.999999,
      55.999998,
      57.999997,
      59.999996,
      61.999996,
      63.999995,
      65.999994,
      67.999993,
      69.999992,
      71.999992,
      73.999991,
      75.99999,
      77.999999,
      81.999998,
      83.999997,
      85.999996,
      87.999995,
      89.999995,
      91.999994,
      93.999993,
      95.999992,
      97.999991,
      99.999991,
      101.99999,
      104,
      106,
      108,
      110,
      112,
      114,
      115.99999,
      117.99999,
      119.99999,
      121.99999,
      123.99999,
      125.99999,
      128,
      130,
      132,
      134,
      136,
      138,
      140,
      141.99999,
      143.99999,
      145.99999,
      147.99999,
      149.99999,
      151.99999,
      154,
      156,
      158,
      160,
      162,
      164,
      165.99999,
      167.99999,
      169.99999,
      171.99999,
      173.99999,
      175.99999,
      178,
      180,
      182,
      184,
      186,
      188,
      190,
      191.99999,
      193.99999,
      195.99999,
      197.99999,
      199.99999,
      201.99999,
      204,
      206,
      208,
      210,
      212,
      214,
      216,
      217.99999,
      219.99999,
      221.99999,
      223.99999,
      225.99999,
      227.99999,
      230,
      232,
      234,
      236,
      238,
      240,
      241.99999,
      243.99999,
      245.99999,
      247.99999,
      249.99999,
      251.99999,
      253.99999,
      256,
      258,
      260,
      262,
      264,
      266,
      267.99999,
      269.99999,
      271.99999,
      273.99999,
      276.00199,
      278.00199,
      280.00199,
      282.00199,
      284.002,
      286.002,
      288.002,
      290.002,
      292.002,
      294.002,
      296.002,
      298.00199,
      300.00199,
      302.00199,
      304.00199,
      306.00199,
      308.00199,
      310.002,
      312.002,
      314.002,
      316.002,
      318.002,
      320.002,
      322.002,
      324.00199,
      326.00199,
      328.00199,
      330.00199,
      332.00199,
      334.00199,
      336.002,
      338.002,
      340.002,
      342.002,
      344.002,
      346.002,
      348.00199,
      350.00199,
      352.00199,
      354.00199,
      356.00199,
      358.00199,
      360.00199,
      362.002,
      364.002,
      366.002,
      368.002,
      370.002,
      372.002,
      374.00199,
      376.00199,
      378.00199,
      380.00199,
      382.00199,
      384.00199,
      386.00199,
      388.002,
      390.002,
      392.002,
      394.002,
      396.002,
      398.002,
      400.00199,
      402.00199,
      404.00199,
      406.00199,
      408.00199,
      410.00199,
      412.002,
      414.002,
      416.002,
      418.002,
      420.002,
      422.002,
      424.002,
      426.00199,
      428.00199,
      430.00199,
      432.00199,
      434.00199,
      436.00199,
      438.002,
      440.002,
      442.002,
      444.002,
      446.002,
      448.002,
      450.00199,
      452.00199,
      454.00199,
      456.00199,
      458.00199,
      460.00199
    ],
    "dataset": "ds003136",
    "modality": "bold",
    "run_id": 1,
    "session_id": "01",
    "subject_id": "0192",
    "task_id": "infant"
  },
  "dummy_trs": 0,
  "dvars_nstd": 48.62641935864632,
  "dvars_std": 1.1890479210917024,
  "dvars_vstd": 1.0105593785589517,
  "efc": 0.49332821899003204,
  "fber": 2571.96142578125,
  "fd_mean": 0.42772618611474683,
  "fd_num": 179,
  "fd_perc": 77.82608695652173,
  "fwhm_avg": 1.7281355333333333,
  "fwhm_x": 1.6888704,
  "fwhm_y": 1.9471711999999999,
  "fwhm_z": 1.548365,
  "gcor": 0.0379487,
  "gsr_x": -0.005428063217550516,
  "gsr_y": 0.02125874161720276,
  "provenance": {
    "md5sum": "bea5857c4876c11e2000facc512d9b43",
    "settings": {
      "fd_thres": 0.2,
      "testing": false
    },
    "software": "mriqc",
    "version": "23.0.1",
    "webapi_port": null,
    "webapi_url": "https://mriqc.nimh.nih.gov/api/v1"
  },
  "size_t": 230,
  "size_x": 64,
  "size_y": 64,
  "size_z": 32,
  "snr": 6.6475695385106635,
  "spacing_tr": 2.0,
  "spacing_x": 3.125,
  "spacing_y": 3.125,
  "spacing_z": 4.0,
  "summary_bg_k": 41.40526471636316,
  "summary_bg_mad": 5.717687135950694,
  "summary_bg_mean": 14.368355751037598,
  "summary_bg_median": 6.995651721954346,
  "summary_bg_n": 80310.0,
  "summary_bg_p05": 2.247826099395752,
  "summary_bg_p95": 47.489345550537124,
  "summary_bg_stdv": 23.002857208251953,
  "summary_fg_k": 1.7644783694499848,
  "summary_fg_mad": 48.77762656246301,
  "summary_fg_mean": 359.3401794433594,
  "summary_fg_median": 356.41522216796875,
  "summary_fg_n": 21788.0,
  "summary_fg_p05": 279.0756378173828,
  "summary_fg_p95": 445.9573669433593,
  "summary_fg_stdv": 53.61463928222656,
  "tsnr": 36.00672801025212
}