{
  "bids_meta": {
    "ConversionSoftware": "dicm2nii.m 20200120",
    "DeviceSerialNumber": "45348",
    "EchoTime": 0.00341,
    "FlipAngle": 7,
    "ImageType": [
      "ORIGINAL",
      "PRIMARY",
      "M",
      "ND",
      "NORM"
    ],
    "InstitutionAddress": "Franklin Blvd 1440,Eugene,District,US,97403",
    "InstitutionName": "Lewis Building",
    "InversionTime": 1.1,
    "MRAcquisitionType": "3D",
    "Manufacturer": "SIEMENS",
    "Modality": "MR",
    "PhaseEncodingDirection": "j-",
    "RepetitionTime": 2.5,
    "ScanOptions": "IR",
    "ScanningSequence": "GR\\IR",
    "SequenceName": "*tfl3d1_16ns",
    "SequenceVariant": "SK\\SP\\MP",
    "SeriesDescription": "mprage_MGH_p2",
    "SeriesNumber": 9,
    "SliceThickness": 1,
    "SoftwareVersion": "syngo MR D13C",
    "dataset": "ds003136",
    "modality": "T1w",
    "session_id": "01",
    "subject_id": "3120"
  },
  "cjv": 0.35643243312319184,
  "cnr": 3.6108233681792843,
  "efc": 0.547051382779925,
  "fber": -1.0,
  "fwhm_avg": 3.700533333333333,
  "fwhm_x": 3.77603,
  "fwhm_y": 3.87931,
  "fwhm_z": 3.44626,
  "icvs_csf": 0.21954819327148833,
  "icvs_gm": 0.4235933585443897,
  "icvs_wm": 0.356858448184122,
  "inu_med": 0.4903731942176819,
  "inu_range": 0.12226569652557373,
  "provenance": {
    "md5sum": "08226cb17beac66735478e8e6fb52585",
    "settings": {
      "testing": false
    },
    "software": "mriqc",
    "version": "23.0.1",
    "warnings": {
      "large_rot_frame": true,
      "small_air_mask": false
    },
    "webapi_port": null,
    "webapi_url": "https://mriqc.nimh.nih.gov/api/v1"
  },
  "qi_1": 0.014683289494960559,
  "qi_2": 0.05156010996109823,
  "rpve_csf": 26.59982136643081,
  "rpve_gm": 14.007570239365982,
  "rpve_wm": 19.284457280805867,
  "size_x": 176,
  "size_y": 256,
  "size_z": 256,
  "snr_csf": 1.6508059082071012,
  "snr_gm": 8.371115757827296,
  "snr_total": 11.717926752899606,
  "snr_wm": 25.131858592664422,
  "snrd_csf": 21.49155757952939,
  "snrd_gm": 94.68419006325534,
  "snrd_total": 85.48836312522393,
  "snrd_wm": 140.289341732887,
  "spacing_x": 1.0,
  "spacing_y": 1.0,
  "spacing_z": 1.0,
  "summary_bg_k": 21.661931683477604,
  "summary_bg_mad": 0.0,
  "summary_bg_mean": 2.084695128773463,
  "summary_bg_median": 0.0,
  "summary_bg_n": 2698555.0,
  "summary_bg_p05": 0.0,
  "summary_bg_p95": 12.08459186553955,
  "summary_bg_stdv": 4.669755893125714,
  "summary_csf_k": 7.884335765185039,
  "summary_csf_mad": 66.39697004139838,
  "summary_csf_mean": 172.78708901916502,
  "summary_csf_median": 153.1899733543396,
  "summary_csf_n": 57794.0,
  "summary_csf_p05": 60.73840271830559,
  "summary_csf_p95": 359.1715455114841,
  "summary_csf_stdv": 92.79628045711664,
  "summary_gm_k": 0.04582820159396217,
  "summary_gm_mad": 78.9342286041095,
  "summary_gm_mean": 675.3678106908883,
  "summary_gm_median": 674.9007604122162,
  "summary_gm_n": 33312.0,
  "summary_gm_p05": 543.0365374088287,
  "summary_gm_p95": 811.3233625531195,
  "summary_gm_stdv": 80.62134724520344,
  "summary_wm_k": 0.7423001287355815,
  "summary_wm_mad": 36.93111891852912,
  "summary_wm_mean": 999.6067761246165,
  "summary_wm_median": 999.9703577756882,
  "summary_wm_n": 198166.0,
  "summary_wm_p05": 933.8309125900269,
  "summary_wm_p95": 1063.651417851448,
  "summary_wm_stdv": 39.78885330040823,
  "tpm_overlap_csf": 0.1476982566826138,
  "tpm_overlap_gm": 0.45527809640465033,
  "tpm_overlap_wm": 0.5083009558994649,
  "wm2max": 0.6267144045788358
}