{
  "aor": 0.0031298283261802576,
  "aqi": 0.017129125193133046,
  "bids_meta": {
    "ConversionSoftware": "dicm2nii.m 20200120",
    "DeviceSerialNumber": "45348",
    "EchoTime": 0.03,
    "EffectiveEchoSpacing": 0.00028515375,
    "FlipAngle": 90,
    "ImageType": [
      "ORIGINAL",
      "PRIMARY",
      "M",
      "ND",
      "NORM",
      "MOSAIC"
    ],
    "InstitutionAddress": "Franklin Blvd 1440,Eugene,District,US,97403",
    "InstitutionName": "University of Oregon",
    "MRAcquisitionType": "2D",
    "Manufacturer": "SIEMENS",
    "Modality": "MR",
    "PhaseEncodingDirection": "j-",
    "RepetitionTime": 2,
    "ScanOptions": "FS",
    "ScanningSequence": "EP",
    "SequenceName": "*epfid2d1_64",
    "SequenceVariant": "SK\\OSP",
    "SeriesDescription": "ep2d_affect_1",
    "SeriesNumber": 10,
    "SliceThickness": 4,
    "SliceTiming": [
      0.9875,
      0,
      1.05,
      0.06,
      1.1125,
      0.1225,
      1.175,
      0.185,
      1.235,
      0.2475,
      1.2975,
      0.3075,
      1.36,
      0.37,
      1.4225,
      0.4325,
      1.4825,
      0.4925,
      1.545,
      0.555,
      1.6075,
      0.6175,
      1.67,
      0.68,
      1.73,
      0.74,
      1.7925,
      0.8025,
      1.855,
      0.865,
      1.9175,
      0.9275
    ],
    "SoftwareVersion": "syngo MR D13C",
    "TotalReadoutTime": 0.017964687,
    "dataset": "ds003136",
    "modality": "bold",
    "run_id": 1,
    "session_id": "01",
    "subject_id": "0182",
    "task_id": "affect"
  },
  "dummy_trs": 0,
  "dvars_nstd": 27.34216972030173,
  "dvars_std": 1.2241648761637935,
  "dvars_vstd": 1.0067279157327587,
  "efc": 0.5340122050682823,
  "fber": 2722.26220703125,
  "fd_mean": 0.25436689880430696,
  "fd_num": 131,
  "fd_perc": 56.223175965665234,
  "fwhm_avg": 1.5624419333333333,
  "fwhm_x": 1.4642464000000002,
  "fwhm_y": 1.7878144,
  "fwhm_z": 1.435265,
  "gcor": 0.0310336,
  "gsr_x": -0.013987598940730095,
  "gsr_y": 0.03588315472006798,
  "provenance": {
    "md5sum": "b5367c35af817ce4cf6c5f31876bbece",
    "settings": {
      "fd_thres": 0.2,
      "testing": false
    },
    "software": "mriqc",
    "version": "23.0.1",
    "webapi_port": null,
    "webapi_url": "https://mriqc.nimh.nih.gov/api/v1"
  },
  "size_t": 233,
  "size_x": 64,
  "size_y": 64,
  "size_z": 32,
  "snr": 8.141199875668768,
  "spacing_tr": 2.0,
  "spacing_x": 3.125,
  "spacing_y": 3.125,
  "spacing_z": 4.0,
  "summary_bg_k": 38.87160491270226,
  "summary_bg_mad": 6.019492175066715,
  "summary_bg_mean": 16.911346435546875,
  "summary_bg_median": 7.686695098876953,
  "summary_bg_n": 73685.0,
  "summary_bg_p05": 2.5278968811035156,
  "summary_bg_p95": 58.296138763427734,
  "summary_bg_stdv": 29.766666412353516,
  "summary_fg_k": 3.083825573450918,
  "summary_fg_mad": 45.547080306896326,
  "summary_fg_mean": 412.0748596191406,
  "summary_fg_median": 409.1716613769531,
  "summary_fg_n": 26887.0,
  "summary_fg_p05": 340.65406799316406,
  "summary_fg_p95": 491.96566467285146,
  "summary_fg_stdv": 50.258445739746094,
  "tsnr": 52.193031466100365
}