{
  "aor": 0.005939184549356224,
  "aqi": 0.017570107124463517,
  "bids_meta": {
    "ConversionSoftware": "dicm2nii.m 20200120",
    "DeviceSerialNumber": "45348",
    "EchoTime": 0.03,
    "EffectiveEchoSpacing": 0.00028515375,
    "FlipAngle": 90,
    "ImageType": [
      "ORIGINAL",
      "PRIMARY",
      "M",
      "ND",
      "NORM",
      "MOSAIC"
    ],
    "InstitutionAddress": "Franklin Blvd 1440,Eugene,District,US,97403",
    "InstitutionName": "University of Oregon",
    "MRAcquisitionType": "2D",
    "Manufacturer": "SIEMENS",
    "Modality": "MR",
    "PhaseEncodingDirection": "j-",
    "RepetitionTime": 2,
    "ScanOptions": "FS",
    "ScanningSequence": "EP",
    "SequenceName": "*epfid2d1_64",
    "SequenceVariant": "SK\\OSP",
    "SeriesDescription": "ep2d_affect_2",
    "SeriesNumber": 11,
    "SliceThickness": 4,
    "SliceTiming": [
      0.99,
      0,
      1.0525,
      0.0625,
      1.115,
      0.125,
      1.175,
      0.1875,
      1.2375,
      0.2475,
      1.3,
      0.31,
      1.3625,
      0.3725,
      1.4225,
      0.4325,
      1.485,
      0.495,
      1.5475,
      0.5575,
      1.61,
      0.62,
      1.67,
      0.68,
      1.7325,
      0.7425,
      1.795,
      0.805,
      1.8575,
      0.8675,
      1.9175,
      0.9275
    ],
    "SoftwareVersion": "syngo MR D13C",
    "TotalReadoutTime": 0.017964687,
    "dataset": "ds003136",
    "modality": "bold",
    "run_id": 2,
    "session_id": "01",
    "subject_id": "0182",
    "task_id": "affect"
  },
  "dummy_trs": 0,
  "dvars_nstd": 27.65254491788794,
  "dvars_std": 1.2542767302586213,
  "dvars_vstd": 1.0396874713793112,
  "efc": 0.533546195170173,
  "fber": 2772.1572265625,
  "fd_mean": 0.23483605164655047,
  "fd_num": 96,
  "fd_perc": 41.201716738197426,
  "fwhm_avg": 1.5706619,
  "fwhm_x": 1.4816192000000001,
  "fwhm_y": 1.804144,
  "fwhm_z": 1.4262225,
  "gcor": 0.0447863,
  "gsr_x": -0.013482951559126377,
  "gsr_y": 0.03631237894296646,
  "provenance": {
    "md5sum": "57ce1e83e45978475f1f8d0b2ce883a9",
    "settings": {
      "fd_thres": 0.2,
      "testing": false
    },
    "software": "mriqc",
    "version": "23.0.1",
    "webapi_port": null,
    "webapi_url": "https://mriqc.nimh.nih.gov/api/v1"
  },
  "size_t": 233,
  "size_x": 64,
  "size_y": 64,
  "size_z": 32,
  "snr": 8.16756279455373,
  "spacing_tr": 2.0,
  "spacing_x": 3.125,
  "spacing_y": 3.125,
  "spacing_z": 4.0,
  "summary_bg_k": 41.56677925387951,
  "summary_bg_mad": 5.784057585101081,
  "summary_bg_mean": 16.831403732299805,
  "summary_bg_median": 7.587982654571533,
  "summary_bg_n": 73690.0,
  "summary_bg_p05": 2.613734006881714,
  "summary_bg_p95": 57.080043029785195,
  "summary_bg_stdv": 30.150999069213867,
  "summary_fg_k": 3.0695451513710603,
  "summary_fg_mad": 45.108018663574235,
  "summary_fg_mean": 412.1886901855469,
  "summary_fg_median": 409.5150146484375,
  "summary_fg_n": 26841.0,
  "summary_fg_p05": 340.75537109375,
  "summary_fg_p95": 492.1072998046875,
  "summary_fg_stdv": 50.13825988769531,
  "tsnr": 49.969142113113776
}