{
  "aor": 0.0013714592274678113,
  "aqi": 0.006534095922746781,
  "bids_meta": {
    "ConversionSoftware": "dicm2nii.m 20200120",
    "DeviceSerialNumber": "45348",
    "EchoTime": 0.03,
    "EffectiveEchoSpacing": 0.00028515375,
    "FlipAngle": 90,
    "ImageType": [
      "ORIGINAL",
      "PRIMARY",
      "M",
      "ND",
      "NORM",
      "MOSAIC"
    ],
    "InstitutionAddress": "Franklin Blvd 1440,Eugene,District,US,97403",
    "InstitutionName": "Lewis Building",
    "MRAcquisitionType": "2D",
    "Manufacturer": "SIEMENS",
    "Modality": "MR",
    "PhaseEncodingDirection": "j-",
    "RepetitionTime": 2,
    "ScanOptions": "FS",
    "ScanningSequence": "EP",
    "SequenceName": "*epfid2d1_64",
    "SequenceVariant": "SK\\OSP",
    "SeriesDescription": "ep2d_affect_1",
    "SeriesNumber": 11,
    "SliceThickness": 4,
    "SliceTiming": [
      0.99,
      0,
      1.05,
      0.06,
      1.1125,
      0.1225,
      1.175,
      0.185,
      1.2375,
      0.2475,
      1.2975,
      0.3075,
      1.36,
      0.37,
      1.4225,
      0.4325,
      1.485,
      0.495,
      1.545,
      0.555,
      1.6075,
      0.6175,
      1.67,
      0.68,
      1.7325,
      0.7425,
      1.7925,
      0.8025,
      1.855,
      0.865,
      1.9175,
      0.9275
    ],
    "SoftwareVersion": "syngo MR D13C",
    "TotalReadoutTime": 0.017964687,
    "dataset": "ds003136",
    "modality": "bold",
    "run_id": 1,
    "session_id": "01",
    "subject_id": "3148",
    "task_id": "affect"
  },
  "dummy_trs": 0,
  "dvars_nstd": 28.945068277025875,
  "dvars_std": 1.4942964693965524,
  "dvars_vstd": 1.0220078667672412,
  "efc": 0.5376896944521093,
  "fber": 2823.408935546875,
  "fd_mean": 0.08643541796538118,
  "fd_num": 5,
  "fd_perc": 2.1459227467811157,
  "fwhm_avg": 1.5165563000000002,
  "fwhm_x": 1.4827583999999998,
  "fwhm_y": 1.664288,
  "fwhm_z": 1.4026225,
  "gcor": 0.0171592,
  "gsr_x": -0.006173667032271624,
  "gsr_y": 0.031573861837387085,
  "provenance": {
    "md5sum": "bd4f77279941ef975719579c0a741e59",
    "settings": {
      "fd_thres": 0.2,
      "testing": false
    },
    "software": "mriqc",
    "version": "23.0.1",
    "webapi_port": null,
    "webapi_url": "https://mriqc.nimh.nih.gov/api/v1"
  },
  "size_t": 233,
  "size_x": 64,
  "size_y": 64,
  "size_z": 32,
  "snr": 7.109518073288886,
  "spacing_tr": 2.0,
  "spacing_x": 3.125,
  "spacing_y": 3.125,
  "spacing_z": 4.0,
  "summary_bg_k": 46.18891029705495,
  "summary_bg_mad": 5.446813003256361,
  "summary_bg_mean": 16.54876708984375,
  "summary_bg_median": 6.9442057609558105,
  "summary_bg_n": 72915.0,
  "summary_bg_p05": 2.4248926639556885,
  "summary_bg_p95": 62.92961502075198,
  "summary_bg_stdv": 29.445819854736328,
  "summary_fg_k": 1.8922129729988066,
  "summary_fg_mad": 49.123120658547876,
  "summary_fg_mean": 383.08367919921875,
  "summary_fg_median": 377.87982177734375,
  "summary_fg_n": 27310.0,
  "summary_fg_p05": 309.4420471191406,
  "summary_fg_p95": 473.5965576171875,
  "summary_fg_stdv": 53.15028381347656,
  "tsnr": 79.96363646909595
}