{
  "aor": 0.00087991341991342,
  "aqi": 0.006665546493506493,
  "bids_meta": {
    "ConversionSoftware": "dicm2nii.m 20200120",
    "DeviceSerialNumber": "45348",
    "EchoTime": 0.03,
    "EffectiveEchoSpacing": 0.00028515375,
    "FlipAngle": 90,
    "ImageType": [
      "ORIGINAL",
      "PRIMARY",
      "M",
      "ND",
      "NORM",
      "MOSAIC"
    ],
    "InstitutionAddress": "Franklin Blvd 1440,Eugene,District,US,97403",
    "InstitutionName": "Lewis Building",
    "MRAcquisitionType": "2D",
    "Manufacturer": "SIEMENS",
    "Modality": "MR",
    "PhaseEncodingDirection": "j-",
    "RepetitionTime": 2,
    "ScanOptions": "FS",
    "ScanningSequence": "EP",
    "SequenceName": "*epfid2d1_64",
    "SequenceVariant": "SK\\OSP",
    "SeriesDescription": "ep2d_infant_2",
    "SeriesNumber": 9,
    "SliceThickness": 4,
    "SliceTiming": [
      0.99,
      0,
      1.05,
      0.06,
      1.1125,
      0.1225,
      1.175,
      0.185,
      1.2375,
      0.2475,
      1.2975,
      0.3075,
      1.36,
      0.37,
      1.4225,
      0.4325,
      1.485,
      0.495,
      1.545,
      0.555,
      1.6075,
      0.6175,
      1.67,
      0.68,
      1.7325,
      0.7425,
      1.7925,
      0.8025,
      1.855,
      0.865,
      1.9175,
      0.9275
    ],
    "SoftwareVersion": "syngo MR D13C",
    "TotalReadoutTime": 0.017964687,
    "dataset": "ds003136",
    "modality": "bold",
    "run_id": 2,
    "session_id": "01",
    "subject_id": "3148",
    "task_id": "infant"
  },
  "dummy_trs": 0,
  "dvars_nstd": 27.696001882217384,
  "dvars_std": 1.4980415354782608,
  "dvars_vstd": 1.0136443767391308,
  "efc": 0.5394502653111827,
  "fber": 2746.60888671875,
  "fd_mean": 0.0721636550673449,
  "fd_num": 0,
  "fd_perc": 0.0,
  "fwhm_avg": 1.5161518,
  "fwhm_x": 1.4810944000000001,
  "fwhm_y": 1.675376,
  "fwhm_z": 1.391985,
  "gcor": 0.00998776,
  "gsr_x": -0.007709158584475517,
  "gsr_y": 0.03089716099202633,
  "provenance": {
    "md5sum": "d74269bf8e1c6100807e911e6a75c9e1",
    "settings": {
      "fd_thres": 0.2,
      "testing": false
    },
    "software": "mriqc",
    "version": "23.0.1",
    "webapi_port": null,
    "webapi_url": "https://mriqc.nimh.nih.gov/api/v1"
  },
  "size_t": 231,
  "size_x": 64,
  "size_y": 64,
  "size_z": 32,
  "snr": 7.1033665447076695,
  "spacing_tr": 2.0,
  "spacing_x": 3.125,
  "spacing_y": 3.125,
  "spacing_z": 4.0,
  "summary_bg_k": 43.90325484705078,
  "summary_bg_mad": 5.577408631957195,
  "summary_bg_mean": 16.87712287902832,
  "summary_bg_median": 7.034632205963135,
  "summary_bg_n": 72864.0,
  "summary_bg_p05": 2.4199135303497314,
  "summary_bg_p95": 64.3764053344724,
  "summary_bg_stdv": 29.821203231811523,
  "summary_fg_k": 1.876950552745642,
  "summary_fg_mad": 49.06708419469231,
  "summary_fg_mean": 382.1285705566406,
  "summary_fg_median": 377.00433349609375,
  "summary_fg_n": 27371.0,
  "summary_fg_p05": 308.43939208984375,
  "summary_fg_p95": 472.07359313964844,
  "summary_fg_stdv": 53.07306671142578,
  "tsnr": 80.59845827752724
}