{
  "aor": 0.0008394805194805195,
  "aqi": 0.008809297229437229,
  "bids_meta": {
    "ConversionSoftware": "dicm2nii.m 20200120",
    "DeviceSerialNumber": "45348",
    "EchoTime": 0.03,
    "EffectiveEchoSpacing": 0.00028515375,
    "FlipAngle": 90,
    "ImageType": [
      "ORIGINAL",
      "PRIMARY",
      "M",
      "ND",
      "NORM",
      "MOSAIC"
    ],
    "InstitutionAddress": "Franklin Blvd 1440,Eugene,District,US,97403",
    "InstitutionName": "Lewis Building",
    "MRAcquisitionType": "2D",
    "Manufacturer": "SIEMENS",
    "Modality": "MR",
    "PhaseEncodingDirection": "j-",
    "RepetitionTime": 2,
    "ScanOptions": "FS",
    "ScanningSequence": "EP",
    "SequenceName": "*epfid2d1_64",
    "SequenceVariant": "SK\\OSP",
    "SeriesDescription": "ep2d_infant_1",
    "SeriesNumber": 8,
    "SliceThickness": 4,
    "SliceTiming": [
      0.99,
      0,
      1.05,
      0.0625,
      1.1125,
      0.1225,
      1.175,
      0.185,
      1.2375,
      0.2475,
      1.2975,
      0.31,
      1.36,
      0.37,
      1.4225,
      0.4325,
      1.485,
      0.495,
      1.545,
      0.5575,
      1.6075,
      0.6175,
      1.67,
      0.68,
      1.7325,
      0.7425,
      1.7925,
      0.8025,
      1.855,
      0.865,
      1.9175,
      0.9275
    ],
    "SoftwareVersion": "syngo MR D13C",
    "TotalReadoutTime": 0.017964687,
    "dataset": "ds003136",
    "modality": "bold",
    "run_id": 1,
    "session_id": "01",
    "subject_id": "3148",
    "task_id": "infant"
  },
  "dummy_trs": 0,
  "dvars_nstd": 28.564297302826084,
  "dvars_std": 1.5038173357826086,
  "dvars_vstd": 0.9856002065217397,
  "efc": 0.5401893113414152,
  "fber": 2758.83251953125,
  "fd_mean": 0.07791686088209268,
  "fd_num": 3,
  "fd_perc": 1.2987012987012987,
  "fwhm_avg": 1.5132998666666666,
  "fwhm_x": 1.4829408000000002,
  "fwhm_y": 1.6691488,
  "fwhm_z": 1.38781,
  "gcor": 0.00800158,
  "gsr_x": -0.0076799034141004086,
  "gsr_y": 0.030754119157791138,
  "provenance": {
    "md5sum": "51eb3346d49491bf3b915e566e5f8af9",
    "settings": {
      "fd_thres": 0.2,
      "testing": false
    },
    "software": "mriqc",
    "version": "23.0.1",
    "webapi_port": null,
    "webapi_url": "https://mriqc.nimh.nih.gov/api/v1"
  },
  "size_t": 231,
  "size_x": 64,
  "size_y": 64,
  "size_z": 32,
  "snr": 7.144003378117083,
  "spacing_tr": 2.0,
  "spacing_x": 3.125,
  "spacing_y": 3.125,
  "spacing_z": 4.0,
  "summary_bg_k": 40.239588358506786,
  "summary_bg_mad": 5.635172198674074,
  "summary_bg_mean": 16.965286254882812,
  "summary_bg_median": 7.034632205963135,
  "summary_bg_n": 72811.0,
  "summary_bg_p05": 2.3636362552642822,
  "summary_bg_p95": 65.28571319580078,
  "summary_bg_stdv": 29.90489387512207,
  "summary_fg_k": 1.818026651948796,
  "summary_fg_mad": 48.5407893641974,
  "summary_fg_mean": 381.1971130371094,
  "summary_fg_median": 375.9437255859375,
  "summary_fg_n": 27354.0,
  "summary_fg_p05": 308.2551956176758,
  "summary_fg_p95": 470.0681808471679,
  "summary_fg_stdv": 52.62271499633789,
  "tsnr": 71.12468214798719
}