{
  "aor": 0.0010439484978540772,
  "aqi": 0.01245433236051502,
  "bids_meta": {
    "ConversionSoftware": "dicm2nii.m 20200120",
    "DeviceSerialNumber": "45348",
    "EchoTime": 0.03,
    "EffectiveEchoSpacing": 0.00028515375,
    "FlipAngle": 90,
    "ImageType": [
      "ORIGINAL",
      "PRIMARY",
      "M",
      "ND",
      "NORM",
      "MOSAIC"
    ],
    "InstitutionAddress": "Franklin Blvd 1440,Eugene,District,US,97403",
    "InstitutionName": "Lewis Building",
    "MRAcquisitionType": "2D",
    "Manufacturer": "SIEMENS",
    "Modality": "MR",
    "PhaseEncodingDirection": "j-",
    "RepetitionTime": 2,
    "ScanOptions": "FS",
    "ScanningSequence": "EP",
    "SequenceName": "*epfid2d1_64",
    "SequenceVariant": "SK\\OSP",
    "SeriesDescription": "ep2d_affect_2",
    "SeriesNumber": 12,
    "SliceThickness": 4,
    "SliceTiming": [
      0.99,
      0,
      1.0525,
      0.0625,
      1.115,
      0.125,
      1.1775,
      0.1875,
      1.2375,
      0.2475,
      1.3,
      0.31,
      1.3625,
      0.3725,
      1.425,
      0.435,
      1.485,
      0.495,
      1.5475,
      0.5575,
      1.61,
      0.62,
      1.6725,
      0.6825,
      1.7325,
      0.7425,
      1.795,
      0.805,
      1.8575,
      0.8675,
      1.92,
      0.93
    ],
    "SoftwareVersion": "syngo MR D13C",
    "TotalReadoutTime": 0.017964687,
    "dataset": "ds003136",
    "modality": "bold",
    "run_id": 2,
    "session_id": "01",
    "subject_id": "3148",
    "task_id": "affect"
  },
  "dummy_trs": 0,
  "dvars_nstd": 28.92525438568964,
  "dvars_std": 1.4080044305172417,
  "dvars_vstd": 0.9713238008620696,
  "efc": 0.5387607789729264,
  "fber": 2833.996337890625,
  "fd_mean": 0.09304376961043036,
  "fd_num": 8,
  "fd_perc": 3.4334763948497855,
  "fwhm_avg": 1.5156830333333333,
  "fwhm_x": 1.4924096,
  "fwhm_y": 1.668112,
  "fwhm_z": 1.3865275,
  "gcor": 0.0192797,
  "gsr_x": -0.007337705232203007,
  "gsr_y": 0.03077034279704094,
  "provenance": {
    "md5sum": "345d0e1eacb3b394776f176062476c8d",
    "settings": {
      "fd_thres": 0.2,
      "testing": false
    },
    "software": "mriqc",
    "version": "23.0.1",
    "webapi_port": null,
    "webapi_url": "https://mriqc.nimh.nih.gov/api/v1"
  },
  "size_t": 233,
  "size_x": 64,
  "size_y": 64,
  "size_z": 32,
  "snr": 7.159142140099728,
  "spacing_tr": 2.0,
  "spacing_x": 3.125,
  "spacing_y": 3.125,
  "spacing_z": 4.0,
  "summary_bg_k": 44.02875724914733,
  "summary_bg_mad": 5.580438661782651,
  "summary_bg_mean": 16.93482208251953,
  "summary_bg_median": 7.038626670837402,
  "summary_bg_n": 72947.0,
  "summary_bg_p05": 2.4206008911132812,
  "summary_bg_p95": 64.91888351440426,
  "summary_bg_stdv": 29.728731155395508,
  "summary_fg_k": 1.7757907010763434,
  "summary_fg_mad": 48.900445279569134,
  "summary_fg_mean": 383.9131774902344,
  "summary_fg_median": 378.76824951171875,
  "summary_fg_n": 27313.0,
  "summary_fg_p05": 310.4678039550781,
  "summary_fg_p95": 474.0626647949218,
  "summary_fg_stdv": 52.90596389770508,
  "tsnr": 62.804872887558304
}