{
  "aor": 0.0006888157894736842,
  "aqi": 0.008106704122807017,
  "bids_meta": {
    "ConversionSoftware": "dicm2nii.m 20200120",
    "DeviceSerialNumber": "45348",
    "EchoTime": 0.03,
    "EffectiveEchoSpacing": 0.00028515375,
    "FlipAngle": 90,
    "ImageType": [
      "ORIGINAL",
      "PRIMARY",
      "M",
      "ND",
      "NORM",
      "MOSAIC"
    ],
    "InstitutionAddress": "Franklin Blvd 1440,Eugene,District,US,97403",
    "InstitutionName": "Lewis Building",
    "MRAcquisitionType": "2D",
    "Manufacturer": "SIEMENS",
    "Modality": "MR",
    "PhaseEncodingDirection": "j-",
    "RepetitionTime": 2,
    "ScanOptions": "FS",
    "ScanningSequence": "EP",
    "SequenceName": "*epfid2d1_64",
    "SequenceVariant": "SK\\OSP",
    "SeriesDescription": "ep2d_affect_2",
    "SeriesNumber": 18,
    "SliceThickness": 4,
    "SliceTiming": [
      0.99,
      0,
      1.05,
      0.06,
      1.1125,
      0.1225,
      1.175,
      0.185,
      1.2375,
      0.2475,
      1.2975,
      0.3075,
      1.36,
      0.37,
      1.4225,
      0.4325,
      1.485,
      0.495,
      1.545,
      0.555,
      1.6075,
      0.6175,
      1.67,
      0.68,
      1.7325,
      0.7425,
      1.7925,
      0.8025,
      1.855,
      0.865,
      1.9175,
      0.9275
    ],
    "SoftwareVersion": "syngo MR D13C",
    "TotalReadoutTime": 0.017964687,
    "dataset": "ds003136",
    "modality": "bold",
    "run_id": 2,
    "session_id": "01",
    "subject_id": "3091",
    "task_id": "affect"
  },
  "dummy_trs": 0,
  "dvars_nstd": 25.305397520748905,
  "dvars_std": 1.2330628691629957,
  "dvars_vstd": 0.9900333638325994,
  "efc": 0.5669449065279134,
  "fber": 2541.213134765625,
  "fd_mean": 0.11251622457688809,
  "fd_num": 15,
  "fd_perc": 6.578947368421052,
  "fwhm_avg": 1.6815231311138747,
  "fwhm_x": 1.5797408,
  "fwhm_y": 1.8988159999999998,
  "fwhm_z": 1.5660125933416245,
  "gcor": 0.0124056,
  "gsr_x": -0.0150108952075243,
  "gsr_y": 0.04367786645889282,
  "provenance": {
    "md5sum": "3691e7bdaec3679de40120e856b2d40b",
    "settings": {
      "fd_thres": 0.2,
      "testing": false
    },
    "software": "mriqc",
    "version": "23.0.1",
    "webapi_port": null,
    "webapi_url": "https://mriqc.nimh.nih.gov/api/v1"
  },
  "size_t": 228,
  "size_x": 64,
  "size_y": 64,
  "size_z": 32,
  "snr": 7.097341378003322,
  "spacing_tr": 2.0,
  "spacing_x": 3.125,
  "spacing_y": 3.125,
  "spacing_z": 3.999999761581421,
  "summary_bg_k": 27.768688537717026,
  "summary_bg_mad": 5.494731800879822,
  "summary_bg_mean": 17.855510711669922,
  "summary_bg_median": 6.982456207275391,
  "summary_bg_n": 68882.0,
  "summary_bg_p05": 2.675438642501831,
  "summary_bg_p95": 65.51688957214351,
  "summary_bg_stdv": 31.30209732055664,
  "summary_fg_k": 1.301439284090776,
  "summary_fg_mad": 47.69363657372531,
  "summary_fg_mean": 375.9967956542969,
  "summary_fg_median": 372.00439453125,
  "summary_fg_n": 31080.0,
  "summary_fg_p05": 299.34649658203125,
  "summary_fg_p95": 464.2719421386719,
  "summary_fg_stdv": 52.41376876831055,
  "tsnr": 66.11028386512771
}