{
  "aor": 0.0007014159292035398,
  "aqi": 0.008996377654867254,
  "bids_meta": {
    "ConversionSoftware": "dicm2nii.m 20200120",
    "DeviceSerialNumber": "45348",
    "EchoTime": 0.03,
    "EffectiveEchoSpacing": 0.00028515375,
    "FlipAngle": 90,
    "ImageType": [
      "ORIGINAL",
      "PRIMARY",
      "M",
      "ND",
      "NORM",
      "MOSAIC"
    ],
    "InstitutionAddress": "Franklin Blvd 1440,Eugene,District,US,97403",
    "InstitutionName": "Lewis Building",
    "MRAcquisitionType": "2D",
    "Manufacturer": "SIEMENS",
    "Modality": "MR",
    "PhaseEncodingDirection": "j-",
    "RepetitionTime": 2,
    "ScanOptions": "FS",
    "ScanningSequence": "EP",
    "SequenceName": "*epfid2d1_64",
    "SequenceVariant": "SK\\OSP",
    "SeriesDescription": "ep2d_infant_1",
    "SeriesNumber": 12,
    "SliceThickness": 4,
    "SliceTiming": [
      0.99,
      0,
      1.0525,
      0.0625,
      1.115,
      0.125,
      1.1775,
      0.1875,
      1.2375,
      0.2475,
      1.3,
      0.31,
      1.3625,
      0.3725,
      1.425,
      0.435,
      1.485,
      0.495,
      1.5475,
      0.5575,
      1.61,
      0.62,
      1.6725,
      0.6825,
      1.7325,
      0.7425,
      1.795,
      0.805,
      1.8575,
      0.8675,
      1.92,
      0.93
    ],
    "SoftwareVersion": "syngo MR D13C",
    "TotalReadoutTime": 0.017964687,
    "dataset": "ds003136",
    "modality": "bold",
    "run_id": 1,
    "session_id": "01",
    "subject_id": "3091",
    "task_id": "infant"
  },
  "dummy_trs": 0,
  "dvars_nstd": 29.224329850977774,
  "dvars_std": 1.3035313375111113,
  "dvars_vstd": 0.9971531996000004,
  "efc": 0.5664166322592843,
  "fber": 2677.48583984375,
  "fd_mean": 0.11005826068170456,
  "fd_num": 9,
  "fd_perc": 3.982300884955752,
  "fwhm_avg": 1.6969503979674017,
  "fwhm_x": 1.6079839999999999,
  "fwhm_y": 1.9074495999999999,
  "fwhm_z": 1.575417593902206,
  "gcor": 0.00734321,
  "gsr_x": -0.016118133440613747,
  "gsr_y": 0.041358597576618195,
  "provenance": {
    "md5sum": "1095a1e11e473330c78211a5529d8a6d",
    "settings": {
      "fd_thres": 0.2,
      "testing": false
    },
    "software": "mriqc",
    "version": "23.0.1",
    "webapi_port": null,
    "webapi_url": "https://mriqc.nimh.nih.gov/api/v1"
  },
  "size_t": 226,
  "size_x": 64,
  "size_y": 64,
  "size_z": 32,
  "snr": 6.992016707884836,
  "spacing_tr": 2.0,
  "spacing_x": 3.125,
  "spacing_y": 3.125,
  "spacing_z": 3.999999761581421,
  "summary_bg_k": 28.023789250947964,
  "summary_bg_mad": 5.097264846034289,
  "summary_bg_mean": 17.563562393188477,
  "summary_bg_median": 6.809734344482422,
  "summary_bg_n": 68905.0,
  "summary_bg_p05": 2.7920353412628174,
  "summary_bg_p95": 64.21681213378906,
  "summary_bg_stdv": 30.628572463989258,
  "summary_fg_k": 1.2870872495162242,
  "summary_fg_mad": 48.35514736888098,
  "summary_fg_mean": 375.5001525878906,
  "summary_fg_median": 371.54425048828125,
  "summary_fg_n": 31045.0,
  "summary_fg_p05": 297.71062622070315,
  "summary_fg_p95": 465.5150451660156,
  "summary_fg_stdv": 53.13749694824219,
  "tsnr": 63.132678838446736
}