{
  "aor": 0.00041743362831858405,
  "aqi": 0.008349926194690264,
  "bids_meta": {
    "ConversionSoftware": "dicm2nii.m 20200120",
    "DeviceSerialNumber": "45348",
    "EchoTime": 0.03,
    "EffectiveEchoSpacing": 0.00028515375,
    "FlipAngle": 90,
    "ImageType": [
      "ORIGINAL",
      "PRIMARY",
      "M",
      "ND",
      "NORM",
      "MOSAIC"
    ],
    "InstitutionAddress": "Franklin Blvd 1440,Eugene,District,US,97403",
    "InstitutionName": "Lewis Building",
    "MRAcquisitionType": "2D",
    "Manufacturer": "SIEMENS",
    "Modality": "MR",
    "PhaseEncodingDirection": "j-",
    "RepetitionTime": 2,
    "ScanOptions": "FS",
    "ScanningSequence": "EP",
    "SequenceName": "*epfid2d1_64",
    "SequenceVariant": "SK\\OSP",
    "SeriesDescription": "ep2d_infant_2",
    "SeriesNumber": 13,
    "SliceThickness": 4,
    "SliceTiming": [
      0.99,
      0,
      1.05,
      0.06,
      1.1125,
      0.1225,
      1.175,
      0.185,
      1.2375,
      0.2475,
      1.2975,
      0.3075,
      1.36,
      0.37,
      1.4225,
      0.4325,
      1.485,
      0.495,
      1.545,
      0.555,
      1.6075,
      0.6175,
      1.67,
      0.68,
      1.7325,
      0.7425,
      1.7925,
      0.8025,
      1.855,
      0.865,
      1.9175,
      0.9275
    ],
    "SoftwareVersion": "syngo MR D13C",
    "TotalReadoutTime": 0.017964687,
    "dataset": "ds003136",
    "modality": "bold",
    "run_id": 2,
    "session_id": "01",
    "subject_id": "3091",
    "task_id": "infant"
  },
  "dummy_trs": 0,
  "dvars_nstd": 28.44225902951112,
  "dvars_std": 1.2893221448444447,
  "dvars_vstd": 0.9912838474222225,
  "efc": 0.5667002556235272,
  "fber": 2593.422119140625,
  "fd_mean": 0.10494974912517131,
  "fd_num": 6,
  "fd_perc": 2.6548672566371683,
  "fwhm_avg": 1.6830175642060574,
  "fwhm_x": 1.5870368,
  "fwhm_y": 1.9081408,
  "fwhm_z": 1.5538750926181728,
  "gcor": 0.00461903,
  "gsr_x": -0.015898818150162697,
  "gsr_y": 0.042134493589401245,
  "provenance": {
    "md5sum": "dd0042ea8c1338db53796415575ae7bb",
    "settings": {
      "fd_thres": 0.2,
      "testing": false
    },
    "software": "mriqc",
    "version": "23.0.1",
    "webapi_port": null,
    "webapi_url": "https://mriqc.nimh.nih.gov/api/v1"
  },
  "size_t": 226,
  "size_x": 64,
  "size_y": 64,
  "size_z": 32,
  "snr": 7.012917508215823,
  "spacing_tr": 2.0,
  "spacing_x": 3.125,
  "spacing_y": 3.125,
  "spacing_z": 3.999999761581421,
  "summary_bg_k": 28.479086248726258,
  "summary_bg_mad": 5.175987650790202,
  "summary_bg_mean": 17.666854858398438,
  "summary_bg_median": 6.924778938293457,
  "summary_bg_n": 68913.0,
  "summary_bg_p05": 2.8672566413879395,
  "summary_bg_p95": 64.54424743652318,
  "summary_bg_stdv": 30.683778762817383,
  "summary_fg_k": 1.3457882604444409,
  "summary_fg_mad": 48.053360357240585,
  "summary_fg_mean": 375.3143310546875,
  "summary_fg_median": 371.3362731933594,
  "summary_fg_n": 31061.0,
  "summary_fg_p05": 297.47344970703125,
  "summary_fg_p95": 464.7477722167969,
  "summary_fg_stdv": 52.9494743347168,
  "tsnr": 66.03316350933164
}