{
  "aor": 0.0007891228070175437,
  "aqi": 0.006852733508771931,
  "bids_meta": {
    "ConversionSoftware": "dicm2nii.m 20200120",
    "DeviceSerialNumber": "45348",
    "EchoTime": 0.03,
    "EffectiveEchoSpacing": 0.00028515375,
    "FlipAngle": 90,
    "ImageType": [
      "ORIGINAL",
      "PRIMARY",
      "M",
      "ND",
      "NORM",
      "MOSAIC"
    ],
    "InstitutionAddress": "Franklin Blvd 1440,Eugene,District,US,97403",
    "InstitutionName": "Lewis Building",
    "MRAcquisitionType": "2D",
    "Manufacturer": "SIEMENS",
    "Modality": "MR",
    "PhaseEncodingDirection": "j-",
    "RepetitionTime": 2,
    "ScanOptions": "FS",
    "ScanningSequence": "EP",
    "SequenceName": "*epfid2d1_64",
    "SequenceVariant": "SK\\OSP",
    "SeriesDescription": "ep2d_affect_1",
    "SeriesNumber": 17,
    "SliceThickness": 4,
    "SliceTiming": [
      0.99,
      0,
      1.0525,
      0.0625,
      1.115,
      0.125,
      1.175,
      0.185,
      1.2375,
      0.2475,
      1.3,
      0.31,
      1.3625,
      0.3725,
      1.4225,
      0.4325,
      1.485,
      0.495,
      1.5475,
      0.5575,
      1.61,
      0.62,
      1.67,
      0.68,
      1.7325,
      0.7425,
      1.795,
      0.805,
      1.8575,
      0.8675,
      1.9175,
      0.9275
    ],
    "SoftwareVersion": "syngo MR D13C",
    "TotalReadoutTime": 0.017964687,
    "dataset": "ds003136",
    "modality": "bold",
    "run_id": 1,
    "session_id": "01",
    "subject_id": "3091",
    "task_id": "affect"
  },
  "dummy_trs": 0,
  "dvars_nstd": 25.908953469030838,
  "dvars_std": 1.2580928817621144,
  "dvars_vstd": 1.0018653348898683,
  "efc": 0.5664894838619238,
  "fber": 2590.37451171875,
  "fd_mean": 0.1103640577548191,
  "fd_num": 8,
  "fd_perc": 3.508771929824561,
  "fwhm_avg": 1.6690662642678973,
  "fwhm_x": 1.5762752,
  "fwhm_y": 1.8739359999999998,
  "fwhm_z": 1.5569875928036923,
  "gcor": 0.00904302,
  "gsr_x": -0.014646927826106548,
  "gsr_y": 0.04235154390335083,
  "provenance": {
    "md5sum": "f005ed791d357c93ff7dc1efa1c4aecf",
    "settings": {
      "fd_thres": 0.2,
      "testing": false
    },
    "software": "mriqc",
    "version": "23.0.1",
    "webapi_port": null,
    "webapi_url": "https://mriqc.nimh.nih.gov/api/v1"
  },
  "size_t": 228,
  "size_x": 64,
  "size_y": 64,
  "size_z": 32,
  "snr": 7.094786921491015,
  "spacing_tr": 2.0,
  "spacing_x": 3.125,
  "spacing_y": 3.125,
  "spacing_z": 3.999999761581421,
  "summary_bg_k": 27.853371695486953,
  "summary_bg_mad": 5.416700402836297,
  "summary_bg_mean": 17.667423248291016,
  "summary_bg_median": 6.9298248291015625,
  "summary_bg_n": 68878.0,
  "summary_bg_p05": 2.6798245906829834,
  "summary_bg_p95": 64.7131576538085,
  "summary_bg_stdv": 30.92319107055664,
  "summary_fg_k": 1.4209351454877046,
  "summary_fg_mad": 47.267696104822356,
  "summary_fg_mean": 375.6631164550781,
  "summary_fg_median": 371.8245849609375,
  "summary_fg_n": 31026.0,
  "summary_fg_p05": 299.0559310913086,
  "summary_fg_p95": 463.8991394042969,
  "summary_fg_stdv": 52.40729522705078,
  "tsnr": 72.31688437517732
}