{
  "bids_meta": {
    "ConversionSoftware": "dicm2nii.m 20200120",
    "DeviceSerialNumber": "45348",
    "EchoTime": 0.00345,
    "FlipAngle": 7,
    "ImageType": [
      "ORIGINAL",
      "PRIMARY",
      "M",
      "ND",
      "NORM"
    ],
    "InstitutionAddress": "Franklin Blvd 1440,Eugene,District,US,97403",
    "InstitutionName": "Lewis Building",
    "InversionTime": 1.1,
    "MRAcquisitionType": "3D",
    "Manufacturer": "SIEMENS",
    "Modality": "MR",
    "PhaseEncodingDirection": "j-",
    "RepetitionTime": 2.5,
    "ScanOptions": "IR",
    "ScanningSequence": "GR\\IR",
    "SequenceName": "*tfl3d1_16ns",
    "SequenceVariant": "SK\\SP\\MP",
    "SeriesDescription": "mprage_MGH_p2",
    "SeriesNumber": 9,
    "SliceThickness": 1,
    "SoftwareVersion": "syngo MR D13C",
    "dataset": "ds003136",
    "modality": "T1w",
    "session_id": "01",
    "subject_id": "0185"
  },
  "cjv": 0.32678606001999716,
  "cnr": 3.9056456258562733,
  "efc": 0.5552595925947186,
  "fber": -1.0,
  "fwhm_avg": 3.6875033333333334,
  "fwhm_x": 3.74978,
  "fwhm_y": 3.86375,
  "fwhm_z": 3.44898,
  "icvs_csf": 0.24196104214117992,
  "icvs_gm": 0.43065995477853963,
  "icvs_wm": 0.32737900308028045,
  "inu_med": 0.49661147594451904,
  "inu_range": 0.13461467623710632,
  "provenance": {
    "md5sum": "fa872e46352c1ea104fffabfe78bca55",
    "settings": {
      "testing": false
    },
    "software": "mriqc",
    "version": "23.0.1",
    "warnings": {
      "large_rot_frame": true,
      "small_air_mask": false
    },
    "webapi_port": null,
    "webapi_url": "https://mriqc.nimh.nih.gov/api/v1"
  },
  "qi_1": 0.02439396774632553,
  "qi_2": 0.014380146658858294,
  "rpve_csf": 23.950995034748406,
  "rpve_gm": 13.516501139664964,
  "rpve_wm": 20.057643917443208,
  "size_x": 176,
  "size_y": 256,
  "size_z": 256,
  "snr_csf": 1.7145785636227122,
  "snr_gm": 9.983809577265095,
  "snr_total": 12.284343693787752,
  "snr_wm": 25.154642940475444,
  "snrd_csf": 12.4924354891814,
  "snrd_gm": 44.10806673551236,
  "snrd_total": 40.26637233703037,
  "snrd_wm": 64.19861478639734,
  "spacing_x": 1.0,
  "spacing_y": 1.0,
  "spacing_z": 1.0,
  "summary_bg_k": 290.76190154506895,
  "summary_bg_mad": 0.0,
  "summary_bg_mean": 3.3658718591922914,
  "summary_bg_median": 0.0,
  "summary_bg_n": 1943179.0,
  "summary_bg_p05": 0.0,
  "summary_bg_p95": 14.719067389145494,
  "summary_bg_stdv": 10.20458274542767,
  "summary_csf_k": 3.8662218838054594,
  "summary_csf_mad": 87.84395897779741,
  "summary_csf_mean": 220.8345119337213,
  "summary_csf_median": 194.58557277731597,
  "summary_csf_n": 50833.0,
  "summary_csf_p05": 72.82327080518007,
  "summary_csf_p95": 443.60928007103473,
  "summary_csf_stdv": 113.48774732594653,
  "summary_gm_k": 0.18204549810138904,
  "summary_gm_mad": 65.57834011961673,
  "summary_gm_mean": 688.6518223988304,
  "summary_gm_median": 687.0392436496913,
  "summary_gm_n": 35398.0,
  "summary_gm_p05": 576.4594480358064,
  "summary_gm_p95": 805.5750563151204,
  "summary_gm_stdv": 68.81436727852305,
  "summary_wm_k": 0.8281989403220842,
  "summary_wm_mad": 36.68473024146353,
  "summary_wm_mean": 999.8699307238467,
  "summary_wm_median": 999.9750841651112,
  "summary_wm_n": 177858.0,
  "summary_wm_p05": 935.0468122810125,
  "summary_wm_p95": 1064.2807220648974,
  "summary_wm_stdv": 39.752990148421155,
  "tpm_overlap_csf": 0.14762642326459366,
  "tpm_overlap_gm": 0.47067868490981446,
  "tpm_overlap_wm": 0.5102967912226462,
  "wm2max": 0.7043685066000712
}