{
  "aor": 0.0008214285714285714,
  "aqi": 0.009178955670995671,
  "bids_meta": {
    "ConversionSoftware": "dicm2nii.m 20200120",
    "DeviceSerialNumber": "45348",
    "EchoTime": 0.03,
    "EffectiveEchoSpacing": 0.00028515375,
    "FlipAngle": 90,
    "ImageType": [
      "ORIGINAL",
      "PRIMARY",
      "M",
      "ND",
      "NORM",
      "MOSAIC"
    ],
    "InstitutionAddress": "Franklin Blvd 1440,Eugene,District,US,97403",
    "InstitutionName": "Lewis Building",
    "MRAcquisitionType": "2D",
    "Manufacturer": "SIEMENS",
    "Modality": "MR",
    "PhaseEncodingDirection": "j-",
    "RepetitionTime": 2,
    "ScanOptions": "FS",
    "ScanningSequence": "EP",
    "SequenceName": "*epfid2d1_64",
    "SequenceVariant": "SK\\OSP",
    "SeriesDescription": "ep2d_infant_1",
    "SeriesNumber": 7,
    "SliceThickness": 4,
    "SliceTiming": [
      0.99,
      0,
      1.0525,
      0.0625,
      1.1125,
      0.125,
      1.175,
      0.185,
      1.2375,
      0.2475,
      1.3,
      0.31,
      1.36,
      0.3725,
      1.4225,
      0.4325,
      1.485,
      0.495,
      1.5475,
      0.5575,
      1.6075,
      0.62,
      1.67,
      0.68,
      1.7325,
      0.7425,
      1.795,
      0.805,
      1.855,
      0.865,
      1.9175,
      0.9275
    ],
    "SoftwareVersion": "syngo MR D13C",
    "TaskName": "Neural Reactivity to Own- and Other-Infant Affect",
    "TotalReadoutTime": 0.017964687,
    "dataset": "ds003136",
    "modality": "bold",
    "run_id": 1,
    "session_id": "02",
    "subject_id": "0178",
    "task_id": "infant"
  },
  "dummy_trs": 0,
  "dvars_nstd": 23.383453286,
  "dvars_std": 1.256154164652174,
  "dvars_vstd": 1.006538124478261,
  "efc": 0.5192579528429166,
  "fber": 2238.195556640625,
  "fd_mean": 0.0820657378306093,
  "fd_num": 9,
  "fd_perc": 3.896103896103896,
  "fwhm_avg": 1.4453995,
  "fwhm_x": 1.4139104,
  "fwhm_y": 1.5695455999999999,
  "fwhm_z": 1.3527425,
  "gcor": 0.0297156,
  "gsr_x": -0.0003539299941621721,
  "gsr_y": 0.02086210623383522,
  "provenance": {
    "md5sum": "be2b27cef2e3a1de60083fd2addaec0a",
    "settings": {
      "fd_thres": 0.2,
      "testing": false
    },
    "software": "mriqc",
    "version": "23.0.1",
    "webapi_port": null,
    "webapi_url": "https://mriqc.nimh.nih.gov/api/v1"
  },
  "size_t": 231,
  "size_x": 64,
  "size_y": 64,
  "size_z": 32,
  "snr": 7.984682294145032,
  "spacing_tr": 2.0,
  "spacing_x": 3.125,
  "spacing_y": 3.125,
  "spacing_z": 4.0,
  "summary_bg_k": 39.4500754410788,
  "summary_bg_mad": 6.938065228745017,
  "summary_bg_mean": 18.100168228149414,
  "summary_bg_median": 8.445887565612793,
  "summary_bg_n": 77076.0,
  "summary_bg_p05": 2.7748918533325195,
  "summary_bg_p95": 64.90692710876465,
  "summary_bg_stdv": 30.899438858032227,
  "summary_fg_k": 3.93803320026272,
  "summary_fg_mad": 44.84387584888808,
  "summary_fg_mean": 406.528076171875,
  "summary_fg_median": 404.51513671875,
  "summary_fg_n": 24368.0,
  "summary_fg_p05": 335.9582122802734,
  "summary_fg_p95": 485.81232604980465,
  "summary_fg_stdv": 50.66035461425781,
  "tsnr": 73.16947035468183
}