{
  "aor": 0.0006642918454935623,
  "aqi": 0.010038710643776823,
  "bids_meta": {
    "ConversionSoftware": "dicm2nii.m 20200120",
    "DeviceSerialNumber": "45348",
    "EchoTime": 0.03,
    "EffectiveEchoSpacing": 0.00028515375,
    "FlipAngle": 90,
    "ImageType": [
      "ORIGINAL",
      "PRIMARY",
      "M",
      "ND",
      "NORM",
      "MOSAIC"
    ],
    "InstitutionAddress": "Franklin Blvd 1440,Eugene,District,US,97403",
    "InstitutionName": "Lewis Building",
    "MRAcquisitionType": "2D",
    "Manufacturer": "SIEMENS",
    "Modality": "MR",
    "PhaseEncodingDirection": "j-",
    "RepetitionTime": 2,
    "ScanOptions": "FS",
    "ScanningSequence": "EP",
    "SequenceName": "*epfid2d1_64",
    "SequenceVariant": "SK\\OSP",
    "SeriesDescription": "ep2d_affect_1",
    "SeriesNumber": 9,
    "SliceThickness": 4,
    "SliceTiming": [
      0.99,
      0,
      1.0525,
      0.0625,
      1.115,
      0.125,
      1.175,
      0.185,
      1.2375,
      0.2475,
      1.3,
      0.31,
      1.3625,
      0.3725,
      1.4225,
      0.4325,
      1.485,
      0.495,
      1.5475,
      0.5575,
      1.61,
      0.62,
      1.67,
      0.68,
      1.7325,
      0.7425,
      1.795,
      0.805,
      1.8575,
      0.8675,
      1.9175,
      0.9275
    ],
    "SoftwareVersion": "syngo MR D13C",
    "TotalReadoutTime": 0.017964687,
    "dataset": "ds003136",
    "modality": "bold",
    "run_id": 1,
    "session_id": "02",
    "subject_id": "0178",
    "task_id": "affect"
  },
  "dummy_trs": 0,
  "dvars_nstd": 24.048189524956904,
  "dvars_std": 1.265044610905171,
  "dvars_vstd": 0.9955845511637935,
  "efc": 0.5200434682379121,
  "fber": 2176.743408203125,
  "fd_mean": 0.08893760973367161,
  "fd_num": 5,
  "fd_perc": 2.1459227467811157,
  "fwhm_avg": 1.4495097333333333,
  "fwhm_x": 1.4060512,
  "fwhm_y": 1.588768,
  "fwhm_z": 1.35371,
  "gcor": 0.0232658,
  "gsr_x": -0.0013830192619934678,
  "gsr_y": 0.021495552733540535,
  "provenance": {
    "md5sum": "6ed7df99b7275fbd4f71634df8176c54",
    "settings": {
      "fd_thres": 0.2,
      "testing": false
    },
    "software": "mriqc",
    "version": "23.0.1",
    "webapi_port": null,
    "webapi_url": "https://mriqc.nimh.nih.gov/api/v1"
  },
  "size_t": 233,
  "size_x": 64,
  "size_y": 64,
  "size_z": 32,
  "snr": 8.016259005289655,
  "spacing_tr": 2.0,
  "spacing_x": 3.125,
  "spacing_y": 3.125,
  "spacing_z": 4.0,
  "summary_bg_k": 41.06721177124414,
  "summary_bg_mad": 7.075767217643118,
  "summary_bg_mean": 18.374345779418945,
  "summary_bg_median": 8.587983131408691,
  "summary_bg_n": 77107.0,
  "summary_bg_p05": 2.815450668334961,
  "summary_bg_p95": 65.91845703125,
  "summary_bg_stdv": 31.39214324951172,
  "summary_fg_k": 3.7242113333062665,
  "summary_fg_mad": 44.75485546726853,
  "summary_fg_mean": 407.61474609375,
  "summary_fg_median": 405.37554931640625,
  "summary_fg_n": 24368.0,
  "summary_fg_p05": 336.6697296142578,
  "summary_fg_p95": 486.8783264160156,
  "summary_fg_stdv": 50.56813049316406,
  "tsnr": 69.69776179175824
}