{
  "aor": 0.000997787610619469,
  "aqi": 0.013552751415929203,
  "bids_meta": {
    "ConversionSoftware": "dicm2nii.m 20200120",
    "DeviceSerialNumber": "45348",
    "EchoTime": 0.03,
    "EffectiveEchoSpacing": 0.00028515375,
    "FlipAngle": 90,
    "ImageType": [
      "ORIGINAL",
      "PRIMARY",
      "M",
      "ND",
      "NORM",
      "MOSAIC"
    ],
    "InstitutionAddress": "Franklin Blvd 1440,Eugene,District,US,97403",
    "InstitutionName": "Lewis Building",
    "MRAcquisitionType": "2D",
    "Manufacturer": "SIEMENS",
    "Modality": "MR",
    "PhaseEncodingDirection": "j-",
    "RepetitionTime": 2,
    "ScanOptions": "FS",
    "ScanningSequence": "EP",
    "SequenceName": "*epfid2d1_64",
    "SequenceVariant": "SK\\OSP",
    "SeriesDescription": "ep2d_infant_2",
    "SeriesNumber": 11,
    "SliceThickness": 4,
    "SliceTiming": [
      0.99,
      0,
      1.05,
      0.06,
      1.1125,
      0.1225,
      1.175,
      0.185,
      1.2375,
      0.2475,
      1.2975,
      0.3075,
      1.36,
      0.37,
      1.4225,
      0.4325,
      1.485,
      0.495,
      1.545,
      0.555,
      1.6075,
      0.6175,
      1.67,
      0.68,
      1.7325,
      0.7425,
      1.7925,
      0.8025,
      1.855,
      0.865,
      1.9175,
      0.9275
    ],
    "SoftwareVersion": "syngo MR D13C",
    "TotalReadoutTime": 0.017964687,
    "dataset": "ds003136",
    "modality": "bold",
    "run_id": 2,
    "session_id": "01",
    "subject_id": "3081",
    "task_id": "infant"
  },
  "dummy_trs": 0,
  "dvars_nstd": 28.720171686533327,
  "dvars_std": 1.4314857711555549,
  "dvars_vstd": 0.9826891051555551,
  "efc": 0.5011466896113995,
  "fber": 2972.67724609375,
  "fd_mean": 0.15175441682769572,
  "fd_num": 47,
  "fd_perc": 20.79646017699115,
  "fwhm_avg": 1.585634533333333,
  "fwhm_x": 1.5631232,
  "fwhm_y": 1.7694304,
  "fwhm_z": 1.42435,
  "gcor": 0.00724184,
  "gsr_x": -0.004000331740826368,
  "gsr_y": 0.026851313188672066,
  "provenance": {
    "md5sum": "d3cd5a15cf6bfc09f7c71559c0757f67",
    "settings": {
      "fd_thres": 0.2,
      "testing": false
    },
    "software": "mriqc",
    "version": "23.0.1",
    "webapi_port": null,
    "webapi_url": "https://mriqc.nimh.nih.gov/api/v1"
  },
  "size_t": 226,
  "size_x": 64,
  "size_y": 64,
  "size_z": 32,
  "snr": 7.728022716502074,
  "spacing_tr": 2.0,
  "spacing_x": 3.125,
  "spacing_y": 3.125,
  "spacing_z": 4.0,
  "summary_bg_k": 26.655088185073346,
  "summary_bg_mad": 4.769255633910718,
  "summary_bg_mean": 16.366853713989258,
  "summary_bg_median": 6.154867172241211,
  "summary_bg_n": 80199.0,
  "summary_bg_p05": 2.1460177898406982,
  "summary_bg_p95": 66.32787322998043,
  "summary_bg_stdv": 29.809215545654297,
  "summary_fg_k": 2.867386387533365,
  "summary_fg_mad": 37.563614845138616,
  "summary_fg_mean": 342.2363586425781,
  "summary_fg_median": 338.927001953125,
  "summary_fg_n": 21594.0,
  "summary_fg_p05": 280.31392669677734,
  "summary_fg_p95": 413.5915985107422,
  "summary_fg_stdv": 43.85586929321289,
  "tsnr": 61.4409239217639
}