{
  "aor": 0.0005845258620689656,
  "aqi": 0.012264668965517242,
  "bids_meta": {
    "ConversionSoftware": "dicm2nii.m 20200120",
    "DeviceSerialNumber": "45348",
    "EchoTime": 0.03,
    "EffectiveEchoSpacing": 0.00028515375,
    "FlipAngle": 90,
    "ImageType": [
      "ORIGINAL",
      "PRIMARY",
      "M",
      "ND",
      "NORM",
      "MOSAIC"
    ],
    "InstitutionAddress": "Franklin Blvd 1440,Eugene,District,US,97403",
    "InstitutionName": "Lewis Building",
    "MRAcquisitionType": "2D",
    "Manufacturer": "SIEMENS",
    "Modality": "MR",
    "PhaseEncodingDirection": "j-",
    "RepetitionTime": 2,
    "ScanOptions": "FS",
    "ScanningSequence": "EP",
    "SequenceName": "*epfid2d1_64",
    "SequenceVariant": "SK\\OSP",
    "SeriesDescription": "ep2d_affect_2",
    "SeriesNumber": 12,
    "SliceThickness": 4,
    "SliceTiming": [
      0.99,
      0,
      1.05,
      0.06,
      1.1125,
      0.1225,
      1.175,
      0.185,
      1.2375,
      0.2475,
      1.2975,
      0.3075,
      1.36,
      0.37,
      1.4225,
      0.4325,
      1.485,
      0.495,
      1.545,
      0.555,
      1.6075,
      0.6175,
      1.67,
      0.68,
      1.7325,
      0.7425,
      1.7925,
      0.8025,
      1.855,
      0.865,
      1.9175,
      0.9275
    ],
    "SoftwareVersion": "syngo MR D13C",
    "TotalReadoutTime": 0.017964687,
    "dataset": "ds003136",
    "modality": "bold",
    "run_id": 2,
    "session_id": "01",
    "subject_id": "3146",
    "task_id": "affect"
  },
  "dummy_trs": 1,
  "dvars_nstd": 24.80220897883117,
  "dvars_std": 1.3163384314718625,
  "dvars_vstd": 0.9774958546320339,
  "efc": 0.5316622401356944,
  "fber": 2554.539794921875,
  "fd_mean": 0.07996743103710903,
  "fd_num": 9,
  "fd_perc": 3.8793103448275863,
  "fwhm_avg": 1.5407576666666667,
  "fwhm_x": 1.4675456,
  "fwhm_y": 1.7574624,
  "fwhm_z": 1.397265,
  "gcor": 0.00483774,
  "gsr_x": -0.0074660214595496655,
  "gsr_y": 0.02328781969845295,
  "provenance": {
    "md5sum": "c193740488b3f464d12a40ad78263822",
    "settings": {
      "fd_thres": 0.2,
      "testing": false
    },
    "software": "mriqc",
    "version": "23.0.1",
    "webapi_port": null,
    "webapi_url": "https://mriqc.nimh.nih.gov/api/v1"
  },
  "size_t": 232,
  "size_x": 64,
  "size_y": 64,
  "size_z": 32,
  "snr": 8.910638247021392,
  "spacing_tr": 2.0,
  "spacing_x": 3.125,
  "spacing_y": 3.125,
  "spacing_z": 4.0,
  "summary_bg_k": 31.97069366666451,
  "summary_bg_mad": 5.949580210654867,
  "summary_bg_mean": 16.087745666503906,
  "summary_bg_median": 7.271551609039307,
  "summary_bg_n": 74589.0,
  "summary_bg_p05": 2.5965517997741703,
  "summary_bg_p95": 50.74137878417969,
  "summary_bg_stdv": 27.184886932373047,
  "summary_fg_k": 4.761860653008913,
  "summary_fg_mad": 35.62720097344664,
  "summary_fg_mean": 383.3282165527344,
  "summary_fg_median": 381.96551513671875,
  "summary_fg_n": 26457.0,
  "summary_fg_p05": 321.2025939941406,
  "summary_fg_p95": 449.8853332519531,
  "summary_fg_stdv": 42.86542510986328,
  "tsnr": 74.59216354019009
}