{
  "aor": 0.001335387931034483,
  "aqi": 0.011337526077586207,
  "bids_meta": {
    "ConversionSoftware": "dicm2nii.m 20200120",
    "DeviceSerialNumber": "45348",
    "EchoTime": 0.03,
    "EffectiveEchoSpacing": 0.00028515375,
    "FlipAngle": 90,
    "ImageType": [
      "ORIGINAL",
      "PRIMARY",
      "M",
      "ND",
      "NORM",
      "MOSAIC"
    ],
    "InstitutionAddress": "Franklin Blvd 1440,Eugene,District,US,97403",
    "InstitutionName": "Lewis Building",
    "MRAcquisitionType": "2D",
    "Manufacturer": "SIEMENS",
    "Modality": "MR",
    "PhaseEncodingDirection": "j-",
    "RepetitionTime": 2,
    "ScanOptions": "FS",
    "ScanningSequence": "EP",
    "SequenceName": "*epfid2d1_64",
    "SequenceVariant": "SK\\OSP",
    "SeriesDescription": "ep2d_infant_2",
    "SeriesNumber": 9,
    "SliceThickness": 4,
    "SliceTiming": [
      0.99,
      0,
      1.0525,
      0.0625,
      1.115,
      0.125,
      1.1775,
      0.1875,
      1.2375,
      0.2475,
      1.3,
      0.31,
      1.3625,
      0.3725,
      1.425,
      0.435,
      1.485,
      0.495,
      1.5475,
      0.5575,
      1.61,
      0.62,
      1.6725,
      0.6825,
      1.7325,
      0.7425,
      1.795,
      0.805,
      1.8575,
      0.8675,
      1.92,
      0.93
    ],
    "SoftwareVersion": "syngo MR D13C",
    "TotalReadoutTime": 0.017964687,
    "dataset": "ds003136",
    "modality": "bold",
    "run_id": 2,
    "session_id": "01",
    "subject_id": "3146",
    "task_id": "infant"
  },
  "dummy_trs": 0,
  "dvars_nstd": 26.54099627077921,
  "dvars_std": 1.3860955869264064,
  "dvars_vstd": 1.0046973558874455,
  "efc": 0.531763019139817,
  "fber": 2618.21630859375,
  "fd_mean": 0.09981316589092493,
  "fd_num": 14,
  "fd_perc": 6.0344827586206895,
  "fwhm_avg": 1.538392233333333,
  "fwhm_x": 1.4666911999999999,
  "fwhm_y": 1.7451679999999998,
  "fwhm_z": 1.4033175,
  "gcor": 0.00867114,
  "gsr_x": -0.00846448540687561,
  "gsr_y": 0.02449118159711361,
  "provenance": {
    "md5sum": "3de716ed02e78d4e9a1a6bb45250d448",
    "settings": {
      "fd_thres": 0.2,
      "testing": false
    },
    "software": "mriqc",
    "version": "23.0.1",
    "webapi_port": null,
    "webapi_url": "https://mriqc.nimh.nih.gov/api/v1"
  },
  "size_t": 232,
  "size_x": 64,
  "size_y": 64,
  "size_z": 32,
  "snr": 8.778047665923227,
  "spacing_tr": 2.0,
  "spacing_x": 3.125,
  "spacing_y": 3.125,
  "spacing_z": 4.0,
  "summary_bg_k": 31.00540164974995,
  "summary_bg_mad": 6.099757919648587,
  "summary_bg_mean": 16.060495376586914,
  "summary_bg_median": 7.226293087005615,
  "summary_bg_n": 74580.0,
  "summary_bg_p05": 2.3577585220336914,
  "summary_bg_p95": 51.14245796203615,
  "summary_bg_stdv": 27.2454776763916,
  "summary_fg_k": 4.602989005993667,
  "summary_fg_mad": 36.36850208269944,
  "summary_fg_mean": 382.9073791503906,
  "summary_fg_median": 381.5560302734375,
  "summary_fg_n": 26483.0,
  "summary_fg_p05": 320.23706665039066,
  "summary_fg_p95": 450.9262969970703,
  "summary_fg_stdv": 43.466251373291016,
  "tsnr": 73.51393166463822
}