{
  "aor": 0.0022605194805194804,
  "aqi": 0.011812235844155843,
  "bids_meta": {
    "ConversionSoftware": "dicm2nii.m 20200120",
    "DeviceSerialNumber": "45348",
    "EchoTime": 0.03,
    "EffectiveEchoSpacing": 0.00028515375,
    "FlipAngle": 90,
    "ImageType": [
      "ORIGINAL",
      "PRIMARY",
      "M",
      "ND",
      "NORM",
      "MOSAIC"
    ],
    "InstitutionAddress": "Franklin Blvd 1440,Eugene,District,US,97403",
    "InstitutionName": "Lewis Building",
    "MRAcquisitionType": "2D",
    "Manufacturer": "SIEMENS",
    "Modality": "MR",
    "PhaseEncodingDirection": "j-",
    "RepetitionTime": 2,
    "ScanOptions": "FS",
    "ScanningSequence": "EP",
    "SequenceName": "*epfid2d1_64",
    "SequenceVariant": "SK\\OSP",
    "SeriesDescription": "ep2d_infant_1",
    "SeriesNumber": 8,
    "SliceThickness": 4,
    "SliceTiming": [
      0.99,
      0,
      1.05,
      0.06,
      1.1125,
      0.1225,
      1.175,
      0.185,
      1.2375,
      0.2475,
      1.2975,
      0.3075,
      1.36,
      0.37,
      1.4225,
      0.4325,
      1.485,
      0.495,
      1.545,
      0.555,
      1.6075,
      0.6175,
      1.67,
      0.68,
      1.7325,
      0.7425,
      1.7925,
      0.8025,
      1.855,
      0.865,
      1.9175,
      0.9275
    ],
    "SoftwareVersion": "syngo MR D13C",
    "TotalReadoutTime": 0.017964687,
    "dataset": "ds003136",
    "modality": "bold",
    "run_id": 1,
    "session_id": "01",
    "subject_id": "3146",
    "task_id": "infant"
  },
  "dummy_trs": 0,
  "dvars_nstd": 26.156751649434774,
  "dvars_std": 1.425174270869565,
  "dvars_vstd": 1.0260894436086958,
  "efc": 0.5318687197761682,
  "fber": 2659.57763671875,
  "fd_mean": 0.08276478125278773,
  "fd_num": 5,
  "fd_perc": 2.1645021645021645,
  "fwhm_avg": 1.5493771666666667,
  "fwhm_x": 1.4745632,
  "fwhm_y": 1.7541408,
  "fwhm_z": 1.4194275,
  "gcor": 0.00955953,
  "gsr_x": -0.008675738237798214,
  "gsr_y": 0.02547798678278923,
  "provenance": {
    "md5sum": "c655f74c430dc5535f58b78e32b59ef6",
    "settings": {
      "fd_thres": 0.2,
      "testing": false
    },
    "software": "mriqc",
    "version": "23.0.1",
    "webapi_port": null,
    "webapi_url": "https://mriqc.nimh.nih.gov/api/v1"
  },
  "size_t": 231,
  "size_x": 64,
  "size_y": 64,
  "size_z": 32,
  "snr": 8.721351289550626,
  "spacing_tr": 2.0,
  "spacing_x": 3.125,
  "spacing_y": 3.125,
  "spacing_z": 4.0,
  "summary_bg_k": 31.465429753400834,
  "summary_bg_mad": 5.782790359608284,
  "summary_bg_mean": 15.93896770477295,
  "summary_bg_median": 7.090909004211426,
  "summary_bg_n": 74514.0,
  "summary_bg_p05": 2.5194804668426514,
  "summary_bg_p95": 50.66385364532467,
  "summary_bg_stdv": 27.273311614990234,
  "summary_fg_k": 4.398168608018118,
  "summary_fg_mad": 36.48740707019434,
  "summary_fg_mean": 381.8617858886719,
  "summary_fg_median": 380.23809814453125,
  "summary_fg_n": 26565.0,
  "summary_fg_p05": 319.0528076171875,
  "summary_fg_p95": 450.1688293457031,
  "summary_fg_stdv": 43.59770965576172,
  "tsnr": 72.63197543704882
}