{
  "bids_meta": {
    "ConversionSoftware": "dicm2nii.m 20200120",
    "DeviceSerialNumber": "45348",
    "EchoTime": 0.00341,
    "FlipAngle": 7,
    "ImageType": [
      "ORIGINAL",
      "PRIMARY",
      "M",
      "ND",
      "NORM"
    ],
    "InstitutionAddress": "Franklin Blvd 1440,Eugene,District,US,97403",
    "InstitutionName": "Lewis Building",
    "InversionTime": 1.1,
    "MRAcquisitionType": "3D",
    "Manufacturer": "SIEMENS",
    "Modality": "MR",
    "PhaseEncodingDirection": "j-",
    "RepetitionTime": 2.5,
    "ScanOptions": "IR",
    "ScanningSequence": "GR\\IR",
    "SequenceName": "*tfl3d1_16ns",
    "SequenceVariant": "SK\\SP\\MP",
    "SeriesDescription": "mprage_MGH_p2",
    "SeriesNumber": 10,
    "SliceThickness": 1,
    "SoftwareVersion": "syngo MR D13C",
    "dataset": "ds003136",
    "modality": "T1w",
    "session_id": "01",
    "subject_id": "0148"
  },
  "cjv": 0.31121834855572467,
  "cnr": 4.218268625751436,
  "efc": 0.5861526850349499,
  "fber": -1.0,
  "fwhm_avg": 3.5449699999999997,
  "fwhm_x": 3.65049,
  "fwhm_y": 3.68731,
  "fwhm_z": 3.29711,
  "icvs_csf": 0.19096349921216346,
  "icvs_gm": 0.4788918380496196,
  "icvs_wm": 0.33014466273821697,
  "inu_med": 0.5688789188861847,
  "inu_range": 0.20021490901708605,
  "provenance": {
    "md5sum": "a7421d9ac91e65453ec4da111e39ed39",
    "settings": {
      "testing": false
    },
    "software": "mriqc",
    "version": "23.0.1",
    "warnings": {
      "large_rot_frame": true,
      "small_air_mask": false
    },
    "webapi_port": null,
    "webapi_url": "https://mriqc.nimh.nih.gov/api/v1"
  },
  "qi_1": 0.009862241181285205,
  "qi_2": 0.059664246935703394,
  "rpve_csf": 26.054477662839606,
  "rpve_gm": 11.323462616250673,
  "rpve_wm": 17.9104959695827,
  "size_x": 176,
  "size_y": 256,
  "size_z": 256,
  "snr_csf": 1.7719864247351944,
  "snr_gm": 10.39536821029063,
  "snr_total": 11.581171915984802,
  "snr_wm": 22.576161112928585,
  "snrd_csf": 31.258881368930897,
  "snrd_gm": 98.01838204640445,
  "snrd_total": 91.8811114206005,
  "snrd_wm": 146.36607084646613,
  "spacing_x": 1.0,
  "spacing_y": 1.0,
  "spacing_z": 1.0,
  "summary_bg_k": 12.957797630321595,
  "summary_bg_mad": 0.0,
  "summary_bg_mean": 2.2683961531919867,
  "summary_bg_median": 0.0,
  "summary_bg_n": 2073263.0,
  "summary_bg_p05": 0.0,
  "summary_bg_p95": 8.999365400522947,
  "summary_bg_stdv": 4.476012614212901,
  "summary_csf_k": 2.6823485529839424,
  "summary_csf_mad": 103.3895187264225,
  "summary_csf_mean": 228.0524283146162,
  "summary_csf_median": 213.56643794104457,
  "summary_csf_n": 32083.0,
  "summary_csf_p05": 57.5681872162968,
  "summary_csf_p95": 457.73468272201706,
  "summary_csf_stdv": 120.52186551277879,
  "summary_gm_k": 0.22776918282885728,
  "summary_gm_mad": 61.83386793643915,
  "summary_gm_mean": 670.094672867095,
  "summary_gm_median": 669.6796490997076,
  "summary_gm_n": 46835.0,
  "summary_gm_p05": 564.343464653939,
  "summary_gm_p95": 777.672033905983,
  "summary_gm_stdv": 64.420277008394,
  "summary_wm_k": 0.7839360758634584,
  "summary_wm_mad": 40.967876379941146,
  "summary_wm_mean": 999.6866932645144,
  "summary_wm_median": 999.9999685585499,
  "summary_wm_n": 182564.0,
  "summary_wm_p05": 926.6174780018628,
  "summary_wm_p95": 1071.2019961327314,
  "summary_wm_stdv": 44.294387552746436,
  "tpm_overlap_csf": 0.1484452421579848,
  "tpm_overlap_gm": 0.4848121633586639,
  "tpm_overlap_wm": 0.5032364297652611,
  "wm2max": 0.5389417403316186
}