{
  "aor": 0.0003768240343347639,
  "aqi": 0.0207727130472103,
  "bids_meta": {
    "ConversionSoftware": "dicm2nii.m 20200120",
    "DeviceSerialNumber": "45348",
    "EchoTime": 0.03,
    "EffectiveEchoSpacing": 0.00028515375,
    "FlipAngle": 90,
    "ImageType": [
      "ORIGINAL",
      "PRIMARY",
      "M",
      "ND",
      "NORM",
      "MOSAIC"
    ],
    "InstitutionAddress": "Franklin Blvd 1440,Eugene,District,US,97403",
    "InstitutionName": "Lewis Building",
    "MRAcquisitionType": "2D",
    "Manufacturer": "SIEMENS",
    "Modality": "MR",
    "PhaseEncodingDirection": "j-",
    "RepetitionTime": 2,
    "ScanOptions": "FS",
    "ScanningSequence": "EP",
    "SequenceName": "*epfid2d1_64",
    "SequenceVariant": "SK\\OSP",
    "SeriesDescription": "ep2d_affect_1",
    "SeriesNumber": 10,
    "SliceThickness": 4,
    "SliceTiming": [
      0.99,
      0,
      1.0525,
      0.0625,
      1.1125,
      0.1225,
      1.175,
      0.185,
      1.2375,
      0.2475,
      1.3,
      0.31,
      1.36,
      0.37,
      1.4225,
      0.4325,
      1.485,
      0.495,
      1.5475,
      0.5575,
      1.6075,
      0.6175,
      1.67,
      0.68,
      1.7325,
      0.7425,
      1.795,
      0.805,
      1.855,
      0.865,
      1.9175,
      0.9275
    ],
    "SoftwareVersion": "syngo MR D13C",
    "TotalReadoutTime": 0.017964687,
    "dataset": "ds003136",
    "modality": "bold",
    "run_id": 1,
    "session_id": "01",
    "subject_id": "0179",
    "task_id": "affect"
  },
  "dummy_trs": 0,
  "dvars_nstd": 24.104090501681032,
  "dvars_std": 1.105086518060345,
  "dvars_vstd": 0.9325549829310348,
  "efc": 0.5236998403857817,
  "fber": 3025.735595703125,
  "fd_mean": 0.13818333710015532,
  "fd_num": 33,
  "fd_perc": 14.163090128755364,
  "fwhm_avg": 1.5537408,
  "fwhm_x": 1.4866208,
  "fwhm_y": 1.7617216,
  "fwhm_z": 1.41288,
  "gcor": 0.0134485,
  "gsr_x": 0.0004810610553249717,
  "gsr_y": 0.03915492072701454,
  "provenance": {
    "md5sum": "816b40adbe855551bd66ef04e2f0188e",
    "settings": {
      "fd_thres": 0.2,
      "testing": false
    },
    "software": "mriqc",
    "version": "23.0.1",
    "webapi_port": null,
    "webapi_url": "https://mriqc.nimh.nih.gov/api/v1"
  },
  "size_t": 233,
  "size_x": 64,
  "size_y": 64,
  "size_z": 32,
  "snr": 8.178023606584743,
  "spacing_tr": 2.0,
  "spacing_x": 3.125,
  "spacing_y": 3.125,
  "spacing_z": 4.0,
  "summary_bg_k": 35.389524874526145,
  "summary_bg_mad": 5.510444336550768,
  "summary_bg_mean": 18.089637756347656,
  "summary_bg_median": 7.021459102630615,
  "summary_bg_n": 76067.0,
  "summary_bg_p05": 2.665235996246338,
  "summary_bg_p95": 66.7918479919433,
  "summary_bg_stdv": 33.02371597290039,
  "summary_fg_k": 2.6866330513309693,
  "summary_fg_mad": 45.02531001930457,
  "summary_fg_mean": 393.48095703125,
  "summary_fg_median": 391.6480712890625,
  "summary_fg_n": 24913.0,
  "summary_fg_p05": 325.00000610351566,
  "summary_fg_p95": 469.5433410644531,
  "summary_fg_stdv": 47.889347076416016,
  "tsnr": 52.363337986171246
}