{
  "aor": 0.00040789699570815453,
  "aqi": 0.033453395278969955,
  "bids_meta": {
    "ConversionSoftware": "dicm2nii.m 20200120",
    "DeviceSerialNumber": "45348",
    "EchoTime": 0.03,
    "EffectiveEchoSpacing": 0.00028515375,
    "FlipAngle": 90,
    "ImageType": [
      "ORIGINAL",
      "PRIMARY",
      "M",
      "ND",
      "NORM",
      "MOSAIC"
    ],
    "InstitutionAddress": "Franklin Blvd 1440,Eugene,District,US,97403",
    "InstitutionName": "Lewis Building",
    "MRAcquisitionType": "2D",
    "Manufacturer": "SIEMENS",
    "Modality": "MR",
    "PhaseEncodingDirection": "j-",
    "RepetitionTime": 2,
    "ScanOptions": "FS",
    "ScanningSequence": "EP",
    "SequenceName": "*epfid2d1_64",
    "SequenceVariant": "SK\\OSP",
    "SeriesDescription": "ep2d_affect_2",
    "SeriesNumber": 11,
    "SliceThickness": 4,
    "SliceTiming": [
      0.99,
      0,
      1.0525,
      0.0625,
      1.115,
      0.125,
      1.175,
      0.185,
      1.2375,
      0.2475,
      1.3,
      0.31,
      1.3625,
      0.3725,
      1.4225,
      0.4325,
      1.485,
      0.495,
      1.5475,
      0.5575,
      1.61,
      0.62,
      1.67,
      0.68,
      1.7325,
      0.7425,
      1.795,
      0.805,
      1.8575,
      0.8675,
      1.9175,
      0.9275
    ],
    "SoftwareVersion": "syngo MR D13C",
    "TotalReadoutTime": 0.017964687,
    "dataset": "ds003136",
    "modality": "bold",
    "run_id": 2,
    "session_id": "01",
    "subject_id": "0179",
    "task_id": "affect"
  },
  "dummy_trs": 0,
  "dvars_nstd": 24.43234529978448,
  "dvars_std": 1.0488159319827586,
  "dvars_vstd": 0.9098937081034485,
  "efc": 0.5228104556594503,
  "fber": 3109.41943359375,
  "fd_mean": 0.1480109899868524,
  "fd_num": 40,
  "fd_perc": 17.167381974248926,
  "fwhm_avg": 1.5755401000000002,
  "fwhm_x": 1.5317984000000002,
  "fwhm_y": 1.8076544,
  "fwhm_z": 1.3871675,
  "gcor": 0.0185749,
  "gsr_x": 0.001662934198975563,
  "gsr_y": 0.039251118898391724,
  "provenance": {
    "md5sum": "bbb9d32f887302d095765186f1e5f42c",
    "settings": {
      "fd_thres": 0.2,
      "testing": false
    },
    "software": "mriqc",
    "version": "23.0.1",
    "webapi_port": null,
    "webapi_url": "https://mriqc.nimh.nih.gov/api/v1"
  },
  "size_t": 233,
  "size_x": 64,
  "size_y": 64,
  "size_z": 32,
  "snr": 8.130581819037378,
  "spacing_tr": 2.0,
  "spacing_x": 3.125,
  "spacing_y": 3.125,
  "spacing_z": 4.0,
  "summary_bg_k": 35.71487556298288,
  "summary_bg_mad": 5.567711970947872,
  "summary_bg_mean": 18.143978118896484,
  "summary_bg_median": 7.0085835456848145,
  "summary_bg_n": 76027.0,
  "summary_bg_p05": 2.5751073360443115,
  "summary_bg_p95": 67.2819755554199,
  "summary_bg_stdv": 33.44490432739258,
  "summary_fg_k": 2.404467936465127,
  "summary_fg_mad": 44.99345723726636,
  "summary_fg_mean": 394.60125732421875,
  "summary_fg_median": 392.785400390625,
  "summary_fg_n": 24961.0,
  "summary_fg_p05": 325.3433532714844,
  "summary_fg_p95": 471.8283386230469,
  "summary_fg_stdv": 48.30866241455078,
  "tsnr": 42.42418385669589
}