{
  "aor": 0.0032403030303030304,
  "aqi": 0.0238679274025974,
  "bids_meta": {
    "ConversionSoftware": "dicm2nii.m 20200120",
    "DeviceSerialNumber": "45348",
    "EchoTime": 0.03,
    "EffectiveEchoSpacing": 0.00028515375,
    "FlipAngle": 90,
    "ImageType": [
      "ORIGINAL",
      "PRIMARY",
      "M",
      "ND",
      "NORM",
      "MOSAIC"
    ],
    "InstitutionAddress": "Franklin Blvd 1440,Eugene,District,US,97403",
    "InstitutionName": "Lewis Building",
    "MRAcquisitionType": "2D",
    "Manufacturer": "SIEMENS",
    "Modality": "MR",
    "PhaseEncodingDirection": "j-",
    "RepetitionTime": 2,
    "ScanOptions": "FS",
    "ScanningSequence": "EP",
    "SequenceName": "*epfid2d1_64",
    "SequenceVariant": "SK\\OSP",
    "SeriesDescription": "ep2d_infant_2",
    "SeriesNumber": 8,
    "SliceThickness": 4,
    "SliceTiming": [
      0.99,
      0,
      1.0525,
      0.0625,
      1.115,
      0.125,
      1.1775,
      0.1875,
      1.2375,
      0.2475,
      1.3,
      0.31,
      1.3625,
      0.3725,
      1.425,
      0.435,
      1.485,
      0.495,
      1.5475,
      0.5575,
      1.61,
      0.62,
      1.6725,
      0.6825,
      1.7325,
      0.7425,
      1.795,
      0.805,
      1.8575,
      0.8675,
      1.92,
      0.93
    ],
    "SoftwareVersion": "syngo MR D13C",
    "TotalReadoutTime": 0.017964687,
    "dataset": "ds003136",
    "modality": "bold",
    "run_id": 2,
    "session_id": "01",
    "subject_id": "0179",
    "task_id": "infant"
  },
  "dummy_trs": 0,
  "dvars_nstd": 23.955430022434797,
  "dvars_std": 1.1530790459130418,
  "dvars_vstd": 0.9619031409565211,
  "efc": 0.5288114705097069,
  "fber": 2797.3525390625,
  "fd_mean": 0.1235892071594225,
  "fd_num": 17,
  "fd_perc": 7.359307359307359,
  "fwhm_avg": 1.5580514333333333,
  "fwhm_x": 1.507184,
  "fwhm_y": 1.7811328,
  "fwhm_z": 1.3858375,
  "gcor": 0.00929777,
  "gsr_x": -0.005179391708225012,
  "gsr_y": 0.03316783532500267,
  "provenance": {
    "md5sum": "41446d9869fac5b7e9fc0351243ccc0a",
    "settings": {
      "fd_thres": 0.2,
      "testing": false
    },
    "software": "mriqc",
    "version": "23.0.1",
    "webapi_port": null,
    "webapi_url": "https://mriqc.nimh.nih.gov/api/v1"
  },
  "size_t": 231,
  "size_x": 64,
  "size_y": 64,
  "size_z": 32,
  "snr": 8.066375700895854,
  "spacing_tr": 2.0,
  "spacing_x": 3.125,
  "spacing_y": 3.125,
  "spacing_z": 4.0,
  "summary_bg_k": 32.04879037697039,
  "summary_bg_mad": 5.885481223433828,
  "summary_bg_mean": 19.275028228759766,
  "summary_bg_median": 7.316017150878906,
  "summary_bg_n": 75653.0,
  "summary_bg_p05": 2.640692710876465,
  "summary_bg_p95": 74.77835693359357,
  "summary_bg_stdv": 34.93711853027344,
  "summary_fg_k": 2.9795480120256714,
  "summary_fg_mad": 45.48251507966832,
  "summary_fg_mean": 392.0550537109375,
  "summary_fg_median": 391.0389709472656,
  "summary_fg_n": 25100.0,
  "summary_fg_p05": 322.4800964355469,
  "summary_fg_p95": 467.4458923339844,
  "summary_fg_stdv": 48.476688385009766,
  "tsnr": 46.805280768312514
}