{
  "aor": 0.0012579824561403507,
  "aqi": 0.007618219035087718,
  "bids_meta": {
    "ConversionSoftware": "dicm2nii.m 20200120",
    "DeviceSerialNumber": "45348",
    "EchoTime": 0.03,
    "EffectiveEchoSpacing": 0.00028515375,
    "FlipAngle": 90,
    "ImageType": [
      "ORIGINAL",
      "PRIMARY",
      "M",
      "ND",
      "NORM",
      "MOSAIC"
    ],
    "InstitutionAddress": "Franklin Blvd 1440,Eugene,District,US,97403",
    "InstitutionName": "Lewis Building",
    "MRAcquisitionType": "2D",
    "Manufacturer": "SIEMENS",
    "Modality": "MR",
    "PhaseEncodingDirection": "j-",
    "RepetitionTime": 2,
    "ScanOptions": "FS",
    "ScanningSequence": "EP",
    "SequenceName": "*epfid2d1_64",
    "SequenceVariant": "SK\\OSP",
    "SeriesDescription": "ep2d_affect_1",
    "SeriesNumber": 10,
    "SliceThickness": 4,
    "SliceTiming": [
      0.99,
      0,
      1.0525,
      0.0625,
      1.115,
      0.125,
      1.175,
      0.1875,
      1.2375,
      0.2475,
      1.3,
      0.31,
      1.3625,
      0.3725,
      1.4225,
      0.435,
      1.485,
      0.495,
      1.5475,
      0.5575,
      1.61,
      0.62,
      1.67,
      0.6825,
      1.7325,
      0.7425,
      1.795,
      0.805,
      1.8575,
      0.8675,
      1.9175,
      0.9275
    ],
    "SoftwareVersion": "syngo MR D13C",
    "TotalReadoutTime": 0.017964687,
    "dataset": "ds003136",
    "modality": "bold",
    "run_id": 1,
    "session_id": "01",
    "subject_id": "0196",
    "task_id": "affect"
  },
  "dummy_trs": 0,
  "dvars_nstd": 29.7558025744053,
  "dvars_std": 1.5340855780176188,
  "dvars_vstd": 1.0117227534361237,
  "efc": 0.4990144782907859,
  "fber": 2367.925048828125,
  "fd_mean": 0.07416028824168101,
  "fd_num": 4,
  "fd_perc": 1.7543859649122806,
  "fwhm_avg": 1.5554610282449541,
  "fwhm_x": 1.5201152,
  "fwhm_y": 1.7246528,
  "fwhm_z": 1.4216150847348623,
  "gcor": 0.0428689,
  "gsr_x": -0.004677927121520042,
  "gsr_y": 0.02294248342514038,
  "provenance": {
    "md5sum": "a208885bc5349c68b6db3e0ef20bd6c3",
    "settings": {
      "fd_thres": 0.2,
      "testing": false
    },
    "software": "mriqc",
    "version": "23.0.1",
    "webapi_port": null,
    "webapi_url": "https://mriqc.nimh.nih.gov/api/v1"
  },
  "size_t": 228,
  "size_x": 64,
  "size_y": 64,
  "size_z": 32,
  "snr": 7.612922720748858,
  "spacing_tr": 2.0,
  "spacing_x": 3.125,
  "spacing_y": 3.125,
  "spacing_z": 3.999999761581421,
  "summary_bg_k": 47.24855043465254,
  "summary_bg_mad": 5.904398054527985,
  "summary_bg_mean": 17.18992805480957,
  "summary_bg_median": 7.530701637268066,
  "summary_bg_n": 80842.0,
  "summary_bg_p05": 2.5438597202301025,
  "summary_bg_p95": 62.47324752807614,
  "summary_bg_stdv": 31.496675491333008,
  "summary_fg_k": 2.057018983857029,
  "summary_fg_mad": 46.754002126312734,
  "summary_fg_mean": 370.3392028808594,
  "summary_fg_median": 369.377197265625,
  "summary_fg_n": 21453.0,
  "summary_fg_p05": 299.57106323242186,
  "summary_fg_p95": 446.4394653320312,
  "summary_fg_stdv": 48.51863098144531,
  "tsnr": 74.5707778504584
}