{
  "aor": 0.0010063636363636362,
  "aqi": 0.008368774588744589,
  "bids_meta": {
    "ConversionSoftware": "dicm2nii.m 20200120",
    "DeviceSerialNumber": "45348",
    "EchoTime": 0.03,
    "EffectiveEchoSpacing": 0.00028515375,
    "FlipAngle": 90,
    "ImageType": [
      "ORIGINAL",
      "PRIMARY",
      "M",
      "ND",
      "NORM",
      "MOSAIC"
    ],
    "InstitutionAddress": "Franklin Blvd 1440,Eugene,District,US,97403",
    "InstitutionName": "Lewis Building",
    "MRAcquisitionType": "2D",
    "Manufacturer": "SIEMENS",
    "Modality": "MR",
    "PhaseEncodingDirection": "j-",
    "RepetitionTime": 2,
    "ScanOptions": "FS",
    "ScanningSequence": "EP",
    "SequenceName": "*epfid2d1_64",
    "SequenceVariant": "SK\\OSP",
    "SeriesDescription": "ep2d_infant_1",
    "SeriesNumber": 7,
    "SliceThickness": 4,
    "SliceTiming": [
      0.99,
      0,
      1.0525,
      0.0625,
      1.115,
      0.125,
      1.1775,
      0.1875,
      1.2375,
      0.2475,
      1.3,
      0.31,
      1.3625,
      0.3725,
      1.425,
      0.435,
      1.485,
      0.495,
      1.5475,
      0.5575,
      1.61,
      0.62,
      1.6725,
      0.6825,
      1.7325,
      0.7425,
      1.795,
      0.805,
      1.8575,
      0.8675,
      1.92,
      0.93
    ],
    "SoftwareVersion": "syngo MR D13C",
    "TotalReadoutTime": 0.017964687,
    "dataset": "ds003136",
    "modality": "bold",
    "run_id": 1,
    "session_id": "01",
    "subject_id": "0196",
    "task_id": "infant"
  },
  "dummy_trs": 0,
  "dvars_nstd": 26.73102226256522,
  "dvars_std": 1.3966788074347825,
  "dvars_vstd": 0.9966581462608699,
  "efc": 0.49470301400197847,
  "fber": 2621.66259765625,
  "fd_mean": 0.05786609573922833,
  "fd_num": 0,
  "fd_perc": 0.0,
  "fwhm_avg": 1.5632336616698304,
  "fwhm_x": 1.5224288000000001,
  "fwhm_y": 1.7410496,
  "fwhm_z": 1.4262225850094905,
  "gcor": 0.0352949,
  "gsr_x": -0.0065937163308262825,
  "gsr_y": 0.02507854998111725,
  "provenance": {
    "md5sum": "dabafef5bfef869c6aa2d1fdee53eeaa",
    "settings": {
      "fd_thres": 0.2,
      "testing": false
    },
    "software": "mriqc",
    "version": "23.0.1",
    "webapi_port": null,
    "webapi_url": "https://mriqc.nimh.nih.gov/api/v1"
  },
  "size_t": 231,
  "size_x": 64,
  "size_y": 64,
  "size_z": 32,
  "snr": 7.678089078641931,
  "spacing_tr": 2.0,
  "spacing_x": 3.125,
  "spacing_y": 3.125,
  "spacing_z": 3.999999761581421,
  "summary_bg_k": 54.20742487286434,
  "summary_bg_mad": 5.53248133484853,
  "summary_bg_mean": 16.093719482421875,
  "summary_bg_median": 7.190476417541504,
  "summary_bg_n": 80815.0,
  "summary_bg_p05": 2.4761905670166016,
  "summary_bg_p95": 57.0428562164307,
  "summary_bg_stdv": 29.234811782836914,
  "summary_fg_k": 1.8460841219159425,
  "summary_fg_mad": 46.52546746427441,
  "summary_fg_mean": 371.5070495605469,
  "summary_fg_median": 370.77056884765625,
  "summary_fg_n": 21445.0,
  "summary_fg_p05": 300.1523864746094,
  "summary_fg_p95": 446.9497924804687,
  "summary_fg_stdv": 48.288307189941406,
  "tsnr": 70.55819222819991
}