{
  "bids_meta": {
    "ConversionSoftware": "dicm2nii.m 20200120",
    "DeviceSerialNumber": "45348",
    "EchoTime": 0.00345,
    "FlipAngle": 7,
    "ImageType": [
      "ORIGINAL",
      "PRIMARY",
      "M",
      "ND",
      "NORM"
    ],
    "InstitutionAddress": "Franklin Blvd 1440,Eugene,District,US,97403",
    "InstitutionName": "University of Oregon",
    "InversionTime": 1.1,
    "MRAcquisitionType": "3D",
    "Manufacturer": "SIEMENS",
    "Modality": "MR",
    "PhaseEncodingDirection": "j-",
    "RepetitionTime": 2.5,
    "ScanOptions": "IR",
    "ScanningSequence": "GR\\IR",
    "SequenceName": "*tfl3d1_16ns",
    "SequenceVariant": "SK\\SP\\MP",
    "SeriesDescription": "mprage_MGH_p2",
    "SeriesNumber": 10,
    "SliceThickness": 1,
    "SoftwareVersion": "syngo MR D13C",
    "dataset": "ds003136",
    "modality": "T1w",
    "session_id": "01",
    "subject_id": "0187"
  },
  "cjv": 0.3578989552985128,
  "cnr": 3.614869983004114,
  "efc": 0.5447446158793685,
  "fber": -1.0,
  "fwhm_avg": 3.499663333333333,
  "fwhm_x": 3.48604,
  "fwhm_y": 3.6952,
  "fwhm_z": 3.31775,
  "icvs_csf": 0.21791167303060457,
  "icvs_gm": 0.45040283100611667,
  "icvs_wm": 0.3316854959632788,
  "inu_med": 0.5253284871578217,
  "inu_range": 0.14526951611042027,
  "provenance": {
    "md5sum": "03f9dc18a97183f1579934af5f536b08",
    "settings": {
      "testing": false
    },
    "software": "mriqc",
    "version": "23.0.1",
    "warnings": {
      "large_rot_frame": true,
      "small_air_mask": false
    },
    "webapi_port": null,
    "webapi_url": "https://mriqc.nimh.nih.gov/api/v1"
  },
  "qi_1": 0.006485977683873731,
  "qi_2": 0.025470190436764514,
  "rpve_csf": 26.328442170885946,
  "rpve_gm": 13.239115639938122,
  "rpve_wm": 20.504112287525853,
  "size_x": 176,
  "size_y": 256,
  "size_z": 256,
  "snr_csf": 1.8315457864918807,
  "snr_gm": 8.406197075224469,
  "snr_total": 11.934942357114586,
  "snr_wm": 25.56708420962741,
  "snrd_csf": 29.723762562761408,
  "snrd_gm": 101.13132164929078,
  "snrd_total": 93.46677881271036,
  "snrd_wm": 149.5452522260789,
  "spacing_x": 1.0,
  "spacing_y": 1.0,
  "spacing_z": 1.0,
  "summary_bg_k": 106.7773041920473,
  "summary_bg_mad": 0.0,
  "summary_bg_mean": 1.6729944363460738,
  "summary_bg_median": 0.0,
  "summary_bg_n": 2192545.0,
  "summary_bg_p05": 0.0,
  "summary_bg_p95": 10.045029155910015,
  "summary_bg_stdv": 4.380740382557554,
  "summary_csf_k": 2.535164270888454,
  "summary_csf_mad": 82.26583443026658,
  "summary_csf_mean": 213.60459777304422,
  "summary_csf_median": 198.75568962469697,
  "summary_csf_n": 34210.0,
  "summary_csf_p05": 51.79717952013016,
  "summary_csf_p95": 425.9611932579427,
  "summary_csf_stdv": 108.51641609714645,
  "summary_gm_k": -0.009564777044798856,
  "summary_gm_mad": 79.40183779343857,
  "summary_gm_mean": 675.6225381117445,
  "summary_gm_median": 676.2409548461437,
  "summary_gm_n": 40024.0,
  "summary_gm_p05": 541.3924334719777,
  "summary_gm_p95": 809.0911282449961,
  "summary_gm_stdv": 80.44452215416901,
  "summary_wm_k": 0.6206509295307066,
  "summary_wm_mad": 36.46163994196209,
  "summary_wm_mean": 999.8200610547578,
  "summary_wm_median": 999.9733268469572,
  "summary_wm_n": 162151.0,
  "summary_wm_p05": 935.2801417261362,
  "summary_wm_p95": 1063.7073049396276,
  "summary_wm_stdv": 39.11162630748184,
  "tpm_overlap_csf": 0.153839491610872,
  "tpm_overlap_gm": 0.4798875362069618,
  "tpm_overlap_wm": 0.5057757495498424,
  "wm2max": 0.6997231637498474
}