{
  "bids_meta": {
    "ConversionSoftware": "dicm2nii.m 20200120",
    "DeviceSerialNumber": "45348",
    "EchoTime": 0.00341,
    "FlipAngle": 7,
    "ImageType": [
      "ORIGINAL",
      "PRIMARY",
      "M",
      "ND",
      "NORM"
    ],
    "InstitutionAddress": "Franklin Blvd 1440,Eugene,District,US,97403",
    "InstitutionName": "Lewis Building",
    "InversionTime": 1.1,
    "MRAcquisitionType": "3D",
    "Manufacturer": "SIEMENS",
    "Modality": "MR",
    "PhaseEncodingDirection": "j-",
    "RepetitionTime": 2.5,
    "ScanOptions": "IR",
    "ScanningSequence": "GR\\IR",
    "SequenceName": "*tfl3d1_16ns",
    "SequenceVariant": "SK\\SP\\MP",
    "SeriesDescription": "mprage_MGH_p2",
    "SeriesNumber": 9,
    "SliceThickness": 1,
    "SoftwareVersion": "syngo MR D13C",
    "dataset": "ds003136",
    "modality": "T1w",
    "session_id": "01",
    "subject_id": "0194"
  },
  "cjv": 0.33516812803247364,
  "cnr": 3.9671409481202655,
  "efc": 0.5361135108950487,
  "fber": -1.0,
  "fwhm_avg": 3.6211266666666666,
  "fwhm_x": 3.67805,
  "fwhm_y": 3.83155,
  "fwhm_z": 3.35378,
  "icvs_csf": 0.1878460402855924,
  "icvs_gm": 0.46807504719311255,
  "icvs_wm": 0.344078912521295,
  "inu_med": 0.5309174060821533,
  "inu_range": 0.1628218501806259,
  "provenance": {
    "md5sum": "856eec855bea22dfd16910e3e4e7b3da",
    "settings": {
      "testing": false
    },
    "software": "mriqc",
    "version": "23.0.1",
    "warnings": {
      "large_rot_frame": true,
      "small_air_mask": false
    },
    "webapi_port": null,
    "webapi_url": "https://mriqc.nimh.nih.gov/api/v1"
  },
  "qi_1": 0.022194749602707953,
  "qi_2": 0.015671039400873665,
  "rpve_csf": 28.890167685615932,
  "rpve_gm": 12.748702556179682,
  "rpve_wm": 19.3537981638368,
  "size_x": 176,
  "size_y": 256,
  "size_z": 256,
  "snr_csf": 1.6711675508167831,
  "snr_gm": 9.69160145687329,
  "snr_total": 11.73028037673807,
  "snr_wm": 23.828072122524134,
  "snrd_csf": 22.774751188658257,
  "snrd_gm": 72.47195131849837,
  "snrd_total": 67.47844853408759,
  "snrd_wm": 107.18864309510614,
  "spacing_x": 1.0,
  "spacing_y": 1.0,
  "spacing_z": 1.0,
  "summary_bg_k": 62.15797660263398,
  "summary_bg_mad": 0.0,
  "summary_bg_mean": 2.395996757782563,
  "summary_bg_median": 0.0,
  "summary_bg_n": 2244098.0,
  "summary_bg_p05": 0.0,
  "summary_bg_p95": 10.999556690454483,
  "summary_bg_stdv": 6.111994319413431,
  "summary_csf_k": 0.9551185510934785,
  "summary_csf_mad": 117.16562977215499,
  "summary_csf_mean": 238.6417430974097,
  "summary_csf_median": 212.4735396951437,
  "summary_csf_n": 23878.0,
  "summary_csf_p05": 67.78630607426167,
  "summary_csf_p95": 475.57579955309615,
  "summary_csf_stdv": 127.13811394682362,
  "summary_gm_k": 0.029974350875017652,
  "summary_gm_mad": 68.93490812844055,
  "summary_gm_mean": 677.2418782910686,
  "summary_gm_median": 676.1159275770187,
  "summary_gm_n": 39144.0,
  "summary_gm_p05": 563.7334322631359,
  "summary_gm_p95": 794.9948053658009,
  "summary_gm_stdv": 69.76218473957118,
  "summary_wm_k": 0.4718366097488631,
  "summary_wm_mad": 39.620698717907615,
  "summary_wm_mean": 999.556901313819,
  "summary_wm_median": 999.9999659657478,
  "summary_wm_n": 172560.0,
  "summary_wm_p05": 929.9423867762089,
  "summary_wm_p95": 1067.8920843303204,
  "summary_wm_stdv": 41.96718321468779,
  "tpm_overlap_csf": 0.12540761724119143,
  "tpm_overlap_gm": 0.4695470783257122,
  "tpm_overlap_wm": 0.4953968401907754,
  "wm2max": 0.6991624304883718
}