{
  "aor": 0.0012563948497854077,
  "aqi": 0.012893472489270386,
  "bids_meta": {
    "ConversionSoftware": "dicm2nii.m 20200120",
    "DeviceSerialNumber": "45348",
    "EchoTime": 0.03,
    "EffectiveEchoSpacing": 0.00028515375,
    "FlipAngle": 90,
    "ImageType": [
      "ORIGINAL",
      "PRIMARY",
      "M",
      "ND",
      "NORM",
      "MOSAIC"
    ],
    "InstitutionAddress": "Franklin Blvd 1440,Eugene,District,US,97403",
    "InstitutionName": "Lewis Building",
    "MRAcquisitionType": "2D",
    "Manufacturer": "SIEMENS",
    "Modality": "MR",
    "PhaseEncodingDirection": "j-",
    "RepetitionTime": 2,
    "ScanOptions": "FS",
    "ScanningSequence": "EP",
    "SequenceName": "*epfid2d1_64",
    "SequenceVariant": "SK\\OSP",
    "SeriesDescription": "ep2d_affect_1",
    "SeriesNumber": 10,
    "SliceThickness": 4,
    "SliceTiming": [
      0.9875,
      0,
      1.05,
      0.06,
      1.1125,
      0.1225,
      1.175,
      0.185,
      1.235,
      0.2475,
      1.2975,
      0.3075,
      1.36,
      0.37,
      1.4225,
      0.4325,
      1.4825,
      0.495,
      1.545,
      0.555,
      1.6075,
      0.6175,
      1.67,
      0.68,
      1.73,
      0.74,
      1.7925,
      0.8025,
      1.855,
      0.865,
      1.9175,
      0.9275
    ],
    "SoftwareVersion": "syngo MR D13C",
    "TotalReadoutTime": 0.017964687,
    "dataset": "ds003136",
    "modality": "bold",
    "run_id": 1,
    "session_id": "01",
    "subject_id": "0190",
    "task_id": "affect"
  },
  "dummy_trs": 0,
  "dvars_nstd": 25.28031796439656,
  "dvars_std": 1.2297214130172407,
  "dvars_vstd": 0.9974142143103448,
  "efc": 0.49378289768835926,
  "fber": 2908.275390625,
  "fd_mean": 0.1212520540335021,
  "fd_num": 17,
  "fd_perc": 7.296137339055794,
  "fwhm_avg": 1.5468453999999998,
  "fwhm_x": 1.4842016,
  "fwhm_y": 1.7465696,
  "fwhm_z": 1.409765,
  "gcor": 0.0120176,
  "gsr_x": -0.012724768370389938,
  "gsr_y": 0.025720268487930298,
  "provenance": {
    "md5sum": "e732e784e2ba41c185f19d1139adeec1",
    "settings": {
      "fd_thres": 0.2,
      "testing": false
    },
    "software": "mriqc",
    "version": "23.0.1",
    "webapi_port": null,
    "webapi_url": "https://mriqc.nimh.nih.gov/api/v1"
  },
  "size_t": 233,
  "size_x": 64,
  "size_y": 64,
  "size_z": 32,
  "snr": 7.7601686076706295,
  "spacing_tr": 2.0,
  "spacing_x": 3.125,
  "spacing_y": 3.125,
  "spacing_z": 4.0,
  "summary_bg_k": 48.7147781765759,
  "summary_bg_mad": 4.956854494032753,
  "summary_bg_mean": 13.697855949401855,
  "summary_bg_median": 6.553647994995117,
  "summary_bg_n": 79884.0,
  "summary_bg_p05": 2.25321888923645,
  "summary_bg_p95": 45.42918395996094,
  "summary_bg_stdv": 22.75235366821289,
  "summary_fg_k": 3.9525771136941428,
  "summary_fg_mad": 38.63674593090876,
  "summary_fg_mean": 361.5185852050781,
  "summary_fg_median": 362.4377746582031,
  "summary_fg_n": 21777.0,
  "summary_fg_p05": 288.75279541015624,
  "summary_fg_p95": 429.5519226074219,
  "summary_fg_stdv": 46.70381164550781,
  "tsnr": 62.067723620915785
}