{
  "aor": 0.0009852360515021459,
  "aqi": 0.011387993261802577,
  "bids_meta": {
    "ConversionSoftware": "dicm2nii.m 20200120",
    "DeviceSerialNumber": "45348",
    "EchoTime": 0.03,
    "EffectiveEchoSpacing": 0.00028515375,
    "FlipAngle": 90,
    "ImageType": [
      "ORIGINAL",
      "PRIMARY",
      "M",
      "ND",
      "NORM",
      "MOSAIC"
    ],
    "InstitutionAddress": "Franklin Blvd 1440,Eugene,District,US,97403",
    "InstitutionName": "Lewis Building",
    "MRAcquisitionType": "2D",
    "Manufacturer": "SIEMENS",
    "Modality": "MR",
    "PhaseEncodingDirection": "j-",
    "RepetitionTime": 2,
    "ScanOptions": "FS",
    "ScanningSequence": "EP",
    "SequenceName": "*epfid2d1_64",
    "SequenceVariant": "SK\\OSP",
    "SeriesDescription": "ep2d_affect_2",
    "SeriesNumber": 11,
    "SliceThickness": 4,
    "SliceTiming": [
      0.99,
      0,
      1.0525,
      0.0625,
      1.1125,
      0.1225,
      1.175,
      0.185,
      1.2375,
      0.2475,
      1.3,
      0.31,
      1.36,
      0.37,
      1.4225,
      0.4325,
      1.485,
      0.495,
      1.5475,
      0.5575,
      1.6075,
      0.6175,
      1.67,
      0.68,
      1.7325,
      0.7425,
      1.795,
      0.805,
      1.855,
      0.865,
      1.9175,
      0.9275
    ],
    "SoftwareVersion": "syngo MR D13C",
    "TotalReadoutTime": 0.017964687,
    "dataset": "ds003136",
    "modality": "bold",
    "run_id": 2,
    "session_id": "01",
    "subject_id": "0190",
    "task_id": "affect"
  },
  "dummy_trs": 0,
  "dvars_nstd": 24.93450991064655,
  "dvars_std": 1.1982028847844826,
  "dvars_vstd": 0.9898525828448278,
  "efc": 0.4932842676696651,
  "fber": 2917.542236328125,
  "fd_mean": 0.12039603688206553,
  "fd_num": 17,
  "fd_perc": 7.296137339055794,
  "fwhm_avg": 1.5583609999999999,
  "fwhm_x": 1.5006111999999998,
  "fwhm_y": 1.7490368,
  "fwhm_z": 1.425435,
  "gcor": 0.0151185,
  "gsr_x": -0.012098463252186775,
  "gsr_y": 0.023767955601215363,
  "provenance": {
    "md5sum": "c4420c037665d0eed1b294c8eba9cc24",
    "settings": {
      "fd_thres": 0.2,
      "testing": false
    },
    "software": "mriqc",
    "version": "23.0.1",
    "webapi_port": null,
    "webapi_url": "https://mriqc.nimh.nih.gov/api/v1"
  },
  "size_t": 233,
  "size_x": 64,
  "size_y": 64,
  "size_z": 32,
  "snr": 7.654245754262808,
  "spacing_tr": 2.0,
  "spacing_x": 3.125,
  "spacing_y": 3.125,
  "spacing_z": 4.0,
  "summary_bg_k": 49.0003534615491,
  "summary_bg_mad": 4.918676188927988,
  "summary_bg_mean": 13.642499923706055,
  "summary_bg_median": 6.5236053466796875,
  "summary_bg_n": 79866.0,
  "summary_bg_p05": 2.248927116394043,
  "summary_bg_p95": 45.204936027526855,
  "summary_bg_stdv": 22.639724731445312,
  "summary_fg_k": 4.1874850630952976,
  "summary_fg_mad": 38.22951444691036,
  "summary_fg_mean": 359.58184814453125,
  "summary_fg_median": 360.72100830078125,
  "summary_fg_n": 21776.0,
  "summary_fg_p05": 284.93346405029297,
  "summary_fg_p95": 427.9860382080078,
  "summary_fg_stdv": 47.12583541870117,
  "tsnr": 62.92999744415283
}