{
  "aor": 0.003765800865800867,
  "aqi": 0.024123795367965363,
  "bids_meta": {
    "ConversionSoftware": "dicm2nii.m 20200120",
    "DeviceSerialNumber": "45348",
    "EchoTime": 0.03,
    "EffectiveEchoSpacing": 0.00028515375,
    "FlipAngle": 90,
    "ImageType": [
      "ORIGINAL",
      "PRIMARY",
      "M",
      "ND",
      "NORM",
      "MOSAIC"
    ],
    "InstitutionAddress": "Franklin Blvd 1440,Eugene,District,US,97403",
    "InstitutionName": "Lewis Building",
    "MRAcquisitionType": "2D",
    "Manufacturer": "SIEMENS",
    "Modality": "MR",
    "PhaseEncodingDirection": "j-",
    "RepetitionTime": 2,
    "ScanOptions": "FS",
    "ScanningSequence": "EP",
    "SequenceName": "*epfid2d1_64",
    "SequenceVariant": "SK\\OSP",
    "SeriesDescription": "ep2d_infant_1",
    "SeriesNumber": 7,
    "SliceThickness": 4,
    "SliceTiming": [
      0.99,
      0,
      1.0525,
      0.0625,
      1.115,
      0.125,
      1.175,
      0.185,
      1.2375,
      0.2475,
      1.3,
      0.31,
      1.3625,
      0.3725,
      1.4225,
      0.4325,
      1.485,
      0.495,
      1.5475,
      0.5575,
      1.61,
      0.62,
      1.67,
      0.68,
      1.7325,
      0.7425,
      1.795,
      0.805,
      1.8575,
      0.8675,
      1.9175,
      0.9275
    ],
    "SoftwareVersion": "syngo MR D13C",
    "TotalReadoutTime": 0.017964687,
    "dataset": "ds003136",
    "modality": "bold",
    "run_id": 1,
    "session_id": "01",
    "subject_id": "0190",
    "task_id": "infant"
  },
  "dummy_trs": 0,
  "dvars_nstd": 23.38411785626088,
  "dvars_std": 1.180254685391304,
  "dvars_vstd": 0.9781936002608695,
  "efc": 0.4958621156200929,
  "fber": 3007.10791015625,
  "fd_mean": 0.09669507722287304,
  "fd_num": 7,
  "fd_perc": 3.0303030303030303,
  "fwhm_avg": 1.5708459000000001,
  "fwhm_x": 1.5122976,
  "fwhm_y": 1.7962976,
  "fwhm_z": 1.4039425,
  "gcor": 0.00646049,
  "gsr_x": -0.014944138936698437,
  "gsr_y": 0.026443760842084885,
  "provenance": {
    "md5sum": "b525fae6ab5fce2300be16ad47bd6848",
    "settings": {
      "fd_thres": 0.2,
      "testing": false
    },
    "software": "mriqc",
    "version": "23.0.1",
    "webapi_port": null,
    "webapi_url": "https://mriqc.nimh.nih.gov/api/v1"
  },
  "size_t": 231,
  "size_x": 64,
  "size_y": 64,
  "size_z": 32,
  "snr": 7.752832574291339,
  "spacing_tr": 2.0,
  "spacing_x": 3.125,
  "spacing_y": 3.125,
  "spacing_z": 4.0,
  "summary_bg_k": 50.697462585841045,
  "summary_bg_mad": 5.1409715769988455,
  "summary_bg_mean": 14.303552627563477,
  "summary_bg_median": 6.588744640350342,
  "summary_bg_n": 79826.0,
  "summary_bg_p05": 2.207792282104492,
  "summary_bg_p95": 48.73917865753174,
  "summary_bg_stdv": 24.031036376953125,
  "summary_fg_k": 3.84003537746918,
  "summary_fg_mad": 38.175423536503146,
  "summary_fg_mean": 359.93389892578125,
  "summary_fg_median": 360.7272644042969,
  "summary_fg_n": 21987.0,
  "summary_fg_p05": 288.4701293945312,
  "summary_fg_p95": 428.6740234375,
  "summary_fg_stdv": 46.52738952636719,
  "tsnr": 46.00409766775556
}