{
  "aor": 0.0008188157894736842,
  "aqi": 0.011502413684210528,
  "bids_meta": {
    "ConversionSoftware": "dicm2nii.m 20200120",
    "DeviceSerialNumber": "45348",
    "EchoTime": 0.03,
    "EffectiveEchoSpacing": 0.00028515375,
    "FlipAngle": 90,
    "ImageType": [
      "ORIGINAL",
      "PRIMARY",
      "M",
      "ND",
      "NORM",
      "MOSAIC"
    ],
    "InstitutionAddress": "Franklin Blvd 1440,Eugene,District,US,97403",
    "InstitutionName": "Lewis Building",
    "MRAcquisitionType": "2D",
    "Manufacturer": "SIEMENS",
    "Modality": "MR",
    "PhaseEncodingDirection": "j-",
    "RepetitionTime": 2,
    "ScanOptions": "FS",
    "ScanningSequence": "EP",
    "SequenceName": "*epfid2d1_64",
    "SequenceVariant": "SK\\OSP",
    "SeriesDescription": "ep2d_affect_2",
    "SeriesNumber": 11,
    "SliceThickness": 4,
    "SliceTiming": [
      0.99,
      0,
      1.05,
      0.06,
      1.1125,
      0.1225,
      1.175,
      0.185,
      1.2375,
      0.2475,
      1.2975,
      0.3075,
      1.36,
      0.37,
      1.4225,
      0.4325,
      1.485,
      0.495,
      1.545,
      0.555,
      1.6075,
      0.6175,
      1.67,
      0.68,
      1.7325,
      0.7425,
      1.7925,
      0.8025,
      1.855,
      0.865,
      1.9175,
      0.9275
    ],
    "SoftwareVersion": "syngo MR D13C",
    "TotalReadoutTime": 0.017964687,
    "dataset": "ds003136",
    "modality": "bold",
    "run_id": 2,
    "session_id": "01",
    "subject_id": "3130",
    "task_id": "affect"
  },
  "dummy_trs": 0,
  "dvars_nstd": 20.25815862907489,
  "dvars_std": 1.1834645871365648,
  "dvars_vstd": 0.9463616458149781,
  "efc": 0.5566935471937347,
  "fber": 2892.620361328125,
  "fd_mean": 0.13405904611389016,
  "fd_num": 33,
  "fd_perc": 14.473684210526315,
  "fwhm_avg": 1.6345798,
  "fwhm_x": 1.5755583999999998,
  "fwhm_y": 1.833936,
  "fwhm_z": 1.494245,
  "gcor": 0.0123181,
  "gsr_x": -0.007021190598607063,
  "gsr_y": 0.03445935994386673,
  "provenance": {
    "md5sum": "91d627f884d90e0abf90693d24c154d3",
    "settings": {
      "fd_thres": 0.2,
      "testing": false
    },
    "software": "mriqc",
    "version": "23.0.1",
    "webapi_port": null,
    "webapi_url": "https://mriqc.nimh.nih.gov/api/v1"
  },
  "size_t": 228,
  "size_x": 64,
  "size_y": 64,
  "size_z": 32,
  "snr": 7.481754664659671,
  "spacing_tr": 2.0,
  "spacing_x": 3.125,
  "spacing_y": 3.125,
  "spacing_z": 4.0,
  "summary_bg_k": 22.960506835223534,
  "summary_bg_mad": 6.4116046161702975,
  "summary_bg_mean": 18.075342178344727,
  "summary_bg_median": 7.469298362731934,
  "summary_bg_n": 70001.0,
  "summary_bg_p05": 2.2675437927246094,
  "summary_bg_p95": 70.75,
  "summary_bg_stdv": 28.841567993164062,
  "summary_fg_k": 2.7083185747895318,
  "summary_fg_mad": 47.05963499942081,
  "summary_fg_mean": 414.7295837402344,
  "summary_fg_median": 411.8157958984375,
  "summary_fg_n": 29913.0,
  "summary_fg_p05": 334.20262451171874,
  "summary_fg_p95": 505.05614624023434,
  "summary_fg_stdv": 55.04175567626953,
  "tsnr": 64.46574942476582
}