{
  "aor": 0.0011192477876106196,
  "aqi": 0.006025533008849558,
  "bids_meta": {
    "ConversionSoftware": "dicm2nii.m 20200120",
    "DeviceSerialNumber": "45348",
    "EchoTime": 0.03,
    "EffectiveEchoSpacing": 0.00028515375,
    "FlipAngle": 90,
    "ImageType": [
      "ORIGINAL",
      "PRIMARY",
      "M",
      "ND",
      "NORM",
      "MOSAIC"
    ],
    "InstitutionAddress": "Franklin Blvd 1440,Eugene,District,US,97403",
    "InstitutionName": "Lewis Building",
    "MRAcquisitionType": "2D",
    "Manufacturer": "SIEMENS",
    "Modality": "MR",
    "PhaseEncodingDirection": "j-",
    "RepetitionTime": 2,
    "ScanOptions": "FS",
    "ScanningSequence": "EP",
    "SequenceName": "*epfid2d1_64",
    "SequenceVariant": "SK\\OSP",
    "SeriesDescription": "ep2d_infant_1",
    "SeriesNumber": 6,
    "SliceThickness": 4,
    "SliceTiming": [
      0.99,
      0,
      1.0525,
      0.0625,
      1.115,
      0.125,
      1.1775,
      0.1875,
      1.2375,
      0.2475,
      1.3,
      0.31,
      1.3625,
      0.3725,
      1.425,
      0.435,
      1.485,
      0.495,
      1.5475,
      0.5575,
      1.61,
      0.62,
      1.6725,
      0.6825,
      1.7325,
      0.7425,
      1.795,
      0.805,
      1.8575,
      0.8675,
      1.92,
      0.93
    ],
    "SoftwareVersion": "syngo MR D13C",
    "TotalReadoutTime": 0.017964687,
    "dataset": "ds003136",
    "modality": "bold",
    "run_id": 2,
    "session_id": "01",
    "subject_id": "3130",
    "task_id": "infant"
  },
  "dummy_trs": 0,
  "dvars_nstd": 20.458199225422238,
  "dvars_std": 1.3674645298222226,
  "dvars_vstd": 1.011517933688889,
  "efc": 0.5546847200485261,
  "fber": 3021.8671875,
  "fd_mean": 0.09335284119003376,
  "fd_num": 8,
  "fd_perc": 3.5398230088495577,
  "fwhm_avg": 1.6340723666666666,
  "fwhm_x": 1.5765248,
  "fwhm_y": 1.8168448000000001,
  "fwhm_z": 1.5088475,
  "gcor": 0.0375691,
  "gsr_x": -0.007748456206172705,
  "gsr_y": 0.03430898115038872,
  "provenance": {
    "md5sum": "b71070c0ff66c8bbf2cdf6464300cb45",
    "settings": {
      "fd_thres": 0.2,
      "testing": false
    },
    "software": "mriqc",
    "version": "23.0.1",
    "webapi_port": null,
    "webapi_url": "https://mriqc.nimh.nih.gov/api/v1"
  },
  "size_t": 226,
  "size_x": 64,
  "size_y": 64,
  "size_z": 32,
  "snr": 7.378334574897608,
  "spacing_tr": 2.0,
  "spacing_x": 3.125,
  "spacing_y": 3.125,
  "spacing_z": 4.0,
  "summary_bg_k": 25.768716499740204,
  "summary_bg_mad": 5.874647417540174,
  "summary_bg_mean": 17.465608596801758,
  "summary_bg_median": 7.254425048828125,
  "summary_bg_n": 69928.0,
  "summary_bg_p05": 2.5221238136291504,
  "summary_bg_p95": 67.67832183837885,
  "summary_bg_stdv": 28.278093338012695,
  "summary_fg_k": 2.7257068032218497,
  "summary_fg_mad": 47.233332201472905,
  "summary_fg_mean": 414.9048156738281,
  "summary_fg_median": 411.8052978515625,
  "summary_fg_n": 29855.0,
  "summary_fg_p05": 332.9818572998047,
  "summary_fg_p95": 506.25263977050776,
  "summary_fg_stdv": 55.81183624267578,
  "tsnr": 83.54705749452114
}