{
  "bids_meta": {
    "ConversionSoftware": "dicm2nii.m 20200120",
    "DeviceSerialNumber": "45348",
    "EchoTime": 0.00341,
    "FlipAngle": 7,
    "ImageType": [
      "ORIGINAL",
      "PRIMARY",
      "M",
      "ND",
      "NORM"
    ],
    "InstitutionAddress": "Franklin Blvd 1440,Eugene,District,US,97403",
    "InstitutionName": "Lewis Building",
    "InversionTime": 1.1,
    "MRAcquisitionType": "3D",
    "Manufacturer": "SIEMENS",
    "Modality": "MR",
    "PhaseEncodingDirection": "j-",
    "RepetitionTime": 2.5,
    "ScanOptions": "IR",
    "ScanningSequence": "GR\\IR",
    "SequenceName": "*tfl3d1_16ns",
    "SequenceVariant": "SK\\SP\\MP",
    "SeriesDescription": "mprage_MGH_p2",
    "SeriesNumber": 9,
    "SliceThickness": 1,
    "SoftwareVersion": "syngo MR D13C",
    "dataset": "ds003136",
    "modality": "T1w",
    "session_id": "01",
    "subject_id": "0184"
  },
  "cjv": 0.37722635416758715,
  "cnr": 3.472356774936695,
  "efc": 0.5668636810227392,
  "fber": 22095.71016706002,
  "fwhm_avg": 3.7351199999999998,
  "fwhm_x": 3.7494,
  "fwhm_y": 3.95303,
  "fwhm_z": 3.50293,
  "icvs_csf": 0.24884605418519684,
  "icvs_gm": 0.4163771102143678,
  "icvs_wm": 0.33477683560043536,
  "inu_med": 0.5589296221733093,
  "inu_range": 0.1577820271253585,
  "provenance": {
    "md5sum": "6e20a117a9bdd92adeba086d16a2d8b4",
    "settings": {
      "testing": false
    },
    "software": "mriqc",
    "version": "23.0.1",
    "warnings": {
      "large_rot_frame": true,
      "small_air_mask": false
    },
    "webapi_port": null,
    "webapi_url": "https://mriqc.nimh.nih.gov/api/v1"
  },
  "qi_1": 0.016759298252109086,
  "qi_2": 0.00413066375120076,
  "rpve_csf": 21.723046920203593,
  "rpve_gm": 12.774246018070645,
  "rpve_wm": 18.615784036979168,
  "size_x": 176,
  "size_y": 256,
  "size_z": 256,
  "snr_csf": 1.7198069051861804,
  "snr_gm": 8.627064372536651,
  "snr_total": 11.658411587784613,
  "snr_wm": 24.62836348563101,
  "snrd_csf": 11.427943287766661,
  "snrd_gm": 43.81516216486517,
  "snrd_total": 39.6604346438802,
  "snrd_wm": 63.73819847900877,
  "spacing_x": 1.0,
  "spacing_y": 1.0,
  "spacing_z": 1.0,
  "summary_bg_k": 151.17928433415298,
  "summary_bg_mad": 0.0,
  "summary_bg_mean": 3.0569977502168433,
  "summary_bg_median": 0.0,
  "summary_bg_n": 2184720.0,
  "summary_bg_p05": 0.0,
  "summary_bg_p95": 11.766933789476752,
  "summary_bg_stdv": 10.278274354489044,
  "summary_csf_k": 2.7557524874303736,
  "summary_csf_mad": 80.93192312900388,
  "summary_csf_mean": 197.57977234960168,
  "summary_csf_median": 179.29020036011934,
  "summary_csf_n": 56927.0,
  "summary_csf_p05": 60.97165232524276,
  "summary_csf_p95": 410.08440516889095,
  "summary_csf_stdv": 104.24927651745254,
  "summary_gm_k": -0.031906922542242366,
  "summary_gm_mad": 79.88919270216834,
  "summary_gm_mean": 686.5873325119601,
  "summary_gm_median": 687.4053366854787,
  "summary_gm_n": 26915.0,
  "summary_gm_p05": 552.3425771202892,
  "summary_gm_p95": 816.6955360881984,
  "summary_gm_stdv": 79.67861800417482,
  "summary_wm_k": 0.7098393013994078,
  "summary_wm_mad": 38.01955556308012,
  "summary_wm_mean": 999.4618004073839,
  "summary_wm_median": 999.9729687254876,
  "summary_wm_n": 180161.0,
  "summary_wm_p05": 932.2387107741088,
  "summary_wm_p95": 1064.3800247088075,
  "summary_wm_stdv": 40.60238083154171,
  "tpm_overlap_csf": 0.15812022046895796,
  "tpm_overlap_gm": 0.46180096933582104,
  "tpm_overlap_wm": 0.5128913214085825,
  "wm2max": 0.6384757412854412
}