{
  "aor": 0.0007822746781115879,
  "aqi": 0.005014483004291846,
  "bids_meta": {
    "ConversionSoftware": "dicm2nii.m 20200120",
    "DeviceSerialNumber": "45348",
    "EchoTime": 0.03,
    "EffectiveEchoSpacing": 0.00028515375,
    "FlipAngle": 90,
    "ImageType": [
      "ORIGINAL",
      "PRIMARY",
      "M",
      "ND",
      "NORM",
      "MOSAIC"
    ],
    "InstitutionAddress": "Franklin Blvd 1440,Eugene,District,US,97403",
    "InstitutionName": "University of Oregon",
    "MRAcquisitionType": "2D",
    "Manufacturer": "SIEMENS",
    "Modality": "MR",
    "PhaseEncodingDirection": "j-",
    "RepetitionTime": 2,
    "ScanOptions": "FS",
    "ScanningSequence": "EP",
    "SequenceName": "*epfid2d1_64",
    "SequenceVariant": "SK\\OSP",
    "SeriesDescription": "ep2d_affect_1",
    "SeriesNumber": 11,
    "SliceThickness": 4,
    "SliceTiming": [
      0.99,
      0,
      1.05,
      0.06,
      1.1125,
      0.1225,
      1.175,
      0.185,
      1.235,
      0.2475,
      1.2975,
      0.3075,
      1.36,
      0.37,
      1.4225,
      0.4325,
      1.4825,
      0.495,
      1.545,
      0.555,
      1.6075,
      0.6175,
      1.67,
      0.68,
      1.73,
      0.7425,
      1.7925,
      0.8025,
      1.855,
      0.865,
      1.9175,
      0.9275
    ],
    "SoftwareVersion": "syngo MR D13C",
    "TotalReadoutTime": 0.017964687,
    "dataset": "ds003136",
    "modality": "bold",
    "run_id": 1,
    "session_id": "01",
    "subject_id": "0187",
    "task_id": "affect"
  },
  "dummy_trs": 0,
  "dvars_nstd": 20.24084705301722,
  "dvars_std": 1.2609076443965512,
  "dvars_vstd": 1.0133432018534494,
  "efc": 0.5143483385534905,
  "fber": 3365.5576171875,
  "fd_mean": 0.08693358587225787,
  "fd_num": 0,
  "fd_perc": 0.0,
  "fwhm_avg": 1.5633142624583003,
  "fwhm_x": 1.454416,
  "fwhm_y": 1.7696192,
  "fwhm_z": 1.465907587374901,
  "gcor": 0.0116231,
  "gsr_x": -0.01669635996222496,
  "gsr_y": 0.026969069615006447,
  "provenance": {
    "md5sum": "6b9834f67c472dc11ca2f5b28bbcc5ea",
    "settings": {
      "fd_thres": 0.2,
      "testing": false
    },
    "software": "mriqc",
    "version": "23.0.1",
    "webapi_port": null,
    "webapi_url": "https://mriqc.nimh.nih.gov/api/v1"
  },
  "size_t": 233,
  "size_x": 64,
  "size_y": 64,
  "size_z": 32,
  "snr": 7.681433113661211,
  "spacing_tr": 2.0,
  "spacing_x": 3.125,
  "spacing_y": 3.125,
  "spacing_z": 3.999999761581421,
  "summary_bg_k": 28.33594201138315,
  "summary_bg_mad": 5.4149980435689855,
  "summary_bg_mean": 17.565866470336914,
  "summary_bg_median": 6.952789783477783,
  "summary_bg_n": 77415.0,
  "summary_bg_p05": 2.5278968811035156,
  "summary_bg_p95": 61.7218868255617,
  "summary_bg_stdv": 32.260887145996094,
  "summary_fg_k": 1.5242282320237344,
  "summary_fg_mad": 53.831835080575075,
  "summary_fg_mean": 412.0863342285156,
  "summary_fg_median": 410.71673583984375,
  "summary_fg_n": 24443.0,
  "summary_fg_p05": 334.8163177490234,
  "summary_fg_p95": 498.01287841796875,
  "summary_fg_stdv": 53.46767044067383,
  "tsnr": 92.73575098067522
}