{
  "aor": 0.0007292640692640693,
  "aqi": 0.005578108181818182,
  "bids_meta": {
    "ConversionSoftware": "dicm2nii.m 20200120",
    "DeviceSerialNumber": "45348",
    "EchoTime": 0.03,
    "EffectiveEchoSpacing": 0.00028515375,
    "FlipAngle": 90,
    "ImageType": [
      "ORIGINAL",
      "PRIMARY",
      "M",
      "ND",
      "NORM",
      "MOSAIC"
    ],
    "InstitutionAddress": "Franklin Blvd 1440,Eugene,District,US,97403",
    "InstitutionName": "University of Oregon",
    "MRAcquisitionType": "2D",
    "Manufacturer": "SIEMENS",
    "Modality": "MR",
    "PhaseEncodingDirection": "j-",
    "RepetitionTime": 2,
    "ScanOptions": "FS",
    "ScanningSequence": "EP",
    "SequenceName": "*epfid2d1_64",
    "SequenceVariant": "SK\\OSP",
    "SeriesDescription": "ep2d_infant_2",
    "SeriesNumber": 9,
    "SliceThickness": 4,
    "SliceTiming": [
      0.99,
      0,
      1.05,
      0.06,
      1.1125,
      0.1225,
      1.175,
      0.185,
      1.2375,
      0.2475,
      1.2975,
      0.3075,
      1.36,
      0.37,
      1.4225,
      0.4325,
      1.485,
      0.495,
      1.545,
      0.555,
      1.6075,
      0.6175,
      1.67,
      0.68,
      1.7325,
      0.7425,
      1.7925,
      0.8025,
      1.855,
      0.865,
      1.9175,
      0.9275
    ],
    "SoftwareVersion": "syngo MR D13C",
    "TotalReadoutTime": 0.017964687,
    "dataset": "ds003136",
    "modality": "bold",
    "run_id": 2,
    "session_id": "01",
    "subject_id": "0187",
    "task_id": "infant"
  },
  "dummy_trs": 0,
  "dvars_nstd": 20.9330309163913,
  "dvars_std": 1.2819663425217394,
  "dvars_vstd": 1.001374750739131,
  "efc": 0.5125230425077829,
  "fber": 3527.3056640625,
  "fd_mean": 0.07680593374389566,
  "fd_num": 0,
  "fd_perc": 0.0,
  "fwhm_avg": 1.5788807960024354,
  "fwhm_x": 1.4632704,
  "fwhm_y": 1.7968544,
  "fwhm_z": 1.4765175880073063,
  "gcor": 0.0117813,
  "gsr_x": -0.016006043180823326,
  "gsr_y": 0.027232825756072998,
  "provenance": {
    "md5sum": "3808bdfee6dd6af178b47a2d1e004935",
    "settings": {
      "fd_thres": 0.2,
      "testing": false
    },
    "software": "mriqc",
    "version": "23.0.1",
    "webapi_port": null,
    "webapi_url": "https://mriqc.nimh.nih.gov/api/v1"
  },
  "size_t": 231,
  "size_x": 64,
  "size_y": 64,
  "size_z": 32,
  "snr": 7.704788177507147,
  "spacing_tr": 2.0,
  "spacing_x": 3.125,
  "spacing_y": 3.125,
  "spacing_z": 3.999999761581421,
  "summary_bg_k": 29.552778548979724,
  "summary_bg_mad": 5.230825817736261,
  "summary_bg_mean": 16.971689224243164,
  "summary_bg_median": 6.792207717895508,
  "summary_bg_n": 77341.0,
  "summary_bg_p05": 2.4848484992980957,
  "summary_bg_p95": 59.0,
  "summary_bg_stdv": 31.396780014038086,
  "summary_fg_k": 1.211944106037687,
  "summary_fg_mad": 54.58352001579061,
  "summary_fg_mean": 412.8077697753906,
  "summary_fg_median": 411.3333435058594,
  "summary_fg_n": 24428.0,
  "summary_fg_p05": 334.89632415771484,
  "summary_fg_p95": 499.1396133422851,
  "summary_fg_stdv": 53.385623931884766,
  "tsnr": 87.23491722927429
}