{
  "aor": 0.0008732618025751072,
  "aqi": 0.005125712274678112,
  "bids_meta": {
    "ConversionSoftware": "dicm2nii.m 20200120",
    "DeviceSerialNumber": "45348",
    "EchoTime": 0.03,
    "EffectiveEchoSpacing": 0.00028515375,
    "FlipAngle": 90,
    "ImageType": [
      "ORIGINAL",
      "PRIMARY",
      "M",
      "ND",
      "NORM",
      "MOSAIC"
    ],
    "InstitutionAddress": "Franklin Blvd 1440,Eugene,District,US,97403",
    "InstitutionName": "University of Oregon",
    "MRAcquisitionType": "2D",
    "Manufacturer": "SIEMENS",
    "Modality": "MR",
    "PhaseEncodingDirection": "j-",
    "RepetitionTime": 2,
    "ScanOptions": "FS",
    "ScanningSequence": "EP",
    "SequenceName": "*epfid2d1_64",
    "SequenceVariant": "SK\\OSP",
    "SeriesDescription": "ep2d_affect_2",
    "SeriesNumber": 12,
    "SliceThickness": 4,
    "SliceTiming": [
      0.99,
      0,
      1.05,
      0.06,
      1.1125,
      0.1225,
      1.175,
      0.185,
      1.2375,
      0.2475,
      1.2975,
      0.3075,
      1.36,
      0.37,
      1.4225,
      0.4325,
      1.485,
      0.495,
      1.545,
      0.555,
      1.6075,
      0.6175,
      1.67,
      0.68,
      1.7325,
      0.7425,
      1.7925,
      0.8025,
      1.855,
      0.865,
      1.9175,
      0.9275
    ],
    "SoftwareVersion": "syngo MR D13C",
    "TotalReadoutTime": 0.017964687,
    "dataset": "ds003136",
    "modality": "bold",
    "run_id": 2,
    "session_id": "01",
    "subject_id": "0187",
    "task_id": "affect"
  },
  "dummy_trs": 0,
  "dvars_nstd": 19.81896656120688,
  "dvars_std": 1.239035170603447,
  "dvars_vstd": 1.014787354913793,
  "efc": 0.5147866499632435,
  "fber": 3335.009765625,
  "fd_mean": 0.0907726181222223,
  "fd_num": 0,
  "fd_perc": 0.0,
  "fwhm_avg": 1.5661923957093793,
  "fwhm_x": 1.4649055999999998,
  "fwhm_y": 1.7719040000000001,
  "fwhm_z": 1.461767587128138,
  "gcor": 0.01124,
  "gsr_x": -0.016457386314868927,
  "gsr_y": 0.026946036145091057,
  "provenance": {
    "md5sum": "782b3716b82e7fc04cf07e9a81560d15",
    "settings": {
      "fd_thres": 0.2,
      "testing": false
    },
    "software": "mriqc",
    "version": "23.0.1",
    "webapi_port": null,
    "webapi_url": "https://mriqc.nimh.nih.gov/api/v1"
  },
  "size_t": 233,
  "size_x": 64,
  "size_y": 64,
  "size_z": 32,
  "snr": 7.6772925596471575,
  "spacing_tr": 2.0,
  "spacing_x": 3.125,
  "spacing_y": 3.125,
  "spacing_z": 3.999999761581421,
  "summary_bg_k": 28.030860839115455,
  "summary_bg_mad": 5.4149980435689855,
  "summary_bg_mean": 17.609712600708008,
  "summary_bg_median": 6.965665340423584,
  "summary_bg_n": 77371.0,
  "summary_bg_p05": 2.553647994995117,
  "summary_bg_p95": 61.598711013793945,
  "summary_bg_stdv": 32.261653900146484,
  "summary_fg_k": 1.5702057789521282,
  "summary_fg_mad": 53.69501290318369,
  "summary_fg_mean": 411.2230529785156,
  "summary_fg_median": 409.94635009765625,
  "summary_fg_n": 24466.0,
  "summary_fg_p05": 333.6448440551758,
  "summary_fg_p95": 496.55150604248047,
  "summary_fg_stdv": 53.39616394042969,
  "tsnr": 89.26086666993797
}