{
  "aor": 0.0015533628318584072,
  "aqi": 0.01863601482300885,
  "bids_meta": {
    "ConversionSoftware": "dicm2nii.m 20200120",
    "DeviceSerialNumber": "45348",
    "EchoTime": 0.03,
    "EffectiveEchoSpacing": 0.00028515375,
    "FlipAngle": 90,
    "ImageType": [
      "ORIGINAL",
      "PRIMARY",
      "M",
      "ND",
      "NORM",
      "MOSAIC"
    ],
    "InstitutionAddress": "Franklin Blvd 1440,Eugene,District,US,97403",
    "InstitutionName": "Lewis Building",
    "MRAcquisitionType": "2D",
    "Manufacturer": "SIEMENS",
    "Modality": "MR",
    "PhaseEncodingDirection": "j-",
    "RepetitionTime": 2,
    "ScanOptions": "FS",
    "ScanningSequence": "EP",
    "SequenceName": "*epfid2d1_64",
    "SequenceVariant": "SK\\OSP",
    "SeriesDescription": "ep2d_infant_1",
    "SeriesNumber": 5,
    "SliceThickness": 4,
    "SliceTiming": [
      0.99,
      0,
      1.0525,
      0.0625,
      1.1125,
      0.1225,
      1.175,
      0.185,
      1.2375,
      0.2475,
      1.3,
      0.31,
      1.36,
      0.37,
      1.4225,
      0.4325,
      1.485,
      0.495,
      1.5475,
      0.5575,
      1.6075,
      0.6175,
      1.67,
      0.68,
      1.7325,
      0.7425,
      1.7925,
      0.805,
      1.855,
      0.865,
      1.9175,
      0.9275
    ],
    "SoftwareVersion": "syngo MR D13C",
    "TotalReadoutTime": 0.017964687,
    "dataset": "ds003136",
    "modality": "bold",
    "run_id": 1,
    "session_id": "01",
    "subject_id": "3080",
    "task_id": "infant"
  },
  "dummy_trs": 0,
  "dvars_nstd": 26.299040883022222,
  "dvars_std": 1.252987035688888,
  "dvars_vstd": 0.9591581616444448,
  "efc": 0.5040992683505808,
  "fber": 2621.880615234375,
  "fd_mean": 0.09539575237606628,
  "fd_num": 8,
  "fd_perc": 3.5398230088495577,
  "fwhm_avg": 1.6387884333333333,
  "fwhm_x": 1.6173216,
  "fwhm_y": 1.8386912000000002,
  "fwhm_z": 1.4603525,
  "gcor": 0.0100407,
  "gsr_x": -0.011549636721611023,
  "gsr_y": 0.03893667832016945,
  "provenance": {
    "md5sum": "1abddfb6425b160d47d20e51c2610265",
    "settings": {
      "fd_thres": 0.2,
      "testing": false
    },
    "software": "mriqc",
    "version": "23.0.1",
    "webapi_port": null,
    "webapi_url": "https://mriqc.nimh.nih.gov/api/v1"
  },
  "size_t": 226,
  "size_x": 64,
  "size_y": 64,
  "size_z": 32,
  "snr": 7.331225844802294,
  "spacing_tr": 2.0,
  "spacing_x": 3.125,
  "spacing_y": 3.125,
  "spacing_z": 4.0,
  "summary_bg_k": 71.39643093632145,
  "summary_bg_mad": 5.451514993076498,
  "summary_bg_mean": 13.87767219543457,
  "summary_bg_median": 6.464601516723633,
  "summary_bg_n": 78689.0,
  "summary_bg_p05": 2.004424810409546,
  "summary_bg_p95": 43.72831726074215,
  "summary_bg_stdv": 25.16560173034668,
  "summary_fg_k": 1.8374144663487266,
  "summary_fg_mad": 42.76584378432737,
  "summary_fg_mean": 342.6209411621094,
  "summary_fg_median": 340.99114990234375,
  "summary_fg_n": 23033.0,
  "summary_fg_p05": 271.7451171875,
  "summary_fg_p95": 416.95132446289057,
  "summary_fg_stdv": 46.51115036010742,
  "tsnr": 51.4753936114721
}