{
  "bids_meta": {
    "ConversionSoftware": "dicm2nii.m 20200120",
    "DeviceSerialNumber": "45348",
    "EchoTime": 0.00341,
    "FlipAngle": 7,
    "ImageType": [
      "ORIGINAL",
      "PRIMARY",
      "M",
      "ND",
      "NORM"
    ],
    "InstitutionAddress": "Franklin Blvd 1440,Eugene,District,US,97403",
    "InstitutionName": "University of Oregon",
    "InversionTime": 1.1,
    "MRAcquisitionType": "3D",
    "Manufacturer": "SIEMENS",
    "Modality": "MR",
    "PhaseEncodingDirection": "j-",
    "RepetitionTime": 2.5,
    "ScanOptions": "IR",
    "ScanningSequence": "GR\\IR",
    "SequenceName": "*tfl3d1_16ns",
    "SequenceVariant": "SK\\SP\\MP",
    "SeriesDescription": "mprage_MGH_p2",
    "SeriesNumber": 9,
    "SliceThickness": 1,
    "SoftwareVersion": "syngo MR D13C",
    "dataset": "ds003136",
    "modality": "T1w",
    "session_id": "01",
    "subject_id": "0193"
  },
  "cjv": 0.37602489809609213,
  "cnr": 3.553897519231154,
  "efc": 0.5803944786724926,
  "fber": -1.0,
  "fwhm_avg": 3.5782900000000004,
  "fwhm_x": 3.74082,
  "fwhm_y": 3.66403,
  "fwhm_z": 3.33002,
  "icvs_csf": 0.21800987211254577,
  "icvs_gm": 0.4410743080152514,
  "icvs_wm": 0.3409158198722028,
  "inu_med": 0.5742107629776001,
  "inu_range": 0.1934076443314552,
  "provenance": {
    "md5sum": "e6cf5cc36c33e9a1e8c97b2487513d1f",
    "settings": {
      "testing": false
    },
    "software": "mriqc",
    "version": "23.0.1",
    "warnings": {
      "large_rot_frame": true,
      "small_air_mask": false
    },
    "webapi_port": null,
    "webapi_url": "https://mriqc.nimh.nih.gov/api/v1"
  },
  "qi_1": 0.02732620419844717,
  "qi_2": 0.03891824766400506,
  "rpve_csf": 25.695450041917535,
  "rpve_gm": 13.219474684116884,
  "rpve_wm": 19.412940696515054,
  "size_x": 176,
  "size_y": 256,
  "size_z": 256,
  "snr_csf": 1.567760583795951,
  "snr_gm": 9.921705353141762,
  "snr_total": 11.436127328855845,
  "snr_wm": 22.81891604962982,
  "snrd_csf": 21.529192678058,
  "snrd_gm": 74.42363536988933,
  "snrd_total": 67.2687581419018,
  "snrd_wm": 105.85344637775808,
  "spacing_x": 1.0,
  "spacing_y": 1.0,
  "spacing_z": 1.0,
  "summary_bg_k": 16.987256066270586,
  "summary_bg_mad": 0.0,
  "summary_bg_mean": 2.871559333941665,
  "summary_bg_median": 0.0,
  "summary_bg_n": 2044743.0,
  "summary_bg_p05": 0.0,
  "summary_bg_p95": 15.31948559358716,
  "summary_bg_stdv": 6.189089312590656,
  "summary_csf_k": 5.841911569915137,
  "summary_csf_mad": 108.93586982330181,
  "summary_csf_mean": 227.96176848179041,
  "summary_csf_median": 203.3868005387485,
  "summary_csf_n": 33935.0,
  "summary_csf_p05": 57.858862802758814,
  "summary_csf_p95": 469.91714825481176,
  "summary_csf_stdv": 129.7288667079887,
  "summary_gm_k": 0.04591923663690922,
  "summary_gm_mad": 70.10618966167569,
  "summary_gm_mean": 701.6484431748744,
  "summary_gm_median": 703.0818716101348,
  "summary_gm_n": 24299.0,
  "summary_gm_p05": 582.8149404466152,
  "summary_gm_p95": 816.9591063234955,
  "summary_gm_stdv": 70.86154840690928,
  "summary_wm_k": 0.5030491371729742,
  "summary_wm_mad": 41.54243863867125,
  "summary_wm_mean": 1000.9013932137301,
  "summary_wm_median": 1000.0000514052808,
  "summary_wm_n": 181017.0,
  "summary_wm_p05": 930.6856575720012,
  "summary_wm_p95": 1074.050211276859,
  "summary_wm_stdv": 43.823172277547236,
  "tpm_overlap_csf": 0.15026687661151758,
  "tpm_overlap_gm": 0.48085490519087976,
  "tpm_overlap_wm": 0.5194185603928247,
  "wm2max": 0.5494291858900447
}